COPY-LOCAL: TRUE
RESTRICTION: || (== net47) (== net472) (== net48) (== netcoreapp2.1) (== netcoreapp3.1) (== netstandard2.0)
NUGET
  remote: https://api.nuget.org/v3/index.json
    FParsec (1.1.1)
      FSharp.Core (>= 4.3.4)
      System.ValueTuple (>= 4.4) - restriction: || (== net47) (== net472) (== net48) (&& (== netcoreapp2.1) (>= net45)) (&& (== netcoreapp3.1) (>= net45)) (&& (== netstandard2.0) (>= net45))
    FSharp.Core (4.7)
    Microsoft.NETCore.Platforms (3.1) - restriction: || (&& (== net47) (== netcoreapp3.1)) (&& (== net47) (< net45) (>= netstandard2.0)) (&& (== net472) (== netcoreapp3.1)) (&& (== net472) (< net45)) (&& (== net48) (== netcoreapp3.1)) (&& (== net48) (< net45)) (== netcoreapp2.1) (&& (== netcoreapp3.1) (< netcoreapp3.0)) (&& (== netcoreapp3.1) (< netstandard1.2)) (&& (== netcoreapp3.1) (< netstandard1.3)) (&& (== netcoreapp3.1) (< netstandard1.5)) (== netstandard2.0)
    Microsoft.NETCore.Targets (3.1) - restriction: || (&& (== net47) (== netcoreapp3.1)) (&& (== net47) (< net45) (>= netstandard2.0)) (&& (== net472) (== netcoreapp3.1)) (&& (== net472) (< net45)) (&& (== net48) (== netcoreapp3.1)) (&& (== net48) (< net45)) (== netcoreapp2.1) (&& (== netcoreapp3.1) (< netcoreapp3.0)) (&& (== netcoreapp3.1) (< netstandard1.2)) (&& (== netcoreapp3.1) (< netstandard1.3)) (&& (== netcoreapp3.1) (< netstandard1.5)) (== netstandard2.0)
    System.Reactive (4.3.2)
      System.Runtime.InteropServices.WindowsRuntime (>= 4.3) - restriction: || (&& (== net47) (== netcoreapp3.1)) (&& (== net47) (< net46) (>= netstandard2.0)) (&& (== net472) (== netcoreapp3.1)) (&& (== net472) (< net46)) (&& (== net48) (== netcoreapp3.1)) (&& (== net48) (< net46)) (== netcoreapp2.1) (&& (== netcoreapp3.1) (< netcoreapp3.0)) (== netstandard2.0)
      System.Threading.Tasks.Extensions (>= 4.5.3) - restriction: || (== net47) (== net472) (== net48) (== netcoreapp2.1) (&& (== netcoreapp3.1) (>= net46)) (&& (== netcoreapp3.1) (< netcoreapp3.0)) (&& (== netcoreapp3.1) (>= uap10.0)) (== netstandard2.0)
      System.ValueTuple (>= 4.5) - restriction: || (== net47) (== net472) (== net48) (&& (== netcoreapp2.1) (>= net46)) (&& (== netcoreapp2.1) (>= uap10.0)) (&& (== netcoreapp3.1) (>= net46)) (&& (== netcoreapp3.1) (>= uap10.0)) (&& (== netstandard2.0) (>= net46)) (&& (== netstandard2.0) (>= uap10.0))
    System.Runtime (4.3.1) - restriction: || (&& (== net47) (== netcoreapp3.1)) (&& (== net47) (< net45) (>= netstandard2.0)) (&& (== net472) (== netcoreapp3.1)) (&& (== net472) (< net45)) (&& (== net48) (== netcoreapp3.1)) (&& (== net48) (< net45)) (== netcoreapp2.1) (&& (== netcoreapp3.1) (< netcoreapp3.0)) (== netstandard2.0)
      Microsoft.NETCore.Platforms (>= 1.1.1) - restriction: || (&& (== net47) (< net45)) (&& (== net472) (< net45)) (&& (== net48) (< net45)) (== netcoreapp2.1) (== netcoreapp3.1) (== netstandard2.0)
      Microsoft.NETCore.Targets (>= 1.1.3) - restriction: || (&& (== net47) (< net45)) (&& (== net472) (< net45)) (&& (== net48) (< net45)) (== netcoreapp2.1) (== netcoreapp3.1) (== netstandard2.0)
    System.Runtime.CompilerServices.Unsafe (4.7) - restriction: || (== net47) (== net472) (== net48) (&& (== netcoreapp2.1) (>= net45)) (&& (== netcoreapp2.1) (< netstandard1.0)) (&& (== netcoreapp2.1) (< netstandard2.0)) (&& (== netcoreapp2.1) (>= wp8)) (&& (== netcoreapp3.1) (>= net45)) (&& (== netcoreapp3.1) (>= net46)) (&& (== netcoreapp3.1) (< netcoreapp2.1)) (&& (== netcoreapp3.1) (< netstandard1.0)) (&& (== netcoreapp3.1) (< netstandard2.0)) (&& (== netcoreapp3.1) (>= uap10.0)) (&& (== netcoreapp3.1) (>= wp8)) (== netstandard2.0)
    System.Runtime.InteropServices.WindowsRuntime (4.3) - restriction: || (&& (== net47) (== netcoreapp3.1)) (&& (== net47) (< net46) (>= netstandard2.0)) (&& (== net472) (== netcoreapp3.1)) (&& (== net472) (< net46)) (&& (== net48) (== netcoreapp3.1)) (&& (== net48) (< net46)) (== netcoreapp2.1) (&& (== netcoreapp3.1) (< netcoreapp3.0)) (== netstandard2.0)
      System.Runtime (>= 4.3) - restriction: || (&& (== net47) (< net45)) (&& (== net472) (< net45)) (&& (== net48) (< net45)) (== netcoreapp2.1) (== netcoreapp3.1) (== netstandard2.0)
    System.Threading.Tasks.Extensions (4.5.3) - restriction: || (== net47) (== net472) (== net48) (== netcoreapp2.1) (&& (== netcoreapp3.1) (>= net46)) (&& (== netcoreapp3.1) (< netcoreapp3.0)) (&& (== netcoreapp3.1) (>= uap10.0)) (== netstandard2.0)
      System.Runtime.CompilerServices.Unsafe (>= 4.5.2) - restriction: || (== net47) (== net472) (== net48) (&& (== netcoreapp2.1) (>= net45)) (&& (== netcoreapp2.1) (< netstandard1.0)) (&& (== netcoreapp2.1) (< netstandard2.0)) (&& (== netcoreapp2.1) (>= wp8)) (&& (== netcoreapp3.1) (>= net45)) (&& (== netcoreapp3.1) (< netcoreapp2.1)) (&& (== netcoreapp3.1) (< netstandard1.0)) (&& (== netcoreapp3.1) (< netstandard2.0)) (&& (== netcoreapp3.1) (>= wp8)) (== netstandard2.0)
    System.ValueTuple (4.5) - restriction: || (== net47) (== net472) (== net48) (&& (== netcoreapp2.1) (>= net46)) (&& (== netcoreapp2.1) (>= uap10.0)) (&& (== netcoreapp3.1) (>= net46)) (&& (== netcoreapp3.1) (>= uap10.0)) (&& (== netstandard2.0) (>= net46)) (&& (== netstandard2.0) (>= uap10.0))

GROUP Build
NUGET
  remote: https://api.nuget.org/v3/index.json
    BlackFox.VsWhere (1.0) - restriction: || (>= net462) (>= netstandard2.0)
      FSharp.Core (>= 4.0.0.1) - restriction: >= net45
      FSharp.Core (>= 4.2.3) - restriction: && (< net45) (>= netstandard2.0)
    FAKE (5.8.4)
    Fake.Api.GitHub (5.15.3)
      FSharp.Core (>= 4.3.4) - restriction: || (>= net46) (>= netstandard1.6)
      NETStandard.Library (>= 1.6.1) - restriction: && (< net46) (>= netstandard1.6) (< netstandard2.0)
      Octokit (>= 0.32) - restriction: || (>= net46) (>= netstandard1.6)
    Fake.Core.CommandLineParsing (5.15.3) - restriction: || (>= net46) (>= netstandard2.0)
      FParsec (>= 1.0.3) - restriction: || (>= net46) (>= netstandard1.6)
      FSharp.Core (>= 4.3.4) - restriction: || (>= net46) (>= netstandard1.6)
    Fake.Core.Context (5.15.3) - restriction: || (>= net46) (>= netstandard2.0)
      FSharp.Core (>= 4.3.4) - restriction: || (>= net46) (>= netstandard1.6)
    Fake.Core.Environment (5.15.3) - restriction: || (>= net46) (>= netstandard1.6)
      FSharp.Core (>= 4.3.4) - restriction: || (>= net46) (>= netstandard1.6)
    Fake.Core.FakeVar (5.15.3) - restriction: || (>= net46) (>= netstandard2.0)
      Fake.Core.Context (>= 5.15.3) - restriction: || (>= net46) (>= netstandard1.6)
      FSharp.Core (>= 4.3.4) - restriction: || (>= net46) (>= netstandard1.6)
    Fake.Core.Process (5.15.3) - restriction: || (>= net46) (>= netstandard2.0)
      Fake.Core.Environment (>= 5.15.3) - restriction: || (>= net46) (>= netstandard2.0)
      Fake.Core.FakeVar (>= 5.15.3) - restriction: || (>= net46) (>= netstandard2.0)
      Fake.Core.String (>= 5.15.3) - restriction: || (>= net46) (>= netstandard2.0)
      Fake.Core.Trace (>= 5.15.3) - restriction: || (>= net46) (>= netstandard2.0)
      Fake.IO.FileSystem (>= 5.15.3) - restriction: || (>= net46) (>= netstandard2.0)
      FSharp.Core (>= 4.3.4) - restriction: || (>= net46) (>= netstandard2.0)
      System.Diagnostics.Process (>= 4.3) - restriction: || (>= net46) (>= netstandard2.0)
    Fake.Core.ReleaseNotes (5.15.3)
      Fake.Core.SemVer (>= 5.15.3) - restriction: || (>= net46) (>= netstandard1.6)
      Fake.Core.String (>= 5.15.3) - restriction: || (>= net46) (>= netstandard1.6)
      FSharp.Core (>= 4.3.4) - restriction: || (>= net46) (>= netstandard1.6)
      NETStandard.Library (>= 1.6.1) - restriction: && (< net46) (>= netstandard1.6) (< netstandard2.0)
    Fake.Core.SemVer (5.15.3) - restriction: || (>= net46) (>= netstandard1.6)
      FSharp.Core (>= 4.3.4) - restriction: || (>= net46) (>= netstandard1.6)
      NETStandard.Library (>= 1.6.1) - restriction: && (< net46) (>= netstandard1.6) (< netstandard2.0)
      System.Runtime.Numerics (>= 4.3) - restriction: || (>= net46) (>= netstandard1.6)
    Fake.Core.String (5.15.3) - restriction: || (>= net46) (>= netstandard1.6)
      FSharp.Core (>= 4.3.4) - restriction: || (>= net46) (>= netstandard1.6)
    Fake.Core.Target (5.15.3)
      Fake.Core.CommandLineParsing (>= 5.15.3) - restriction: || (>= net46) (>= netstandard2.0)
      Fake.Core.Context (>= 5.15.3) - restriction: || (>= net46) (>= netstandard2.0)
      Fake.Core.Environment (>= 5.15.3) - restriction: || (>= net46) (>= netstandard2.0)
      Fake.Core.FakeVar (>= 5.15.3) - restriction: || (>= net46) (>= netstandard2.0)
      Fake.Core.Process (>= 5.15.3) - restriction: || (>= net46) (>= netstandard2.0)
      Fake.Core.String (>= 5.15.3) - restriction: || (>= net46) (>= netstandard2.0)
      Fake.Core.Trace (>= 5.15.3) - restriction: || (>= net46) (>= netstandard2.0)
      FSharp.Control.Reactive (>= 4.2) - restriction: || (>= net46) (>= netstandard2.0)
      FSharp.Core (>= 4.3.4) - restriction: || (>= net46) (>= netstandard2.0)
      System.Reactive.Compatibility (>= 4.1.5) - restriction: || (>= net46) (>= netstandard2.0)
    Fake.Core.Tasks (5.15.3) - restriction: || (>= net462) (>= netstandard2.0)
      Fake.Core.Trace (>= 5.15.3) - restriction: || (>= net46) (>= netstandard1.6)
      FSharp.Core (>= 4.3.4) - restriction: || (>= net46) (>= netstandard1.6)
    Fake.Core.Trace (5.15.3) - restriction: || (>= net46) (>= netstandard1.6)
      Fake.Core.Environment (>= 5.15.3) - restriction: || (>= net46) (>= netstandard1.6)
      Fake.Core.FakeVar (>= 5.15.3) - restriction: || (>= net46) (>= netstandard1.6)
      FSharp.Core (>= 4.3.4) - restriction: || (>= net46) (>= netstandard1.6)
    Fake.Core.UserInput (5.15.3)
      FSharp.Core (>= 4.3.4) - restriction: || (>= net46) (>= netstandard1.6)
      NETStandard.Library (>= 1.6.1) - restriction: && (< net46) (>= netstandard1.6) (< netstandard2.0)
    Fake.Core.Xml (5.15.3) - restriction: || (>= net462) (>= netstandard2.0)
      Fake.Core.String (>= 5.15.3) - restriction: || (>= net46) (>= netstandard1.6)
      FSharp.Core (>= 4.3.4) - restriction: || (>= net46) (>= netstandard1.6)
      System.Xml.ReaderWriter (>= 4.3.1) - restriction: || (>= net46) (>= netstandard1.6)
      System.Xml.XDocument (>= 4.3) - restriction: || (&& (< net46) (>= netstandard1.6) (< netstandard2.0)) (&& (< net46) (>= netstandard2.0))
      System.Xml.XPath (>= 4.3) - restriction: || (>= net46) (>= netstandard1.6)
      System.Xml.XPath.XDocument (>= 4.3) - restriction: || (>= net46) (>= netstandard1.6)
      System.Xml.XPath.XmlDocument (>= 4.3) - restriction: || (>= net46) (>= netstandard1.6)
    Fake.DotNet.AssemblyInfoFile (5.15.3)
      Fake.Core.Environment (>= 5.15.3) - restriction: || (>= net46) (>= netstandard1.6)
      Fake.Core.String (>= 5.15.3) - restriction: || (>= net46) (>= netstandard1.6)
      Fake.Core.Trace (>= 5.15.3) - restriction: || (>= net46) (>= netstandard1.6)
      Fake.IO.FileSystem (>= 5.15.3) - restriction: || (>= net46) (>= netstandard1.6)
      FSharp.Core (>= 4.3.4) - restriction: || (>= net46) (>= netstandard1.6)
      NETStandard.Library (>= 1.6.1) - restriction: && (< net46) (>= netstandard1.6) (< netstandard2.0)
    Fake.DotNet.Cli (5.15.3)
      Fake.Core.Environment (>= 5.15.3) - restriction: || (>= net462) (>= netstandard2.0)
      Fake.Core.Process (>= 5.15.3) - restriction: || (>= net462) (>= netstandard2.0)
      Fake.Core.String (>= 5.15.3) - restriction: || (>= net462) (>= netstandard2.0)
      Fake.Core.Trace (>= 5.15.3) - restriction: || (>= net462) (>= netstandard2.0)
      Fake.DotNet.MSBuild (>= 5.15.3) - restriction: || (>= net462) (>= netstandard2.0)
      Fake.DotNet.NuGet (>= 5.15.3) - restriction: || (>= net462) (>= netstandard2.0)
      Fake.IO.FileSystem (>= 5.15.3) - restriction: || (>= net462) (>= netstandard2.0)
      FSharp.Core (>= 4.3.4) - restriction: || (>= net462) (>= netstandard2.0)
      Newtonsoft.Json (>= 12.0.2) - restriction: || (>= net462) (>= netstandard2.0)
    Fake.DotNet.Fsc (5.15.3)
      Fake.Core.Process (>= 5.15.3) - restriction: || (>= net462) (>= netstandard2.0)
      Fake.Core.Trace (>= 5.15.3) - restriction: || (>= net462) (>= netstandard2.0)
      Fake.IO.FileSystem (>= 5.15.3) - restriction: || (>= net462) (>= netstandard2.0)
      FSharp.Compiler.Service (>= 25.0.1) - restriction: || (>= net462) (>= netstandard2.0)
      FSharp.Core (>= 4.3.4) - restriction: || (>= net462) (>= netstandard2.0)
      System.Runtime.Loader (>= 4.3) - restriction: || (>= net462) (>= netstandard2.0)
    Fake.DotNet.MSBuild (5.15.3)
      BlackFox.VsWhere (>= 1.0) - restriction: || (>= net462) (>= netstandard2.0)
      Fake.Core.Environment (>= 5.15.3) - restriction: || (>= net462) (>= netstandard2.0)
      Fake.Core.Process (>= 5.15.3) - restriction: || (>= net462) (>= netstandard2.0)
      Fake.Core.String (>= 5.15.3) - restriction: || (>= net462) (>= netstandard2.0)
      Fake.Core.Trace (>= 5.15.3) - restriction: || (>= net462) (>= netstandard2.0)
      Fake.IO.FileSystem (>= 5.15.3) - restriction: || (>= net462) (>= netstandard2.0)
      FSharp.Core (>= 4.3.4) - restriction: || (>= net462) (>= netstandard2.0)
      MSBuild.StructuredLogger (>= 2.0.94) - restriction: || (>= net462) (>= netstandard2.0)
    Fake.DotNet.NuGet (5.15.3) - restriction: || (>= net462) (>= netstandard2.0)
      Fake.Core.Environment (>= 5.15.3) - restriction: || (>= net46) (>= netstandard2.0)
      Fake.Core.Process (>= 5.15.3) - restriction: || (>= net46) (>= netstandard2.0)
      Fake.Core.SemVer (>= 5.15.3) - restriction: || (>= net46) (>= netstandard2.0)
      Fake.Core.String (>= 5.15.3) - restriction: || (>= net46) (>= netstandard2.0)
      Fake.Core.Tasks (>= 5.15.3) - restriction: || (>= net46) (>= netstandard2.0)
      Fake.Core.Trace (>= 5.15.3) - restriction: || (>= net46) (>= netstandard2.0)
      Fake.Core.Xml (>= 5.15.3) - restriction: || (>= net46) (>= netstandard2.0)
      Fake.IO.FileSystem (>= 5.15.3) - restriction: || (>= net46) (>= netstandard2.0)
      Fake.Net.Http (>= 5.15.3) - restriction: || (>= net46) (>= netstandard2.0)
      FSharp.Core (>= 4.3.4) - restriction: || (>= net46) (>= netstandard2.0)
      Newtonsoft.Json (>= 12.0.2) - restriction: || (>= net46) (>= netstandard2.0)
      NuGet.Protocol (>= 4.9.4) - restriction: || (>= net46) (>= netstandard2.0)
      System.Net.Http (>= 4.3.4) - restriction: || (>= net46) (>= netstandard2.0)
    Fake.DotNet.Paket (5.15.3)
      Fake.Core.Process (>= 5.15.3) - restriction: || (>= net46) (>= netstandard2.0)
      Fake.Core.String (>= 5.15.3) - restriction: || (>= net46) (>= netstandard2.0)
      Fake.Core.Trace (>= 5.15.3) - restriction: || (>= net46) (>= netstandard2.0)
      Fake.IO.FileSystem (>= 5.15.3) - restriction: || (>= net46) (>= netstandard2.0)
      FSharp.Core (>= 4.3.4) - restriction: || (>= net46) (>= netstandard2.0)
    Fake.IO.FileSystem (5.15.3)
      Fake.Core.String (>= 5.15.3) - restriction: || (>= net46) (>= netstandard1.6)
      FSharp.Core (>= 4.3.4) - restriction: || (>= net46) (>= netstandard1.6)
      NETStandard.Library (>= 1.6.1) - restriction: && (< net46) (>= netstandard1.6) (< netstandard2.0)
      System.Diagnostics.FileVersionInfo (>= 4.3) - restriction: || (>= net46) (>= netstandard1.6)
      System.IO.FileSystem.Watcher (>= 4.3) - restriction: || (>= net46) (>= netstandard1.6)
    Fake.Net.Http (5.15.3) - restriction: || (>= net462) (>= netstandard2.0)
      Fake.Core.Trace (>= 5.15.3) - restriction: || (>= net46) (>= netstandard1.6)
      FSharp.Core (>= 4.3.4) - restriction: || (>= net46) (>= netstandard1.6)
      System.Net.Http (>= 4.3.4) - restriction: || (>= net46) (>= netstandard1.6)
    Fake.Tools.Git (5.15.3)
      Fake.Core.Environment (>= 5.15.3) - restriction: || (>= net46) (>= netstandard2.0)
      Fake.Core.Process (>= 5.15.3) - restriction: || (>= net46) (>= netstandard2.0)
      Fake.Core.SemVer (>= 5.15.3) - restriction: || (>= net46) (>= netstandard2.0)
      Fake.Core.String (>= 5.15.3) - restriction: || (>= net46) (>= netstandard2.0)
      Fake.Core.Trace (>= 5.15.3) - restriction: || (>= net46) (>= netstandard2.0)
      Fake.IO.FileSystem (>= 5.15.3) - restriction: || (>= net46) (>= netstandard2.0)
      FSharp.Core (>= 4.3.4) - restriction: || (>= net46) (>= netstandard2.0)
    FParsec (1.0.3) - restriction: || (>= net46) (>= netstandard2.0)
      FSharp.Core (>= 4.0.0.1) - restriction: >= net40
      FSharp.Core (>= 4.2.3) - restriction: && (< net40) (>= netstandard1.6)
      NETStandard.Library (>= 1.6.1) - restriction: && (< net40) (>= netstandard1.6)
    FSharp.Compiler.Service (30.0) - restriction: || (>= net462) (>= netstandard2.0)
      FSharp.Core (>= 4.6.2) - restriction: || (>= net461) (>= netstandard2.0)
      System.Collections.Immutable (>= 1.5) - restriction: || (>= net461) (>= netstandard2.0)
      System.Diagnostics.Process (>= 4.1) - restriction: && (< net461) (>= netstandard2.0)
      System.Diagnostics.TraceSource (>= 4.0) - restriction: && (< net461) (>= netstandard2.0)
      System.Reflection.Emit (>= 4.3) - restriction: && (< net461) (>= netstandard2.0)
      System.Reflection.Metadata (>= 1.6) - restriction: || (>= net461) (>= netstandard2.0)
      System.Reflection.TypeExtensions (>= 4.3) - restriction: && (< net461) (>= netstandard2.0)
      System.Runtime.Loader (>= 4.0) - restriction: && (< net461) (>= netstandard2.0)
      System.Security.Cryptography.Algorithms (>= 4.3) - restriction: && (< net461) (>= netstandard2.0)
      System.ValueTuple (>= 4.4) - restriction: >= net461
    FSharp.Control.Reactive (4.2) - restriction: || (>= net46) (>= netstandard2.0)
      FSharp.Core (>= 4.2.3) - restriction: || (>= net46) (>= netstandard2.0)
      System.Reactive (>= 4.0) - restriction: || (>= net46) (>= netstandard2.0)
    FSharp.Core (4.6.2) - restriction: || (>= net46) (>= netstandard1.6)
    Microsoft.Build (16.0.461) - restriction: || (>= net462) (>= netstandard2.0)
      Microsoft.Build.Framework (>= 16.0.461) - restriction: || (>= net472) (>= netcoreapp2.1)
      Microsoft.VisualStudio.Setup.Configuration.Interop (>= 1.16.30) - restriction: >= net472
      Microsoft.Win32.Registry (>= 4.3) - restriction: >= netcoreapp2.1
      System.Collections.Immutable (>= 1.5) - restriction: || (>= net472) (>= netcoreapp2.1)
      System.Diagnostics.TraceSource (>= 4.0) - restriction: >= netcoreapp2.1
      System.Reflection.Metadata (>= 1.6) - restriction: >= netcoreapp2.1
      System.Reflection.TypeExtensions (>= 4.1) - restriction: >= netcoreapp2.1
      System.Runtime.Loader (>= 4.0) - restriction: >= netcoreapp2.1
      System.Security.Principal.Windows (>= 4.3) - restriction: >= netcoreapp2.1
      System.Text.Encoding.CodePages (>= 4.0.1) - restriction: >= netcoreapp2.1
      System.Threading.Tasks.Dataflow (>= 4.5.24) - restriction: >= net472
      System.Threading.Tasks.Dataflow (>= 4.6) - restriction: >= netcoreapp2.1
    Microsoft.Build.Framework (16.0.461) - restriction: || (>= net462) (>= netstandard2.0)
      System.Runtime.Serialization.Primitives (>= 4.1.1) - restriction: && (< net472) (>= netstandard2.0)
      System.Threading.Thread (>= 4.0) - restriction: && (< net472) (>= netstandard2.0)
    Microsoft.Build.Tasks.Core (16.0.461) - restriction: || (>= net462) (>= netstandard2.0)
      Microsoft.Build.Framework (>= 16.0.461) - restriction: >= netstandard2.0
      Microsoft.Build.Utilities.Core (>= 16.0.461) - restriction: >= netstandard2.0
      Microsoft.VisualStudio.Setup.Configuration.Interop (>= 1.16.30) - restriction: >= net472
      Microsoft.Win32.Registry (>= 4.3) - restriction: && (< net472) (>= netstandard2.0)
      System.CodeDom (>= 4.4) - restriction: && (< net472) (>= netstandard2.0)
      System.Collections.Immutable (>= 1.5) - restriction: >= netstandard2.0
      System.Linq.Parallel (>= 4.0.1) - restriction: && (< net472) (>= netstandard2.0)
      System.Net.Http (>= 4.3) - restriction: && (< net472) (>= netstandard2.0)
      System.Reflection.Metadata (>= 1.6) - restriction: && (< net472) (>= netstandard2.0)
      System.Reflection.TypeExtensions (>= 4.1) - restriction: && (< net472) (>= netstandard2.0)
      System.Resources.Writer (>= 4.0) - restriction: && (< net472) (>= netstandard2.0)
      System.Threading.Tasks.Dataflow (>= 4.5.24) - restriction: >= net472
      System.Threading.Tasks.Dataflow (>= 4.6) - restriction: && (< net472) (>= netstandard2.0)
    Microsoft.Build.Utilities.Core (16.0.461) - restriction: || (>= net462) (>= netstandard2.0)
      Microsoft.Build.Framework (>= 16.0.461) - restriction: >= netstandard2.0
      Microsoft.VisualStudio.Setup.Configuration.Interop (>= 1.16.30) - restriction: >= net472
      Microsoft.Win32.Registry (>= 4.3) - restriction: && (< net472) (>= netstandard2.0)
      System.Collections.Immutable (>= 1.5) - restriction: >= netstandard2.0
      System.Text.Encoding.CodePages (>= 4.0.1) - restriction: && (< net472) (>= netstandard2.0)
    Microsoft.NETCore.Platforms (2.2.1) - restriction: || (&& (< monoandroid) (< monotouch) (< net46) (>= netstandard1.6) (< xamarinios) (< xamarinmac) (< xamarintvos) (< xamarinwatchos)) (&& (< monoandroid) (< net45) (< netstandard1.6) (>= netstandard2.0) (< win8) (< wpa81)) (&& (< monoandroid) (< net45) (>= netstandard2.0) (< xamarinios) (< xamarinmac)) (&& (< monoandroid) (< netstandard1.1) (>= netstandard1.6) (< win8)) (&& (>= net45) (< netstandard1.3) (>= netstandard1.6)) (&& (< net45) (>= net462) (>= netstandard1.6)) (&& (< net45) (>= net462) (< netstandard1.6)) (&& (< net45) (< netstandard1.2) (>= netstandard1.6) (< win8)) (&& (< net45) (< netstandard1.3) (>= netstandard1.6) (< win8) (< wpa81)) (&& (< net45) (< netstandard1.4) (>= netstandard1.6) (< win8) (< wpa81)) (&& (< net45) (< netstandard1.5) (>= netstandard1.6) (< win8) (< wpa81)) (&& (< net45) (>= netstandard1.6) (< netstandard2.0) (< win8) (< wpa81)) (&& (< net46) (>= net461) (>= netstandard1.6) (< netstandard2.0)) (&& (>= net462) (< portable-net45+win8+wpa81)) (>= netcoreapp2.0) (&& (< netstandard1.0) (>= netstandard1.6) (< portable-net45+win8)) (&& (< netstandard1.0) (>= netstandard1.6) (>= win8)) (&& (< netstandard1.0) (>= netstandard1.6) (< win8)) (&& (< netstandard1.1) (>= netstandard1.6) (>= uap10.0) (< win8)) (&& (< netstandard1.3) (>= netstandard1.6) (>= uap10.0) (< win8) (< wpa81)) (&& (< netstandard1.3) (>= netstandard1.6) (< win8) (>= wpa81)) (&& (>= netstandard1.6) (< netstandard2.0) (>= uap10.0)) (&& (>= netstandard1.6) (< portable-net45+win8+wp8+wpa81)) (&& (>= netstandard1.6) (< portable-net45+win8+wpa81)) (&& (>= netstandard1.6) (>= wp8)) (&& (>= netstandard2.0) (< portable-net45+win8+wpa81))
    Microsoft.NETCore.Targets (2.1) - restriction: || (&& (< monoandroid) (< monotouch) (< net45) (>= netstandard1.6) (< netstandard2.0) (< win8) (< wpa81) (< xamarintvos) (< xamarinwatchos)) (&& (< monoandroid) (< monotouch) (< net46) (>= netstandard1.6) (< xamarinios) (< xamarinmac) (< xamarintvos) (< xamarinwatchos)) (&& (< monoandroid) (< net45) (< netstandard1.2) (>= netstandard1.6) (< win8)) (&& (< monoandroid) (< net45) (< netstandard1.3) (>= netstandard1.6) (< win8) (< wpa81)) (&& (< monoandroid) (< net45) (< netstandard1.4) (>= netstandard1.6) (< win8) (< wpa81)) (&& (< monoandroid) (< net45) (< netstandard1.5) (>= netstandard1.6) (< win8) (< wpa81)) (&& (< monoandroid) (< net45) (>= netstandard2.0) (< xamarinios) (< xamarinmac)) (&& (< monoandroid) (< netstandard1.1) (>= netstandard1.6) (< win8)) (&& (< net45) (>= net462) (>= netstandard1.6)) (&& (< netstandard1.1) (>= netstandard1.6) (>= uap10.0) (< win8)) (&& (< netstandard1.3) (>= netstandard1.6) (>= uap10.0) (< win8) (< wpa81)) (&& (>= netstandard1.6) (< netstandard2.0) (>= uap10.0) (< win8) (< wpa81)) (&& (>= netstandard1.6) (< portable-net45+win8+wp8+wpa81)) (&& (>= netstandard1.6) (< portable-net45+win8+wpa81))
    Microsoft.VisualStudio.Setup.Configuration.Interop (1.16.30) - restriction: >= net472
    Microsoft.Win32.Primitives (4.3) - restriction: || (&& (< monoandroid) (< monotouch) (< net46) (>= netstandard1.6) (< xamarinios) (< xamarinmac) (< xamarintvos) (< xamarinwatchos)) (&& (< monoandroid) (< net46) (>= netstandard2.0) (< xamarinios) (< xamarinmac)) (&& (< net45) (< netstandard1.4) (>= netstandard1.6) (< win8) (< wpa81)) (&& (< net45) (< netstandard1.5) (>= netstandard1.6) (< win8) (< wpa81)) (&& (< net45) (>= netstandard1.6) (< netstandard2.0) (< win8) (< wpa81)) (&& (>= netstandard1.6) (< netstandard2.0) (>= uap10.0))
      Microsoft.NETCore.Platforms (>= 1.1) - restriction: && (< monoandroid) (< monotouch) (< net46) (>= netstandard1.3) (< xamarinios) (< xamarinmac) (< xamarintvos) (< xamarinwatchos)
      Microsoft.NETCore.Targets (>= 1.1) - restriction: && (< monoandroid) (< monotouch) (< net46) (>= netstandard1.3) (< xamarinios) (< xamarinmac) (< xamarintvos) (< xamarinwatchos)
      System.Runtime (>= 4.3) - restriction: && (< monoandroid) (< monotouch) (< net46) (>= netstandard1.3) (< xamarinios) (< xamarinmac) (< xamarintvos) (< xamarinwatchos)
    Microsoft.Win32.Registry (4.5) - restriction: || (&& (< monoandroid) (< net46) (>= netstandard2.0) (< xamarinios) (< xamarinmac)) (&& (< net472) (>= netstandard2.0)) (>= netcoreapp2.1)
      System.Security.AccessControl (>= 4.5) - restriction: || (&& (>= monoandroid) (< netstandard2.0)) (>= monotouch) (&& (< net46) (>= netstandard2.0)) (>= net461) (>= netcoreapp2.0) (>= xamarinios) (>= xamarinmac) (>= xamarintvos) (>= xamarinwatchos)
      System.Security.Principal.Windows (>= 4.5) - restriction: || (&& (>= monoandroid) (< netstandard2.0)) (>= monotouch) (&& (< net46) (>= netstandard2.0)) (>= net461) (>= netcoreapp2.0) (>= xamarinios) (>= xamarinmac) (>= xamarintvos) (>= xamarinwatchos)
    MSBuild.StructuredLogger (2.0.94) - restriction: || (>= net462) (>= netstandard2.0)
      Microsoft.Build (>= 14.3) - restriction: >= net46
      Microsoft.Build (>= 15.8.166) - restriction: && (< net46) (>= netstandard2.0)
      Microsoft.Build.Framework (>= 14.3) - restriction: >= net46
      Microsoft.Build.Framework (>= 15.8.166) - restriction: && (< net46) (>= netstandard2.0)
      Microsoft.Build.Tasks.Core (>= 14.3) - restriction: >= net46
      Microsoft.Build.Tasks.Core (>= 15.8.166) - restriction: && (< net46) (>= netstandard2.0)
      Microsoft.Build.Utilities.Core (>= 14.3) - restriction: >= net46
      Microsoft.Build.Utilities.Core (>= 15.8.166) - restriction: && (< net46) (>= netstandard2.0)
    NETStandard.Library (2.0.3) - restriction: || (&& (< net40) (>= net46) (>= netstandard1.6)) (&& (< net40) (>= netstandard2.0)) (&& (< net45) (>= netstandard1.1)) (&& (< net46) (>= netstandard1.6) (< netstandard2.0))
      Microsoft.NETCore.Platforms (>= 1.1) - restriction: || (&& (>= net45) (< netstandard1.3)) (&& (< net45) (>= netstandard1.1) (< netstandard1.2) (< win8)) (&& (< net45) (>= netstandard1.2) (< netstandard1.3) (< win8) (< wpa81)) (&& (< net45) (>= netstandard1.3) (< netstandard1.4) (< win8) (< wpa81)) (&& (< net45) (>= netstandard1.4) (< netstandard1.5) (< win8) (< wpa81)) (&& (< net45) (>= netstandard1.5) (< netstandard1.6) (< win8) (< wpa81)) (&& (< net45) (>= netstandard1.6) (< netstandard2.0) (< win8) (< wpa81)) (&& (< net45) (>= netstandard2.0) (< win8) (< wpa81)) (&& (>= net46) (< netstandard1.4)) (>= net461) (>= netcoreapp2.0) (&& (>= netstandard1.0) (< portable-net45+win8+wpa81)) (&& (< netstandard1.0) (>= portable-net45+win8) (< win8)) (&& (< netstandard1.0) (< portable-net45+win8) (>= portable-net45+win8+wpa81)) (&& (< netstandard1.0) (>= portable-net45+win8+wp8+wpa81) (< portable-net45+win8+wpa81)) (&& (< netstandard1.0) (>= win8)) (&& (< netstandard1.3) (< win8) (>= wpa81)) (>= uap10.0) (>= wp8)
      Microsoft.Win32.Primitives (>= 4.3) - restriction: || (&& (< net45) (>= netstandard1.3) (< netstandard1.4) (< win8) (< wpa81)) (&& (< net45) (>= netstandard1.4) (< netstandard1.5) (< win8) (< wpa81)) (&& (< net45) (>= netstandard1.5) (< netstandard1.6) (< win8) (< wpa81)) (&& (< net45) (>= netstandard1.6) (< netstandard2.0) (< win8) (< wpa81)) (&& (>= net46) (< netstandard1.4)) (&& (>= uap10.0) (< uap10.1))
      System.AppContext (>= 4.3) - restriction: || (&& (< net45) (>= netstandard1.3) (< netstandard1.4) (< win8) (< wpa81)) (&& (< net45) (>= netstandard1.4) (< netstandard1.5) (< win8) (< wpa81)) (&& (< net45) (>= netstandard1.5) (< netstandard1.6) (< win8) (< wpa81)) (&& (< net45) (>= netstandard1.6) (< netstandard2.0) (< win8) (< wpa81)) (&& (>= net46) (< netstandard1.4)) (&& (>= uap10.0) (< uap10.1))
      System.Collections (>= 4.3) - restriction: || (&& (< net45) (>= netstandard1.1) (< netstandard1.2) (< win8)) (&& (< net45) (>= netstandard1.2) (< netstandard1.3) (< win8) (< wpa81)) (&& (< net45) (>= netstandard1.3) (< netstandard1.4) (< win8) (< wpa81)) (&& (< net45) (>= netstandard1.4) (< netstandard1.5) (< win8) (< wpa81)) (&& (< net45) (>= netstandard1.5) (< netstandard1.6) (< win8) (< wpa81)) (&& (< net45) (>= netstandard1.6) (< netstandard2.0) (< win8) (< wpa81)) (&& (>= netstandard1.0) (< portable-net45+win8+wpa81) (< wp8)) (&& (>= uap10.0) (< uap10.1))
      System.Collections.Concurrent (>= 4.3) - restriction: || (&& (< net45) (>= netstandard1.1) (< netstandard1.2) (< win8)) (&& (< net45) (>= netstandard1.2) (< netstandard1.3) (< win8) (< wpa81)) (&& (< net45) (>= netstandard1.3) (< netstandard1.4) (< win8) (< wpa81)) (&& (< net45) (>= netstandard1.4) (< netstandard1.5) (< win8) (< wpa81)) (&& (< net45) (>= netstandard1.5) (< netstandard1.6) (< win8) (< wpa81)) (&& (< net45) (>= netstandard1.6) (< netstandard2.0) (< win8) (< wpa81)) (&& (>= uap10.0) (< uap10.1))
      System.Console (>= 4.3) - restriction: || (&& (< net45) (>= netstandard1.3) (< netstandard1.4) (< win8) (< wpa81)) (&& (< net45) (>= netstandard1.4) (< netstandard1.5) (< win8) (< wpa81)) (&& (< net45) (>= netstandard1.5) (< netstandard1.6) (< win8) (< wpa81)) (&& (< net45) (>= netstandard1.6) (< netstandard2.0) (< win8) (< wpa81)) (&& (>= net46) (< netstandard1.4)) (&& (>= uap10.0) (< uap10.1))
      System.Diagnostics.Debug (>= 4.3) - restriction: || (&& (< net45) (>= netstandard1.1) (< netstandard1.2) (< win8)) (&& (< net45) (>= netstandard1.2) (< netstandard1.3) (< win8) (< wpa81)) (&& (< net45) (>= netstandard1.3) (< netstandard1.4) (< win8) (< wpa81)) (&& (< net45) (>= netstandard1.4) (< netstandard1.5) (< win8) (< wpa81)) (&& (< net45) (>= netstandard1.5) (< netstandard1.6) (< win8) (< wpa81)) (&& (< net45) (>= netstandard1.6) (< netstandard2.0) (< win8) (< wpa81)) (&& (>= netstandard1.0) (< portable-net45+win8+wpa81) (< wp8)) (&& (>= uap10.0) (< uap10.1))
      System.Diagnostics.Tools (>= 4.3) - restriction: || (&& (< net45) (>= netstandard1.1) (< netstandard1.2) (< win8)) (&& (< net45) (>= netstandard1.2) (< netstandard1.3) (< win8) (< wpa81)) (&& (< net45) (>= netstandard1.3) (< netstandard1.4) (< win8) (< wpa81)) (&& (< net45) (>= netstandard1.4) (< netstandard1.5) (< win8) (< wpa81)) (&& (< net45) (>= netstandard1.5) (< netstandard1.6) (< win8) (< wpa81)) (&& (< net45) (>= netstandard1.6) (< netstandard2.0) (< win8) (< wpa81)) (&& (>= netstandard1.0) (< portable-net45+win8+wpa81) (< wp8)) (&& (>= uap10.0) (< uap10.1))
      System.Diagnostics.Tracing (>= 4.3) - restriction: || (&& (< net45) (>= netstandard1.1) (< netstandard1.2) (< win8)) (&& (< net45) (>= netstandard1.2) (< netstandard1.3) (< win8) (< wpa81)) (&& (< net45) (>= netstandard1.3) (< netstandard1.4) (< win8) (< wpa81)) (&& (< net45) (>= netstandard1.4) (< netstandard1.5) (< win8) (< wpa81)) (&& (< net45) (>= netstandard1.5) (< netstandard1.6) (< win8) (< wpa81)) (&& (< net45) (>= netstandard1.6) (< netstandard2.0) (< win8) (< wpa81)) (&& (>= uap10.0) (< uap10.1))
      System.Globalization (>= 4.3) - restriction: || (&& (< net45) (>= netstandard1.1) (< netstandard1.2) (< win8)) (&& (< net45) (>= netstandard1.2) (< netstandard1.3) (< win8) (< wpa81)) (&& (< net45) (>= netstandard1.3) (< netstandard1.4) (< win8) (< wpa81)) (&& (< net45) (>= netstandard1.4) (< netstandard1.5) (< win8) (< wpa81)) (&& (< net45) (>= netstandard1.5) (< netstandard1.6) (< win8) (< wpa81)) (&& (< net45) (>= netstandard1.6) (< netstandard2.0) (< win8) (< wpa81)) (&& (>= netstandard1.0) (< portable-net45+win8+wpa81) (< wp8)) (&& (>= uap10.0) (< uap10.1))
      System.Globalization.Calendars (>= 4.3) - restriction: || (&& (< net45) (>= netstandard1.3) (< netstandard1.4) (< win8) (< wpa81)) (&& (< net45) (>= netstandard1.4) (< netstandard1.5) (< win8) (< wpa81)) (&& (< net45) (>= netstandard1.5) (< netstandard1.6) (< win8) (< wpa81)) (&& (< net45) (>= netstandard1.6) (< netstandard2.0) (< win8) (< wpa81)) (&& (>= net46) (< netstandard1.4)) (&& (>= uap10.0) (< uap10.1))
      System.IO (>= 4.3) - restriction: || (&& (< net45) (>= netstandard1.1) (< netstandard1.2) (< win8)) (&& (< net45) (>= netstandard1.2) (< netstandard1.3) (< win8) (< wpa81)) (&& (< net45) (>= netstandard1.3) (< netstandard1.4) (< win8) (< wpa81)) (&& (< net45) (>= netstandard1.4) (< netstandard1.5) (< win8) (< wpa81)) (&& (< net45) (>= netstandard1.5) (< netstandard1.6) (< win8) (< wpa81)) (&& (< net45) (>= netstandard1.6) (< netstandard2.0) (< win8) (< wpa81)) (&& (>= netstandard1.0) (< portable-net45+win8+wpa81) (< wp8)) (&& (>= uap10.0) (< uap10.1))
      System.IO.Compression (>= 4.3) - restriction: || (&& (< net45) (>= netstandard1.1) (< netstandard1.2) (< win8)) (&& (< net45) (>= netstandard1.2) (< netstandard1.3) (< win8) (< wpa81)) (&& (< net45) (>= netstandard1.3) (< netstandard1.4) (< win8) (< wpa81)) (&& (< net45) (>= netstandard1.4) (< netstandard1.5) (< win8) (< wpa81)) (&& (< net45) (>= netstandard1.5) (< netstandard1.6) (< win8) (< wpa81)) (&& (< net45) (>= netstandard1.6) (< netstandard2.0) (< win8) (< wpa81)) (&& (>= net46) (< netstandard1.4)) (&& (>= uap10.0) (< uap10.1))
      System.IO.Compression.ZipFile (>= 4.3) - restriction: || (&& (< net45) (>= netstandard1.3) (< netstandard1.4) (< win8) (< wpa81)) (&& (< net45) (>= netstandard1.4) (< netstandard1.5) (< win8) (< wpa81)) (&& (< net45) (>= netstandard1.5) (< netstandard1.6) (< win8) (< wpa81)) (&& (< net45) (>= netstandard1.6) (< netstandard2.0) (< win8) (< wpa81)) (&& (>= net46) (< netstandard1.4)) (&& (>= uap10.0) (< uap10.1))
      System.IO.FileSystem (>= 4.3) - restriction: || (&& (< net45) (>= netstandard1.3) (< netstandard1.4) (< win8) (< wpa81)) (&& (< net45) (>= netstandard1.4) (< netstandard1.5) (< win8) (< wpa81)) (&& (< net45) (>= netstandard1.5) (< netstandard1.6) (< win8) (< wpa81)) (&& (< net45) (>= netstandard1.6) (< netstandard2.0) (< win8) (< wpa81)) (&& (>= net46) (< netstandard1.4)) (&& (>= uap10.0) (< uap10.1))
      System.IO.FileSystem.Primitives (>= 4.3) - restriction: || (&& (< net45) (>= netstandard1.3) (< netstandard1.4) (< win8) (< wpa81)) (&& (< net45) (>= netstandard1.4) (< netstandard1.5) (< win8) (< wpa81)) (&& (< net45) (>= netstandard1.5) (< netstandard1.6) (< win8) (< wpa81)) (&& (< net45) (>= netstandard1.6) (< netstandard2.0) (< win8) (< wpa81)) (&& (>= net46) (< netstandard1.4)) (&& (>= uap10.0) (< uap10.1))
      System.Linq (>= 4.3) - restriction: || (&& (< net45) (>= netstandard1.1) (< netstandard1.2) (< win8)) (&& (< net45) (>= netstandard1.2) (< netstandard1.3) (< win8) (< wpa81)) (&& (< net45) (>= netstandard1.3) (< netstandard1.4) (< win8) (< wpa81)) (&& (< net45) (>= netstandard1.4) (< netstandard1.5) (< win8) (< wpa81)) (&& (< net45) (>= netstandard1.5) (< netstandard1.6) (< win8) (< wpa81)) (&& (< net45) (>= netstandard1.6) (< netstandard2.0) (< win8) (< wpa81)) (&& (>= netstandard1.0) (< portable-net45+win8+wpa81) (< wp8)) (&& (>= uap10.0) (< uap10.1))
      System.Linq.Expressions (>= 4.3) - restriction: || (&& (< net45) (>= netstandard1.1) (< netstandard1.2) (< win8)) (&& (< net45) (>= netstandard1.2) (< netstandard1.3) (< win8) (< wpa81)) (&& (< net45) (>= netstandard1.3) (< netstandard1.4) (< win8) (< wpa81)) (&& (< net45) (>= netstandard1.4) (< netstandard1.5) (< win8) (< wpa81)) (&& (< net45) (>= netstandard1.5) (< netstandard1.6) (< win8) (< wpa81)) (&& (< net45) (>= netstandard1.6) (< netstandard2.0) (< win8) (< wpa81)) (&& (>= netstandard1.0) (< portable-net45+win8+wpa81) (< wp8)) (&& (>= uap10.0) (< uap10.1))
      System.Net.Http (>= 4.3.2) - restriction: || (&& (< net45) (>= netstandard1.1) (< netstandard1.2) (< win8)) (&& (< net45) (>= netstandard1.2) (< netstandard1.3) (< win8) (< wpa81)) (&& (< net45) (>= netstandard1.3) (< netstandard1.4) (< win8) (< wpa81)) (&& (< net45) (>= netstandard1.4) (< netstandard1.5) (< win8) (< wpa81)) (&& (< net45) (>= netstandard1.5) (< netstandard1.6) (< win8) (< wpa81)) (&& (< net45) (>= netstandard1.6) (< netstandard2.0) (< win8) (< wpa81)) (&& (>= net46) (< netstandard1.4)) (&& (>= uap10.0) (< uap10.1))
      System.Net.Primitives (>= 4.3) - restriction: || (&& (< net45) (>= netstandard1.1) (< netstandard1.2) (< win8)) (&& (< net45) (>= netstandard1.2) (< netstandard1.3) (< win8) (< wpa81)) (&& (< net45) (>= netstandard1.3) (< netstandard1.4) (< win8) (< wpa81)) (&& (< net45) (>= netstandard1.4) (< netstandard1.5) (< win8) (< wpa81)) (&& (< net45) (>= netstandard1.5) (< netstandard1.6) (< win8) (< wpa81)) (&& (< net45) (>= netstandard1.6) (< netstandard2.0) (< win8) (< wpa81)) (&& (>= netstandard1.0) (< portable-net45+win8+wpa81) (< wp8)) (&& (>= uap10.0) (< uap10.1))
      System.Net.Sockets (>= 4.3) - restriction: || (&& (< net45) (>= netstandard1.3) (< netstandard1.4) (< win8) (< wpa81)) (&& (< net45) (>= netstandard1.4) (< netstandard1.5) (< win8) (< wpa81)) (&& (< net45) (>= netstandard1.5) (< netstandard1.6) (< win8) (< wpa81)) (&& (< net45) (>= netstandard1.6) (< netstandard2.0) (< win8) (< wpa81)) (&& (>= net46) (< netstandard1.4)) (&& (>= uap10.0) (< uap10.1))
      System.ObjectModel (>= 4.3) - restriction: || (&& (< net45) (>= netstandard1.1) (< netstandard1.2) (< win8)) (&& (< net45) (>= netstandard1.2) (< netstandard1.3) (< win8) (< wpa81)) (&& (< net45) (>= netstandard1.3) (< netstandard1.4) (< win8) (< wpa81)) (&& (< net45) (>= netstandard1.4) (< netstandard1.5) (< win8) (< wpa81)) (&& (< net45) (>= netstandard1.5) (< netstandard1.6) (< win8) (< wpa81)) (&& (< net45) (>= netstandard1.6) (< netstandard2.0) (< win8) (< wpa81)) (&& (>= netstandard1.0) (< portable-net45+win8+wpa81) (< wp8)) (&& (>= uap10.0) (< uap10.1))
      System.Reflection (>= 4.3) - restriction: || (&& (< net45) (>= netstandard1.1) (< netstandard1.2) (< win8)) (&& (< net45) (>= netstandard1.2) (< netstandard1.3) (< win8) (< wpa81)) (&& (< net45) (>= netstandard1.3) (< netstandard1.4) (< win8) (< wpa81)) (&& (< net45) (>= netstandard1.4) (< netstandard1.5) (< win8) (< wpa81)) (&& (< net45) (>= netstandard1.5) (< netstandard1.6) (< win8) (< wpa81)) (&& (< net45) (>= netstandard1.6) (< netstandard2.0) (< win8) (< wpa81)) (&& (>= netstandard1.0) (< portable-net45+win8+wpa81) (< wp8)) (&& (>= uap10.0) (< uap10.1))
      System.Reflection.Extensions (>= 4.3) - restriction: || (&& (< net45) (>= netstandard1.1) (< netstandard1.2) (< win8)) (&& (< net45) (>= netstandard1.2) (< netstandard1.3) (< win8) (< wpa81)) (&& (< net45) (>= netstandard1.3) (< netstandard1.4) (< win8) (< wpa81)) (&& (< net45) (>= netstandard1.4) (< netstandard1.5) (< win8) (< wpa81)) (&& (< net45) (>= netstandard1.5) (< netstandard1.6) (< win8) (< wpa81)) (&& (< net45) (>= netstandard1.6) (< netstandard2.0) (< win8) (< wpa81)) (&& (>= netstandard1.0) (< portable-net45+win8+wpa81) (< wp8)) (&& (>= uap10.0) (< uap10.1))
      System.Reflection.Primitives (>= 4.3) - restriction: || (&& (< net45) (>= netstandard1.1) (< netstandard1.2) (< win8)) (&& (< net45) (>= netstandard1.2) (< netstandard1.3) (< win8) (< wpa81)) (&& (< net45) (>= netstandard1.3) (< netstandard1.4) (< win8) (< wpa81)) (&& (< net45) (>= netstandard1.4) (< netstandard1.5) (< win8) (< wpa81)) (&& (< net45) (>= netstandard1.5) (< netstandard1.6) (< win8) (< wpa81)) (&& (< net45) (>= netstandard1.6) (< netstandard2.0) (< win8) (< wpa81)) (&& (>= netstandard1.0) (< portable-net45+win8+wpa81) (< wp8)) (&& (>= uap10.0) (< uap10.1))
      System.Resources.ResourceManager (>= 4.3) - restriction: || (&& (< net45) (>= netstandard1.1) (< netstandard1.2) (< win8)) (&& (< net45) (>= netstandard1.2) (< netstandard1.3) (< win8) (< wpa81)) (&& (< net45) (>= netstandard1.3) (< netstandard1.4) (< win8) (< wpa81)) (&& (< net45) (>= netstandard1.4) (< netstandard1.5) (< win8) (< wpa81)) (&& (< net45) (>= netstandard1.5) (< netstandard1.6) (< win8) (< wpa81)) (&& (< net45) (>= netstandard1.6) (< netstandard2.0) (< win8) (< wpa81)) (&& (>= netstandard1.0) (< portable-net45+win8+wpa81) (< wp8)) (&& (>= uap10.0) (< uap10.1))
      System.Runtime (>= 4.3) - restriction: || (&& (< net45) (>= netstandard1.1) (< netstandard1.2) (< win8)) (&& (< net45) (>= netstandard1.2) (< netstandard1.3) (< win8) (< wpa81)) (&& (< net45) (>= netstandard1.3) (< netstandard1.4) (< win8) (< wpa81)) (&& (< net45) (>= netstandard1.4) (< netstandard1.5) (< win8) (< wpa81)) (&& (< net45) (>= netstandard1.5) (< netstandard1.6) (< win8) (< wpa81)) (&& (< net45) (>= netstandard1.6) (< netstandard2.0) (< win8) (< wpa81)) (&& (>= netstandard1.0) (< portable-net45+win8+wpa81) (< wp8)) (&& (>= uap10.0) (< uap10.1))
      System.Runtime.Extensions (>= 4.3) - restriction: || (&& (< net45) (>= netstandard1.1) (< netstandard1.2) (< win8)) (&& (< net45) (>= netstandard1.2) (< netstandard1.3) (< win8) (< wpa81)) (&& (< net45) (>= netstandard1.3) (< netstandard1.4) (< win8) (< wpa81)) (&& (< net45) (>= netstandard1.4) (< netstandard1.5) (< win8) (< wpa81)) (&& (< net45) (>= netstandard1.5) (< netstandard1.6) (< win8) (< wpa81)) (&& (< net45) (>= netstandard1.6) (< netstandard2.0) (< win8) (< wpa81)) (&& (>= netstandard1.0) (< portable-net45+win8+wpa81) (< wp8)) (&& (>= uap10.0) (< uap10.1))
      System.Runtime.Handles (>= 4.3) - restriction: || (&& (< net45) (>= netstandard1.3) (< netstandard1.4) (< win8) (< wpa81)) (&& (< net45) (>= netstandard1.4) (< netstandard1.5) (< win8) (< wpa81)) (&& (< net45) (>= netstandard1.5) (< netstandard1.6) (< win8) (< wpa81)) (&& (< net45) (>= netstandard1.6) (< netstandard2.0) (< win8) (< wpa81)) (&& (>= uap10.0) (< uap10.1))
      System.Runtime.InteropServices (>= 4.3) - restriction: || (&& (< net45) (>= netstandard1.1) (< netstandard1.2) (< win8)) (&& (< net45) (>= netstandard1.2) (< netstandard1.3) (< win8) (< wpa81)) (&& (< net45) (>= netstandard1.3) (< netstandard1.4) (< win8) (< wpa81)) (&& (< net45) (>= netstandard1.4) (< netstandard1.5) (< win8) (< wpa81)) (&& (< net45) (>= netstandard1.5) (< netstandard1.6) (< win8) (< wpa81)) (&& (< net45) (>= netstandard1.6) (< netstandard2.0) (< win8) (< wpa81)) (&& (>= uap10.0) (< uap10.1))
      System.Runtime.InteropServices.RuntimeInformation (>= 4.3) - restriction: || (&& (>= net45) (< netstandard1.3)) (&& (< net45) (>= netstandard1.1) (< netstandard1.2) (< win8)) (&& (< net45) (>= netstandard1.2) (< netstandard1.3) (< win8) (< wpa81)) (&& (< net45) (>= netstandard1.3) (< netstandard1.4) (< win8) (< wpa81)) (&& (< net45) (>= netstandard1.4) (< netstandard1.5) (< win8) (< wpa81)) (&& (< net45) (>= netstandard1.5) (< netstandard1.6) (< win8) (< wpa81)) (&& (< net45) (>= netstandard1.6) (< netstandard2.0) (< win8) (< wpa81)) (&& (>= net46) (< netstandard1.4)) (&& (< netstandard1.0) (>= portable-net45+win8) (< win8)) (&& (< netstandard1.0) (< portable-net45+win8) (>= portable-net45+win8+wpa81)) (&& (< netstandard1.0) (>= win8)) (&& (< netstandard1.3) (< win8) (>= wpa81)) (&& (>= uap10.0) (< uap10.1))
      System.Runtime.Numerics (>= 4.3) - restriction: || (&& (< net45) (>= netstandard1.1) (< netstandard1.2) (< win8)) (&& (< net45) (>= netstandard1.2) (< netstandard1.3) (< win8) (< wpa81)) (&& (< net45) (>= netstandard1.3) (< netstandard1.4) (< win8) (< wpa81)) (&& (< net45) (>= netstandard1.4) (< netstandard1.5) (< win8) (< wpa81)) (&& (< net45) (>= netstandard1.5) (< netstandard1.6) (< win8) (< wpa81)) (&& (< net45) (>= netstandard1.6) (< netstandard2.0) (< win8) (< wpa81)) (&& (>= uap10.0) (< uap10.1))
      System.Security.Cryptography.Algorithms (>= 4.3) - restriction: || (&& (< net45) (>= netstandard1.3) (< netstandard1.4) (< win8) (< wpa81)) (&& (< net45) (>= netstandard1.4) (< netstandard1.5) (< win8) (< wpa81)) (&& (< net45) (>= netstandard1.5) (< netstandard1.6) (< win8) (< wpa81)) (&& (< net45) (>= netstandard1.6) (< netstandard2.0) (< win8) (< wpa81)) (&& (>= net46) (< netstandard1.4)) (&& (>= uap10.0) (< uap10.1))
      System.Security.Cryptography.Encoding (>= 4.3) - restriction: || (&& (< net45) (>= netstandard1.3) (< netstandard1.4) (< win8) (< wpa81)) (&& (< net45) (>= netstandard1.4) (< netstandard1.5) (< win8) (< wpa81)) (&& (< net45) (>= netstandard1.5) (< netstandard1.6) (< win8) (< wpa81)) (&& (< net45) (>= netstandard1.6) (< netstandard2.0) (< win8) (< wpa81)) (&& (>= net46) (< netstandard1.4)) (&& (>= uap10.0) (< uap10.1))
      System.Security.Cryptography.Primitives (>= 4.3) - restriction: || (&& (< net45) (>= netstandard1.3) (< netstandard1.4) (< win8) (< wpa81)) (&& (< net45) (>= netstandard1.4) (< netstandard1.5) (< win8) (< wpa81)) (&& (< net45) (>= netstandard1.5) (< netstandard1.6) (< win8) (< wpa81)) (&& (< net45) (>= netstandard1.6) (< netstandard2.0) (< win8) (< wpa81)) (&& (>= net46) (< netstandard1.4)) (&& (>= uap10.0) (< uap10.1))
      System.Security.Cryptography.X509Certificates (>= 4.3) - restriction: || (&& (< net45) (>= netstandard1.3) (< netstandard1.4) (< win8) (< wpa81)) (&& (< net45) (>= netstandard1.4) (< netstandard1.5) (< win8) (< wpa81)) (&& (< net45) (>= netstandard1.5) (< netstandard1.6) (< win8) (< wpa81)) (&& (< net45) (>= netstandard1.6) (< netstandard2.0) (< win8) (< wpa81)) (&& (>= net46) (< netstandard1.4)) (&& (>= uap10.0) (< uap10.1))
      System.Text.Encoding (>= 4.3) - restriction: || (&& (< net45) (>= netstandard1.1) (< netstandard1.2) (< win8)) (&& (< net45) (>= netstandard1.2) (< netstandard1.3) (< win8) (< wpa81)) (&& (< net45) (>= netstandard1.3) (< netstandard1.4) (< win8) (< wpa81)) (&& (< net45) (>= netstandard1.4) (< netstandard1.5) (< win8) (< wpa81)) (&& (< net45) (>= netstandard1.5) (< netstandard1.6) (< win8) (< wpa81)) (&& (< net45) (>= netstandard1.6) (< netstandard2.0) (< win8) (< wpa81)) (&& (>= netstandard1.0) (< portable-net45+win8+wpa81) (< wp8)) (&& (>= uap10.0) (< uap10.1))
      System.Text.Encoding.Extensions (>= 4.3) - restriction: || (&& (< net45) (>= netstandard1.1) (< netstandard1.2) (< win8)) (&& (< net45) (>= netstandard1.2) (< netstandard1.3) (< win8) (< wpa81)) (&& (< net45) (>= netstandard1.3) (< netstandard1.4) (< win8) (< wpa81)) (&& (< net45) (>= netstandard1.4) (< netstandard1.5) (< win8) (< wpa81)) (&& (< net45) (>= netstandard1.5) (< netstandard1.6) (< win8) (< wpa81)) (&& (< net45) (>= netstandard1.6) (< netstandard2.0) (< win8) (< wpa81)) (&& (>= netstandard1.0) (< portable-net45+win8+wpa81) (< wp8)) (&& (>= uap10.0) (< uap10.1))
      System.Text.RegularExpressions (>= 4.3) - restriction: || (&& (< net45) (>= netstandard1.1) (< netstandard1.2) (< win8)) (&& (< net45) (>= netstandard1.2) (< netstandard1.3) (< win8) (< wpa81)) (&& (< net45) (>= netstandard1.3) (< netstandard1.4) (< win8) (< wpa81)) (&& (< net45) (>= netstandard1.4) (< netstandard1.5) (< win8) (< wpa81)) (&& (< net45) (>= netstandard1.5) (< netstandard1.6) (< win8) (< wpa81)) (&& (< net45) (>= netstandard1.6) (< netstandard2.0) (< win8) (< wpa81)) (&& (>= netstandard1.0) (< portable-net45+win8+wpa81) (< wp8)) (&& (>= uap10.0) (< uap10.1))
      System.Threading (>= 4.3) - restriction: || (&& (< net45) (>= netstandard1.1) (< netstandard1.2) (< win8)) (&& (< net45) (>= netstandard1.2) (< netstandard1.3) (< win8) (< wpa81)) (&& (< net45) (>= netstandard1.3) (< netstandard1.4) (< win8) (< wpa81)) (&& (< net45) (>= netstandard1.4) (< netstandard1.5) (< win8) (< wpa81)) (&& (< net45) (>= netstandard1.5) (< netstandard1.6) (< win8) (< wpa81)) (&& (< net45) (>= netstandard1.6) (< netstandard2.0) (< win8) (< wpa81)) (&& (>= netstandard1.0) (< portable-net45+win8+wpa81) (< wp8)) (&& (>= uap10.0) (< uap10.1))
      System.Threading.Tasks (>= 4.3) - restriction: || (&& (< net45) (>= netstandard1.1) (< netstandard1.2) (< win8)) (&& (< net45) (>= netstandard1.2) (< netstandard1.3) (< win8) (< wpa81)) (&& (< net45) (>= netstandard1.3) (< netstandard1.4) (< win8) (< wpa81)) (&& (< net45) (>= netstandard1.4) (< netstandard1.5) (< win8) (< wpa81)) (&& (< net45) (>= netstandard1.5) (< netstandard1.6) (< win8) (< wpa81)) (&& (< net45) (>= netstandard1.6) (< netstandard2.0) (< win8) (< wpa81)) (&& (>= netstandard1.0) (< portable-net45+win8+wpa81) (< wp8)) (&& (>= uap10.0) (< uap10.1))
      System.Threading.Timer (>= 4.3) - restriction: || (&& (< net45) (>= netstandard1.2) (< netstandard1.3) (< win8) (< wpa81)) (&& (< net45) (>= netstandard1.3) (< netstandard1.4) (< win8) (< wpa81)) (&& (< net45) (>= netstandard1.4) (< netstandard1.5) (< win8) (< wpa81)) (&& (< net45) (>= netstandard1.5) (< netstandard1.6) (< win8) (< wpa81)) (&& (< net45) (>= netstandard1.6) (< netstandard2.0) (< win8) (< wpa81)) (&& (>= uap10.0) (< uap10.1))
      System.Xml.ReaderWriter (>= 4.3) - restriction: || (&& (< net45) (>= netstandard1.1) (< netstandard1.2) (< win8)) (&& (< net45) (>= netstandard1.2) (< netstandard1.3) (< win8) (< wpa81)) (&& (< net45) (>= netstandard1.3) (< netstandard1.4) (< win8) (< wpa81)) (&& (< net45) (>= netstandard1.4) (< netstandard1.5) (< win8) (< wpa81)) (&& (< net45) (>= netstandard1.5) (< netstandard1.6) (< win8) (< wpa81)) (&& (< net45) (>= netstandard1.6) (< netstandard2.0) (< win8) (< wpa81)) (&& (>= net46) (< netstandard1.4)) (&& (>= netstandard1.0) (< portable-net45+win8+wpa81) (< wp8)) (&& (>= uap10.0) (< uap10.1))
      System.Xml.XDocument (>= 4.3) - restriction: || (&& (< net45) (>= netstandard1.1) (< netstandard1.2) (< win8)) (&& (< net45) (>= netstandard1.2) (< netstandard1.3) (< win8) (< wpa81)) (&& (< net45) (>= netstandard1.3) (< netstandard1.4) (< win8) (< wpa81)) (&& (< net45) (>= netstandard1.4) (< netstandard1.5) (< win8) (< wpa81)) (&& (< net45) (>= netstandard1.5) (< netstandard1.6) (< win8) (< wpa81)) (&& (< net45) (>= netstandard1.6) (< netstandard2.0) (< win8) (< wpa81)) (&& (>= netstandard1.0) (< portable-net45+win8+wpa81) (< wp8)) (&& (>= uap10.0) (< uap10.1))
    Newtonsoft.Json (12.0.2) - restriction: || (>= net462) (>= netstandard2.0)
    NuGet.Common (5.1) - restriction: >= netstandard2.0
      NuGet.Frameworks (>= 5.1) - restriction: >= netstandard2.0
      System.Diagnostics.Process (>= 4.3) - restriction: && (< net472) (>= netstandard2.0)
      System.Threading.Thread (>= 4.3) - restriction: && (< net472) (>= netstandard2.0)
    NuGet.Configuration (5.1) - restriction: >= netstandard2.0
      NuGet.Common (>= 5.1) - restriction: >= netstandard2.0
      System.Security.Cryptography.ProtectedData (>= 4.3) - restriction: && (< net472) (>= netstandard2.0)
    NuGet.Frameworks (5.1) - restriction: >= netstandard2.0
    NuGet.Packaging (5.1) - restriction: >= netstandard2.0
      Newtonsoft.Json (>= 9.0.1) - restriction: >= netstandard2.0
      NuGet.Configuration (>= 5.1) - restriction: >= netstandard2.0
      NuGet.Versioning (>= 5.1) - restriction: >= netstandard2.0
      System.Dynamic.Runtime (>= 4.3) - restriction: && (< net472) (>= netstandard2.0)
    NuGet.Protocol (5.1) - restriction: || (>= net462) (>= netstandard2.0)
      NuGet.Packaging (>= 5.1) - restriction: >= netstandard2.0
      System.Dynamic.Runtime (>= 4.3) - restriction: && (< net472) (>= netstandard2.0)
    NuGet.Versioning (5.1) - restriction: >= netstandard2.0
    Octokit (0.32)
      NETStandard.Library (>= 1.6) - restriction: && (< net45) (>= netstandard1.1)
    runtime.debian.8-x64.runtime.native.System.Security.Cryptography.OpenSsl (4.3.3) - restriction: || (&& (< monoandroid) (< net45) (>= netstandard2.0) (< xamarinios) (< xamarinmac)) (&& (< net45) (>= net462) (>= netstandard1.6))
    runtime.debian.9-x64.runtime.native.System.Security.Cryptography.OpenSsl (4.3.3) - restriction: || (&& (< monoandroid) (< net45) (>= netstandard2.0) (< xamarinios) (< xamarinmac)) (&& (< net45) (>= net462) (>= netstandard1.6))
    runtime.fedora.23-x64.runtime.native.System.Security.Cryptography.OpenSsl (4.3.3) - restriction: || (&& (< monoandroid) (< net45) (>= netstandard2.0) (< xamarinios) (< xamarinmac)) (&& (< net45) (>= net462) (>= netstandard1.6))
    runtime.fedora.24-x64.runtime.native.System.Security.Cryptography.OpenSsl (4.3.3) - restriction: || (&& (< monoandroid) (< net45) (>= netstandard2.0) (< xamarinios) (< xamarinmac)) (&& (< net45) (>= net462) (>= netstandard1.6))
    runtime.fedora.27-x64.runtime.native.System.Security.Cryptography.OpenSsl (4.3.3) - restriction: || (&& (< monoandroid) (< net45) (>= netstandard2.0) (< xamarinios) (< xamarinmac)) (&& (< net45) (>= net462) (>= netstandard1.6))
    runtime.fedora.28-x64.runtime.native.System.Security.Cryptography.OpenSsl (4.3.3) - restriction: || (&& (< monoandroid) (< net45) (>= netstandard2.0) (< xamarinios) (< xamarinmac)) (&& (< net45) (>= net462) (>= netstandard1.6))
    runtime.native.System (4.3.1) - restriction: || (&& (< monoandroid) (< monotouch) (< net45) (>= netstandard1.6) (< netstandard2.0) (< win8) (< wpa81) (< xamarintvos) (< xamarinwatchos)) (&& (< monoandroid) (< monotouch) (< net46) (>= netstandard1.6) (< xamarinios) (< xamarinmac) (< xamarintvos) (< xamarinwatchos)) (&& (< monoandroid) (< net45) (< netstandard1.2) (>= netstandard1.6) (< win8)) (&& (< monoandroid) (< net45) (< netstandard1.3) (>= netstandard1.6) (< win8) (< wpa81)) (&& (< monoandroid) (< net45) (< netstandard1.4) (>= netstandard1.6) (< win8) (< wpa81)) (&& (< monoandroid) (< net45) (< netstandard1.5) (>= netstandard1.6) (< win8) (< wpa81)) (&& (< monoandroid) (< net45) (>= netstandard2.0) (< xamarinios) (< xamarinmac)) (&& (< net45) (>= net462) (>= netstandard1.6)) (&& (>= netstandard1.6) (< netstandard2.0) (>= uap10.0) (< win8) (< wpa81))
      Microsoft.NETCore.Platforms (>= 1.1.1)
      Microsoft.NETCore.Targets (>= 1.1.3)
    runtime.native.System.IO.Compression (4.3.2) - restriction: || (&& (< monoandroid) (< monotouch) (< net45) (>= netstandard1.6) (< netstandard2.0) (< win8) (< wpa81) (< xamarintvos) (< xamarinwatchos)) (&& (< monoandroid) (< net45) (< netstandard1.2) (>= netstandard1.6) (< win8)) (&& (< monoandroid) (< net45) (< netstandard1.3) (>= netstandard1.6) (< win8) (< wpa81)) (&& (< monoandroid) (< net45) (< netstandard1.4) (>= netstandard1.6) (< win8) (< wpa81)) (&& (< monoandroid) (< net45) (< netstandard1.5) (>= netstandard1.6) (< win8) (< wpa81)) (&& (>= netstandard1.6) (< netstandard2.0) (>= uap10.0) (< win8) (< wpa81)) (&& (>= netstandard1.6) (< portable-net45+win8+wpa81))
      Microsoft.NETCore.Platforms (>= 1.1.1)
      Microsoft.NETCore.Targets (>= 1.1.3)
    runtime.native.System.Net.Http (4.3.1) - restriction: || (&& (< monoandroid) (< monotouch) (< net45) (>= netstandard1.6) (< netstandard2.0) (< win8) (< wpa81) (< xamarintvos) (< xamarinwatchos)) (&& (< monoandroid) (< net45) (< netstandard1.4) (>= netstandard1.6) (< win8) (< wpa81)) (&& (< monoandroid) (< net45) (< netstandard1.5) (>= netstandard1.6) (< win8) (< wpa81)) (&& (< monoandroid) (< net45) (>= netstandard2.0) (< xamarinios) (< xamarinmac)) (&& (< net45) (>= net462) (>= netstandard1.6)) (&& (>= netstandard1.6) (< netstandard2.0) (>= uap10.0))
      Microsoft.NETCore.Platforms (>= 1.1.1)
      Microsoft.NETCore.Targets (>= 1.1.3)
    runtime.native.System.Security.Cryptography.Apple (4.3.1) - restriction: && (< monoandroid) (< net46) (>= netstandard2.0) (< xamarinios) (< xamarinmac)
      runtime.osx.10.10-x64.runtime.native.System.Security.Cryptography.Apple (>= 4.3.1)
    runtime.native.System.Security.Cryptography.OpenSsl (4.3.3) - restriction: || (&& (< monoandroid) (< monotouch) (< net45) (>= netstandard1.6) (< netstandard2.0) (< win8) (< wpa81) (< xamarintvos) (< xamarinwatchos)) (&& (< monoandroid) (< net45) (< netstandard1.4) (>= netstandard1.6) (< win8) (< wpa81)) (&& (< monoandroid) (< net45) (< netstandard1.5) (>= netstandard1.6) (< win8) (< wpa81)) (&& (< monoandroid) (< net45) (>= netstandard2.0) (< xamarinios) (< xamarinmac)) (&& (< net45) (>= net462) (>= netstandard1.6)) (&& (>= netstandard1.6) (< netstandard2.0) (>= uap10.0))
      runtime.debian.8-x64.runtime.native.System.Security.Cryptography.OpenSsl (>= 4.3.3)
      runtime.debian.9-x64.runtime.native.System.Security.Cryptography.OpenSsl (>= 4.3.3)
      runtime.fedora.23-x64.runtime.native.System.Security.Cryptography.OpenSsl (>= 4.3.3)
      runtime.fedora.24-x64.runtime.native.System.Security.Cryptography.OpenSsl (>= 4.3.3)
      runtime.fedora.27-x64.runtime.native.System.Security.Cryptography.OpenSsl (>= 4.3.3)
      runtime.fedora.28-x64.runtime.native.System.Security.Cryptography.OpenSsl (>= 4.3.3)
      runtime.opensuse.13.2-x64.runtime.native.System.Security.Cryptography.OpenSsl (>= 4.3.3)
      runtime.opensuse.42.1-x64.runtime.native.System.Security.Cryptography.OpenSsl (>= 4.3.3)
      runtime.opensuse.42.3-x64.runtime.native.System.Security.Cryptography.OpenSsl (>= 4.3.3)
      runtime.osx.10.10-x64.runtime.native.System.Security.Cryptography.OpenSsl (>= 4.3.3)
      runtime.rhel.7-x64.runtime.native.System.Security.Cryptography.OpenSsl (>= 4.3.3)
      runtime.ubuntu.14.04-x64.runtime.native.System.Security.Cryptography.OpenSsl (>= 4.3.3)
      runtime.ubuntu.16.04-x64.runtime.native.System.Security.Cryptography.OpenSsl (>= 4.3.3)
      runtime.ubuntu.16.10-x64.runtime.native.System.Security.Cryptography.OpenSsl (>= 4.3.3)
      runtime.ubuntu.18.04-x64.runtime.native.System.Security.Cryptography.OpenSsl (>= 4.3.3)
    runtime.opensuse.13.2-x64.runtime.native.System.Security.Cryptography.OpenSsl (4.3.3) - restriction: || (&& (< monoandroid) (< net45) (>= netstandard2.0) (< xamarinios) (< xamarinmac)) (&& (< net45) (>= net462) (>= netstandard1.6))
    runtime.opensuse.42.1-x64.runtime.native.System.Security.Cryptography.OpenSsl (4.3.3) - restriction: || (&& (< monoandroid) (< net45) (>= netstandard2.0) (< xamarinios) (< xamarinmac)) (&& (< net45) (>= net462) (>= netstandard1.6))
    runtime.opensuse.42.3-x64.runtime.native.System.Security.Cryptography.OpenSsl (4.3.3) - restriction: || (&& (< monoandroid) (< net45) (>= netstandard2.0) (< xamarinios) (< xamarinmac)) (&& (< net45) (>= net462) (>= netstandard1.6))
    runtime.osx.10.10-x64.runtime.native.System.Security.Cryptography.Apple (4.3.1) - restriction: && (< monoandroid) (< net46) (>= netstandard2.0) (< xamarinios) (< xamarinmac)
    runtime.osx.10.10-x64.runtime.native.System.Security.Cryptography.OpenSsl (4.3.3) - restriction: || (&& (< monoandroid) (< net45) (>= netstandard2.0) (< xamarinios) (< xamarinmac)) (&& (< net45) (>= net462) (>= netstandard1.6))
    runtime.rhel.7-x64.runtime.native.System.Security.Cryptography.OpenSsl (4.3.3) - restriction: || (&& (< monoandroid) (< net45) (>= netstandard2.0) (< xamarinios) (< xamarinmac)) (&& (< net45) (>= net462) (>= netstandard1.6))
    runtime.ubuntu.14.04-x64.runtime.native.System.Security.Cryptography.OpenSsl (4.3.3) - restriction: || (&& (< monoandroid) (< net45) (>= netstandard2.0) (< xamarinios) (< xamarinmac)) (&& (< net45) (>= net462) (>= netstandard1.6))
    runtime.ubuntu.16.04-x64.runtime.native.System.Security.Cryptography.OpenSsl (4.3.3) - restriction: || (&& (< monoandroid) (< net45) (>= netstandard2.0) (< xamarinios) (< xamarinmac)) (&& (< net45) (>= net462) (>= netstandard1.6))
    runtime.ubuntu.16.10-x64.runtime.native.System.Security.Cryptography.OpenSsl (4.3.3) - restriction: || (&& (< monoandroid) (< net45) (>= netstandard2.0) (< xamarinios) (< xamarinmac)) (&& (< net45) (>= net462) (>= netstandard1.6))
    runtime.ubuntu.18.04-x64.runtime.native.System.Security.Cryptography.OpenSsl (4.3.3) - restriction: || (&& (< monoandroid) (< net45) (>= netstandard2.0) (< xamarinios) (< xamarinmac)) (&& (< net45) (>= net462) (>= netstandard1.6))
    System.AppContext (4.3) - restriction: || (&& (< net45) (< netstandard1.4) (>= netstandard1.6) (< win8) (< wpa81)) (&& (< net45) (< netstandard1.5) (>= netstandard1.6) (< win8) (< wpa81)) (&& (< net45) (>= netstandard1.6) (< netstandard2.0) (< win8) (< wpa81)) (&& (>= netstandard1.6) (< netstandard2.0) (>= uap10.0))
      System.Runtime (>= 4.3) - restriction: || (&& (< monoandroid) (< monotouch) (< net46) (>= netstandard1.6) (< xamarinios) (< xamarinmac) (< xamarintvos) (< xamarinwatchos)) (&& (< monoandroid) (< net46) (>= netstandard1.3) (< netstandard1.6)) (&& (< monoandroid) (< netstandard1.3))
    System.Buffers (4.5) - restriction: || (&& (< monoandroid) (< monotouch) (< net45) (>= netstandard1.6) (< netstandard2.0) (< win8) (< wpa81) (< xamarintvos) (< xamarinwatchos)) (&& (< monoandroid) (< net45) (< netstandard1.2) (>= netstandard1.6) (< win8)) (&& (< monoandroid) (< net45) (< netstandard1.3) (>= netstandard1.6) (< win8) (< wpa81)) (&& (< monoandroid) (< net45) (< netstandard1.4) (>= netstandard1.6) (< win8) (< wpa81)) (&& (< monoandroid) (< net45) (< netstandard1.5) (>= netstandard1.6) (< win8) (< wpa81)) (&& (< monoandroid) (< netstandard1.1) (>= netstandard2.0) (< win8)) (&& (>= monotouch) (>= netstandard2.0)) (&& (< net45) (< netcoreapp2.0) (>= netstandard2.0) (< xamarinios)) (&& (< net46) (>= net461) (>= netstandard2.0)) (&& (< netstandard1.1) (>= netstandard2.0) (>= win8)) (&& (>= netstandard1.6) (< netstandard2.0) (>= uap10.0) (< win8) (< wpa81)) (&& (>= netstandard1.6) (< portable-net45+win8+wpa81)) (&& (>= netstandard2.0) (>= xamarintvos)) (&& (>= netstandard2.0) (>= xamarinwatchos)) (>= xamarinmac)
      System.Diagnostics.Debug (>= 4.3) - restriction: && (< net45) (>= netstandard1.1) (< netstandard2.0) (< win8) (< wpa81)
      System.Diagnostics.Tracing (>= 4.3) - restriction: && (< net45) (>= netstandard1.1) (< netstandard2.0) (< win8) (< wpa81)
      System.Resources.ResourceManager (>= 4.3) - restriction: && (< net45) (>= netstandard1.1) (< netstandard2.0) (< win8) (< wpa81)
      System.Runtime (>= 4.3) - restriction: && (< net45) (>= netstandard1.1) (< netstandard2.0) (< win8) (< wpa81)
      System.Threading (>= 4.3) - restriction: && (< net45) (>= netstandard1.1) (< netstandard2.0) (< win8) (< wpa81)
    System.CodeDom (4.5) - restriction: && (< net472) (>= netstandard2.0)
    System.Collections (4.3) - restriction: || (&& (< monoandroid) (< monotouch) (< net46) (>= netstandard1.6) (< xamarinios) (< xamarinmac) (< xamarintvos) (< xamarinwatchos)) (&& (< monoandroid) (< net45) (< netstandard1.6) (>= netstandard2.0) (< win8) (< wpa81)) (&& (< monoandroid) (< net45) (>= netstandard2.0) (< xamarinios) (< xamarinmac)) (&& (< net45) (>= net462) (>= netstandard1.6)) (&& (< net45) (>= net462) (< netstandard1.6)) (&& (< net45) (< netstandard1.2) (>= netstandard1.6) (< win8)) (&& (< net45) (< netstandard1.3) (>= netstandard1.6) (< win8) (< wpa81)) (&& (< net45) (< netstandard1.4) (>= netstandard1.6) (< win8) (< wpa81)) (&& (< net45) (< netstandard1.5) (>= netstandard1.6) (< win8) (< wpa81)) (&& (< net45) (>= netstandard1.6) (< netstandard2.0) (< win8) (< wpa81)) (&& (>= net462) (< portable-net45+win8+wpa81)) (&& (>= netstandard1.6) (< netstandard2.0) (>= uap10.0)) (&& (>= netstandard1.6) (< portable-net45+win8+wp8+wpa81)) (&& (>= netstandard1.6) (< portable-net45+win8+wpa81)) (&& (>= netstandard2.0) (< portable-net45+win8+wp8+wpa81)) (&& (>= netstandard2.0) (< portable-net45+win8+wpa81))
      Microsoft.NETCore.Platforms (>= 1.1) - restriction: || (&& (< monoandroid) (< monotouch) (< net45) (>= netstandard1.3) (< win8) (< wpa81) (< xamarinios) (< xamarinmac) (< xamarintvos) (< xamarinwatchos)) (&& (< monoandroid) (< net45) (>= netstandard1.0) (< netstandard1.3) (< win8) (< wp8) (< wpa81)) (< portable-net45+win8+wp8+wpa81)
      Microsoft.NETCore.Targets (>= 1.1) - restriction: || (&& (< monoandroid) (< monotouch) (< net45) (>= netstandard1.3) (< win8) (< wpa81) (< xamarinios) (< xamarinmac) (< xamarintvos) (< xamarinwatchos)) (&& (< monoandroid) (< net45) (>= netstandard1.0) (< netstandard1.3) (< win8) (< wp8) (< wpa81)) (< portable-net45+win8+wp8+wpa81)
      System.Runtime (>= 4.3) - restriction: || (&& (< monoandroid) (< monotouch) (< net45) (>= netstandard1.3) (< win8) (< wpa81) (< xamarinios) (< xamarinmac) (< xamarintvos) (< xamarinwatchos)) (&& (< monoandroid) (< net45) (>= netstandard1.0) (< netstandard1.3) (< win8) (< wp8) (< wpa81)) (< portable-net45+win8+wp8+wpa81)
    System.Collections.Concurrent (4.3) - restriction: || (&& (< monoandroid) (< net45) (< netstandard1.3) (>= netstandard2.0) (< win8) (< wpa81)) (&& (< monoandroid) (< net45) (>= netstandard2.0) (< win8) (< wpa81) (< xamarinios) (< xamarinmac)) (&& (< net45) (< netstandard1.2) (>= netstandard1.6) (< win8)) (&& (< net45) (< netstandard1.3) (>= netstandard1.6) (< win8) (< wpa81)) (&& (< net45) (< netstandard1.4) (>= netstandard1.6) (< win8) (< wpa81)) (&& (< net45) (< netstandard1.5) (>= netstandard1.6) (< win8) (< wpa81)) (&& (< net45) (>= netstandard1.6) (< netstandard2.0) (< win8) (< wpa81)) (&& (>= netstandard1.6) (< netstandard2.0) (>= uap10.0)) (&& (>= netstandard2.0) (< portable-net45+win8+wpa81))
      System.Collections (>= 4.3) - restriction: || (&& (< monoandroid) (< monotouch) (< net45) (>= netstandard1.3) (< win8) (< wpa81) (< xamarinios) (< xamarinmac) (< xamarintvos) (< xamarinwatchos)) (< portable-net45+win8+wpa81)
      System.Diagnostics.Debug (>= 4.3) - restriction: || (&& (< monoandroid) (< monotouch) (< net45) (>= netstandard1.3) (< win8) (< wpa81) (< xamarinios) (< xamarinmac) (< xamarintvos) (< xamarinwatchos)) (< portable-net45+win8+wpa81)
      System.Diagnostics.Tracing (>= 4.3) - restriction: || (&& (< monoandroid) (< monotouch) (< net45) (>= netstandard1.3) (< win8) (< wpa81) (< xamarinios) (< xamarinmac) (< xamarintvos) (< xamarinwatchos)) (< portable-net45+win8+wpa81)
      System.Globalization (>= 4.3) - restriction: || (&& (< monoandroid) (< monotouch) (< net45) (>= netstandard1.3) (< win8) (< wpa81) (< xamarinios) (< xamarinmac) (< xamarintvos) (< xamarinwatchos)) (< portable-net45+win8+wpa81)
      System.Reflection (>= 4.3) - restriction: && (< monoandroid) (< monotouch) (< net45) (>= netstandard1.3) (< win8) (< wpa81) (< xamarinios) (< xamarinmac) (< xamarintvos) (< xamarinwatchos)
      System.Resources.ResourceManager (>= 4.3) - restriction: || (&& (< monoandroid) (< monotouch) (< net45) (>= netstandard1.3) (< win8) (< wpa81) (< xamarinios) (< xamarinmac) (< xamarintvos) (< xamarinwatchos)) (< portable-net45+win8+wpa81)
      System.Runtime (>= 4.3) - restriction: || (&& (< monoandroid) (< monotouch) (< net45) (>= netstandard1.3) (< win8) (< wpa81) (< xamarinios) (< xamarinmac) (< xamarintvos) (< xamarinwatchos)) (&& (< monoandroid) (< net45) (>= netstandard1.1) (< netstandard1.3) (< win8) (< wpa81)) (< portable-net45+win8+wpa81)
      System.Runtime.Extensions (>= 4.3) - restriction: || (&& (< monoandroid) (< monotouch) (< net45) (>= netstandard1.3) (< win8) (< wpa81) (< xamarinios) (< xamarinmac) (< xamarintvos) (< xamarinwatchos)) (< portable-net45+win8+wpa81)
      System.Threading (>= 4.3) - restriction: || (&& (< monoandroid) (< monotouch) (< net45) (>= netstandard1.3) (< win8) (< wpa81) (< xamarinios) (< xamarinmac) (< xamarintvos) (< xamarinwatchos)) (< portable-net45+win8+wpa81)
      System.Threading.Tasks (>= 4.3) - restriction: || (&& (< monoandroid) (< monotouch) (< net45) (>= netstandard1.3) (< win8) (< wpa81) (< xamarinios) (< xamarinmac) (< xamarintvos) (< xamarinwatchos)) (&& (< monoandroid) (< net45) (>= netstandard1.1) (< netstandard1.3) (< win8) (< wpa81)) (< portable-net45+win8+wpa81)
    System.Collections.Immutable (1.5) - restriction: || (>= net462) (>= netstandard2.0)
    System.ComponentModel (4.3) - restriction: || (&& (>= net46) (>= uap10.0)) (&& (>= netstandard2.0) (>= uap10.0))
    System.Console (4.3.1) - restriction: || (&& (< net45) (< netstandard1.4) (>= netstandard1.6) (< win8) (< wpa81)) (&& (< net45) (< netstandard1.5) (>= netstandard1.6) (< win8) (< wpa81)) (&& (< net45) (>= netstandard1.6) (< netstandard2.0) (< win8) (< wpa81)) (&& (>= netstandard1.6) (< netstandard2.0) (>= uap10.0))
      Microsoft.NETCore.Platforms (>= 1.1) - restriction: && (< monoandroid) (< monotouch) (< net46) (>= netstandard1.3) (< xamarinios) (< xamarinmac) (< xamarintvos) (< xamarinwatchos)
      Microsoft.NETCore.Targets (>= 1.1.2) - restriction: && (< monoandroid) (< monotouch) (< net46) (>= netstandard1.3) (< xamarinios) (< xamarinmac) (< xamarintvos) (< xamarinwatchos)
      System.IO (>= 4.3) - restriction: && (< monoandroid) (< monotouch) (< net46) (>= netstandard1.3) (< xamarinios) (< xamarinmac) (< xamarintvos) (< xamarinwatchos)
      System.Runtime (>= 4.3) - restriction: && (< monoandroid) (< monotouch) (< net46) (>= netstandard1.3) (< xamarinios) (< xamarinmac) (< xamarintvos) (< xamarinwatchos)
      System.Text.Encoding (>= 4.3) - restriction: && (< monoandroid) (< monotouch) (< net46) (>= netstandard1.3) (< xamarinios) (< xamarinmac) (< xamarintvos) (< xamarinwatchos)
    System.Diagnostics.Debug (4.3) - restriction: || (&& (< monoandroid) (< net45) (< netstandard1.6) (>= netstandard2.0) (< win8) (< wpa81)) (&& (< monoandroid) (< net45) (>= netstandard2.0) (< xamarinios) (< xamarinmac)) (&& (< net45) (>= net462) (>= netstandard1.6)) (&& (< net45) (>= net462) (< netstandard1.6)) (&& (< net45) (< netstandard1.2) (>= netstandard1.6) (< win8)) (&& (< net45) (< netstandard1.3) (>= netstandard1.6) (< win8) (< wpa81)) (&& (< net45) (< netstandard1.4) (>= netstandard1.6) (< win8) (< wpa81)) (&& (< net45) (< netstandard1.5) (>= netstandard1.6) (< win8) (< wpa81)) (&& (< net45) (>= netstandard1.6) (< netstandard2.0) (< win8) (< wpa81)) (&& (>= net462) (< portable-net45+win8+wpa81)) (&& (>= netstandard1.6) (< netstandard2.0) (>= uap10.0)) (&& (>= netstandard1.6) (< portable-net45+win8+wpa81)) (&& (>= netstandard2.0) (< portable-net45+win8+wp8+wpa81)) (&& (>= netstandard2.0) (< portable-net45+win8+wpa81))
      Microsoft.NETCore.Platforms (>= 1.1) - restriction: || (&& (< monoandroid) (< monotouch) (< net45) (>= netstandard1.3) (< win8) (< wpa81) (< xamarinios) (< xamarinmac) (< xamarintvos) (< xamarinwatchos)) (&& (< monoandroid) (< net45) (>= netstandard1.0) (< netstandard1.3) (< win8) (< wp8) (< wpa81)) (< portable-net45+win8+wp8+wpa81)
      Microsoft.NETCore.Targets (>= 1.1) - restriction: || (&& (< monoandroid) (< monotouch) (< net45) (>= netstandard1.3) (< win8) (< wpa81) (< xamarinios) (< xamarinmac) (< xamarintvos) (< xamarinwatchos)) (&& (< monoandroid) (< net45) (>= netstandard1.0) (< netstandard1.3) (< win8) (< wp8) (< wpa81)) (< portable-net45+win8+wp8+wpa81)
      System.Runtime (>= 4.3) - restriction: || (&& (< monoandroid) (< monotouch) (< net45) (>= netstandard1.3) (< win8) (< wpa81) (< xamarinios) (< xamarinmac) (< xamarintvos) (< xamarinwatchos)) (&& (< monoandroid) (< net45) (>= netstandard1.0) (< netstandard1.3) (< win8) (< wp8) (< wpa81)) (< portable-net45+win8+wp8+wpa81)
    System.Diagnostics.DiagnosticSource (4.5.1) - restriction: || (&& (< monoandroid) (< net45) (< netstandard1.6) (>= netstandard2.0) (< win8) (< wpa81)) (&& (< monoandroid) (< net45) (>= netstandard2.0) (< xamarinios) (< xamarinmac)) (&& (< net45) (>= net462) (>= netstandard1.6)) (&& (< net45) (>= net462) (< netstandard1.6)) (&& (>= net462) (< portable-net45+win8+wpa81)) (&& (>= netstandard2.0) (< portable-net45+win8+wpa81))
    System.Diagnostics.FileVersionInfo (4.3) - restriction: || (>= net46) (>= netstandard1.6)
      Microsoft.NETCore.Platforms (>= 1.1) - restriction: || (&& (< monoandroid) (< monotouch) (< net46) (>= netstandard1.3) (< xamarinios) (< xamarinmac) (< xamarintvos) (< xamarinwatchos)) (&& (< monoandroid) (< netstandard1.3))
      System.Globalization (>= 4.3) - restriction: && (< monoandroid) (< monotouch) (< net46) (>= netstandard1.3) (< xamarinios) (< xamarinmac) (< xamarintvos) (< xamarinwatchos)
      System.IO (>= 4.3) - restriction: || (&& (< monoandroid) (< monotouch) (< net46) (>= netstandard1.3) (< xamarinios) (< xamarinmac) (< xamarintvos) (< xamarinwatchos)) (&& (< monoandroid) (< netstandard1.3))
      System.IO.FileSystem (>= 4.3) - restriction: || (&& (< monoandroid) (< monotouch) (< net46) (>= netstandard1.3) (< xamarinios) (< xamarinmac) (< xamarintvos) (< xamarinwatchos)) (&& (< monoandroid) (< netstandard1.3))
      System.IO.FileSystem.Primitives (>= 4.3) - restriction: || (&& (< monoandroid) (< monotouch) (< net46) (>= netstandard1.3) (< xamarinios) (< xamarinmac) (< xamarintvos) (< xamarinwatchos)) (&& (< monoandroid) (< netstandard1.3))
      System.Reflection.Metadata (>= 1.4.1) - restriction: || (&& (< monoandroid) (< monotouch) (< net46) (>= netstandard1.3) (< xamarinios) (< xamarinmac) (< xamarintvos) (< xamarinwatchos)) (&& (< monoandroid) (< netstandard1.3))
      System.Runtime (>= 4.3) - restriction: || (&& (< monoandroid) (< monotouch) (< net46) (>= netstandard1.3) (< xamarinios) (< xamarinmac) (< xamarintvos) (< xamarinwatchos)) (&& (< monoandroid) (< netstandard1.3))
      System.Runtime.Extensions (>= 4.3) - restriction: || (&& (< monoandroid) (< monotouch) (< net46) (>= netstandard1.3) (< xamarinios) (< xamarinmac) (< xamarintvos) (< xamarinwatchos)) (&& (< monoandroid) (< netstandard1.3))
      System.Runtime.InteropServices (>= 4.3) - restriction: && (< monoandroid) (< monotouch) (< net46) (>= netstandard1.3) (< xamarinios) (< xamarinmac) (< xamarintvos) (< xamarinwatchos)
    System.Diagnostics.Process (4.3) - restriction: || (>= net46) (>= netstandard2.0)
      Microsoft.NETCore.Platforms (>= 1.1) - restriction: && (< monoandroid) (< monotouch) (< net46) (>= netstandard1.4) (< xamarinios) (< xamarinmac) (< xamarintvos) (< xamarinwatchos)
      Microsoft.Win32.Primitives (>= 4.3) - restriction: && (< monoandroid) (< monotouch) (< net46) (>= netstandard1.4) (< xamarinios) (< xamarinmac) (< xamarintvos) (< xamarinwatchos)
      Microsoft.Win32.Registry (>= 4.3) - restriction: && (< monoandroid) (< monotouch) (< net46) (>= netstandard1.4) (< xamarinios) (< xamarinmac) (< xamarintvos) (< xamarinwatchos)
      runtime.native.System (>= 4.3) - restriction: && (< monoandroid) (< monotouch) (< net46) (>= netstandard1.4) (< xamarinios) (< xamarinmac) (< xamarintvos) (< xamarinwatchos)
      System.Collections (>= 4.3) - restriction: && (< monoandroid) (< monotouch) (< net46) (>= netstandard1.4) (< xamarinios) (< xamarinmac) (< xamarintvos) (< xamarinwatchos)
      System.Diagnostics.Debug (>= 4.3) - restriction: && (< monoandroid) (< monotouch) (< net46) (>= netstandard1.4) (< xamarinios) (< xamarinmac) (< xamarintvos) (< xamarinwatchos)
      System.Globalization (>= 4.3) - restriction: && (< monoandroid) (< monotouch) (< net46) (>= netstandard1.4) (< xamarinios) (< xamarinmac) (< xamarintvos) (< xamarinwatchos)
      System.IO (>= 4.3) - restriction: || (&& (< monoandroid) (< monotouch) (< net46) (>= netstandard1.4) (< xamarinios) (< xamarinmac) (< xamarintvos) (< xamarinwatchos)) (&& (< monoandroid) (< net46) (>= netstandard1.3) (< netstandard1.4))
      System.IO.FileSystem (>= 4.3) - restriction: && (< monoandroid) (< monotouch) (< net46) (>= netstandard1.4) (< xamarinios) (< xamarinmac) (< xamarintvos) (< xamarinwatchos)
      System.IO.FileSystem.Primitives (>= 4.3) - restriction: && (< monoandroid) (< monotouch) (< net46) (>= netstandard1.4) (< xamarinios) (< xamarinmac) (< xamarintvos) (< xamarinwatchos)
      System.Resources.ResourceManager (>= 4.3) - restriction: && (< monoandroid) (< monotouch) (< net46) (>= netstandard1.4) (< xamarinios) (< xamarinmac) (< xamarintvos) (< xamarinwatchos)
      System.Runtime (>= 4.3) - restriction: || (&& (< monoandroid) (< monotouch) (< net46) (>= netstandard1.4) (< xamarinios) (< xamarinmac) (< xamarintvos) (< xamarinwatchos)) (&& (< monoandroid) (< net46) (>= netstandard1.3) (< netstandard1.4))
      System.Runtime.Extensions (>= 4.3) - restriction: && (< monoandroid) (< monotouch) (< net46) (>= netstandard1.4) (< xamarinios) (< xamarinmac) (< xamarintvos) (< xamarinwatchos)
      System.Runtime.Handles (>= 4.3) - restriction: || (&& (< monoandroid) (< monotouch) (< net46) (>= netstandard1.4) (< xamarinios) (< xamarinmac) (< xamarintvos) (< xamarinwatchos)) (&& (< monoandroid) (< net46) (>= netstandard1.3) (< netstandard1.4))
      System.Runtime.InteropServices (>= 4.3) - restriction: && (< monoandroid) (< monotouch) (< net46) (>= netstandard1.4) (< xamarinios) (< xamarinmac) (< xamarintvos) (< xamarinwatchos)
      System.Text.Encoding (>= 4.3) - restriction: || (&& (< monoandroid) (< monotouch) (< net46) (>= netstandard1.4) (< xamarinios) (< xamarinmac) (< xamarintvos) (< xamarinwatchos)) (&& (< monoandroid) (< net46) (>= netstandard1.3) (< netstandard1.4))
      System.Text.Encoding.Extensions (>= 4.3) - restriction: && (< monoandroid) (< monotouch) (< net46) (>= netstandard1.4) (< xamarinios) (< xamarinmac) (< xamarintvos) (< xamarinwatchos)
      System.Threading (>= 4.3) - restriction: && (< monoandroid) (< monotouch) (< net46) (>= netstandard1.4) (< xamarinios) (< xamarinmac) (< xamarintvos) (< xamarinwatchos)
      System.Threading.Tasks (>= 4.3) - restriction: && (< monoandroid) (< monotouch) (< net46) (>= netstandard1.4) (< xamarinios) (< xamarinmac) (< xamarintvos) (< xamarinwatchos)
      System.Threading.Thread (>= 4.3) - restriction: && (< monoandroid) (< monotouch) (< net46) (>= netstandard1.4) (< xamarinios) (< xamarinmac) (< xamarintvos) (< xamarinwatchos)
      System.Threading.ThreadPool (>= 4.3) - restriction: && (< monoandroid) (< monotouch) (< net46) (>= netstandard1.4) (< xamarinios) (< xamarinmac) (< xamarintvos) (< xamarinwatchos)
    System.Diagnostics.Tools (4.3) - restriction: || (&& (< net45) (< netstandard1.2) (>= netstandard1.6) (< win8)) (&& (< net45) (< netstandard1.3) (>= netstandard1.6) (< win8) (< wpa81)) (&& (< net45) (< netstandard1.4) (>= netstandard1.6) (< win8) (< wpa81)) (&& (< net45) (< netstandard1.5) (>= netstandard1.6) (< win8) (< wpa81)) (&& (< net45) (>= netstandard1.6) (< netstandard2.0) (< win8) (< wpa81)) (&& (>= netstandard1.6) (< netstandard2.0) (>= uap10.0)) (&& (>= netstandard1.6) (< portable-net45+win8+wp8+wpa81)) (&& (>= netstandard1.6) (< portable-net45+win8+wpa81))
      Microsoft.NETCore.Platforms (>= 1.1) - restriction: || (&& (< monoandroid) (< monotouch) (< net45) (>= netstandard1.0) (< win8) (< wp8) (< wpa81) (< xamarinios) (< xamarinmac) (< xamarintvos) (< xamarinwatchos)) (< portable-net45+win8+wp8+wpa81)
      Microsoft.NETCore.Targets (>= 1.1) - restriction: || (&& (< monoandroid) (< monotouch) (< net45) (>= netstandard1.0) (< win8) (< wp8) (< wpa81) (< xamarinios) (< xamarinmac) (< xamarintvos) (< xamarinwatchos)) (< portable-net45+win8+wp8+wpa81)
      System.Runtime (>= 4.3) - restriction: || (&& (< monoandroid) (< monotouch) (< net45) (>= netstandard1.0) (< win8) (< wp8) (< wpa81) (< xamarinios) (< xamarinmac) (< xamarintvos) (< xamarinwatchos)) (< portable-net45+win8+wp8+wpa81)
    System.Diagnostics.TraceSource (4.3) - restriction: || (&& (< net461) (>= netstandard2.0)) (>= netcoreapp2.1)
      Microsoft.NETCore.Platforms (>= 1.1) - restriction: && (< monoandroid) (< monotouch) (< net46) (>= netstandard1.3) (< xamarinios) (< xamarinmac) (< xamarintvos) (< xamarinwatchos)
      runtime.native.System (>= 4.3) - restriction: && (< monoandroid) (< monotouch) (< net46) (>= netstandard1.3) (< xamarinios) (< xamarinmac) (< xamarintvos) (< xamarinwatchos)
      System.Collections (>= 4.3) - restriction: && (< monoandroid) (< monotouch) (< net46) (>= netstandard1.3) (< xamarinios) (< xamarinmac) (< xamarintvos) (< xamarinwatchos)
      System.Diagnostics.Debug (>= 4.3) - restriction: && (< monoandroid) (< monotouch) (< net46) (>= netstandard1.3) (< xamarinios) (< xamarinmac) (< xamarintvos) (< xamarinwatchos)
      System.Globalization (>= 4.3) - restriction: && (< monoandroid) (< monotouch) (< net46) (>= netstandard1.3) (< xamarinios) (< xamarinmac) (< xamarintvos) (< xamarinwatchos)
      System.Resources.ResourceManager (>= 4.3) - restriction: && (< monoandroid) (< monotouch) (< net46) (>= netstandard1.3) (< xamarinios) (< xamarinmac) (< xamarintvos) (< xamarinwatchos)
      System.Runtime (>= 4.3) - restriction: && (< monoandroid) (< monotouch) (< net46) (>= netstandard1.3) (< xamarinios) (< xamarinmac) (< xamarintvos) (< xamarinwatchos)
      System.Runtime.Extensions (>= 4.3) - restriction: && (< monoandroid) (< monotouch) (< net46) (>= netstandard1.3) (< xamarinios) (< xamarinmac) (< xamarintvos) (< xamarinwatchos)
      System.Threading (>= 4.3) - restriction: && (< monoandroid) (< monotouch) (< net46) (>= netstandard1.3) (< xamarinios) (< xamarinmac) (< xamarintvos) (< xamarinwatchos)
    System.Diagnostics.Tracing (4.3) - restriction: || (&& (< monoandroid) (< net45) (< netstandard1.6) (>= netstandard2.0) (< win8) (< wpa81)) (&& (< monoandroid) (< net45) (>= netstandard2.0) (< xamarinios) (< xamarinmac)) (&& (< net45) (>= net462) (>= netstandard1.6)) (&& (< net45) (>= net462) (< netstandard1.6)) (&& (< net45) (< netstandard1.2) (>= netstandard1.6) (< win8)) (&& (< net45) (< netstandard1.3) (>= netstandard1.6) (< win8) (< wpa81)) (&& (< net45) (< netstandard1.4) (>= netstandard1.6) (< win8) (< wpa81)) (&& (< net45) (< netstandard1.5) (>= netstandard1.6) (< win8) (< wpa81)) (&& (< net45) (>= netstandard1.6) (< netstandard2.0) (< win8) (< wpa81)) (&& (>= net462) (< portable-net45+win8+wpa81)) (&& (>= netstandard1.6) (< netstandard2.0) (>= uap10.0)) (&& (>= netstandard1.6) (< portable-net45+win8+wpa81)) (&& (>= netstandard2.0) (< portable-net45+win8+wpa81))
      Microsoft.NETCore.Platforms (>= 1.1) - restriction: || (&& (< monoandroid) (< monotouch) (< net45) (>= netstandard1.5) (< win8) (< wpa81) (< xamarinios) (< xamarinmac) (< xamarintvos) (< xamarinwatchos)) (&& (< monoandroid) (< net45) (>= netstandard1.1) (< netstandard1.2) (< win8)) (&& (< monoandroid) (< net45) (>= netstandard1.2) (< netstandard1.3) (< win8) (< wpa81)) (&& (< monoandroid) (< net45) (>= netstandard1.3) (< netstandard1.5) (< win8) (< wpa81)) (< portable-net45+win8+wpa81)
      Microsoft.NETCore.Targets (>= 1.1) - restriction: || (&& (< monoandroid) (< monotouch) (< net45) (>= netstandard1.5) (< win8) (< wpa81) (< xamarinios) (< xamarinmac) (< xamarintvos) (< xamarinwatchos)) (&& (< monoandroid) (< net45) (>= netstandard1.1) (< netstandard1.2) (< win8)) (&& (< monoandroid) (< net45) (>= netstandard1.2) (< netstandard1.3) (< win8) (< wpa81)) (&& (< monoandroid) (< net45) (>= netstandard1.3) (< netstandard1.5) (< win8) (< wpa81)) (< portable-net45+win8+wpa81)
      System.Runtime (>= 4.3) - restriction: || (&& (< monoandroid) (< monotouch) (< net45) (>= netstandard1.5) (< win8) (< wpa81) (< xamarinios) (< xamarinmac) (< xamarintvos) (< xamarinwatchos)) (&& (< monoandroid) (< net45) (>= netstandard1.1) (< netstandard1.2) (< win8)) (&& (< monoandroid) (< net45) (>= netstandard1.2) (< netstandard1.3) (< win8) (< wpa81)) (&& (< monoandroid) (< net45) (>= netstandard1.3) (< netstandard1.5) (< win8) (< wpa81)) (< portable-net45+win8+wpa81)
    System.Dynamic.Runtime (4.3) - restriction: || (&& (>= net46) (>= uap10.0)) (&& (< net472) (>= netstandard2.0)) (&& (>= netstandard2.0) (>= uap10.0))
      System.Collections (>= 4.3) - restriction: || (&& (< monoandroid) (< monotouch) (< net45) (>= netstandard1.3) (< win8) (< wpa81) (< xamarinios) (< xamarinmac) (< xamarintvos) (< xamarinwatchos)) (< portable-net45+win8+wp8+wpa81)
      System.Diagnostics.Debug (>= 4.3) - restriction: || (&& (< monoandroid) (< monotouch) (< net45) (>= netstandard1.3) (< win8) (< wpa81) (< xamarinios) (< xamarinmac) (< xamarintvos) (< xamarinwatchos)) (< portable-net45+win8+wp8+wpa81)
      System.Linq (>= 4.3) - restriction: || (&& (< monoandroid) (< monotouch) (< net45) (>= netstandard1.3) (< win8) (< wpa81) (< xamarinios) (< xamarinmac) (< xamarintvos) (< xamarinwatchos)) (< portable-net45+win8+wp8+wpa81)
      System.Linq.Expressions (>= 4.3) - restriction: || (&& (< monoandroid) (< monotouch) (< net45) (>= netstandard1.3) (< win8) (< wpa81) (< xamarinios) (< xamarinmac) (< xamarintvos) (< xamarinwatchos)) (&& (< monoandroid) (< net45) (>= netstandard1.0) (< netstandard1.3) (< win8) (< wp8) (< wpa81)) (< portable-net45+win8+wp8+wpa81)
      System.ObjectModel (>= 4.3) - restriction: || (&& (< monoandroid) (< monotouch) (< net45) (>= netstandard1.3) (< win8) (< wpa81) (< xamarinios) (< xamarinmac) (< xamarintvos) (< xamarinwatchos)) (&& (< monoandroid) (< net45) (>= netstandard1.0) (< netstandard1.3) (< win8) (< wp8) (< wpa81)) (< portable-net45+win8+wp8+wpa81)
      System.Reflection (>= 4.3) - restriction: || (&& (< monoandroid) (< monotouch) (< net45) (>= netstandard1.3) (< win8) (< wpa81) (< xamarinios) (< xamarinmac) (< xamarintvos) (< xamarinwatchos)) (&& (< monoandroid) (< net45) (>= netstandard1.0) (< netstandard1.3) (< win8) (< wp8) (< wpa81)) (< portable-net45+win8+wp8+wpa81)
      System.Reflection.Emit (>= 4.3) - restriction: && (< monoandroid) (< monotouch) (< net45) (>= netstandard1.3) (< win8) (< wpa81) (< xamarinios) (< xamarinmac) (< xamarintvos) (< xamarinwatchos)
      System.Reflection.Emit.ILGeneration (>= 4.3) - restriction: && (< monoandroid) (< monotouch) (< net45) (>= netstandard1.3) (< win8) (< wpa81) (< xamarinios) (< xamarinmac) (< xamarintvos) (< xamarinwatchos)
      System.Reflection.Primitives (>= 4.3) - restriction: && (< monoandroid) (< monotouch) (< net45) (>= netstandard1.3) (< win8) (< wpa81) (< xamarinios) (< xamarinmac) (< xamarintvos) (< xamarinwatchos)
      System.Reflection.TypeExtensions (>= 4.3) - restriction: || (&& (< monoandroid) (< monotouch) (< net45) (>= netstandard1.3) (< win8) (< wpa81) (< xamarinios) (< xamarinmac) (< xamarintvos) (< xamarinwatchos)) (< portable-net45+win8+wp8+wpa81)
      System.Resources.ResourceManager (>= 4.3) - restriction: || (&& (< monoandroid) (< monotouch) (< net45) (>= netstandard1.3) (< win8) (< wpa81) (< xamarinios) (< xamarinmac) (< xamarintvos) (< xamarinwatchos)) (< portable-net45+win8+wp8+wpa81)
      System.Runtime (>= 4.3) - restriction: || (&& (< monoandroid) (< monotouch) (< net45) (>= netstandard1.3) (< win8) (< wpa81) (< xamarinios) (< xamarinmac) (< xamarintvos) (< xamarinwatchos)) (&& (< monoandroid) (< net45) (>= netstandard1.0) (< netstandard1.3) (< win8) (< wp8) (< wpa81)) (< portable-net45+win8+wp8+wpa81)
      System.Runtime.Extensions (>= 4.3) - restriction: || (&& (< monoandroid) (< monotouch) (< net45) (>= netstandard1.3) (< win8) (< wpa81) (< xamarinios) (< xamarinmac) (< xamarintvos) (< xamarinwatchos)) (< portable-net45+win8+wp8+wpa81)
      System.Threading (>= 4.3) - restriction: || (&& (< monoandroid) (< monotouch) (< net45) (>= netstandard1.3) (< win8) (< wpa81) (< xamarinios) (< xamarinmac) (< xamarintvos) (< xamarinwatchos)) (< portable-net45+win8+wp8+wpa81)
    System.Globalization (4.3) - restriction: || (&& (< monoandroid) (< monotouch) (< net45) (>= netstandard1.6) (< win8) (< wpa81) (< xamarinios) (< xamarinmac) (< xamarintvos) (< xamarinwatchos)) (&& (< monoandroid) (< monotouch) (< net46) (>= netstandard1.6) (< xamarinios) (< xamarinmac) (< xamarintvos) (< xamarinwatchos)) (&& (< monoandroid) (< net45) (< netstandard1.6) (>= netstandard2.0) (< win8) (< wpa81)) (&& (< monoandroid) (< net45) (>= netstandard2.0) (< xamarinios) (< xamarinmac)) (&& (< net45) (>= net46)) (&& (< net45) (>= net462) (>= netstandard1.6)) (&& (< net45) (>= net462) (< netstandard1.6)) (&& (< net45) (< netstandard1.2) (>= netstandard1.6) (< win8)) (&& (< net45) (< netstandard1.3) (>= netstandard1.6) (< win8) (< wpa81)) (&& (< net45) (< netstandard1.4) (>= netstandard1.6) (< win8) (< wpa81)) (&& (< net45) (< netstandard1.5) (>= netstandard1.6) (< win8) (< wpa81)) (&& (< net45) (>= netstandard1.6) (< netstandard2.0) (< win8) (< wpa81)) (&& (>= net46) (< portable-net45+win8+wpa81)) (&& (>= net462) (< portable-net45+win8+wpa81)) (&& (>= netstandard1.6) (< netstandard2.0) (>= uap10.0)) (&& (>= netstandard1.6) (< portable-net45+win8+wp8+wpa81)) (&& (>= netstandard1.6) (< portable-net45+win8+wpa81)) (&& (>= netstandard2.0) (< portable-net45+win8+wpa81))
      Microsoft.NETCore.Platforms (>= 1.1) - restriction: || (&& (< monoandroid) (< monotouch) (< net45) (>= netstandard1.3) (< win8) (< wpa81) (< xamarinios) (< xamarinmac) (< xamarintvos) (< xamarinwatchos)) (&& (< monoandroid) (< net45) (>= netstandard1.0) (< netstandard1.3) (< win8) (< wp8) (< wpa81)) (< portable-net45+win8+wp8+wpa81)
      Microsoft.NETCore.Targets (>= 1.1) - restriction: || (&& (< monoandroid) (< monotouch) (< net45) (>= netstandard1.3) (< win8) (< wpa81) (< xamarinios) (< xamarinmac) (< xamarintvos) (< xamarinwatchos)) (&& (< monoandroid) (< net45) (>= netstandard1.0) (< netstandard1.3) (< win8) (< wp8) (< wpa81)) (< portable-net45+win8+wp8+wpa81)
      System.Runtime (>= 4.3) - restriction: || (&& (< monoandroid) (< monotouch) (< net45) (>= netstandard1.3) (< win8) (< wpa81) (< xamarinios) (< xamarinmac) (< xamarintvos) (< xamarinwatchos)) (&& (< monoandroid) (< net45) (>= netstandard1.0) (< netstandard1.3) (< win8) (< wp8) (< wpa81)) (< portable-net45+win8+wp8+wpa81)
    System.Globalization.Calendars (4.3) - restriction: || (&& (< monoandroid) (< net45) (< netstandard1.3) (>= netstandard1.6) (< win8) (< wpa81)) (&& (< net45) (< netstandard1.4) (>= netstandard1.6) (< win8) (< wpa81)) (&& (< net45) (< netstandard1.5) (>= netstandard1.6) (< win8) (< wpa81)) (&& (< net45) (>= netstandard1.6) (< netstandard2.0) (< win8) (< wpa81)) (&& (< netstandard1.3) (>= netstandard1.6) (>= uap10.0)) (&& (>= netstandard1.6) (< netstandard2.0) (>= uap10.0))
      Microsoft.NETCore.Platforms (>= 1.1) - restriction: && (< monoandroid) (< monotouch) (< net46) (>= netstandard1.3) (< xamarinios) (< xamarinmac) (< xamarintvos) (< xamarinwatchos)
      Microsoft.NETCore.Targets (>= 1.1) - restriction: && (< monoandroid) (< monotouch) (< net46) (>= netstandard1.3) (< xamarinios) (< xamarinmac) (< xamarintvos) (< xamarinwatchos)
      System.Globalization (>= 4.3) - restriction: && (< monoandroid) (< monotouch) (< net46) (>= netstandard1.3) (< xamarinios) (< xamarinmac) (< xamarintvos) (< xamarinwatchos)
      System.Runtime (>= 4.3) - restriction: && (< monoandroid) (< monotouch) (< net46) (>= netstandard1.3) (< xamarinios) (< xamarinmac) (< xamarintvos) (< xamarinwatchos)
    System.Globalization.Extensions (4.3) - restriction: || (&& (< monoandroid) (< net45) (>= netstandard2.0) (< xamarinios) (< xamarinmac)) (&& (< net45) (>= net462) (>= netstandard1.6))
      Microsoft.NETCore.Platforms (>= 1.1) - restriction: && (< monoandroid) (< monotouch) (< net46) (>= netstandard1.3) (< xamarinios) (< xamarinmac) (< xamarintvos) (< xamarinwatchos)
      System.Globalization (>= 4.3) - restriction: && (< monoandroid) (< monotouch) (< net46) (>= netstandard1.3) (< xamarinios) (< xamarinmac) (< xamarintvos) (< xamarinwatchos)
      System.Resources.ResourceManager (>= 4.3) - restriction: && (< monoandroid) (< monotouch) (< net46) (>= netstandard1.3) (< xamarinios) (< xamarinmac) (< xamarintvos) (< xamarinwatchos)
      System.Runtime (>= 4.3) - restriction: && (< monoandroid) (< monotouch) (< net46) (>= netstandard1.3) (< xamarinios) (< xamarinmac) (< xamarintvos) (< xamarinwatchos)
      System.Runtime.Extensions (>= 4.3) - restriction: && (< monoandroid) (< monotouch) (< net46) (>= netstandard1.3) (< xamarinios) (< xamarinmac) (< xamarintvos) (< xamarinwatchos)
      System.Runtime.InteropServices (>= 4.3) - restriction: && (< monoandroid) (< monotouch) (< net46) (>= netstandard1.3) (< xamarinios) (< xamarinmac) (< xamarintvos) (< xamarinwatchos)
    System.IO (4.3) - restriction: || (&& (< monoandroid) (< monotouch) (< net46) (>= netstandard1.6) (< xamarinios) (< xamarinmac) (< xamarintvos) (< xamarinwatchos)) (&& (< monoandroid) (< net462) (>= netstandard2.0) (< xamarinios) (< xamarinmac)) (&& (< monoandroid) (< netstandard1.3) (>= netstandard1.6)) (&& (< net45) (< netstandard1.2) (>= netstandard1.6) (< win8)) (&& (< net45) (< netstandard1.3) (>= netstandard1.6) (< win8) (< wpa81)) (&& (< net45) (< netstandard1.4) (>= netstandard1.6) (< win8) (< wpa81)) (&& (< net45) (< netstandard1.5) (>= netstandard1.6) (< win8) (< wpa81)) (&& (< net45) (>= netstandard1.6) (< netstandard2.0) (< win8) (< wpa81)) (&& (>= net46) (< netstandard1.3)) (&& (>= netstandard1.6) (< netstandard2.0) (>= uap10.0)) (&& (>= netstandard1.6) (< portable-net45+win8+wpa81))
      Microsoft.NETCore.Platforms (>= 1.1) - restriction: || (&& (< monoandroid) (< monotouch) (< net45) (>= netstandard1.5) (< win8) (< wpa81) (< xamarinios) (< xamarinmac) (< xamarintvos) (< xamarinwatchos)) (&& (< monoandroid) (< net45) (>= netstandard1.0) (< netstandard1.3) (< win8) (< wp8) (< wpa81)) (&& (< monoandroid) (< net45) (>= netstandard1.3) (< netstandard1.5) (< win8) (< wpa81)) (< portable-net45+win8+wp8+wpa81)
      Microsoft.NETCore.Targets (>= 1.1) - restriction: || (&& (< monoandroid) (< monotouch) (< net45) (>= netstandard1.5) (< win8) (< wpa81) (< xamarinios) (< xamarinmac) (< xamarintvos) (< xamarinwatchos)) (&& (< monoandroid) (< net45) (>= netstandard1.0) (< netstandard1.3) (< win8) (< wp8) (< wpa81)) (&& (< monoandroid) (< net45) (>= netstandard1.3) (< netstandard1.5) (< win8) (< wpa81)) (< portable-net45+win8+wp8+wpa81)
      System.Runtime (>= 4.3) - restriction: || (&& (< monoandroid) (< monotouch) (< net45) (>= netstandard1.5) (< win8) (< wpa81) (< xamarinios) (< xamarinmac) (< xamarintvos) (< xamarinwatchos)) (&& (< monoandroid) (< net45) (>= netstandard1.0) (< netstandard1.3) (< win8) (< wp8) (< wpa81)) (&& (< monoandroid) (< net45) (>= netstandard1.3) (< netstandard1.5) (< win8) (< wpa81)) (< portable-net45+win8+wp8+wpa81)
      System.Text.Encoding (>= 4.3) - restriction: || (&& (< monoandroid) (< monotouch) (< net45) (>= netstandard1.5) (< win8) (< wpa81) (< xamarinios) (< xamarinmac) (< xamarintvos) (< xamarinwatchos)) (&& (< monoandroid) (< net45) (>= netstandard1.0) (< netstandard1.3) (< win8) (< wp8) (< wpa81)) (&& (< monoandroid) (< net45) (>= netstandard1.3) (< netstandard1.5) (< win8) (< wpa81)) (< portable-net45+win8+wp8+wpa81)
      System.Threading.Tasks (>= 4.3) - restriction: || (&& (< monoandroid) (< monotouch) (< net45) (>= netstandard1.5) (< win8) (< wpa81) (< xamarinios) (< xamarinmac) (< xamarintvos) (< xamarinwatchos)) (&& (< monoandroid) (< net45) (>= netstandard1.0) (< netstandard1.3) (< win8) (< wp8) (< wpa81)) (&& (< monoandroid) (< net45) (>= netstandard1.3) (< netstandard1.5) (< win8) (< wpa81)) (< portable-net45+win8+wp8+wpa81)
    System.IO.Compression (4.3) - restriction: || (&& (< net45) (< netstandard1.2) (>= netstandard1.6) (< win8)) (&& (< net45) (< netstandard1.3) (>= netstandard1.6) (< win8) (< wpa81)) (&& (< net45) (< netstandard1.4) (>= netstandard1.6) (< win8) (< wpa81)) (&& (< net45) (< netstandard1.5) (>= netstandard1.6) (< win8) (< wpa81)) (&& (< net45) (>= netstandard1.6) (< netstandard2.0) (< win8) (< wpa81)) (&& (>= netstandard1.6) (< netstandard2.0) (>= uap10.0))
      Microsoft.NETCore.Platforms (>= 1.1) - restriction: && (< monoandroid) (< monotouch) (< net45) (>= netstandard1.3) (< win8) (< wpa81) (< xamarinios) (< xamarinmac) (< xamarintvos) (< xamarinwatchos)
      runtime.native.System (>= 4.3) - restriction: && (< monoandroid) (< monotouch) (< net45) (>= netstandard1.3) (< win8) (< wpa81) (< xamarinios) (< xamarinmac) (< xamarintvos) (< xamarinwatchos)
      runtime.native.System.IO.Compression (>= 4.3) - restriction: || (&& (< monoandroid) (< monotouch) (< net45) (>= netstandard1.3) (< win8) (< wpa81) (< xamarinios) (< xamarinmac) (< xamarintvos) (< xamarinwatchos)) (< portable-net45+win8+wpa81)
      System.Buffers (>= 4.3) - restriction: || (&& (< monoandroid) (< monotouch) (< net45) (>= netstandard1.3) (< win8) (< wpa81) (< xamarinios) (< xamarinmac) (< xamarintvos) (< xamarinwatchos)) (< portable-net45+win8+wpa81)
      System.Collections (>= 4.3) - restriction: || (&& (< monoandroid) (< monotouch) (< net45) (>= netstandard1.3) (< win8) (< wpa81) (< xamarinios) (< xamarinmac) (< xamarintvos) (< xamarinwatchos)) (< portable-net45+win8+wpa81)
      System.Diagnostics.Debug (>= 4.3) - restriction: || (&& (< monoandroid) (< monotouch) (< net45) (>= netstandard1.3) (< win8) (< wpa81) (< xamarinios) (< xamarinmac) (< xamarintvos) (< xamarinwatchos)) (< portable-net45+win8+wpa81)
      System.IO (>= 4.3) - restriction: || (&& (< monoandroid) (< monotouch) (< net45) (>= netstandard1.3) (< win8) (< wpa81) (< xamarinios) (< xamarinmac) (< xamarintvos) (< xamarinwatchos)) (&& (< monoandroid) (< net45) (>= netstandard1.1) (< netstandard1.3) (< win8) (< wpa81)) (< portable-net45+win8+wpa81)
      System.Resources.ResourceManager (>= 4.3) - restriction: || (&& (< monoandroid) (< monotouch) (< net45) (>= netstandard1.3) (< win8) (< wpa81) (< xamarinios) (< xamarinmac) (< xamarintvos) (< xamarinwatchos)) (< portable-net45+win8+wpa81)
      System.Runtime (>= 4.3) - restriction: || (&& (< monoandroid) (< monotouch) (< net45) (>= netstandard1.3) (< win8) (< wpa81) (< xamarinios) (< xamarinmac) (< xamarintvos) (< xamarinwatchos)) (&& (< monoandroid) (< net45) (>= netstandard1.1) (< netstandard1.3) (< win8) (< wpa81)) (< portable-net45+win8+wpa81)
      System.Runtime.Extensions (>= 4.3) - restriction: || (&& (< monoandroid) (< monotouch) (< net45) (>= netstandard1.3) (< win8) (< wpa81) (< xamarinios) (< xamarinmac) (< xamarintvos) (< xamarinwatchos)) (< portable-net45+win8+wpa81)
      System.Runtime.Handles (>= 4.3) - restriction: || (&& (< monoandroid) (< monotouch) (< net45) (>= netstandard1.3) (< win8) (< wpa81) (< xamarinios) (< xamarinmac) (< xamarintvos) (< xamarinwatchos)) (< portable-net45+win8+wpa81)
      System.Runtime.InteropServices (>= 4.3) - restriction: || (&& (< monoandroid) (< monotouch) (< net45) (>= netstandard1.3) (< win8) (< wpa81) (< xamarinios) (< xamarinmac) (< xamarintvos) (< xamarinwatchos)) (< portable-net45+win8+wpa81)
      System.Text.Encoding (>= 4.3) - restriction: || (&& (< monoandroid) (< monotouch) (< net45) (>= netstandard1.3) (< win8) (< wpa81) (< xamarinios) (< xamarinmac) (< xamarintvos) (< xamarinwatchos)) (&& (< monoandroid) (< net45) (>= netstandard1.1) (< netstandard1.3) (< win8) (< wpa81)) (< portable-net45+win8+wpa81)
      System.Threading (>= 4.3) - restriction: || (&& (< monoandroid) (< monotouch) (< net45) (>= netstandard1.3) (< win8) (< wpa81) (< xamarinios) (< xamarinmac) (< xamarintvos) (< xamarinwatchos)) (< portable-net45+win8+wpa81)
      System.Threading.Tasks (>= 4.3) - restriction: || (&& (< monoandroid) (< monotouch) (< net45) (>= netstandard1.3) (< win8) (< wpa81) (< xamarinios) (< xamarinmac) (< xamarintvos) (< xamarinwatchos)) (< portable-net45+win8+wpa81)
    System.IO.Compression.ZipFile (4.3) - restriction: || (&& (< net45) (< netstandard1.4) (>= netstandard1.6) (< win8) (< wpa81)) (&& (< net45) (< netstandard1.5) (>= netstandard1.6) (< win8) (< wpa81)) (&& (< net45) (>= netstandard1.6) (< netstandard2.0) (< win8) (< wpa81)) (&& (>= netstandard1.6) (< netstandard2.0) (>= uap10.0))
      System.Buffers (>= 4.3) - restriction: && (< monoandroid) (< monotouch) (< net46) (>= netstandard1.3) (< xamarinios) (< xamarinmac) (< xamarintvos) (< xamarinwatchos)
      System.IO (>= 4.3) - restriction: && (< monoandroid) (< monotouch) (< net46) (>= netstandard1.3) (< xamarinios) (< xamarinmac) (< xamarintvos) (< xamarinwatchos)
      System.IO.Compression (>= 4.3) - restriction: && (< monoandroid) (< monotouch) (< net46) (>= netstandard1.3) (< xamarinios) (< xamarinmac) (< xamarintvos) (< xamarinwatchos)
      System.IO.FileSystem (>= 4.3) - restriction: && (< monoandroid) (< monotouch) (< net46) (>= netstandard1.3) (< xamarinios) (< xamarinmac) (< xamarintvos) (< xamarinwatchos)
      System.IO.FileSystem.Primitives (>= 4.3) - restriction: && (< monoandroid) (< monotouch) (< net46) (>= netstandard1.3) (< xamarinios) (< xamarinmac) (< xamarintvos) (< xamarinwatchos)
      System.Resources.ResourceManager (>= 4.3) - restriction: && (< monoandroid) (< monotouch) (< net46) (>= netstandard1.3) (< xamarinios) (< xamarinmac) (< xamarintvos) (< xamarinwatchos)
      System.Runtime (>= 4.3) - restriction: && (< monoandroid) (< monotouch) (< net46) (>= netstandard1.3) (< xamarinios) (< xamarinmac) (< xamarintvos) (< xamarinwatchos)
      System.Runtime.Extensions (>= 4.3) - restriction: && (< monoandroid) (< monotouch) (< net46) (>= netstandard1.3) (< xamarinios) (< xamarinmac) (< xamarintvos) (< xamarinwatchos)
      System.Text.Encoding (>= 4.3) - restriction: && (< monoandroid) (< monotouch) (< net46) (>= netstandard1.3) (< xamarinios) (< xamarinmac) (< xamarintvos) (< xamarinwatchos)
    System.IO.FileSystem (4.3) - restriction: || (&& (< monoandroid) (< monotouch) (< net46) (>= netstandard1.6) (< xamarinios) (< xamarinmac) (< xamarintvos) (< xamarinwatchos)) (&& (< monoandroid) (< net45) (>= netstandard2.0) (< xamarinios) (< xamarinmac)) (&& (< monoandroid) (< netstandard1.3) (>= netstandard1.6)) (&& (< net45) (>= net462) (>= netstandard1.6)) (&& (< net45) (< netstandard1.4) (>= netstandard1.6) (< win8) (< wpa81)) (&& (< net45) (< netstandard1.5) (>= netstandard1.6) (< win8) (< wpa81)) (&& (< net45) (>= netstandard1.6) (< netstandard2.0) (< win8) (< wpa81)) (&& (>= net46) (< netstandard1.3)) (&& (>= netstandard1.6) (< netstandard2.0) (>= uap10.0))
      Microsoft.NETCore.Platforms (>= 1.1) - restriction: && (< monoandroid) (< monotouch) (< net46) (>= netstandard1.3) (< xamarinios) (< xamarinmac) (< xamarintvos) (< xamarinwatchos)
      Microsoft.NETCore.Targets (>= 1.1) - restriction: && (< monoandroid) (< monotouch) (< net46) (>= netstandard1.3) (< xamarinios) (< xamarinmac) (< xamarintvos) (< xamarinwatchos)
      System.IO (>= 4.3) - restriction: && (< monoandroid) (< monotouch) (< net46) (>= netstandard1.3) (< xamarinios) (< xamarinmac) (< xamarintvos) (< xamarinwatchos)
      System.IO.FileSystem.Primitives (>= 4.3) - restriction: || (&& (< monoandroid) (< monotouch) (>= netstandard1.3) (< xamarinios) (< xamarinmac) (< xamarintvos) (< xamarinwatchos)) (>= net46)
      System.Runtime (>= 4.3) - restriction: && (< monoandroid) (< monotouch) (< net46) (>= netstandard1.3) (< xamarinios) (< xamarinmac) (< xamarintvos) (< xamarinwatchos)
      System.Runtime.Handles (>= 4.3) - restriction: && (< monoandroid) (< monotouch) (< net46) (>= netstandard1.3) (< xamarinios) (< xamarinmac) (< xamarintvos) (< xamarinwatchos)
      System.Text.Encoding (>= 4.3) - restriction: && (< monoandroid) (< monotouch) (< net46) (>= netstandard1.3) (< xamarinios) (< xamarinmac) (< xamarintvos) (< xamarinwatchos)
      System.Threading.Tasks (>= 4.3) - restriction: && (< monoandroid) (< monotouch) (< net46) (>= netstandard1.3) (< xamarinios) (< xamarinmac) (< xamarintvos) (< xamarinwatchos)
    System.IO.FileSystem.Primitives (4.3) - restriction: || (&& (< monoandroid) (< monotouch) (< net46) (>= netstandard1.6) (< xamarinios) (< xamarinmac) (< xamarintvos) (< xamarinwatchos)) (&& (< monoandroid) (< net46) (>= netstandard2.0) (< xamarinios) (< xamarinmac)) (&& (< monoandroid) (< netstandard1.3) (>= netstandard1.6)) (&& (< net45) (< netstandard1.4) (>= netstandard1.6) (< win8) (< wpa81)) (&& (< net45) (< netstandard1.5) (>= netstandard1.6) (< win8) (< wpa81)) (&& (< net45) (>= netstandard1.6) (< netstandard2.0) (< win8) (< wpa81)) (&& (>= net46) (< netstandard1.3)) (&& (>= netstandard1.6) (< netstandard2.0) (>= uap10.0))
      System.Runtime (>= 4.3) - restriction: && (< monoandroid) (< monotouch) (< net46) (>= netstandard1.3) (< xamarinios) (< xamarinmac) (< xamarintvos) (< xamarinwatchos)
    System.IO.FileSystem.Watcher (4.3) - restriction: || (>= net46) (>= netstandard1.6)
      Microsoft.NETCore.Platforms (>= 1.1) - restriction: && (< monoandroid) (< monotouch) (< net46) (>= netstandard1.3) (< xamarinios) (< xamarinmac) (< xamarintvos) (< xamarinwatchos)
      Microsoft.Win32.Primitives (>= 4.3) - restriction: && (< monoandroid) (< monotouch) (< net46) (>= netstandard1.3) (< xamarinios) (< xamarinmac) (< xamarintvos) (< xamarinwatchos)
      runtime.native.System (>= 4.3) - restriction: && (< monoandroid) (< monotouch) (< net46) (>= netstandard1.3) (< xamarinios) (< xamarinmac) (< xamarintvos) (< xamarinwatchos)
      System.Collections (>= 4.3) - restriction: && (< monoandroid) (< monotouch) (< net46) (>= netstandard1.3) (< xamarinios) (< xamarinmac) (< xamarintvos) (< xamarinwatchos)
      System.IO.FileSystem (>= 4.3) - restriction: && (< monoandroid) (< monotouch) (< net46) (>= netstandard1.3) (< xamarinios) (< xamarinmac) (< xamarintvos) (< xamarinwatchos)
      System.IO.FileSystem.Primitives (>= 4.3) - restriction: && (< monoandroid) (< monotouch) (< net46) (>= netstandard1.3) (< xamarinios) (< xamarinmac) (< xamarintvos) (< xamarinwatchos)
      System.Resources.ResourceManager (>= 4.3) - restriction: && (< monoandroid) (< monotouch) (< net46) (>= netstandard1.3) (< xamarinios) (< xamarinmac) (< xamarintvos) (< xamarinwatchos)
      System.Runtime (>= 4.3) - restriction: && (< monoandroid) (< monotouch) (< net46) (>= netstandard1.3) (< xamarinios) (< xamarinmac) (< xamarintvos) (< xamarinwatchos)
      System.Runtime.Extensions (>= 4.3) - restriction: && (< monoandroid) (< monotouch) (< net46) (>= netstandard1.3) (< xamarinios) (< xamarinmac) (< xamarintvos) (< xamarinwatchos)
      System.Runtime.Handles (>= 4.3) - restriction: && (< monoandroid) (< monotouch) (< net46) (>= netstandard1.3) (< xamarinios) (< xamarinmac) (< xamarintvos) (< xamarinwatchos)
      System.Runtime.InteropServices (>= 4.3) - restriction: && (< monoandroid) (< monotouch) (< net46) (>= netstandard1.3) (< xamarinios) (< xamarinmac) (< xamarintvos) (< xamarinwatchos)
      System.Text.Encoding (>= 4.3) - restriction: && (< monoandroid) (< monotouch) (< net46) (>= netstandard1.3) (< xamarinios) (< xamarinmac) (< xamarintvos) (< xamarinwatchos)
      System.Threading (>= 4.3) - restriction: && (< monoandroid) (< monotouch) (< net46) (>= netstandard1.3) (< xamarinios) (< xamarinmac) (< xamarintvos) (< xamarinwatchos)
      System.Threading.Overlapped (>= 4.3) - restriction: && (< monoandroid) (< monotouch) (< net46) (>= netstandard1.3) (< xamarinios) (< xamarinmac) (< xamarintvos) (< xamarinwatchos)
      System.Threading.Tasks (>= 4.3) - restriction: && (< monoandroid) (< monotouch) (< net46) (>= netstandard1.3) (< xamarinios) (< xamarinmac) (< xamarintvos) (< xamarinwatchos)
      System.Threading.Thread (>= 4.3) - restriction: && (< monoandroid) (< monotouch) (< net46) (>= netstandard1.3) (< xamarinios) (< xamarinmac) (< xamarintvos) (< xamarinwatchos)
    System.Linq (4.3) - restriction: || (&& (< monoandroid) (< net45) (>= netstandard2.0) (< win8) (< wpa81) (< xamarinios) (< xamarinmac)) (&& (< monoandroid) (< net46) (>= netstandard2.0) (< xamarinios) (< xamarinmac)) (&& (< net45) (< netstandard1.2) (>= netstandard1.6) (< win8)) (&& (< net45) (< netstandard1.3) (>= netstandard1.6) (< win8) (< wpa81)) (&& (< net45) (< netstandard1.4) (>= netstandard1.6) (< win8) (< wpa81)) (&& (< net45) (< netstandard1.5) (>= netstandard1.6) (< win8) (< wpa81)) (&& (< net45) (>= netstandard1.6) (< netstandard2.0) (< win8) (< wpa81)) (&& (< net46) (>= net462)) (&& (>= netstandard1.6) (< netstandard2.0) (>= uap10.0)) (&& (>= netstandard1.6) (< portable-net45+win8+wp8+wpa81)) (&& (>= netstandard1.6) (< portable-net45+win8+wpa81)) (&& (>= netstandard2.0) (< portable-net45+win8+wp8+wpa81))
      System.Collections (>= 4.3) - restriction: || (&& (< monoandroid) (< monotouch) (< net45) (>= netstandard1.6) (< xamarinios) (< xamarinmac) (< xamarintvos) (< xamarinwatchos)) (&& (< monoandroid) (< net45) (>= netstandard1.0) (< netstandard1.6) (< win8) (< wp8) (< wpa81)) (< portable-net45+win8+wp8+wpa81)
      System.Diagnostics.Debug (>= 4.3) - restriction: || (&& (< monoandroid) (< monotouch) (< net45) (>= netstandard1.6) (< xamarinios) (< xamarinmac) (< xamarintvos) (< xamarinwatchos)) (< portable-net45+win8+wp8+wpa81)
      System.Resources.ResourceManager (>= 4.3) - restriction: || (&& (< monoandroid) (< monotouch) (< net45) (>= netstandard1.6) (< xamarinios) (< xamarinmac) (< xamarintvos) (< xamarinwatchos)) (< portable-net45+win8+wp8+wpa81)
      System.Runtime (>= 4.3) - restriction: || (&& (< monoandroid) (< monotouch) (< net45) (>= netstandard1.6) (< xamarinios) (< xamarinmac) (< xamarintvos) (< xamarinwatchos)) (&& (< monoandroid) (< net45) (>= netstandard1.0) (< netstandard1.6) (< win8) (< wp8) (< wpa81)) (< portable-net45+win8+wp8+wpa81)
      System.Runtime.Extensions (>= 4.3) - restriction: || (&& (< monoandroid) (< monotouch) (< net45) (>= netstandard1.6) (< xamarinios) (< xamarinmac) (< xamarintvos) (< xamarinwatchos)) (< portable-net45+win8+wp8+wpa81)
    System.Linq.Expressions (4.3) - restriction: || (&& (< monoandroid) (< net45) (< netstandard1.3) (>= netstandard2.0) (< win8) (< wpa81)) (&& (< monoandroid) (< net45) (>= netstandard2.0) (< win8) (< wpa81) (< xamarinios) (< xamarinmac)) (&& (< net45) (< netstandard1.2) (>= netstandard1.6) (< win8)) (&& (< net45) (< netstandard1.3) (>= netstandard1.6) (< win8) (< wpa81)) (&& (< net45) (< netstandard1.4) (>= netstandard1.6) (< win8) (< wpa81)) (&& (< net45) (< netstandard1.5) (>= netstandard1.6) (< win8) (< wpa81)) (&& (< net45) (>= netstandard1.6) (< netstandard2.0) (< win8) (< wpa81)) (&& (>= netstandard1.6) (< netstandard2.0) (>= uap10.0)) (&& (>= netstandard1.6) (< portable-net45+win8+wpa81)) (&& (>= netstandard2.0) (< portable-net45+win8+wp8+wpa81))
      System.Collections (>= 4.3) - restriction: || (&& (< monoandroid) (< monotouch) (< net45) (>= netstandard1.6) (< win8) (< wpa81) (< xamarinios) (< xamarinmac) (< xamarintvos) (< xamarinwatchos)) (< portable-net45+win8+wp8+wpa81)
      System.Diagnostics.Debug (>= 4.3) - restriction: || (&& (< monoandroid) (< monotouch) (< net45) (>= netstandard1.6) (< win8) (< wpa81) (< xamarinios) (< xamarinmac) (< xamarintvos) (< xamarinwatchos)) (< portable-net45+win8+wp8+wpa81)
      System.Globalization (>= 4.3) - restriction: || (&& (< monoandroid) (< monotouch) (< net45) (>= netstandard1.6) (< win8) (< wpa81) (< xamarinios) (< xamarinmac) (< xamarintvos) (< xamarinwatchos)) (< portable-net45+win8+wp8+wpa81)
      System.IO (>= 4.3) - restriction: || (&& (< monoandroid) (< monotouch) (< net45) (>= netstandard1.6) (< win8) (< wpa81) (< xamarinios) (< xamarinmac) (< xamarintvos) (< xamarinwatchos)) (< portable-net45+win8+wp8+wpa81)
      System.Linq (>= 4.3) - restriction: || (&& (< monoandroid) (< monotouch) (< net45) (>= netstandard1.6) (< win8) (< wpa81) (< xamarinios) (< xamarinmac) (< xamarintvos) (< xamarinwatchos)) (< portable-net45+win8+wp8+wpa81)
      System.ObjectModel (>= 4.3) - restriction: && (< monoandroid) (< monotouch) (< net45) (>= netstandard1.6) (< win8) (< wpa81) (< xamarinios) (< xamarinmac) (< xamarintvos) (< xamarinwatchos)
      System.Reflection (>= 4.3) - restriction: || (&& (< monoandroid) (< monotouch) (< net45) (>= netstandard1.6) (< win8) (< wpa81) (< xamarinios) (< xamarinmac) (< xamarintvos) (< xamarinwatchos)) (&& (< monoandroid) (< net45) (>= netstandard1.0) (< netstandard1.3) (< win8) (< wp8) (< wpa81)) (&& (< monoandroid) (< net45) (>= netstandard1.3) (< netstandard1.6) (< win8) (< wpa81)) (< portable-net45+win8+wp8+wpa81)
      System.Reflection.Emit (>= 4.3) - restriction: && (< monoandroid) (< monotouch) (< net45) (>= netstandard1.6) (< win8) (< wpa81) (< xamarinios) (< xamarinmac) (< xamarintvos) (< xamarinwatchos)
      System.Reflection.Emit.ILGeneration (>= 4.3) - restriction: || (&& (< monoandroid) (< monotouch) (< net45) (>= netstandard1.6) (< win8) (< wpa81) (< xamarinios) (< xamarinmac) (< xamarintvos) (< xamarinwatchos)) (< portable-net45+win8+wp8+wpa81)
      System.Reflection.Emit.Lightweight (>= 4.3) - restriction: || (&& (< monoandroid) (< monotouch) (< net45) (>= netstandard1.6) (< win8) (< wpa81) (< xamarinios) (< xamarinmac) (< xamarintvos) (< xamarinwatchos)) (< portable-net45+win8+wp8+wpa81)
      System.Reflection.Extensions (>= 4.3) - restriction: || (&& (< monoandroid) (< monotouch) (< net45) (>= netstandard1.6) (< win8) (< wpa81) (< xamarinios) (< xamarinmac) (< xamarintvos) (< xamarinwatchos)) (< portable-net45+win8+wp8+wpa81)
      System.Reflection.Primitives (>= 4.3) - restriction: || (&& (< monoandroid) (< monotouch) (< net45) (>= netstandard1.6) (< win8) (< wpa81) (< xamarinios) (< xamarinmac) (< xamarintvos) (< xamarinwatchos)) (< portable-net45+win8+wp8+wpa81)
      System.Reflection.TypeExtensions (>= 4.3) - restriction: || (&& (< monoandroid) (< monotouch) (< net45) (>= netstandard1.6) (< win8) (< wpa81) (< xamarinios) (< xamarinmac) (< xamarintvos) (< xamarinwatchos)) (< portable-net45+win8+wp8+wpa81)
      System.Resources.ResourceManager (>= 4.3) - restriction: || (&& (< monoandroid) (< monotouch) (< net45) (>= netstandard1.6) (< win8) (< wpa81) (< xamarinios) (< xamarinmac) (< xamarintvos) (< xamarinwatchos)) (< portable-net45+win8+wp8+wpa81)
      System.Runtime (>= 4.3) - restriction: || (&& (< monoandroid) (< monotouch) (< net45) (>= netstandard1.6) (< win8) (< wpa81) (< xamarinios) (< xamarinmac) (< xamarintvos) (< xamarinwatchos)) (&& (< monoandroid) (< net45) (>= netstandard1.0) (< netstandard1.3) (< win8) (< wp8) (< wpa81)) (&& (< monoandroid) (< net45) (>= netstandard1.3) (< netstandard1.6) (< win8) (< wpa81)) (< portable-net45+win8+wp8+wpa81)
      System.Runtime.Extensions (>= 4.3) - restriction: || (&& (< monoandroid) (< monotouch) (< net45) (>= netstandard1.6) (< win8) (< wpa81) (< xamarinios) (< xamarinmac) (< xamarintvos) (< xamarinwatchos)) (< portable-net45+win8+wp8+wpa81)
      System.Threading (>= 4.3) - restriction: || (&& (< monoandroid) (< monotouch) (< net45) (>= netstandard1.6) (< win8) (< wpa81) (< xamarinios) (< xamarinmac) (< xamarintvos) (< xamarinwatchos)) (< portable-net45+win8+wp8+wpa81)
    System.Linq.Parallel (4.3) - restriction: && (< net472) (>= netstandard2.0)
      System.Collections (>= 4.3) - restriction: || (&& (< monoandroid) (< monotouch) (< net45) (>= netstandard1.3) (< win8) (< wpa81) (< xamarinios) (< xamarinmac) (< xamarintvos) (< xamarinwatchos)) (&& (< monoandroid) (< net45) (>= netstandard1.1) (< netstandard1.3) (< win8) (< wpa81)) (< portable-net45+win8+wpa81)
      System.Collections.Concurrent (>= 4.3) - restriction: || (&& (< monoandroid) (< monotouch) (< net45) (>= netstandard1.3) (< win8) (< wpa81) (< xamarinios) (< xamarinmac) (< xamarintvos) (< xamarinwatchos)) (&& (< monoandroid) (< net45) (>= netstandard1.1) (< netstandard1.3) (< win8) (< wpa81)) (< portable-net45+win8+wpa81)
      System.Diagnostics.Debug (>= 4.3) - restriction: || (&& (< monoandroid) (< monotouch) (< net45) (>= netstandard1.3) (< win8) (< wpa81) (< xamarinios) (< xamarinmac) (< xamarintvos) (< xamarinwatchos)) (< portable-net45+win8+wpa81)
      System.Diagnostics.Tracing (>= 4.3) - restriction: || (&& (< monoandroid) (< monotouch) (< net45) (>= netstandard1.3) (< win8) (< wpa81) (< xamarinios) (< xamarinmac) (< xamarintvos) (< xamarinwatchos)) (< portable-net45+win8+wpa81)
      System.Linq (>= 4.3) - restriction: || (&& (< monoandroid) (< monotouch) (< net45) (>= netstandard1.3) (< win8) (< wpa81) (< xamarinios) (< xamarinmac) (< xamarintvos) (< xamarinwatchos)) (&& (< monoandroid) (< net45) (>= netstandard1.1) (< netstandard1.3) (< win8) (< wpa81)) (< portable-net45+win8+wpa81)
      System.Resources.ResourceManager (>= 4.3) - restriction: || (&& (< monoandroid) (< monotouch) (< net45) (>= netstandard1.3) (< win8) (< wpa81) (< xamarinios) (< xamarinmac) (< xamarintvos) (< xamarinwatchos)) (< portable-net45+win8+wpa81)
      System.Runtime (>= 4.3) - restriction: || (&& (< monoandroid) (< monotouch) (< net45) (>= netstandard1.3) (< win8) (< wpa81) (< xamarinios) (< xamarinmac) (< xamarintvos) (< xamarinwatchos)) (&& (< monoandroid) (< net45) (>= netstandard1.1) (< netstandard1.3) (< win8) (< wpa81)) (< portable-net45+win8+wpa81)
      System.Runtime.Extensions (>= 4.3) - restriction: || (&& (< monoandroid) (< monotouch) (< net45) (>= netstandard1.3) (< win8) (< wpa81) (< xamarinios) (< xamarinmac) (< xamarintvos) (< xamarinwatchos)) (< portable-net45+win8+wpa81)
      System.Threading (>= 4.3) - restriction: || (&& (< monoandroid) (< monotouch) (< net45) (>= netstandard1.3) (< win8) (< wpa81) (< xamarinios) (< xamarinmac) (< xamarintvos) (< xamarinwatchos)) (< portable-net45+win8+wpa81)
      System.Threading.Tasks (>= 4.3) - restriction: || (&& (< monoandroid) (< monotouch) (< net45) (>= netstandard1.3) (< win8) (< wpa81) (< xamarinios) (< xamarinmac) (< xamarintvos) (< xamarinwatchos)) (&& (< monoandroid) (< net45) (>= netstandard1.1) (< netstandard1.3) (< win8) (< wpa81)) (< portable-net45+win8+wpa81)
    System.Linq.Queryable (4.3) - restriction: || (&& (>= net46) (>= uap10.0)) (&& (>= netstandard2.0) (>= uap10.0))
    System.Memory (4.5.3) - restriction: && (< net46) (< netcoreapp2.1) (>= netstandard2.0) (< xamarinios)
      System.Buffers (>= 4.4) - restriction: || (&& (>= monoandroid) (< netstandard2.0)) (&& (< monoandroid) (< net45) (>= netstandard1.1) (< netstandard2.0) (< win8) (< wpa81)) (&& (< monoandroid) (< netstandard1.1) (>= portable-net45+win8+wpa81) (< win8)) (>= monotouch) (&& (>= net45) (< netstandard2.0)) (&& (< net45) (< netcoreapp2.0) (>= netstandard2.0)) (>= net461) (&& (< netstandard1.1) (>= win8)) (&& (< netstandard2.0) (< uap10.1) (>= wpa81)) (>= xamarinios) (>= xamarinmac) (>= xamarintvos) (>= xamarinwatchos)
      System.Numerics.Vectors (>= 4.4) - restriction: || (&& (< net45) (< netcoreapp2.0) (>= netstandard2.0) (< xamarinios)) (>= net461)
      System.Runtime.CompilerServices.Unsafe (>= 4.5.2) - restriction: || (&& (>= monoandroid) (< netstandard2.0)) (&& (< monoandroid) (< net45) (>= netstandard1.1) (< netstandard2.0) (< win8) (< wpa81)) (&& (< monoandroid) (< netstandard1.1) (>= portable-net45+win8+wpa81) (< win8)) (>= monotouch) (&& (>= net45) (< netstandard2.0)) (&& (< net45) (< netcoreapp2.0) (>= netstandard2.0)) (>= net461) (&& (>= netcoreapp2.0) (< netcoreapp2.1)) (&& (< netstandard1.1) (>= win8)) (&& (< netstandard2.0) (>= wpa81)) (>= uap10.1) (>= xamarinios) (>= xamarinmac) (>= xamarintvos) (>= xamarinwatchos)
    System.Net.Http (4.3.4) - restriction: || (&& (< net45) (< netstandard1.2) (>= netstandard1.6) (< win8)) (&& (< net45) (>= netstandard1.6) (< win8) (< wpa81)) (>= net462) (&& (>= netstandard1.6) (>= uap10.0)) (>= netstandard2.0)
      Microsoft.NETCore.Platforms (>= 1.1.1) - restriction: || (&& (< monoandroid) (< monotouch) (< net45) (>= netstandard1.6) (< xamarinios) (< xamarinmac) (< xamarintvos) (< xamarinwatchos)) (&& (< monoandroid) (< net45) (>= netstandard1.3) (< netstandard1.6) (< win8) (< wpa81)) (< portable-net45+win8+wpa81)
      runtime.native.System (>= 4.3) - restriction: && (< monoandroid) (< monotouch) (< net45) (>= netstandard1.6) (< xamarinios) (< xamarinmac) (< xamarintvos) (< xamarinwatchos)
      runtime.native.System.Net.Http (>= 4.3) - restriction: && (< monoandroid) (< monotouch) (< net45) (>= netstandard1.6) (< xamarinios) (< xamarinmac) (< xamarintvos) (< xamarinwatchos)
      runtime.native.System.Security.Cryptography.OpenSsl (>= 4.3.2) - restriction: && (< monoandroid) (< monotouch) (< net45) (>= netstandard1.6) (< xamarinios) (< xamarinmac) (< xamarintvos) (< xamarinwatchos)
      System.Collections (>= 4.3) - restriction: || (&& (< monoandroid) (< monotouch) (< net45) (>= netstandard1.6) (< xamarinios) (< xamarinmac) (< xamarintvos) (< xamarinwatchos)) (&& (< monoandroid) (< net45) (>= netstandard1.3) (< netstandard1.6) (< win8) (< wpa81)) (< portable-net45+win8+wpa81)
      System.Diagnostics.Debug (>= 4.3) - restriction: || (&& (< monoandroid) (< monotouch) (< net45) (>= netstandard1.6) (< xamarinios) (< xamarinmac) (< xamarintvos) (< xamarinwatchos)) (&& (< monoandroid) (< net45) (>= netstandard1.3) (< netstandard1.6) (< win8) (< wpa81)) (< portable-net45+win8+wpa81)
      System.Diagnostics.DiagnosticSource (>= 4.3) - restriction: || (&& (< monoandroid) (< monotouch) (< net45) (>= netstandard1.6) (< xamarinios) (< xamarinmac) (< xamarintvos) (< xamarinwatchos)) (&& (< monoandroid) (< net45) (>= netstandard1.3) (< netstandard1.6) (< win8) (< wpa81)) (< portable-net45+win8+wpa81)
      System.Diagnostics.Tracing (>= 4.3) - restriction: || (&& (< monoandroid) (< monotouch) (< net45) (>= netstandard1.6) (< xamarinios) (< xamarinmac) (< xamarintvos) (< xamarinwatchos)) (&& (< monoandroid) (< net45) (>= netstandard1.3) (< netstandard1.6) (< win8) (< wpa81)) (< portable-net45+win8+wpa81)
      System.Globalization (>= 4.3) - restriction: || (&& (< monoandroid) (< monotouch) (< net45) (>= netstandard1.6) (< xamarinios) (< xamarinmac) (< xamarintvos) (< xamarinwatchos)) (&& (< monoandroid) (< net45) (>= netstandard1.3) (< netstandard1.6) (< win8) (< wpa81)) (< portable-net45+win8+wpa81)
      System.Globalization.Extensions (>= 4.3) - restriction: && (< monoandroid) (< monotouch) (< net45) (>= netstandard1.6) (< xamarinios) (< xamarinmac) (< xamarintvos) (< xamarinwatchos)
      System.IO (>= 4.3) - restriction: || (&& (< monoandroid) (< monotouch) (< net45) (>= netstandard1.6) (< xamarinios) (< xamarinmac) (< xamarintvos) (< xamarinwatchos)) (&& (< monoandroid) (< net45) (>= netstandard1.1) (< netstandard1.3) (< win8) (< wpa81)) (&& (< monoandroid) (< net45) (>= netstandard1.3) (< netstandard1.6) (< win8) (< wpa81)) (< portable-net45+win8+wpa81)
      System.IO.FileSystem (>= 4.3) - restriction: && (< monoandroid) (< monotouch) (< net45) (>= netstandard1.6) (< xamarinios) (< xamarinmac) (< xamarintvos) (< xamarinwatchos)
      System.Net.Primitives (>= 4.3) - restriction: || (&& (< monoandroid) (< monotouch) (< net45) (>= netstandard1.6) (< xamarinios) (< xamarinmac) (< xamarintvos) (< xamarinwatchos)) (&& (< monoandroid) (< net45) (>= netstandard1.1) (< netstandard1.3) (< win8) (< wpa81)) (&& (< monoandroid) (< net45) (>= netstandard1.3) (< netstandard1.6) (< win8) (< wpa81)) (< portable-net45+win8+wpa81)
      System.Resources.ResourceManager (>= 4.3) - restriction: || (&& (< monoandroid) (< monotouch) (< net45) (>= netstandard1.6) (< xamarinios) (< xamarinmac) (< xamarintvos) (< xamarinwatchos)) (&& (< monoandroid) (< net45) (>= netstandard1.3) (< netstandard1.6) (< win8) (< wpa81)) (< portable-net45+win8+wpa81)
      System.Runtime (>= 4.3) - restriction: || (&& (< monoandroid) (< monotouch) (< net45) (>= netstandard1.6) (< xamarinios) (< xamarinmac) (< xamarintvos) (< xamarinwatchos)) (&& (< monoandroid) (< net45) (>= netstandard1.1) (< netstandard1.3) (< win8) (< wpa81)) (&& (< monoandroid) (< net45) (>= netstandard1.3) (< netstandard1.6) (< win8) (< wpa81)) (< portable-net45+win8+wpa81)
      System.Runtime.Extensions (>= 4.3) - restriction: || (&& (< monoandroid) (< monotouch) (< net45) (>= netstandard1.6) (< xamarinios) (< xamarinmac) (< xamarintvos) (< xamarinwatchos)) (&& (< monoandroid) (< net45) (>= netstandard1.3) (< netstandard1.6) (< win8) (< wpa81)) (< portable-net45+win8+wpa81)
      System.Runtime.Handles (>= 4.3) - restriction: || (&& (< monoandroid) (< monotouch) (< net45) (>= netstandard1.6) (< xamarinios) (< xamarinmac) (< xamarintvos) (< xamarinwatchos)) (&& (< monoandroid) (< net45) (>= netstandard1.3) (< netstandard1.6) (< win8) (< wpa81))
      System.Runtime.InteropServices (>= 4.3) - restriction: || (&& (< monoandroid) (< monotouch) (< net45) (>= netstandard1.6) (< xamarinios) (< xamarinmac) (< xamarintvos) (< xamarinwatchos)) (&& (< monoandroid) (< net45) (>= netstandard1.3) (< netstandard1.6) (< win8) (< wpa81)) (< portable-net45+win8+wpa81)
      System.Security.Cryptography.Algorithms (>= 4.3) - restriction: && (< monoandroid) (< monotouch) (< net45) (>= netstandard1.6) (< xamarinios) (< xamarinmac) (< xamarintvos) (< xamarinwatchos)
      System.Security.Cryptography.Encoding (>= 4.3) - restriction: || (&& (< monoandroid) (< monotouch) (< net45) (>= netstandard1.6) (< xamarinios) (< xamarinmac) (< xamarintvos) (< xamarinwatchos)) (&& (< monoandroid) (< net45) (>= netstandard1.3) (< netstandard1.6) (< win8) (< wpa81))
      System.Security.Cryptography.OpenSsl (>= 4.3) - restriction: && (< monoandroid) (< monotouch) (< net45) (>= netstandard1.6) (< xamarinios) (< xamarinmac) (< xamarintvos) (< xamarinwatchos)
      System.Security.Cryptography.Primitives (>= 4.3) - restriction: && (< monoandroid) (< monotouch) (< net45) (>= netstandard1.6) (< xamarinios) (< xamarinmac) (< xamarintvos) (< xamarinwatchos)
      System.Security.Cryptography.X509Certificates (>= 4.3) - restriction: || (&& (< monoandroid) (< monotouch) (< net45) (>= netstandard1.6) (< xamarinios) (< xamarinmac) (< xamarintvos) (< xamarinwatchos)) (&& (< monoandroid) (< net45) (>= netstandard1.3) (< netstandard1.6) (< win8) (< wpa81)) (>= net46) (< portable-net45+win8+wpa81)
      System.Text.Encoding (>= 4.3) - restriction: || (&& (< monoandroid) (< monotouch) (< net45) (>= netstandard1.6) (< xamarinios) (< xamarinmac) (< xamarintvos) (< xamarinwatchos)) (&& (< monoandroid) (< net45) (>= netstandard1.1) (< netstandard1.3) (< win8) (< wpa81)) (&& (< monoandroid) (< net45) (>= netstandard1.3) (< netstandard1.6) (< win8) (< wpa81)) (< portable-net45+win8+wpa81)
      System.Threading (>= 4.3) - restriction: || (&& (< monoandroid) (< monotouch) (< net45) (>= netstandard1.6) (< xamarinios) (< xamarinmac) (< xamarintvos) (< xamarinwatchos)) (&& (< monoandroid) (< net45) (>= netstandard1.3) (< netstandard1.6) (< win8) (< wpa81)) (< portable-net45+win8+wpa81)
      System.Threading.Tasks (>= 4.3) - restriction: || (&& (< monoandroid) (< monotouch) (< net45) (>= netstandard1.6) (< xamarinios) (< xamarinmac) (< xamarintvos) (< xamarinwatchos)) (&& (< monoandroid) (< net45) (>= netstandard1.1) (< netstandard1.3) (< win8) (< wpa81)) (&& (< monoandroid) (< net45) (>= netstandard1.3) (< netstandard1.6) (< win8) (< wpa81)) (< portable-net45+win8+wpa81)
    System.Net.Primitives (4.3.1) - restriction: || (&& (< monoandroid) (< net45) (< netstandard1.3) (>= netstandard2.0) (< win8) (< wpa81)) (&& (< monoandroid) (< net45) (< netstandard1.6) (>= netstandard2.0) (< win8) (< wpa81)) (&& (< monoandroid) (< net45) (>= netstandard2.0) (< xamarinios) (< xamarinmac)) (&& (< net45) (>= net462) (< netstandard1.3)) (&& (< net45) (>= net462) (>= netstandard1.6)) (&& (< net45) (>= net462) (< netstandard1.6)) (&& (< net45) (< netstandard1.2) (>= netstandard1.6) (< win8)) (&& (< net45) (< netstandard1.3) (>= netstandard1.6) (< win8) (< wpa81)) (&& (< net45) (< netstandard1.4) (>= netstandard1.6) (< win8) (< wpa81)) (&& (< net45) (< netstandard1.5) (>= netstandard1.6) (< win8) (< wpa81)) (&& (< net45) (>= netstandard1.6) (< netstandard2.0) (< win8) (< wpa81)) (&& (>= net462) (< portable-net45+win8+wpa81)) (&& (>= netstandard1.6) (< netstandard2.0) (>= uap10.0)) (&& (>= netstandard1.6) (< portable-net45+win8+wpa81)) (&& (>= netstandard2.0) (< portable-net45+win8+wpa81))
      Microsoft.NETCore.Platforms (>= 1.1.1) - restriction: || (&& (< monoandroid) (< monotouch) (< net45) (>= netstandard1.3) (< win8) (< wpa81) (< xamarinios) (< xamarinmac) (< xamarintvos) (< xamarinwatchos)) (&& (< monoandroid) (< net45) (>= netstandard1.1) (< netstandard1.3) (< win8) (< wpa81)) (&& (< monoandroid) (>= netstandard1.0) (< netstandard1.1) (< win8) (< wp8)) (< portable-net45+win8+wp8+wpa81)
      Microsoft.NETCore.Targets (>= 1.1.3) - restriction: || (&& (< monoandroid) (< monotouch) (< net45) (>= netstandard1.3) (< win8) (< wpa81) (< xamarinios) (< xamarinmac) (< xamarintvos) (< xamarinwatchos)) (&& (< monoandroid) (< net45) (>= netstandard1.1) (< netstandard1.3) (< win8) (< wpa81)) (&& (< monoandroid) (>= netstandard1.0) (< netstandard1.1) (< win8) (< wp8)) (< portable-net45+win8+wp8+wpa81)
      System.Runtime (>= 4.3.1) - restriction: || (&& (< monoandroid) (< monotouch) (< net45) (>= netstandard1.3) (< win8) (< wpa81) (< xamarinios) (< xamarinmac) (< xamarintvos) (< xamarinwatchos)) (&& (< monoandroid) (< net45) (>= netstandard1.1) (< netstandard1.3) (< win8) (< wpa81)) (&& (< monoandroid) (>= netstandard1.0) (< netstandard1.1) (< win8) (< wp8)) (< portable-net45+win8+wp8+wpa81)
      System.Runtime.Handles (>= 4.3) - restriction: || (&& (< monoandroid) (< monotouch) (< net45) (>= netstandard1.3) (< win8) (< wpa81) (< xamarinios) (< xamarinmac) (< xamarintvos) (< xamarinwatchos)) (< portable-net45+win8+wp8+wpa81)
    System.Net.Sockets (4.3) - restriction: || (&& (< net45) (< netstandard1.4) (>= netstandard1.6) (< win8) (< wpa81)) (&& (< net45) (< netstandard1.5) (>= netstandard1.6) (< win8) (< wpa81)) (&& (< net45) (>= netstandard1.6) (< netstandard2.0) (< win8) (< wpa81)) (&& (>= netstandard1.6) (< netstandard2.0) (>= uap10.0))
      Microsoft.NETCore.Platforms (>= 1.1) - restriction: && (< monoandroid) (< monotouch) (< net46) (>= netstandard1.3) (< xamarinios) (< xamarinmac) (< xamarintvos) (< xamarinwatchos)
      Microsoft.NETCore.Targets (>= 1.1) - restriction: && (< monoandroid) (< monotouch) (< net46) (>= netstandard1.3) (< xamarinios) (< xamarinmac) (< xamarintvos) (< xamarinwatchos)
      System.IO (>= 4.3) - restriction: && (< monoandroid) (< monotouch) (< net46) (>= netstandard1.3) (< xamarinios) (< xamarinmac) (< xamarintvos) (< xamarinwatchos)
      System.Net.Primitives (>= 4.3) - restriction: && (< monoandroid) (< monotouch) (< net46) (>= netstandard1.3) (< xamarinios) (< xamarinmac) (< xamarintvos) (< xamarinwatchos)
      System.Runtime (>= 4.3) - restriction: && (< monoandroid) (< monotouch) (< net46) (>= netstandard1.3) (< xamarinios) (< xamarinmac) (< xamarintvos) (< xamarinwatchos)
      System.Threading.Tasks (>= 4.3) - restriction: && (< monoandroid) (< monotouch) (< net46) (>= netstandard1.3) (< xamarinios) (< xamarinmac) (< xamarintvos) (< xamarinwatchos)
    System.Numerics.Vectors (4.5) - restriction: || (&& (< net45) (< netcoreapp2.0) (>= netstandard2.0) (< xamarinios)) (&& (< net46) (>= net461) (>= netstandard2.0))
    System.ObjectModel (4.3) - restriction: || (&& (< monoandroid) (< net45) (< netstandard1.3) (>= netstandard2.0) (< win8) (< wpa81)) (&& (< monoandroid) (< net45) (>= netstandard2.0) (< win8) (< wpa81) (< xamarinios) (< xamarinmac)) (&& (< net45) (< netstandard1.2) (>= netstandard1.6) (< win8)) (&& (< net45) (< netstandard1.3) (>= netstandard1.6) (< win8) (< wpa81)) (&& (< net45) (< netstandard1.4) (>= netstandard1.6) (< win8) (< wpa81)) (&& (< net45) (< netstandard1.5) (>= netstandard1.6) (< win8) (< wpa81)) (&& (< net45) (>= netstandard1.6) (< netstandard2.0) (< win8) (< wpa81)) (&& (>= netstandard1.6) (< netstandard2.0) (>= uap10.0)) (&& (>= netstandard1.6) (< portable-net45+win8+wpa81)) (&& (>= netstandard2.0) (< portable-net45+win8+wp8+wpa81))
      System.Collections (>= 4.3) - restriction: || (&& (< monoandroid) (< monotouch) (< net45) (>= netstandard1.3) (< win8) (< wpa81) (< xamarinios) (< xamarinmac) (< xamarintvos) (< xamarinwatchos)) (< portable-net45+win8+wp8+wpa81)
      System.Diagnostics.Debug (>= 4.3) - restriction: || (&& (< monoandroid) (< monotouch) (< net45) (>= netstandard1.3) (< win8) (< wpa81) (< xamarinios) (< xamarinmac) (< xamarintvos) (< xamarinwatchos)) (< portable-net45+win8+wp8+wpa81)
      System.Resources.ResourceManager (>= 4.3) - restriction: || (&& (< monoandroid) (< monotouch) (< net45) (>= netstandard1.3) (< win8) (< wpa81) (< xamarinios) (< xamarinmac) (< xamarintvos) (< xamarinwatchos)) (< portable-net45+win8+wp8+wpa81)
      System.Runtime (>= 4.3) - restriction: || (&& (< monoandroid) (< monotouch) (< net45) (>= netstandard1.3) (< win8) (< wpa81) (< xamarinios) (< xamarinmac) (< xamarintvos) (< xamarinwatchos)) (&& (< monoandroid) (< net45) (>= netstandard1.0) (< netstandard1.3) (< win8) (< wp8) (< wpa81)) (< portable-net45+win8+wp8+wpa81)
      System.Threading (>= 4.3) - restriction: || (&& (< monoandroid) (< monotouch) (< net45) (>= netstandard1.3) (< win8) (< wpa81) (< xamarinios) (< xamarinmac) (< xamarintvos) (< xamarinwatchos)) (< portable-net45+win8+wp8+wpa81)
    System.Reactive (4.1.5) - restriction: || (>= net46) (>= netstandard2.0)
      System.ComponentModel (>= 4.0.1) - restriction: && (>= uap10.0) (< uap10.1)
      System.Dynamic.Runtime (>= 4.0.11) - restriction: && (>= uap10.0) (< uap10.1)
      System.Linq.Queryable (>= 4.0.1) - restriction: && (>= uap10.0) (< uap10.1)
      System.Runtime.InteropServices.WindowsRuntime (>= 4.3) - restriction: && (< net46) (>= netstandard2.0) (< uap10.0)
      System.Threading.Tasks.Extensions (>= 4.5.2) - restriction: || (>= net46) (>= netstandard2.0) (>= uap10.0)
      System.ValueTuple (>= 4.5) - restriction: || (>= net46) (&& (>= uap10.0) (< uap10.1))
    System.Reactive.Compatibility (4.1.5) - restriction: || (>= net46) (>= netstandard2.0)
      System.Reactive.Core (>= 4.1.5) - restriction: || (>= net45) (>= netstandard1.3)
      System.Reactive.Experimental (>= 4.1.5) - restriction: >= net45
      System.Reactive.Interfaces (>= 4.1.5) - restriction: || (>= net45) (>= netstandard1.3)
      System.Reactive.Linq (>= 4.1.5) - restriction: || (>= net45) (>= netstandard1.3)
      System.Reactive.PlatformServices (>= 4.1.5) - restriction: || (>= net45) (>= netstandard1.3)
      System.Reactive.Providers (>= 4.1.5) - restriction: || (>= net45) (>= netstandard1.3)
      System.Reactive.Runtime.Remoting (>= 4.1.5) - restriction: >= net45
      System.Reactive.Windows.Forms (>= 4.1.5) - restriction: >= net45
      System.Reactive.Windows.Threading (>= 4.1.5) - restriction: || (>= net45) (>= uap10.0)
      System.Reactive.WindowsRuntime (>= 4.1.5) - restriction: >= uap10.0
    System.Reactive.Core (4.1.5) - restriction: || (>= net46) (>= netstandard2.0)
      System.Reactive (>= 4.1.5) - restriction: || (>= net46) (>= netstandard2.0) (>= uap10.0)
      System.Threading.Tasks.Extensions (>= 4.5.2) - restriction: || (>= net46) (>= netstandard2.0) (>= uap10.0)
    System.Reactive.Experimental (4.1.5) - restriction: || (&& (>= net45) (>= netstandard2.0)) (>= net46)
      System.Reactive (>= 4.1.5) - restriction: >= net46
      System.Threading.Tasks.Extensions (>= 4.5.2) - restriction: >= net46
    System.Reactive.Interfaces (4.1.5) - restriction: || (>= net46) (>= netstandard2.0)
      System.Reactive (>= 4.1.5) - restriction: || (>= net46) (>= netstandard2.0) (>= uap10.0)
      System.Threading.Tasks.Extensions (>= 4.5.2) - restriction: || (>= net46) (>= netstandard2.0) (>= uap10.0)
    System.Reactive.Linq (4.1.5) - restriction: || (>= net46) (>= netstandard2.0)
      System.Reactive (>= 4.1.5) - restriction: || (>= net46) (>= netstandard2.0) (>= uap10.0)
      System.Threading.Tasks.Extensions (>= 4.5.2) - restriction: || (>= net46) (>= netstandard2.0) (>= uap10.0)
    System.Reactive.PlatformServices (4.1.5) - restriction: || (>= net46) (>= netstandard2.0)
      System.Reactive (>= 4.1.5) - restriction: || (>= net46) (>= netstandard2.0) (>= uap10.0)
      System.Threading.Tasks.Extensions (>= 4.5.2) - restriction: || (>= net46) (>= netstandard2.0) (>= uap10.0)
    System.Reactive.Providers (4.1.5) - restriction: || (>= net46) (>= netstandard2.0)
      System.Reactive (>= 4.1.5) - restriction: || (>= net46) (>= netstandard2.0) (>= uap10.0)
      System.Threading.Tasks.Extensions (>= 4.5.2) - restriction: || (>= net46) (>= netstandard2.0) (>= uap10.0)
    System.Reactive.Runtime.Remoting (4.1.5) - restriction: || (&& (>= net45) (>= netstandard2.0)) (>= net46)
      System.Reactive (>= 4.1.5) - restriction: >= net46
      System.Threading.Tasks.Extensions (>= 4.5.2) - restriction: >= net46
    System.Reactive.Windows.Forms (4.1.5) - restriction: || (&& (>= net45) (>= netstandard2.0)) (>= net46)
      System.Reactive (>= 4.1.5) - restriction: >= net46
      System.Threading.Tasks.Extensions (>= 4.5.2) - restriction: >= net46
    System.Reactive.Windows.Threading (4.1.5) - restriction: || (&& (>= net45) (>= netstandard2.0)) (>= net46) (&& (>= netstandard2.0) (>= uap10.0))
      System.Reactive (>= 4.1.5) - restriction: || (>= net46) (>= uap10.0)
      System.Threading.Tasks.Extensions (>= 4.5.2) - restriction: || (>= net46) (>= uap10.0)
    System.Reactive.WindowsRuntime (4.1.5) - restriction: || (&& (>= net46) (>= uap10.0)) (&& (>= netstandard2.0) (>= uap10.0))
      System.Reactive (>= 4.1.5) - restriction: >= uap10.0
      System.Threading.Tasks.Extensions (>= 4.5.2) - restriction: >= uap10.0
    System.Reflection (4.3) - restriction: || (&& (< monoandroid) (< net45) (< netstandard1.3) (>= netstandard2.0) (< win8) (< wpa81)) (&& (< monoandroid) (< net45) (>= netstandard2.0) (< win8) (< wpa81) (< xamarinios) (< xamarinmac)) (&& (< monoandroid) (< net462) (>= netstandard2.0) (< xamarinios) (< xamarinmac)) (&& (< net45) (< netstandard1.2) (>= netstandard1.6) (< win8)) (&& (< net45) (< netstandard1.3) (>= netstandard1.6) (< win8) (< wpa81)) (&& (< net45) (< netstandard1.4) (>= netstandard1.6) (< win8) (< wpa81)) (&& (< net45) (< netstandard1.5) (>= netstandard1.6) (< win8) (< wpa81)) (&& (< net45) (>= netstandard1.6) (< netstandard2.0) (< win8) (< wpa81)) (&& (>= netstandard1.6) (< netstandard2.0) (>= uap10.0)) (&& (>= netstandard1.6) (< portable-net45+win8+wpa81)) (&& (>= netstandard2.0) (< portable-net45+win8+wp8+wpa81))
      Microsoft.NETCore.Platforms (>= 1.1) - restriction: || (&& (< monoandroid) (< monotouch) (< net45) (>= netstandard1.5) (< win8) (< wpa81) (< xamarinios) (< xamarinmac) (< xamarintvos) (< xamarinwatchos)) (&& (< monoandroid) (< net45) (>= netstandard1.0) (< netstandard1.3) (< win8) (< wp8) (< wpa81)) (&& (< monoandroid) (< net45) (>= netstandard1.3) (< netstandard1.5) (< win8) (< wpa81)) (< portable-net45+win8+wp8+wpa81)
      Microsoft.NETCore.Targets (>= 1.1) - restriction: || (&& (< monoandroid) (< monotouch) (< net45) (>= netstandard1.5) (< win8) (< wpa81) (< xamarinios) (< xamarinmac) (< xamarintvos) (< xamarinwatchos)) (&& (< monoandroid) (< net45) (>= netstandard1.0) (< netstandard1.3) (< win8) (< wp8) (< wpa81)) (&& (< monoandroid) (< net45) (>= netstandard1.3) (< netstandard1.5) (< win8) (< wpa81)) (< portable-net45+win8+wp8+wpa81)
      System.IO (>= 4.3) - restriction: || (&& (< monoandroid) (< monotouch) (< net45) (>= netstandard1.5) (< win8) (< wpa81) (< xamarinios) (< xamarinmac) (< xamarintvos) (< xamarinwatchos)) (&& (< monoandroid) (< net45) (>= netstandard1.0) (< netstandard1.3) (< win8) (< wp8) (< wpa81)) (&& (< monoandroid) (< net45) (>= netstandard1.3) (< netstandard1.5) (< win8) (< wpa81)) (< portable-net45+win8+wp8+wpa81)
      System.Reflection.Primitives (>= 4.3) - restriction: || (&& (< monoandroid) (< monotouch) (< net45) (>= netstandard1.5) (< win8) (< wpa81) (< xamarinios) (< xamarinmac) (< xamarintvos) (< xamarinwatchos)) (&& (< monoandroid) (< net45) (>= netstandard1.0) (< netstandard1.3) (< win8) (< wp8) (< wpa81)) (&& (< monoandroid) (< net45) (>= netstandard1.3) (< netstandard1.5) (< win8) (< wpa81)) (< portable-net45+win8+wp8+wpa81)
      System.Runtime (>= 4.3) - restriction: || (&& (< monoandroid) (< monotouch) (< net45) (>= netstandard1.5) (< win8) (< wpa81) (< xamarinios) (< xamarinmac) (< xamarintvos) (< xamarinwatchos)) (&& (< monoandroid) (< net45) (>= netstandard1.0) (< netstandard1.3) (< win8) (< wp8) (< wpa81)) (&& (< monoandroid) (< net45) (>= netstandard1.3) (< netstandard1.5) (< win8) (< wpa81)) (< portable-net45+win8+wp8+wpa81)
    System.Reflection.Emit (4.3) - restriction: || (&& (< monoandroid) (< monotouch) (< net45) (>= netstandard1.6) (< netstandard2.0) (< win8) (< wpa81) (< xamarintvos) (< xamarinwatchos)) (&& (< monoandroid) (< net45) (< netstandard1.2) (>= netstandard1.6) (< win8)) (&& (< monoandroid) (< net45) (< netstandard1.3) (>= netstandard1.6) (< win8) (< wpa81)) (&& (< monoandroid) (< net45) (< netstandard1.4) (>= netstandard1.6) (< win8) (< wpa81)) (&& (< monoandroid) (< net45) (< netstandard1.5) (>= netstandard1.6) (< win8) (< wpa81)) (&& (< monoandroid) (< net45) (>= netstandard2.0) (< win8) (< wpa81) (< xamarinios) (< xamarinmac)) (&& (< net461) (>= netstandard2.0)) (&& (>= netstandard1.6) (< netstandard2.0) (>= uap10.0) (< win8) (< wpa81)) (&& (>= netstandard1.6) (< portable-net45+win8+wpa81))
      System.IO (>= 4.3) - restriction: && (< monoandroid) (< monotouch) (< net45) (>= netstandard1.1) (< xamarinios) (< xamarinmac) (< xamarintvos) (< xamarinwatchos)
      System.Reflection (>= 4.3) - restriction: && (< monoandroid) (< monotouch) (< net45) (>= netstandard1.1) (< xamarinios) (< xamarinmac) (< xamarintvos) (< xamarinwatchos)
      System.Reflection.Emit.ILGeneration (>= 4.3) - restriction: && (< monoandroid) (< monotouch) (< net45) (>= netstandard1.1) (< xamarinios) (< xamarinmac) (< xamarintvos) (< xamarinwatchos)
      System.Reflection.Primitives (>= 4.3) - restriction: && (< monoandroid) (< monotouch) (< net45) (>= netstandard1.1) (< xamarinios) (< xamarinmac) (< xamarintvos) (< xamarinwatchos)
      System.Runtime (>= 4.3) - restriction: && (< monoandroid) (< monotouch) (< net45) (>= netstandard1.1) (< xamarinios) (< xamarinmac) (< xamarintvos) (< xamarinwatchos)
    System.Reflection.Emit.ILGeneration (4.3) - restriction: || (&& (< monoandroid) (< monotouch) (< net45) (>= netstandard1.6) (< netstandard2.0) (< win8) (< wpa81) (< xamarintvos) (< xamarinwatchos)) (&& (< monoandroid) (< net45) (< netstandard1.2) (>= netstandard1.6) (< win8)) (&& (< monoandroid) (< net45) (< netstandard1.3) (>= netstandard1.6) (< win8) (< wpa81)) (&& (< monoandroid) (< net45) (< netstandard1.4) (>= netstandard1.6) (< win8) (< wpa81)) (&& (< monoandroid) (< net45) (< netstandard1.5) (>= netstandard1.6) (< win8) (< wpa81)) (&& (< monoandroid) (< net45) (>= netstandard2.0) (< xamarinios) (< xamarinmac)) (&& (>= netstandard1.6) (< netstandard2.0) (>= uap10.0) (< win8) (< wpa81)) (&& (>= netstandard1.6) (< portable-net45+win8+wp8+wpa81)) (&& (>= netstandard1.6) (< portable-net45+win8+wpa81))
      System.Reflection (>= 4.3) - restriction: && (< monoandroid) (< monotouch) (< net45) (>= netstandard1.0) (< wp8) (< xamarinios) (< xamarinmac) (< xamarintvos) (< xamarinwatchos)
      System.Reflection.Primitives (>= 4.3) - restriction: && (< monoandroid) (< monotouch) (< net45) (>= netstandard1.0) (< wp8) (< xamarinios) (< xamarinmac) (< xamarintvos) (< xamarinwatchos)
      System.Runtime (>= 4.3) - restriction: && (< monoandroid) (< monotouch) (< net45) (>= netstandard1.0) (< wp8) (< xamarinios) (< xamarinmac) (< xamarintvos) (< xamarinwatchos)
    System.Reflection.Emit.Lightweight (4.3) - restriction: || (&& (< monoandroid) (< monotouch) (< net45) (>= netstandard1.6) (< netstandard2.0) (< win8) (< wpa81) (< xamarintvos) (< xamarinwatchos)) (&& (< monoandroid) (< net45) (< netstandard1.2) (>= netstandard1.6) (< win8)) (&& (< monoandroid) (< net45) (< netstandard1.3) (>= netstandard1.6) (< win8) (< wpa81)) (&& (< monoandroid) (< net45) (< netstandard1.4) (>= netstandard1.6) (< win8) (< wpa81)) (&& (< monoandroid) (< net45) (< netstandard1.5) (>= netstandard1.6) (< win8) (< wpa81)) (&& (>= netstandard1.6) (< netstandard2.0) (>= uap10.0) (< win8) (< wpa81)) (&& (>= netstandard1.6) (< portable-net45+win8+wp8+wpa81)) (&& (>= netstandard1.6) (< portable-net45+win8+wpa81))
      System.Reflection (>= 4.3) - restriction: && (< monoandroid) (< monotouch) (< net45) (>= netstandard1.0) (< wp8) (< xamarinios) (< xamarinmac) (< xamarintvos) (< xamarinwatchos)
      System.Reflection.Emit.ILGeneration (>= 4.3) - restriction: && (< monoandroid) (< monotouch) (< net45) (>= netstandard1.0) (< wp8) (< xamarinios) (< xamarinmac) (< xamarintvos) (< xamarinwatchos)
      System.Reflection.Primitives (>= 4.3) - restriction: && (< monoandroid) (< monotouch) (< net45) (>= netstandard1.0) (< wp8) (< xamarinios) (< xamarinmac) (< xamarintvos) (< xamarinwatchos)
      System.Runtime (>= 4.3) - restriction: && (< monoandroid) (< monotouch) (< net45) (>= netstandard1.0) (< wp8) (< xamarinios) (< xamarinmac) (< xamarintvos) (< xamarinwatchos)
    System.Reflection.Extensions (4.3) - restriction: || (&& (< net45) (< netstandard1.2) (>= netstandard1.6) (< win8)) (&& (< net45) (< netstandard1.3) (>= netstandard1.6) (< win8) (< wpa81)) (&& (< net45) (< netstandard1.4) (>= netstandard1.6) (< win8) (< wpa81)) (&& (< net45) (< netstandard1.5) (>= netstandard1.6) (< win8) (< wpa81)) (&& (< net45) (>= netstandard1.6) (< netstandard2.0) (< win8) (< wpa81)) (&& (>= netstandard1.6) (< netstandard2.0) (>= uap10.0)) (&& (>= netstandard1.6) (< portable-net45+win8+wp8+wpa81)) (&& (>= netstandard1.6) (< portable-net45+win8+wpa81))
      Microsoft.NETCore.Platforms (>= 1.1) - restriction: || (&& (< monoandroid) (< monotouch) (< net45) (>= netstandard1.0) (< win8) (< wp8) (< wpa81) (< xamarinios) (< xamarinmac) (< xamarintvos) (< xamarinwatchos)) (< portable-net45+win8+wp8+wpa81)
      Microsoft.NETCore.Targets (>= 1.1) - restriction: || (&& (< monoandroid) (< monotouch) (< net45) (>= netstandard1.0) (< win8) (< wp8) (< wpa81) (< xamarinios) (< xamarinmac) (< xamarintvos) (< xamarinwatchos)) (< portable-net45+win8+wp8+wpa81)
      System.Reflection (>= 4.3) - restriction: || (&& (< monoandroid) (< monotouch) (< net45) (>= netstandard1.0) (< win8) (< wp8) (< wpa81) (< xamarinios) (< xamarinmac) (< xamarintvos) (< xamarinwatchos)) (< portable-net45+win8+wp8+wpa81)
      System.Runtime (>= 4.3) - restriction: || (&& (< monoandroid) (< monotouch) (< net45) (>= netstandard1.0) (< win8) (< wp8) (< wpa81) (< xamarinios) (< xamarinmac) (< xamarintvos) (< xamarinwatchos)) (< portable-net45+win8+wp8+wpa81)
    System.Reflection.Metadata (1.6) - restriction: || (&& (< monoandroid) (< monotouch) (< net46) (>= netstandard1.6) (< xamarinios) (< xamarinmac) (< xamarintvos) (< xamarinwatchos)) (&& (< monoandroid) (< netstandard1.3) (>= netstandard1.6)) (&& (>= net46) (< netstandard1.3)) (>= net462) (>= netstandard2.0)
      System.Collections.Immutable (>= 1.5) - restriction: || (>= net45) (&& (< netcoreapp2.1) (>= netstandard2.0)) (&& (>= netstandard1.1) (< netstandard2.0) (< win8) (< wpa81)) (&& (< netstandard1.1) (>= portable-net45+win8+wpa81) (< win8)) (&& (< netstandard1.1) (>= win8)) (&& (< netstandard2.0) (< uap10.1) (>= wpa81))
    System.Reflection.Primitives (4.3) - restriction: || (&& (< monoandroid) (< net45) (>= netstandard2.0) (< xamarinios) (< xamarinmac)) (&& (< net45) (< netstandard1.2) (>= netstandard1.6) (< win8)) (&& (< net45) (< netstandard1.3) (>= netstandard1.6) (< win8) (< wpa81)) (&& (< net45) (< netstandard1.4) (>= netstandard1.6) (< win8) (< wpa81)) (&& (< net45) (< netstandard1.5) (>= netstandard1.6) (< win8) (< wpa81)) (&& (< net45) (>= netstandard1.6) (< netstandard2.0) (< win8) (< wpa81)) (&& (>= netstandard1.6) (< netstandard2.0) (>= uap10.0)) (&& (>= netstandard1.6) (< portable-net45+win8+wp8+wpa81)) (&& (>= netstandard1.6) (< portable-net45+win8+wpa81))
      Microsoft.NETCore.Platforms (>= 1.1) - restriction: || (&& (< monoandroid) (< monotouch) (< net45) (>= netstandard1.0) (< win8) (< wp8) (< wpa81) (< xamarinios) (< xamarinmac) (< xamarintvos) (< xamarinwatchos)) (< portable-net45+win8+wp8+wpa81)
      Microsoft.NETCore.Targets (>= 1.1) - restriction: || (&& (< monoandroid) (< monotouch) (< net45) (>= netstandard1.0) (< win8) (< wp8) (< wpa81) (< xamarinios) (< xamarinmac) (< xamarintvos) (< xamarinwatchos)) (< portable-net45+win8+wp8+wpa81)
      System.Runtime (>= 4.3) - restriction: || (&& (< monoandroid) (< monotouch) (< net45) (>= netstandard1.0) (< win8) (< wp8) (< wpa81) (< xamarinios) (< xamarinmac) (< xamarintvos) (< xamarinwatchos)) (< portable-net45+win8+wp8+wpa81)
    System.Reflection.TypeExtensions (4.5.1) - restriction: || (&& (< monoandroid) (< monotouch) (< net45) (>= netstandard1.6) (< netstandard2.0) (< win8) (< wpa81) (< xamarintvos) (< xamarinwatchos)) (&& (< monoandroid) (< net45) (< netstandard1.2) (>= netstandard1.6) (< win8)) (&& (< monoandroid) (< net45) (< netstandard1.3) (>= netstandard1.6) (< win8) (< wpa81)) (&& (< monoandroid) (< net45) (< netstandard1.4) (>= netstandard1.6) (< win8) (< wpa81)) (&& (< monoandroid) (< net45) (< netstandard1.5) (>= netstandard1.6) (< win8) (< wpa81)) (&& (< monoandroid) (< net45) (>= netstandard2.0) (< win8) (< wpa81) (< xamarinios) (< xamarinmac)) (&& (< net461) (>= netstandard2.0)) (&& (< net472) (>= netstandard2.0)) (>= netcoreapp2.1) (&& (>= netstandard1.6) (< netstandard2.0) (>= uap10.0) (< win8) (< wpa81)) (&& (>= netstandard1.6) (< portable-net45+win8+wp8+wpa81)) (&& (>= netstandard1.6) (< portable-net45+win8+wpa81)) (&& (>= netstandard2.0) (< portable-net45+win8+wp8+wpa81))
    System.Resources.ResourceManager (4.3) - restriction: || (&& (< monoandroid) (< monotouch) (< net45) (>= netstandard1.6) (< win8) (< wpa81) (< xamarinios) (< xamarinmac) (< xamarintvos) (< xamarinwatchos)) (&& (< monoandroid) (< monotouch) (< net46) (>= netstandard1.6) (< xamarinios) (< xamarinmac) (< xamarintvos) (< xamarinwatchos)) (&& (< monoandroid) (< net45) (< netstandard1.6) (>= netstandard2.0) (< win8) (< wpa81)) (&& (< monoandroid) (< net45) (>= netstandard2.0) (< xamarinios) (< xamarinmac)) (&& (< net45) (>= net46)) (&& (< net45) (>= net462) (>= netstandard1.6)) (&& (< net45) (>= net462) (< netstandard1.6)) (&& (< net45) (< netstandard1.2) (>= netstandard1.6) (< win8)) (&& (< net45) (< netstandard1.3) (>= netstandard1.6) (< win8) (< wpa81)) (&& (< net45) (< netstandard1.4) (>= netstandard1.6) (< win8) (< wpa81)) (&& (< net45) (< netstandard1.5) (>= netstandard1.6) (< win8) (< wpa81)) (&& (< net45) (>= netstandard1.6) (< netstandard2.0) (< win8) (< wpa81)) (&& (>= net46) (< portable-net45+win8+wpa81)) (&& (>= net462) (< portable-net45+win8+wpa81)) (&& (>= netstandard1.6) (< netstandard2.0) (>= uap10.0)) (&& (>= netstandard1.6) (< portable-net45+win8+wp8+wpa81)) (&& (>= netstandard1.6) (< portable-net45+win8+wpa81)) (&& (>= netstandard2.0) (< portable-net45+win8+wp8+wpa81)) (&& (>= netstandard2.0) (< portable-net45+win8+wpa81))
      Microsoft.NETCore.Platforms (>= 1.1) - restriction: || (&& (< monoandroid) (< monotouch) (< net45) (>= netstandard1.0) (< win8) (< wp8) (< wpa81) (< xamarinios) (< xamarinmac) (< xamarintvos) (< xamarinwatchos)) (< portable-net45+win8+wp8+wpa81)
      Microsoft.NETCore.Targets (>= 1.1) - restriction: || (&& (< monoandroid) (< monotouch) (< net45) (>= netstandard1.0) (< win8) (< wp8) (< wpa81) (< xamarinios) (< xamarinmac) (< xamarintvos) (< xamarinwatchos)) (< portable-net45+win8+wp8+wpa81)
      System.Globalization (>= 4.3) - restriction: || (&& (< monoandroid) (< monotouch) (< net45) (>= netstandard1.0) (< win8) (< wp8) (< wpa81) (< xamarinios) (< xamarinmac) (< xamarintvos) (< xamarinwatchos)) (< portable-net45+win8+wp8+wpa81)
      System.Reflection (>= 4.3) - restriction: || (&& (< monoandroid) (< monotouch) (< net45) (>= netstandard1.0) (< win8) (< wp8) (< wpa81) (< xamarinios) (< xamarinmac) (< xamarintvos) (< xamarinwatchos)) (< portable-net45+win8+wp8+wpa81)
      System.Runtime (>= 4.3) - restriction: || (&& (< monoandroid) (< monotouch) (< net45) (>= netstandard1.0) (< win8) (< wp8) (< wpa81) (< xamarinios) (< xamarinmac) (< xamarintvos) (< xamarinwatchos)) (< portable-net45+win8+wp8+wpa81)
    System.Resources.Writer (4.3) - restriction: && (< net472) (>= netstandard2.0)
      System.Collections (>= 4.3) - restriction: && (< monoandroid) (< monotouch) (< net46) (>= netstandard1.3) (< xamarinios) (< xamarinmac) (< xamarintvos) (< xamarinwatchos)
      System.IO (>= 4.3) - restriction: && (< monoandroid) (< monotouch) (< net46) (>= netstandard1.3) (< xamarinios) (< xamarinmac) (< xamarintvos) (< xamarinwatchos)
      System.Resources.ResourceManager (>= 4.3) - restriction: && (< monoandroid) (< monotouch) (< net46) (>= netstandard1.3) (< xamarinios) (< xamarinmac) (< xamarintvos) (< xamarinwatchos)
      System.Runtime (>= 4.3) - restriction: && (< monoandroid) (< monotouch) (< net46) (>= netstandard1.3) (< xamarinios) (< xamarinmac) (< xamarintvos) (< xamarinwatchos)
      System.Runtime.Extensions (>= 4.3) - restriction: && (< monoandroid) (< monotouch) (< net46) (>= netstandard1.3) (< xamarinios) (< xamarinmac) (< xamarintvos) (< xamarinwatchos)
      System.Text.Encoding (>= 4.3) - restriction: && (< monoandroid) (< monotouch) (< net46) (>= netstandard1.3) (< xamarinios) (< xamarinmac) (< xamarintvos) (< xamarinwatchos)
    System.Runtime (4.3.1) - restriction: || (&& (< monoandroid) (< monotouch) (< net45) (>= netstandard1.6) (< win8) (< wpa81) (< xamarinios) (< xamarinmac) (< xamarintvos) (< xamarinwatchos)) (&& (< monoandroid) (< monotouch) (< net46) (>= netstandard1.6) (< xamarinios) (< xamarinmac) (< xamarintvos) (< xamarinwatchos)) (&& (< monoandroid) (< net45) (< netstandard1.3) (>= netstandard2.0) (< win8) (< wpa81)) (&& (< monoandroid) (< net45) (>= netstandard2.0) (< win8) (< wpa81) (< xamarinios) (< xamarinmac)) (&& (< monoandroid) (< net462) (>= netstandard2.0) (< xamarinios) (< xamarinmac)) (&& (< monoandroid) (< netstandard1.1) (>= netstandard1.6) (< win8)) (&& (< monoandroid) (< netstandard1.3) (>= netstandard1.6)) (&& (< net45) (>= net46)) (&& (< net45) (< netstandard1.2) (>= netstandard1.6) (< win8)) (&& (< net45) (< netstandard1.3) (>= netstandard1.6) (< win8) (< wpa81)) (&& (< net45) (< netstandard1.4) (>= netstandard1.6) (< win8) (< wpa81)) (&& (< net45) (< netstandard1.5) (>= netstandard1.6) (< win8) (< wpa81)) (&& (< net45) (>= netstandard1.6) (< netstandard2.0) (< win8) (< wpa81)) (&& (>= net46) (< netstandard1.3)) (&& (>= net46) (< portable-net45+win8+wpa81)) (&& (< netstandard1.1) (>= netstandard1.6) (>= uap10.0) (< win8)) (&& (< netstandard1.3) (>= netstandard1.6) (>= uap10.0) (< win8) (< wpa81)) (&& (>= netstandard1.6) (< netstandard2.0) (>= uap10.0)) (&& (>= netstandard1.6) (< portable-net45+win8+wp8+wpa81)) (&& (>= netstandard1.6) (< portable-net45+win8+wpa81)) (&& (>= netstandard2.0) (< portable-net45+win8+wp8+wpa81))
      Microsoft.NETCore.Platforms (>= 1.1.1) - restriction: || (&& (< monoandroid) (< monotouch) (< net45) (>= netstandard1.5) (< win8) (< wpa81) (< xamarinios) (< xamarinmac) (< xamarintvos) (< xamarinwatchos)) (&& (< monoandroid) (< net45) (>= netstandard1.0) (< netstandard1.2) (< win8) (< wp8)) (&& (< monoandroid) (< net45) (>= netstandard1.2) (< netstandard1.3) (< win8) (< wpa81)) (&& (< monoandroid) (< net45) (>= netstandard1.3) (< netstandard1.5) (< win8) (< wpa81)) (< portable-net45+win8+wp8+wpa81)
      Microsoft.NETCore.Targets (>= 1.1.3) - restriction: || (&& (< monoandroid) (< monotouch) (< net45) (>= netstandard1.5) (< win8) (< wpa81) (< xamarinios) (< xamarinmac) (< xamarintvos) (< xamarinwatchos)) (&& (< monoandroid) (< net45) (>= netstandard1.0) (< netstandard1.2) (< win8) (< wp8)) (&& (< monoandroid) (< net45) (>= netstandard1.2) (< netstandard1.3) (< win8) (< wpa81)) (&& (< monoandroid) (< net45) (>= netstandard1.3) (< netstandard1.5) (< win8) (< wpa81)) (< portable-net45+win8+wp8+wpa81)
    System.Runtime.CompilerServices.Unsafe (4.5.2) - restriction: || (&& (< monoandroid) (< netstandard1.0) (>= netstandard2.0) (< win8)) (&& (< monoandroid) (< netstandard1.1) (>= netstandard2.0) (< win8)) (&& (>= monotouch) (>= netstandard2.0)) (&& (>= net45) (>= netstandard2.0)) (>= net46) (&& (>= net461) (>= netstandard2.0)) (>= netcoreapp2.0) (&& (< netstandard1.0) (>= netstandard2.0) (>= win8)) (&& (< netstandard1.1) (>= netstandard2.0) (>= win8)) (&& (>= netstandard2.0) (>= uap10.1)) (&& (>= netstandard2.0) (>= wp8)) (&& (>= netstandard2.0) (< xamarinios)) (&& (>= netstandard2.0) (>= xamarintvos)) (&& (>= netstandard2.0) (>= xamarinwatchos)) (>= xamarinmac)
    System.Runtime.Extensions (4.3.1) - restriction: || (&& (< monoandroid) (< monotouch) (< net45) (>= netstandard1.6) (< win8) (< wpa81) (< xamarinios) (< xamarinmac) (< xamarintvos) (< xamarinwatchos)) (&& (< monoandroid) (< monotouch) (< net46) (>= netstandard1.6) (< xamarinios) (< xamarinmac) (< xamarintvos) (< xamarinwatchos)) (&& (< monoandroid) (< net45) (< netstandard1.6) (>= netstandard2.0) (< win8) (< wpa81)) (&& (< monoandroid) (< net45) (>= netstandard2.0) (< xamarinios) (< xamarinmac)) (&& (< monoandroid) (< netstandard1.3) (>= netstandard1.6)) (&& (< net45) (>= net46)) (&& (< net45) (>= net462) (>= netstandard1.6)) (&& (< net45) (>= net462) (< netstandard1.6)) (&& (< net45) (< netstandard1.2) (>= netstandard1.6) (< win8)) (&& (< net45) (< netstandard1.3) (>= netstandard1.6) (< win8) (< wpa81)) (&& (< net45) (< netstandard1.4) (>= netstandard1.6) (< win8) (< wpa81)) (&& (< net45) (< netstandard1.5) (>= netstandard1.6) (< win8) (< wpa81)) (&& (< net45) (>= netstandard1.6) (< netstandard2.0) (< win8) (< wpa81)) (&& (>= net46) (< netstandard1.3)) (&& (>= net46) (< portable-net45+win8+wpa81)) (&& (>= net462) (< portable-net45+win8+wpa81)) (&& (>= netstandard1.6) (< netstandard2.0) (>= uap10.0)) (&& (>= netstandard1.6) (< portable-net45+win8+wp8+wpa81)) (&& (>= netstandard1.6) (< portable-net45+win8+wpa81)) (&& (>= netstandard2.0) (< portable-net45+win8+wp8+wpa81)) (&& (>= netstandard2.0) (< portable-net45+win8+wpa81))
      Microsoft.NETCore.Platforms (>= 1.1.1) - restriction: || (&& (< monoandroid) (< monotouch) (< net45) (>= netstandard1.5) (< win8) (< wpa81) (< xamarinios) (< xamarinmac) (< xamarintvos) (< xamarinwatchos)) (&& (< monoandroid) (< net45) (>= netstandard1.0) (< netstandard1.3) (< win8) (< wp8) (< wpa81)) (&& (< monoandroid) (< net45) (>= netstandard1.3) (< netstandard1.5) (< win8) (< wpa81)) (< portable-net45+win8+wp8+wpa81)
      Microsoft.NETCore.Targets (>= 1.1.3) - restriction: || (&& (< monoandroid) (< monotouch) (< net45) (>= netstandard1.5) (< win8) (< wpa81) (< xamarinios) (< xamarinmac) (< xamarintvos) (< xamarinwatchos)) (&& (< monoandroid) (< net45) (>= netstandard1.0) (< netstandard1.3) (< win8) (< wp8) (< wpa81)) (&& (< monoandroid) (< net45) (>= netstandard1.3) (< netstandard1.5) (< win8) (< wpa81)) (< portable-net45+win8+wp8+wpa81)
      System.Runtime (>= 4.3.1) - restriction: || (&& (< monoandroid) (< monotouch) (< net45) (>= netstandard1.5) (< win8) (< wpa81) (< xamarinios) (< xamarinmac) (< xamarintvos) (< xamarinwatchos)) (&& (< monoandroid) (< net45) (>= netstandard1.0) (< netstandard1.3) (< win8) (< wp8) (< wpa81)) (&& (< monoandroid) (< net45) (>= netstandard1.3) (< netstandard1.5) (< win8) (< wpa81)) (< portable-net45+win8+wp8+wpa81)
    System.Runtime.Handles (4.3) - restriction: || (&& (< monoandroid) (< monotouch) (< net46) (>= netstandard1.6) (< xamarinios) (< xamarinmac) (< xamarintvos) (< xamarinwatchos)) (&& (< monoandroid) (< net45) (< netstandard1.2) (>= netstandard1.6) (< win8)) (&& (< monoandroid) (< net45) (< netstandard1.3) (>= netstandard1.6) (< win8) (< wpa81)) (&& (< monoandroid) (< net45) (< netstandard1.6) (>= netstandard2.0) (< win8) (< wpa81)) (&& (< monoandroid) (< net45) (>= netstandard2.0) (< xamarinios) (< xamarinmac)) (&& (< net45) (>= net462) (>= netstandard1.6)) (&& (< net45) (>= net462) (< netstandard1.6)) (&& (< net45) (< netstandard1.4) (>= netstandard1.6) (< win8) (< wpa81)) (&& (< net45) (< netstandard1.5) (>= netstandard1.6) (< win8) (< wpa81)) (&& (< net45) (>= netstandard1.6) (< netstandard2.0) (< win8) (< wpa81)) (&& (>= netstandard1.6) (< netstandard2.0) (>= uap10.0)) (&& (>= netstandard1.6) (< portable-net45+win8+wpa81))
      Microsoft.NETCore.Platforms (>= 1.1) - restriction: && (< monoandroid) (< monotouch) (< net46) (>= netstandard1.3) (< xamarinios) (< xamarinmac) (< xamarintvos) (< xamarinwatchos)
      Microsoft.NETCore.Targets (>= 1.1) - restriction: && (< monoandroid) (< monotouch) (< net46) (>= netstandard1.3) (< xamarinios) (< xamarinmac) (< xamarintvos) (< xamarinwatchos)
      System.Runtime (>= 4.3) - restriction: && (< monoandroid) (< monotouch) (< net46) (>= netstandard1.3) (< xamarinios) (< xamarinmac) (< xamarintvos) (< xamarinwatchos)
    System.Runtime.InteropServices (4.3) - restriction: || (&& (< monoandroid) (< monotouch) (< net46) (>= netstandard1.6) (< xamarinios) (< xamarinmac) (< xamarintvos) (< xamarinwatchos)) (&& (< monoandroid) (< net45) (< netstandard1.6) (>= netstandard2.0) (< win8) (< wpa81)) (&& (< monoandroid) (< net45) (>= netstandard2.0) (< xamarinios) (< xamarinmac)) (&& (< net45) (>= net462) (>= netstandard1.6)) (&& (< net45) (>= net462) (< netstandard1.6)) (&& (< net45) (< netstandard1.2) (>= netstandard1.6) (< win8)) (&& (< net45) (< netstandard1.3) (>= netstandard1.6) (< win8) (< wpa81)) (&& (< net45) (< netstandard1.4) (>= netstandard1.6) (< win8) (< wpa81)) (&& (< net45) (< netstandard1.5) (>= netstandard1.6) (< win8) (< wpa81)) (&& (< net45) (>= netstandard1.6) (< netstandard2.0) (< win8) (< wpa81)) (&& (>= net462) (< portable-net45+win8+wpa81)) (&& (>= netstandard1.6) (< netstandard2.0) (>= uap10.0)) (&& (>= netstandard1.6) (< portable-net45+win8+wpa81)) (&& (>= netstandard2.0) (< portable-net45+win8+wpa81))
      Microsoft.NETCore.Platforms (>= 1.1) - restriction: || (&& (< monoandroid) (< monotouch) (< net45) (>= netstandard1.5) (< win8) (< wpa81) (< xamarinios) (< xamarinmac) (< xamarintvos) (< xamarinwatchos)) (&& (< monoandroid) (< net45) (>= netstandard1.1) (< netstandard1.2) (< win8)) (&& (< monoandroid) (< net45) (>= netstandard1.2) (< netstandard1.3) (< win8) (< wpa81)) (&& (< monoandroid) (< net45) (>= netstandard1.3) (< netstandard1.5) (< win8) (< wpa81)) (>= netcoreapp1.1) (< portable-net45+win8+wpa81)
      Microsoft.NETCore.Targets (>= 1.1) - restriction: || (&& (< monoandroid) (< monotouch) (< net45) (>= netstandard1.5) (< win8) (< wpa81) (< xamarinios) (< xamarinmac) (< xamarintvos) (< xamarinwatchos)) (&& (< monoandroid) (< net45) (>= netstandard1.1) (< netstandard1.2) (< win8)) (&& (< monoandroid) (< net45) (>= netstandard1.2) (< netstandard1.3) (< win8) (< wpa81)) (&& (< monoandroid) (< net45) (>= netstandard1.3) (< netstandard1.5) (< win8) (< wpa81)) (>= netcoreapp1.1) (< portable-net45+win8+wpa81)
      System.Reflection (>= 4.3) - restriction: || (&& (< monoandroid) (< monotouch) (< net45) (>= netstandard1.5) (< win8) (< wpa81) (< xamarinios) (< xamarinmac) (< xamarintvos) (< xamarinwatchos)) (&& (< monoandroid) (< net45) (>= netstandard1.1) (< netstandard1.2) (< win8)) (&& (< monoandroid) (< net45) (>= netstandard1.2) (< netstandard1.3) (< win8) (< wpa81)) (&& (< monoandroid) (< net45) (>= netstandard1.3) (< netstandard1.5) (< win8) (< wpa81)) (>= netcoreapp1.1) (< portable-net45+win8+wpa81)
      System.Reflection.Primitives (>= 4.3) - restriction: || (&& (< monoandroid) (< monotouch) (< net45) (>= netstandard1.5) (< win8) (< wpa81) (< xamarinios) (< xamarinmac) (< xamarintvos) (< xamarinwatchos)) (&& (< monoandroid) (< net45) (>= netstandard1.1) (< netstandard1.2) (< win8)) (&& (< monoandroid) (< net45) (>= netstandard1.2) (< netstandard1.3) (< win8) (< wpa81)) (&& (< monoandroid) (< net45) (>= netstandard1.3) (< netstandard1.5) (< win8) (< wpa81)) (>= netcoreapp1.1) (< portable-net45+win8+wpa81)
      System.Runtime (>= 4.3) - restriction: || (&& (< monoandroid) (< monotouch) (< net45) (>= netstandard1.5) (< win8) (< wpa81) (< xamarinios) (< xamarinmac) (< xamarintvos) (< xamarinwatchos)) (&& (< monoandroid) (< net45) (>= netstandard1.1) (< netstandard1.2) (< win8)) (&& (< monoandroid) (< net45) (>= netstandard1.2) (< netstandard1.3) (< win8) (< wpa81)) (&& (< monoandroid) (< net45) (>= netstandard1.3) (< netstandard1.5) (< win8) (< wpa81)) (>= net462) (>= netcoreapp1.1) (< portable-net45+win8+wpa81)
      System.Runtime.Handles (>= 4.3) - restriction: || (&& (< monoandroid) (< monotouch) (< net45) (>= netstandard1.5) (< win8) (< wpa81) (< xamarinios) (< xamarinmac) (< xamarintvos) (< xamarinwatchos)) (&& (< monoandroid) (< net45) (>= netstandard1.3) (< netstandard1.5) (< win8) (< wpa81)) (>= netcoreapp1.1) (< portable-net45+win8+wpa81)
    System.Runtime.InteropServices.RuntimeInformation (4.3) - restriction: || (&& (>= net45) (< netstandard1.3) (>= netstandard1.6)) (&& (< net45) (< netstandard1.2) (>= netstandard1.6) (< win8)) (&& (< net45) (< netstandard1.3) (>= netstandard1.6) (< win8) (< wpa81)) (&& (< net45) (< netstandard1.4) (>= netstandard1.6) (< win8) (< wpa81)) (&& (< net45) (< netstandard1.5) (>= netstandard1.6) (< win8) (< wpa81)) (&& (< net45) (>= netstandard1.6) (< netstandard2.0) (< win8) (< wpa81)) (&& (< netstandard1.0) (>= netstandard1.6) (< portable-net45+win8)) (&& (< netstandard1.0) (>= netstandard1.6) (>= win8)) (&& (< netstandard1.0) (>= netstandard1.6) (< win8)) (&& (< netstandard1.3) (>= netstandard1.6) (< win8) (>= wpa81)) (&& (>= netstandard1.6) (< netstandard2.0) (>= uap10.0))
      runtime.native.System (>= 4.3) - restriction: && (< monoandroid) (< monotouch) (< net45) (>= netstandard1.1) (< win8) (< wpa81) (< xamarinios) (< xamarinmac) (< xamarintvos) (< xamarinwatchos)
      System.Reflection (>= 4.3) - restriction: || (&& (< monoandroid) (< monotouch) (< net45) (>= netstandard1.1) (< win8) (< wpa81) (< xamarinios) (< xamarinmac) (< xamarintvos) (< xamarinwatchos)) (&& (< monoandroid) (< netstandard1.1) (< win8))
      System.Reflection.Extensions (>= 4.3) - restriction: || (&& (< monoandroid) (< monotouch) (< net45) (>= netstandard1.1) (< win8) (< wpa81) (< xamarinios) (< xamarinmac) (< xamarintvos) (< xamarinwatchos)) (&& (< monoandroid) (< netstandard1.1) (< win8))
      System.Resources.ResourceManager (>= 4.3) - restriction: || (&& (< monoandroid) (< monotouch) (< net45) (>= netstandard1.1) (< win8) (< wpa81) (< xamarinios) (< xamarinmac) (< xamarintvos) (< xamarinwatchos)) (&& (< monoandroid) (< netstandard1.1) (< win8))
      System.Runtime (>= 4.3) - restriction: || (&& (< monoandroid) (< monotouch) (< net45) (>= netstandard1.1) (< win8) (< wpa81) (< xamarinios) (< xamarinmac) (< xamarintvos) (< xamarinwatchos)) (&& (< monoandroid) (< netstandard1.1) (< win8))
      System.Runtime.InteropServices (>= 4.3) - restriction: && (< monoandroid) (< monotouch) (< net45) (>= netstandard1.1) (< win8) (< wpa81) (< xamarinios) (< xamarinmac) (< xamarintvos) (< xamarinwatchos)
      System.Threading (>= 4.3) - restriction: || (&& (< monoandroid) (< monotouch) (< net45) (>= netstandard1.1) (< win8) (< wpa81) (< xamarinios) (< xamarinmac) (< xamarintvos) (< xamarinwatchos)) (&& (< monoandroid) (< netstandard1.1) (< win8))
    System.Runtime.InteropServices.WindowsRuntime (4.3) - restriction: && (< net46) (>= netstandard2.0) (< uap10.0)
      System.Runtime (>= 4.3) - restriction: || (&& (< monoandroid) (< monotouch) (< net45) (>= netstandard1.0) (< win8) (< wp8) (< wpa81) (< xamarinios) (< xamarinmac) (< xamarintvos) (< xamarinwatchos)) (< portable-net45+win8+wp8+wpa81)
    System.Runtime.Loader (4.3) - restriction: || (>= net462) (>= netstandard2.0)
      System.IO (>= 4.3) - restriction: && (< monoandroid) (< monotouch) (< net462) (>= netstandard1.5) (< xamarinios) (< xamarinmac) (< xamarintvos) (< xamarinwatchos)
      System.Reflection (>= 4.3) - restriction: && (< monoandroid) (< monotouch) (< net462) (>= netstandard1.5) (< xamarinios) (< xamarinmac) (< xamarintvos) (< xamarinwatchos)
      System.Runtime (>= 4.3) - restriction: && (< monoandroid) (< monotouch) (< net462) (>= netstandard1.5) (< xamarinios) (< xamarinmac) (< xamarintvos) (< xamarinwatchos)
    System.Runtime.Numerics (4.3) - restriction: || (&& (< monoandroid) (>= netstandard2.0) (< xamarinios) (< xamarinmac)) (>= net46) (>= netstandard1.6)
      System.Globalization (>= 4.3) - restriction: || (&& (< monoandroid) (< monotouch) (< net45) (>= netstandard1.3) (< win8) (< wpa81) (< xamarinios) (< xamarinmac) (< xamarintvos) (< xamarinwatchos)) (< portable-net45+win8+wpa81)
      System.Resources.ResourceManager (>= 4.3) - restriction: || (&& (< monoandroid) (< monotouch) (< net45) (>= netstandard1.3) (< win8) (< wpa81) (< xamarinios) (< xamarinmac) (< xamarintvos) (< xamarinwatchos)) (< portable-net45+win8+wpa81)
      System.Runtime (>= 4.3) - restriction: || (&& (< monoandroid) (< monotouch) (< net45) (>= netstandard1.3) (< win8) (< wpa81) (< xamarinios) (< xamarinmac) (< xamarintvos) (< xamarinwatchos)) (&& (< monoandroid) (< net45) (>= netstandard1.1) (< netstandard1.3) (< win8) (< wpa81)) (< portable-net45+win8+wpa81)
      System.Runtime.Extensions (>= 4.3) - restriction: || (&& (< monoandroid) (< monotouch) (< net45) (>= netstandard1.3) (< win8) (< wpa81) (< xamarinios) (< xamarinmac) (< xamarintvos) (< xamarinwatchos)) (< portable-net45+win8+wpa81)
    System.Runtime.Serialization.Primitives (4.3) - restriction: && (< net472) (>= netstandard2.0)
      System.Resources.ResourceManager (>= 4.3) - restriction: || (&& (< monoandroid) (< monotouch) (< net45) (>= netstandard1.3) (< win8) (< wpa81) (< xamarinios) (< xamarinmac) (< xamarintvos) (< xamarinwatchos)) (< portable-net45+win8+wp8+wpa81)
      System.Runtime (>= 4.3) - restriction: || (&& (< monoandroid) (< monotouch) (< net45) (>= netstandard1.3) (< win8) (< wpa81) (< xamarinios) (< xamarinmac) (< xamarintvos) (< xamarinwatchos)) (&& (< monoandroid) (< net45) (>= netstandard1.0) (< netstandard1.3) (< win8) (< wp8) (< wpa81)) (< portable-net45+win8+wp8+wpa81)
    System.Security.AccessControl (4.5) - restriction: >= netcoreapp2.1
      Microsoft.NETCore.Platforms (>= 2.0) - restriction: >= netcoreapp2.0
      System.Security.Principal.Windows (>= 4.5) - restriction: || (&& (< net46) (>= netstandard2.0)) (>= net461) (>= netcoreapp2.0)
    System.Security.Cryptography.Algorithms (4.3.1) - restriction: || (&& (< monoandroid) (< net45) (< netstandard1.3) (>= netstandard1.6) (< win8) (< wpa81)) (&& (< monoandroid) (< net45) (>= netstandard2.0) (< xamarinios) (< xamarinmac)) (&& (< net45) (>= net46) (< netstandard1.4) (>= netstandard1.6)) (&& (< net45) (>= net461) (< netstandard1.4) (>= netstandard1.6)) (&& (< net45) (>= net461) (< netstandard1.5) (>= netstandard1.6)) (&& (< net45) (>= net461) (>= netstandard1.6) (< netstandard2.0)) (&& (< net45) (>= net462) (>= netstandard1.6)) (&& (< net45) (< netstandard1.4) (>= netstandard1.6) (< win8) (< wpa81)) (&& (< net45) (< netstandard1.5) (>= netstandard1.6) (< win8) (< wpa81)) (&& (< net45) (>= netstandard1.6) (< netstandard2.0) (< win8) (< wpa81)) (&& (< net461) (>= netstandard2.0)) (&& (< netstandard1.3) (>= netstandard1.6) (>= uap10.0)) (&& (< netstandard1.4) (>= netstandard1.6) (>= uap10.0)) (&& (>= netstandard1.6) (< netstandard2.0) (>= uap10.0))
      Microsoft.NETCore.Platforms (>= 1.1) - restriction: || (&& (< monoandroid) (< monotouch) (< net46) (>= netstandard1.6) (< xamarinios) (< xamarinmac) (< xamarintvos) (< xamarinwatchos)) (&& (< monoandroid) (< netstandard1.3))
      runtime.native.System.Security.Cryptography.Apple (>= 4.3.1) - restriction: && (< monoandroid) (< monotouch) (< net46) (>= netstandard1.6) (< xamarinios) (< xamarinmac) (< xamarintvos) (< xamarinwatchos)
      runtime.native.System.Security.Cryptography.OpenSsl (>= 4.3.2) - restriction: && (< monoandroid) (< monotouch) (< net46) (>= netstandard1.6) (< xamarinios) (< xamarinmac) (< xamarintvos) (< xamarinwatchos)
      System.Collections (>= 4.3) - restriction: && (< monoandroid) (< monotouch) (< net46) (>= netstandard1.6) (< xamarinios) (< xamarinmac) (< xamarintvos) (< xamarinwatchos)
      System.IO (>= 4.3) - restriction: || (&& (< monoandroid) (< monotouch) (< net46) (>= netstandard1.6) (< xamarinios) (< xamarinmac) (< xamarintvos) (< xamarinwatchos)) (&& (< monoandroid) (< net46) (>= netstandard1.3) (< netstandard1.4)) (&& (< monoandroid) (< net46) (>= netstandard1.4) (< netstandard1.6)) (&& (< monoandroid) (< netstandard1.3)) (>= net463)
      System.Resources.ResourceManager (>= 4.3) - restriction: || (&& (< monoandroid) (< monotouch) (< net46) (>= netstandard1.6) (< xamarinios) (< xamarinmac) (< xamarintvos) (< xamarinwatchos)) (&& (< monoandroid) (< netstandard1.3))
      System.Runtime (>= 4.3) - restriction: || (&& (< monoandroid) (< monotouch) (< net46) (>= netstandard1.6) (< xamarinios) (< xamarinmac) (< xamarintvos) (< xamarinwatchos)) (&& (< monoandroid) (< net46) (>= netstandard1.3) (< netstandard1.4)) (&& (< monoandroid) (< net46) (>= netstandard1.4) (< netstandard1.6)) (&& (< monoandroid) (< netstandard1.3)) (>= net463)
      System.Runtime.Extensions (>= 4.3) - restriction: || (&& (< monoandroid) (< monotouch) (< net46) (>= netstandard1.6) (< xamarinios) (< xamarinmac) (< xamarintvos) (< xamarinwatchos)) (&& (< monoandroid) (< netstandard1.3))
      System.Runtime.Handles (>= 4.3) - restriction: || (&& (< monoandroid) (< monotouch) (< net46) (>= netstandard1.6) (< xamarinios) (< xamarinmac) (< xamarintvos) (< xamarinwatchos)) (&& (< monoandroid) (< netstandard1.3))
      System.Runtime.InteropServices (>= 4.3) - restriction: || (&& (< monoandroid) (< monotouch) (< net46) (>= netstandard1.6) (< xamarinios) (< xamarinmac) (< xamarintvos) (< xamarinwatchos)) (&& (< monoandroid) (< netstandard1.3))
      System.Runtime.Numerics (>= 4.3) - restriction: && (< monoandroid) (< monotouch) (< net46) (>= netstandard1.6) (< xamarinios) (< xamarinmac) (< xamarintvos) (< xamarinwatchos)
      System.Security.Cryptography.Encoding (>= 4.3) - restriction: || (&& (< monoandroid) (< monotouch) (< net46) (>= netstandard1.6) (< xamarinios) (< xamarinmac) (< xamarintvos) (< xamarinwatchos)) (&& (< monoandroid) (< netstandard1.3)) (>= net463)
      System.Security.Cryptography.Primitives (>= 4.3) - restriction: || (&& (< monoandroid) (< monotouch) (< net46) (>= netstandard1.6) (< xamarinios) (< xamarinmac) (< xamarintvos) (< xamarinwatchos)) (&& (< monoandroid) (< net46) (>= netstandard1.3) (< netstandard1.4)) (&& (< monoandroid) (< net46) (>= netstandard1.4) (< netstandard1.6)) (&& (< monoandroid) (< netstandard1.3)) (&& (>= net46) (< netstandard1.4)) (&& (>= net461) (< netstandard1.6)) (>= net463)
      System.Text.Encoding (>= 4.3) - restriction: || (&& (< monoandroid) (< monotouch) (< net46) (>= netstandard1.6) (< xamarinios) (< xamarinmac) (< xamarintvos) (< xamarinwatchos)) (&& (< monoandroid) (< netstandard1.3))
    System.Security.Cryptography.Cng (4.5) - restriction: || (&& (< monoandroid) (< monotouch) (< net45) (>= netstandard1.6) (< netstandard2.0) (< win8) (< wpa81) (< xamarintvos) (< xamarinwatchos)) (&& (< monoandroid) (< net45) (< netstandard1.3) (>= netstandard1.6) (< win8) (< wpa81)) (&& (< monoandroid) (< net45) (< netstandard1.4) (>= netstandard1.6) (< win8) (< wpa81)) (&& (< monoandroid) (< net45) (< netstandard1.5) (>= netstandard1.6) (< win8) (< wpa81)) (&& (< netstandard1.3) (>= netstandard1.6) (>= uap10.0)) (&& (>= netstandard1.6) (< netstandard2.0) (>= uap10.0))
      System.IO (>= 4.3) - restriction: || (&& (< monoandroid) (< net46) (>= netstandard1.3) (< netstandard1.4)) (&& (< monoandroid) (< net46) (>= netstandard1.4) (< netstandard1.6) (< uap10.1)) (&& (< monotouch) (< net46) (>= netstandard1.6) (< netstandard2.0) (< xamarintvos) (< xamarinwatchos))
      System.Resources.ResourceManager (>= 4.3) - restriction: || (&& (< monoandroid) (< net46) (>= netstandard1.3) (< netstandard1.4)) (&& (< monoandroid) (< net46) (>= netstandard1.4) (< netstandard1.6) (< uap10.1)) (&& (< monotouch) (< net46) (>= netstandard1.6) (< netstandard2.0) (< xamarintvos) (< xamarinwatchos))
      System.Runtime (>= 4.3) - restriction: || (&& (< monoandroid) (< net46) (>= netstandard1.3) (< netstandard1.4)) (&& (< monoandroid) (< net46) (>= netstandard1.4) (< netstandard1.6) (< uap10.1)) (&& (< monotouch) (< net46) (>= netstandard1.6) (< netstandard2.0) (< xamarintvos) (< xamarinwatchos))
      System.Runtime.Extensions (>= 4.3) - restriction: || (&& (< monoandroid) (< net46) (>= netstandard1.4) (< netstandard1.6) (< uap10.1)) (&& (< monotouch) (< net46) (>= netstandard1.6) (< netstandard2.0) (< xamarintvos) (< xamarinwatchos))
      System.Runtime.Handles (>= 4.3) - restriction: || (&& (< monoandroid) (< net46) (>= netstandard1.3) (< netstandard1.4)) (&& (< monoandroid) (< net46) (>= netstandard1.4) (< netstandard1.6) (< uap10.1)) (&& (< monotouch) (< net46) (>= netstandard1.6) (< netstandard2.0) (< xamarintvos) (< xamarinwatchos))
      System.Runtime.InteropServices (>= 4.3) - restriction: || (&& (< monoandroid) (< net46) (>= netstandard1.3) (< netstandard1.4)) (&& (< monoandroid) (< net46) (>= netstandard1.4) (< netstandard1.6) (< uap10.1)) (&& (< monotouch) (< net46) (>= netstandard1.6) (< netstandard2.0) (< xamarintvos) (< xamarinwatchos))
      System.Security.Cryptography.Algorithms (>= 4.3) - restriction: || (&& (< monoandroid) (< net46) (>= netstandard1.3) (< netstandard1.4)) (&& (< monoandroid) (< net46) (>= netstandard1.4) (< netstandard1.6) (< uap10.1)) (&& (< monotouch) (< net46) (>= netstandard1.6) (< netstandard2.0) (< xamarintvos) (< xamarinwatchos)) (&& (>= net46) (< netstandard1.4))
      System.Security.Cryptography.Encoding (>= 4.3) - restriction: || (&& (< monoandroid) (< net46) (>= netstandard1.4) (< netstandard1.6) (< uap10.1)) (&& (< monotouch) (< net46) (>= netstandard1.6) (< netstandard2.0) (< xamarintvos) (< xamarinwatchos))
      System.Security.Cryptography.Primitives (>= 4.3) - restriction: || (&& (< monoandroid) (< net46) (>= netstandard1.3) (< netstandard1.4)) (&& (< monoandroid) (< net46) (>= netstandard1.4) (< netstandard1.6) (< uap10.1)) (&& (< monotouch) (< net46) (>= netstandard1.6) (< netstandard2.0) (< xamarintvos) (< xamarinwatchos)) (&& (>= net46) (< netstandard1.4))
      System.Text.Encoding (>= 4.3) - restriction: || (&& (< monoandroid) (< net46) (>= netstandard1.4) (< netstandard1.6) (< uap10.1)) (&& (< monotouch) (< net46) (>= netstandard1.6) (< netstandard2.0) (< xamarintvos) (< xamarinwatchos))
    System.Security.Cryptography.Csp (4.3) - restriction: || (&& (< monoandroid) (< monotouch) (< net45) (>= netstandard1.6) (< netstandard2.0) (< win8) (< wpa81) (< xamarintvos) (< xamarinwatchos)) (&& (< monoandroid) (< net45) (< netstandard1.4) (>= netstandard1.6) (< win8) (< wpa81)) (&& (< monoandroid) (< net45) (< netstandard1.5) (>= netstandard1.6) (< win8) (< wpa81)) (&& (>= netstandard1.6) (< netstandard2.0) (>= uap10.0))
      Microsoft.NETCore.Platforms (>= 1.1) - restriction: && (< monoandroid) (< monotouch) (< net46) (>= netstandard1.3) (< xamarinios) (< xamarinmac) (< xamarintvos) (< xamarinwatchos)
      System.IO (>= 4.3) - restriction: && (< monoandroid) (< monotouch) (< net46) (>= netstandard1.3) (< xamarinios) (< xamarinmac) (< xamarintvos) (< xamarinwatchos)
      System.Reflection (>= 4.3) - restriction: && (< monoandroid) (< monotouch) (< net46) (>= netstandard1.3) (< xamarinios) (< xamarinmac) (< xamarintvos) (< xamarinwatchos)
      System.Resources.ResourceManager (>= 4.3) - restriction: && (< monoandroid) (< monotouch) (< net46) (>= netstandard1.3) (< xamarinios) (< xamarinmac) (< xamarintvos) (< xamarinwatchos)
      System.Runtime (>= 4.3) - restriction: && (< monoandroid) (< monotouch) (< net46) (>= netstandard1.3) (< xamarinios) (< xamarinmac) (< xamarintvos) (< xamarinwatchos)
      System.Runtime.Extensions (>= 4.3) - restriction: && (< monoandroid) (< monotouch) (< net46) (>= netstandard1.3) (< xamarinios) (< xamarinmac) (< xamarintvos) (< xamarinwatchos)
      System.Runtime.Handles (>= 4.3) - restriction: && (< monoandroid) (< monotouch) (< net46) (>= netstandard1.3) (< xamarinios) (< xamarinmac) (< xamarintvos) (< xamarinwatchos)
      System.Runtime.InteropServices (>= 4.3) - restriction: && (< monoandroid) (< monotouch) (< net46) (>= netstandard1.3) (< xamarinios) (< xamarinmac) (< xamarintvos) (< xamarinwatchos)
      System.Security.Cryptography.Algorithms (>= 4.3) - restriction: || (&& (< monoandroid) (< monotouch) (>= netstandard1.3) (< xamarinios) (< xamarinmac) (< xamarintvos) (< xamarinwatchos)) (>= net46)
      System.Security.Cryptography.Encoding (>= 4.3) - restriction: && (< monoandroid) (< monotouch) (< net46) (>= netstandard1.3) (< xamarinios) (< xamarinmac) (< xamarintvos) (< xamarinwatchos)
      System.Security.Cryptography.Primitives (>= 4.3) - restriction: || (&& (< monoandroid) (< monotouch) (>= netstandard1.3) (< xamarinios) (< xamarinmac) (< xamarintvos) (< xamarinwatchos)) (>= net46)
      System.Text.Encoding (>= 4.3) - restriction: && (< monoandroid) (< monotouch) (< net46) (>= netstandard1.3) (< xamarinios) (< xamarinmac) (< xamarintvos) (< xamarinwatchos)
      System.Threading (>= 4.3) - restriction: && (< monoandroid) (< monotouch) (< net46) (>= netstandard1.3) (< xamarinios) (< xamarinmac) (< xamarintvos) (< xamarinwatchos)
    System.Security.Cryptography.Encoding (4.3) - restriction: || (&& (< monoandroid) (< net45) (< netstandard1.3) (>= netstandard1.6) (< win8) (< wpa81)) (&& (< monoandroid) (< net45) (< netstandard1.6) (>= netstandard2.0) (< win8) (< wpa81)) (&& (< monoandroid) (< net45) (>= netstandard2.0) (< xamarinios) (< xamarinmac)) (&& (< net45) (>= net46) (< netstandard1.4) (>= netstandard1.6)) (&& (< net45) (>= net461) (< netstandard1.4) (>= netstandard1.6)) (&& (< net45) (>= net461) (< netstandard1.5) (>= netstandard1.6)) (&& (< net45) (>= net461) (>= netstandard1.6) (< netstandard2.0)) (&& (< net45) (>= net462) (>= netstandard1.6)) (&& (< net45) (>= net462) (< netstandard1.6)) (&& (< net45) (< netstandard1.4) (>= netstandard1.6) (< win8) (< wpa81)) (&& (< net45) (< netstandard1.5) (>= netstandard1.6) (< win8) (< wpa81)) (&& (< net45) (>= netstandard1.6) (< netstandard2.0) (< win8) (< wpa81)) (&& (< netstandard1.3) (>= netstandard1.6) (>= uap10.0)) (&& (< netstandard1.4) (>= netstandard1.6) (>= uap10.0)) (&& (>= netstandard1.6) (< netstandard2.0) (>= uap10.0))
      Microsoft.NETCore.Platforms (>= 1.1) - restriction: && (< monoandroid) (< monotouch) (< net46) (>= netstandard1.3) (< xamarinios) (< xamarinmac) (< xamarintvos) (< xamarinwatchos)
      runtime.native.System.Security.Cryptography.OpenSsl (>= 4.3) - restriction: && (< monoandroid) (< monotouch) (< net46) (>= netstandard1.3) (< xamarinios) (< xamarinmac) (< xamarintvos) (< xamarinwatchos)
      System.Collections (>= 4.3) - restriction: && (< monoandroid) (< monotouch) (< net46) (>= netstandard1.3) (< xamarinios) (< xamarinmac) (< xamarintvos) (< xamarinwatchos)
      System.Collections.Concurrent (>= 4.3) - restriction: && (< monoandroid) (< monotouch) (< net46) (>= netstandard1.3) (< xamarinios) (< xamarinmac) (< xamarintvos) (< xamarinwatchos)
      System.Linq (>= 4.3) - restriction: && (< monoandroid) (< monotouch) (< net46) (>= netstandard1.3) (< xamarinios) (< xamarinmac) (< xamarintvos) (< xamarinwatchos)
      System.Resources.ResourceManager (>= 4.3) - restriction: && (< monoandroid) (< monotouch) (< net46) (>= netstandard1.3) (< xamarinios) (< xamarinmac) (< xamarintvos) (< xamarinwatchos)
      System.Runtime (>= 4.3) - restriction: && (< monoandroid) (< monotouch) (< net46) (>= netstandard1.3) (< xamarinios) (< xamarinmac) (< xamarintvos) (< xamarinwatchos)
      System.Runtime.Extensions (>= 4.3) - restriction: && (< monoandroid) (< monotouch) (< net46) (>= netstandard1.3) (< xamarinios) (< xamarinmac) (< xamarintvos) (< xamarinwatchos)
      System.Runtime.Handles (>= 4.3) - restriction: && (< monoandroid) (< monotouch) (< net46) (>= netstandard1.3) (< xamarinios) (< xamarinmac) (< xamarintvos) (< xamarinwatchos)
      System.Runtime.InteropServices (>= 4.3) - restriction: && (< monoandroid) (< monotouch) (< net46) (>= netstandard1.3) (< xamarinios) (< xamarinmac) (< xamarintvos) (< xamarinwatchos)
      System.Security.Cryptography.Primitives (>= 4.3) - restriction: && (< monoandroid) (< monotouch) (< net46) (>= netstandard1.3) (< xamarinios) (< xamarinmac) (< xamarintvos) (< xamarinwatchos)
      System.Text.Encoding (>= 4.3) - restriction: && (< monoandroid) (< monotouch) (< net46) (>= netstandard1.3) (< xamarinios) (< xamarinmac) (< xamarintvos) (< xamarinwatchos)
    System.Security.Cryptography.OpenSsl (4.5.1) - restriction: || (&& (< monoandroid) (< monotouch) (< net45) (>= netstandard1.6) (< netstandard2.0) (< win8) (< wpa81) (< xamarintvos) (< xamarinwatchos)) (&& (< monoandroid) (< net45) (< netstandard1.4) (>= netstandard1.6) (< win8) (< wpa81)) (&& (< monoandroid) (< net45) (< netstandard1.5) (>= netstandard1.6) (< win8) (< wpa81)) (&& (< monoandroid) (< net45) (>= netstandard2.0) (< xamarinios) (< xamarinmac)) (&& (< net45) (>= net462) (>= netstandard1.6)) (&& (>= netstandard1.6) (< netstandard2.0) (>= uap10.0))
      Microsoft.NETCore.Platforms (>= 2.1.2) - restriction: && (>= netcoreapp2.0) (< netcoreapp2.1)
    System.Security.Cryptography.Primitives (4.3) - restriction: || (&& (< monoandroid) (< net45) (>= netstandard2.0) (< xamarinios) (< xamarinmac)) (&& (< net45) (>= net462) (>= netstandard1.6)) (&& (< net45) (< netstandard1.4) (>= netstandard1.6) (< win8) (< wpa81)) (&& (< net45) (< netstandard1.5) (>= netstandard1.6) (< win8) (< wpa81)) (&& (< net45) (>= netstandard1.6) (< netstandard2.0) (< win8) (< wpa81)) (&& (>= netstandard1.6) (< netstandard2.0) (>= uap10.0))
      System.Diagnostics.Debug (>= 4.3) - restriction: && (< monoandroid) (< monotouch) (< net46) (>= netstandard1.3) (< xamarinios) (< xamarinmac) (< xamarintvos) (< xamarinwatchos)
      System.Globalization (>= 4.3) - restriction: && (< monoandroid) (< monotouch) (< net46) (>= netstandard1.3) (< xamarinios) (< xamarinmac) (< xamarintvos) (< xamarinwatchos)
      System.IO (>= 4.3) - restriction: && (< monoandroid) (< monotouch) (< net46) (>= netstandard1.3) (< xamarinios) (< xamarinmac) (< xamarintvos) (< xamarinwatchos)
      System.Resources.ResourceManager (>= 4.3) - restriction: && (< monoandroid) (< monotouch) (< net46) (>= netstandard1.3) (< xamarinios) (< xamarinmac) (< xamarintvos) (< xamarinwatchos)
      System.Runtime (>= 4.3) - restriction: && (< monoandroid) (< monotouch) (< net46) (>= netstandard1.3) (< xamarinios) (< xamarinmac) (< xamarintvos) (< xamarinwatchos)
      System.Threading (>= 4.3) - restriction: && (< monoandroid) (< monotouch) (< net46) (>= netstandard1.3) (< xamarinios) (< xamarinmac) (< xamarintvos) (< xamarinwatchos)
      System.Threading.Tasks (>= 4.3) - restriction: && (< monoandroid) (< monotouch) (< net46) (>= netstandard1.3) (< xamarinios) (< xamarinmac) (< xamarintvos) (< xamarinwatchos)
    System.Security.Cryptography.ProtectedData (4.5) - restriction: && (< net472) (>= netstandard2.0)
      System.Memory (>= 4.5) - restriction: && (< net46) (< netcoreapp2.1) (>= netstandard2.0) (< xamarinios)
    System.Security.Cryptography.X509Certificates (4.3.2) - restriction: || (&& (< monoandroid) (< net45) (< netstandard1.6) (>= netstandard2.0) (< win8) (< wpa81)) (&& (< monoandroid) (< net45) (>= netstandard2.0) (< xamarinios) (< xamarinmac)) (&& (< net45) (< netstandard1.4) (>= netstandard1.6) (< win8) (< wpa81)) (&& (< net45) (< netstandard1.5) (>= netstandard1.6) (< win8) (< wpa81)) (&& (< net45) (>= netstandard1.6) (< netstandard2.0) (< win8) (< wpa81)) (&& (>= net46) (>= netstandard2.0)) (>= net462) (&& (>= netstandard1.6) (< netstandard2.0) (>= uap10.0)) (&& (>= netstandard2.0) (< portable-net45+win8+wpa81))
      Microsoft.NETCore.Platforms (>= 1.1) - restriction: || (&& (< monoandroid) (< monotouch) (< net46) (>= netstandard1.6) (< xamarinios) (< xamarinmac) (< xamarintvos) (< xamarinwatchos)) (&& (< monoandroid) (< netstandard1.3))
      runtime.native.System (>= 4.3) - restriction: && (< monoandroid) (< monotouch) (< net46) (>= netstandard1.6) (< xamarinios) (< xamarinmac) (< xamarintvos) (< xamarinwatchos)
      runtime.native.System.Net.Http (>= 4.3) - restriction: && (< monoandroid) (< monotouch) (< net46) (>= netstandard1.6) (< xamarinios) (< xamarinmac) (< xamarintvos) (< xamarinwatchos)
      runtime.native.System.Security.Cryptography.OpenSsl (>= 4.3.2) - restriction: && (< monoandroid) (< monotouch) (< net46) (>= netstandard1.6) (< xamarinios) (< xamarinmac) (< xamarintvos) (< xamarinwatchos)
      System.Collections (>= 4.3) - restriction: || (&& (< monoandroid) (< monotouch) (< net46) (>= netstandard1.6) (< xamarinios) (< xamarinmac) (< xamarintvos) (< xamarinwatchos)) (&& (< monoandroid) (< netstandard1.3))
      System.Diagnostics.Debug (>= 4.3) - restriction: && (< monoandroid) (< monotouch) (< net46) (>= netstandard1.6) (< xamarinios) (< xamarinmac) (< xamarintvos) (< xamarinwatchos)
      System.Globalization (>= 4.3) - restriction: || (&& (< monoandroid) (< monotouch) (< net46) (>= netstandard1.6) (< xamarinios) (< xamarinmac) (< xamarintvos) (< xamarinwatchos)) (&& (< monoandroid) (< netstandard1.3))
      System.Globalization.Calendars (>= 4.3) - restriction: || (&& (< monoandroid) (< monotouch) (< net46) (>= netstandard1.6) (< xamarinios) (< xamarinmac) (< xamarintvos) (< xamarinwatchos)) (&& (< monoandroid) (< netstandard1.3))
      System.IO (>= 4.3) - restriction: || (&& (< monoandroid) (< monotouch) (< net46) (>= netstandard1.6) (< xamarinios) (< xamarinmac) (< xamarintvos) (< xamarinwatchos)) (&& (< monoandroid) (< netstandard1.3))
      System.IO.FileSystem (>= 4.3) - restriction: || (&& (< monoandroid) (< monotouch) (< net46) (>= netstandard1.6) (< xamarinios) (< xamarinmac) (< xamarintvos) (< xamarinwatchos)) (&& (< monoandroid) (< netstandard1.3))
      System.IO.FileSystem.Primitives (>= 4.3) - restriction: && (< monoandroid) (< monotouch) (< net46) (>= netstandard1.6) (< xamarinios) (< xamarinmac) (< xamarintvos) (< xamarinwatchos)
      System.Resources.ResourceManager (>= 4.3) - restriction: || (&& (< monoandroid) (< monotouch) (< net46) (>= netstandard1.6) (< xamarinios) (< xamarinmac) (< xamarintvos) (< xamarinwatchos)) (&& (< monoandroid) (< netstandard1.3))
      System.Runtime (>= 4.3) - restriction: || (&& (< monoandroid) (< monotouch) (< net46) (>= netstandard1.6) (< xamarinios) (< xamarinmac) (< xamarintvos) (< xamarinwatchos)) (&& (< monoandroid) (< net46) (>= netstandard1.3) (< netstandard1.4)) (&& (< monoandroid) (< net46) (>= netstandard1.4) (< netstandard1.6)) (&& (< monoandroid) (< netstandard1.3))
      System.Runtime.Extensions (>= 4.3) - restriction: || (&& (< monoandroid) (< monotouch) (< net46) (>= netstandard1.6) (< xamarinios) (< xamarinmac) (< xamarintvos) (< xamarinwatchos)) (&& (< monoandroid) (< netstandard1.3))
      System.Runtime.Handles (>= 4.3) - restriction: || (&& (< monoandroid) (< monotouch) (< net46) (>= netstandard1.6) (< xamarinios) (< xamarinmac) (< xamarintvos) (< xamarinwatchos)) (&& (< monoandroid) (< net46) (>= netstandard1.3) (< netstandard1.4)) (&& (< monoandroid) (< net46) (>= netstandard1.4) (< netstandard1.6)) (&& (< monoandroid) (< netstandard1.3))
      System.Runtime.InteropServices (>= 4.3) - restriction: || (&& (< monoandroid) (< monotouch) (< net46) (>= netstandard1.6) (< xamarinios) (< xamarinmac) (< xamarintvos) (< xamarinwatchos)) (&& (< monoandroid) (< netstandard1.3))
      System.Runtime.Numerics (>= 4.3) - restriction: || (&& (< monoandroid) (< monotouch) (< net46) (>= netstandard1.6) (< xamarinios) (< xamarinmac) (< xamarintvos) (< xamarinwatchos)) (&& (< monoandroid) (< netstandard1.3))
      System.Security.Cryptography.Algorithms (>= 4.3) - restriction: || (&& (< monoandroid) (< monotouch) (< net46) (>= netstandard1.6) (< xamarinios) (< xamarinmac) (< xamarintvos) (< xamarinwatchos)) (&& (< monoandroid) (< net46) (>= netstandard1.3) (< netstandard1.4)) (&& (< monoandroid) (< net46) (>= netstandard1.4) (< netstandard1.6)) (&& (< monoandroid) (< netstandard1.3)) (&& (>= net46) (< netstandard1.4)) (>= net461)
      System.Security.Cryptography.Cng (>= 4.3) - restriction: || (&& (< monoandroid) (< monotouch) (< net46) (>= netstandard1.6) (< xamarinios) (< xamarinmac) (< xamarintvos) (< xamarinwatchos)) (&& (< monoandroid) (< netstandard1.3))
      System.Security.Cryptography.Csp (>= 4.3) - restriction: && (< monoandroid) (< monotouch) (< net46) (>= netstandard1.6) (< xamarinios) (< xamarinmac) (< xamarintvos) (< xamarinwatchos)
      System.Security.Cryptography.Encoding (>= 4.3) - restriction: || (&& (< monoandroid) (< monotouch) (< net46) (>= netstandard1.6) (< xamarinios) (< xamarinmac) (< xamarintvos) (< xamarinwatchos)) (&& (< monoandroid) (< net46) (>= netstandard1.3) (< netstandard1.4)) (&& (< monoandroid) (< net46) (>= netstandard1.4) (< netstandard1.6)) (&& (< monoandroid) (< netstandard1.3)) (&& (>= net46) (< netstandard1.4)) (>= net461)
      System.Security.Cryptography.OpenSsl (>= 4.3) - restriction: && (< monoandroid) (< monotouch) (< net46) (>= netstandard1.6) (< xamarinios) (< xamarinmac) (< xamarintvos) (< xamarinwatchos)
      System.Security.Cryptography.Primitives (>= 4.3) - restriction: || (&& (< monoandroid) (< monotouch) (< net46) (>= netstandard1.6) (< xamarinios) (< xamarinmac) (< xamarintvos) (< xamarinwatchos)) (&& (< monoandroid) (< netstandard1.3))
      System.Text.Encoding (>= 4.3) - restriction: || (&& (< monoandroid) (< monotouch) (< net46) (>= netstandard1.6) (< xamarinios) (< xamarinmac) (< xamarintvos) (< xamarinwatchos)) (&& (< monoandroid) (< netstandard1.3))
      System.Threading (>= 4.3) - restriction: || (&& (< monoandroid) (< monotouch) (< net46) (>= netstandard1.6) (< xamarinios) (< xamarinmac) (< xamarintvos) (< xamarinwatchos)) (&& (< monoandroid) (< netstandard1.3))
    System.Security.Principal.Windows (4.5.1) - restriction: >= netcoreapp2.1
      Microsoft.NETCore.Platforms (>= 2.0) - restriction: >= netcoreapp2.0
    System.Text.Encoding (4.3) - restriction: || (&& (< monoandroid) (< monotouch) (< net46) (>= netstandard1.6) (< xamarinios) (< xamarinmac) (< xamarintvos) (< xamarinwatchos)) (&& (< monoandroid) (< net45) (< netstandard1.3) (>= netstandard2.0) (< win8) (< wpa81)) (&& (< monoandroid) (< net45) (< netstandard1.6) (>= netstandard2.0) (< win8) (< wpa81)) (&& (< monoandroid) (< net45) (>= netstandard2.0) (< xamarinios) (< xamarinmac)) (&& (< net45) (>= net462) (< netstandard1.3)) (&& (< net45) (>= net462) (>= netstandard1.6)) (&& (< net45) (>= net462) (< netstandard1.6)) (&& (< net45) (< netstandard1.2) (>= netstandard1.6) (< win8)) (&& (< net45) (< netstandard1.3) (>= netstandard1.6) (< win8) (< wpa81)) (&& (< net45) (< netstandard1.4) (>= netstandard1.6) (< win8) (< wpa81)) (&& (< net45) (< netstandard1.5) (>= netstandard1.6) (< win8) (< wpa81)) (&& (< net45) (>= netstandard1.6) (< netstandard2.0) (< win8) (< wpa81)) (&& (>= net462) (< portable-net45+win8+wpa81)) (&& (>= netstandard1.6) (< netstandard2.0) (>= uap10.0)) (&& (>= netstandard1.6) (< portable-net45+win8+wpa81)) (&& (>= netstandard2.0) (< portable-net45+win8+wpa81))
      Microsoft.NETCore.Platforms (>= 1.1) - restriction: || (&& (< monoandroid) (< monotouch) (< net45) (>= netstandard1.3) (< win8) (< wpa81) (< xamarinios) (< xamarinmac) (< xamarintvos) (< xamarinwatchos)) (&& (< monoandroid) (< net45) (>= netstandard1.0) (< netstandard1.3) (< win8) (< wp8) (< wpa81)) (< portable-net45+win8+wp8+wpa81)
      Microsoft.NETCore.Targets (>= 1.1) - restriction: || (&& (< monoandroid) (< monotouch) (< net45) (>= netstandard1.3) (< win8) (< wpa81) (< xamarinios) (< xamarinmac) (< xamarintvos) (< xamarinwatchos)) (&& (< monoandroid) (< net45) (>= netstandard1.0) (< netstandard1.3) (< win8) (< wp8) (< wpa81)) (< portable-net45+win8+wp8+wpa81)
      System.Runtime (>= 4.3) - restriction: || (&& (< monoandroid) (< monotouch) (< net45) (>= netstandard1.3) (< win8) (< wpa81) (< xamarinios) (< xamarinmac) (< xamarintvos) (< xamarinwatchos)) (&& (< monoandroid) (< net45) (>= netstandard1.0) (< netstandard1.3) (< win8) (< wp8) (< wpa81)) (< portable-net45+win8+wp8+wpa81)
    System.Text.Encoding.CodePages (4.5.1) - restriction: || (&& (< net472) (>= netstandard2.0)) (>= netcoreapp2.1)
      Microsoft.NETCore.Platforms (>= 2.1.2) - restriction: >= netcoreapp2.0
      System.Runtime.CompilerServices.Unsafe (>= 4.5.2) - restriction: || (&& (< net46) (>= netstandard2.0) (< xamarinios)) (>= net461) (>= netcoreapp2.0)
    System.Text.Encoding.Extensions (4.3) - restriction: || (&& (< monoandroid) (< net46) (>= netstandard2.0) (< xamarinios) (< xamarinmac)) (&& (< net45) (< netstandard1.2) (>= netstandard1.6) (< win8)) (&& (< net45) (< netstandard1.3) (>= netstandard1.6) (< win8) (< wpa81)) (&& (< net45) (< netstandard1.4) (>= netstandard1.6) (< win8) (< wpa81)) (&& (< net45) (< netstandard1.5) (>= netstandard1.6) (< win8) (< wpa81)) (&& (< net45) (>= netstandard1.6) (< netstandard2.0) (< win8) (< wpa81)) (&& (>= netstandard1.6) (< netstandard2.0) (>= uap10.0)) (&& (>= netstandard1.6) (< portable-net45+win8+wp8+wpa81)) (&& (>= netstandard1.6) (< portable-net45+win8+wpa81))
      Microsoft.NETCore.Platforms (>= 1.1) - restriction: || (&& (< monoandroid) (< monotouch) (< net45) (>= netstandard1.3) (< win8) (< wpa81) (< xamarinios) (< xamarinmac) (< xamarintvos) (< xamarinwatchos)) (&& (< monoandroid) (< net45) (>= netstandard1.0) (< netstandard1.3) (< win8) (< wp8) (< wpa81)) (< portable-net45+win8+wp8+wpa81)
      Microsoft.NETCore.Targets (>= 1.1) - restriction: || (&& (< monoandroid) (< monotouch) (< net45) (>= netstandard1.3) (< win8) (< wpa81) (< xamarinios) (< xamarinmac) (< xamarintvos) (< xamarinwatchos)) (&& (< monoandroid) (< net45) (>= netstandard1.0) (< netstandard1.3) (< win8) (< wp8) (< wpa81)) (< portable-net45+win8+wp8+wpa81)
      System.Runtime (>= 4.3) - restriction: || (&& (< monoandroid) (< monotouch) (< net45) (>= netstandard1.3) (< win8) (< wpa81) (< xamarinios) (< xamarinmac) (< xamarintvos) (< xamarinwatchos)) (&& (< monoandroid) (< net45) (>= netstandard1.0) (< netstandard1.3) (< win8) (< wp8) (< wpa81)) (< portable-net45+win8+wp8+wpa81)
      System.Text.Encoding (>= 4.3) - restriction: || (&& (< monoandroid) (< monotouch) (< net45) (>= netstandard1.3) (< win8) (< wpa81) (< xamarinios) (< xamarinmac) (< xamarintvos) (< xamarinwatchos)) (&& (< monoandroid) (< net45) (>= netstandard1.0) (< netstandard1.3) (< win8) (< wp8) (< wpa81)) (< portable-net45+win8+wp8+wpa81)
    System.Text.RegularExpressions (4.3.1) - restriction: || (&& (< net45) (< netstandard1.2) (>= netstandard1.6) (< win8)) (&& (< net45) (< netstandard1.3) (>= netstandard1.6) (< win8) (< wpa81)) (&& (< net45) (< netstandard1.4) (>= netstandard1.6) (< win8) (< wpa81)) (&& (< net45) (< netstandard1.5) (>= netstandard1.6) (< win8) (< wpa81)) (&& (< net45) (>= netstandard1.6) (< netstandard2.0) (< win8) (< wpa81)) (&& (>= netstandard1.6) (< netstandard2.0) (>= uap10.0)) (&& (>= netstandard1.6) (< portable-net45+win8+wp8+wpa81)) (&& (>= netstandard1.6) (< portable-net45+win8+wpa81))
      System.Collections (>= 4.3) - restriction: || (&& (< monoandroid) (< monotouch) (< net45) (< netcoreapp1.1) (>= netstandard1.6) (< xamarinios) (< xamarinmac) (< xamarintvos) (< xamarinwatchos)) (< portable-net45+win8+wp8+wpa81)
      System.Globalization (>= 4.3) - restriction: || (&& (< monoandroid) (< monotouch) (< net45) (< netcoreapp1.1) (>= netstandard1.6) (< xamarinios) (< xamarinmac) (< xamarintvos) (< xamarinwatchos)) (< portable-net45+win8+wp8+wpa81)
      System.Resources.ResourceManager (>= 4.3) - restriction: || (&& (< monoandroid) (< monotouch) (< net45) (< netcoreapp1.1) (>= netstandard1.6) (< xamarinios) (< xamarinmac) (< xamarintvos) (< xamarinwatchos)) (< portable-net45+win8+wp8+wpa81)
      System.Runtime (>= 4.3.1) - restriction: || (&& (< monoandroid) (< monotouch) (< net45) (>= netstandard1.6) (< xamarinios) (< xamarinmac) (< xamarintvos) (< xamarinwatchos)) (&& (< monoandroid) (< net45) (>= netstandard1.0) (< netstandard1.3) (< win8) (< wp8) (< wpa81)) (&& (< monoandroid) (< net45) (>= netstandard1.3) (< netstandard1.6) (< win8) (< wpa81)) (>= netcoreapp1.1) (< portable-net45+win8+wp8+wpa81)
      System.Runtime.Extensions (>= 4.3.1) - restriction: || (&& (< monoandroid) (< monotouch) (< net45) (< netcoreapp1.1) (>= netstandard1.6) (< xamarinios) (< xamarinmac) (< xamarintvos) (< xamarinwatchos)) (< portable-net45+win8+wp8+wpa81)
      System.Threading (>= 4.3) - restriction: || (&& (< monoandroid) (< monotouch) (< net45) (< netcoreapp1.1) (>= netstandard1.6) (< xamarinios) (< xamarinmac) (< xamarintvos) (< xamarinwatchos)) (< portable-net45+win8+wp8+wpa81)
    System.Threading (4.3) - restriction: || (&& (< monoandroid) (< monotouch) (< net46) (>= netstandard1.6) (< xamarinios) (< xamarinmac) (< xamarintvos) (< xamarinwatchos)) (&& (< monoandroid) (< net45) (< netstandard1.6) (>= netstandard2.0) (< win8) (< wpa81)) (&& (< monoandroid) (< net45) (>= netstandard2.0) (< xamarinios) (< xamarinmac)) (&& (< net45) (>= net462) (>= netstandard1.6)) (&& (< net45) (>= net462) (< netstandard1.6)) (&& (< net45) (< netstandard1.2) (>= netstandard1.6) (< win8)) (&& (< net45) (< netstandard1.3) (>= netstandard1.6) (< win8) (< wpa81)) (&& (< net45) (< netstandard1.4) (>= netstandard1.6) (< win8) (< wpa81)) (&& (< net45) (< netstandard1.5) (>= netstandard1.6) (< win8) (< wpa81)) (&& (< net45) (>= netstandard1.6) (< netstandard2.0) (< win8) (< wpa81)) (&& (>= net462) (< portable-net45+win8+wpa81)) (&& (>= netstandard1.6) (< netstandard2.0) (>= uap10.0)) (&& (>= netstandard1.6) (< portable-net45+win8+wp8+wpa81)) (&& (>= netstandard1.6) (< portable-net45+win8+wpa81)) (&& (>= netstandard2.0) (< portable-net45+win8+wp8+wpa81)) (&& (>= netstandard2.0) (< portable-net45+win8+wpa81))
      System.Runtime (>= 4.3) - restriction: || (&& (< monoandroid) (< monotouch) (< net45) (>= netstandard1.3) (< win8) (< wpa81) (< xamarinios) (< xamarinmac) (< xamarintvos) (< xamarinwatchos)) (&& (< monoandroid) (< net45) (>= netstandard1.0) (< netstandard1.3) (< win8) (< wp8) (< wpa81)) (< portable-net45+win8+wp8+wpa81)
      System.Threading.Tasks (>= 4.3) - restriction: || (&& (< monoandroid) (< monotouch) (< net45) (>= netstandard1.3) (< win8) (< wpa81) (< xamarinios) (< xamarinmac) (< xamarintvos) (< xamarinwatchos)) (&& (< monoandroid) (< net45) (>= netstandard1.0) (< netstandard1.3) (< win8) (< wp8) (< wpa81)) (< portable-net45+win8+wp8+wpa81)
    System.Threading.Overlapped (4.3) - restriction: && (< monoandroid) (< monotouch) (< net46) (>= netstandard1.6) (< xamarinios) (< xamarinmac) (< xamarintvos) (< xamarinwatchos)
      Microsoft.NETCore.Platforms (>= 1.1) - restriction: || (&& (< net46) (>= netstandard1.3)) (< netstandard1.3)
      System.Resources.ResourceManager (>= 4.3) - restriction: || (&& (< net46) (>= netstandard1.3)) (< netstandard1.3)
      System.Runtime (>= 4.3) - restriction: || (&& (< net46) (>= netstandard1.3)) (< netstandard1.3)
      System.Runtime.Handles (>= 4.3) - restriction: || (&& (< net46) (>= netstandard1.3)) (< netstandard1.3)
    System.Threading.Tasks (4.3) - restriction: || (&& (< monoandroid) (< monotouch) (< net46) (>= netstandard1.6) (< xamarinios) (< xamarinmac) (< xamarintvos) (< xamarinwatchos)) (&& (< monoandroid) (< net45) (< netstandard1.3) (>= netstandard2.0) (< win8) (< wpa81)) (&& (< monoandroid) (< net45) (< netstandard1.6) (>= netstandard2.0) (< win8) (< wpa81)) (&& (< monoandroid) (< net45) (>= netstandard2.0) (< xamarinios) (< xamarinmac)) (&& (< net45) (>= net462) (< netstandard1.3)) (&& (< net45) (>= net462) (>= netstandard1.6)) (&& (< net45) (>= net462) (< netstandard1.6)) (&& (< net45) (< netstandard1.2) (>= netstandard1.6) (< win8)) (&& (< net45) (< netstandard1.3) (>= netstandard1.6) (< win8) (< wpa81)) (&& (< net45) (< netstandard1.4) (>= netstandard1.6) (< win8) (< wpa81)) (&& (< net45) (< netstandard1.5) (>= netstandard1.6) (< win8) (< wpa81)) (&& (< net45) (>= netstandard1.6) (< netstandard2.0) (< win8) (< wpa81)) (&& (>= net462) (< portable-net45+win8+wpa81)) (&& (< netstandard1.3) (>= netstandard1.6) (>= uap10.0) (< win8) (< wpa81)) (&& (>= netstandard1.6) (< netstandard2.0) (>= uap10.0)) (&& (>= netstandard1.6) (< portable-net45+win8+wpa81)) (&& (>= netstandard2.0) (< portable-net45+win8+wpa81))
      Microsoft.NETCore.Platforms (>= 1.1) - restriction: || (&& (< monoandroid) (< monotouch) (< net45) (>= netstandard1.3) (< win8) (< wpa81) (< xamarinios) (< xamarinmac) (< xamarintvos) (< xamarinwatchos)) (&& (< monoandroid) (< net45) (>= netstandard1.0) (< netstandard1.3) (< win8) (< wp8) (< wpa81)) (< portable-net45+win8+wp8+wpa81)
      Microsoft.NETCore.Targets (>= 1.1) - restriction: || (&& (< monoandroid) (< monotouch) (< net45) (>= netstandard1.3) (< win8) (< wpa81) (< xamarinios) (< xamarinmac) (< xamarintvos) (< xamarinwatchos)) (&& (< monoandroid) (< net45) (>= netstandard1.0) (< netstandard1.3) (< win8) (< wp8) (< wpa81)) (< portable-net45+win8+wp8+wpa81)
      System.Runtime (>= 4.3) - restriction: || (&& (< monoandroid) (< monotouch) (< net45) (>= netstandard1.3) (< win8) (< wpa81) (< xamarinios) (< xamarinmac) (< xamarintvos) (< xamarinwatchos)) (&& (< monoandroid) (< net45) (>= netstandard1.0) (< netstandard1.3) (< win8) (< wp8) (< wpa81)) (< portable-net45+win8+wp8+wpa81)
    System.Threading.Tasks.Dataflow (4.9) - restriction: >= netstandard2.0
    System.Threading.Tasks.Extensions (4.5.2) - restriction: || (&& (< monoandroid) (< monotouch) (< net45) (>= netstandard1.6) (< win8) (< wpa81) (< xamarintvos) (< xamarinwatchos)) (&& (< monoandroid) (< net45) (< netstandard1.2) (>= netstandard1.6) (< win8)) (&& (< monoandroid) (< net45) (< netstandard1.3) (>= netstandard1.6) (< win8) (< wpa81)) (&& (< monoandroid) (< net45) (< netstandard1.4) (>= netstandard1.6) (< win8) (< wpa81)) (&& (< monoandroid) (< net45) (< netstandard1.5) (>= netstandard1.6) (< win8) (< wpa81)) (>= net46) (&& (>= netstandard1.6) (< portable-net45+win8+wp8+wpa81)) (&& (>= netstandard1.6) (< portable-net45+win8+wpa81)) (&& (>= netstandard1.6) (>= uap10.0) (< win8) (< wpa81)) (>= netstandard2.0)
      System.Runtime.CompilerServices.Unsafe (>= 4.5.2) - restriction: || (&& (< monoandroid) (< monotouch) (>= netstandard1.0) (< netstandard2.0) (< win8) (< wpa81) (< xamarintvos) (< xamarinwatchos)) (&& (< monoandroid) (< netstandard1.0) (>= portable-net45+win8+wp8+wpa81) (< win8)) (>= net45) (&& (< netcoreapp2.1) (>= netstandard2.0) (< xamarinios)) (&& (< netstandard1.0) (>= win8)) (&& (< netstandard2.0) (>= wpa81)) (>= wp8)
    System.Threading.Thread (4.3) - restriction: || (&& (< monoandroid) (< monotouch) (< net46) (>= netstandard1.6) (< xamarinios) (< xamarinmac) (< xamarintvos) (< xamarinwatchos)) (&& (< monoandroid) (< net46) (>= netstandard2.0) (< xamarinios) (< xamarinmac)) (&& (< net472) (>= netstandard2.0))
      System.Runtime (>= 4.3) - restriction: && (< monoandroid) (< monotouch) (< net46) (>= netstandard1.3) (< xamarinios) (< xamarinmac) (< xamarintvos) (< xamarinwatchos)
    System.Threading.ThreadPool (4.3) - restriction: && (< monoandroid) (< net46) (>= netstandard2.0) (< xamarinios) (< xamarinmac)
      System.Runtime (>= 4.3) - restriction: && (< monoandroid) (< monotouch) (< net46) (>= netstandard1.3) (< xamarinios) (< xamarinmac) (< xamarintvos) (< xamarinwatchos)
      System.Runtime.Handles (>= 4.3) - restriction: && (< monoandroid) (< monotouch) (< net46) (>= netstandard1.3) (< xamarinios) (< xamarinmac) (< xamarintvos) (< xamarinwatchos)
    System.Threading.Timer (4.3) - restriction: || (&& (< net45) (< netstandard1.3) (>= netstandard1.6) (< win8) (< wpa81)) (&& (< net45) (< netstandard1.4) (>= netstandard1.6) (< win8) (< wpa81)) (&& (< net45) (< netstandard1.5) (>= netstandard1.6) (< win8) (< wpa81)) (&& (< net45) (>= netstandard1.6) (< netstandard2.0) (< win8) (< wpa81)) (&& (>= netstandard1.6) (< netstandard2.0) (>= uap10.0))
      Microsoft.NETCore.Platforms (>= 1.1) - restriction: || (&& (< monoandroid) (< monotouch) (< net451) (>= netstandard1.2) (< win81) (< wpa81) (< xamarinios) (< xamarinmac) (< xamarintvos) (< xamarinwatchos)) (< portable-net451+win81+wpa81)
      Microsoft.NETCore.Targets (>= 1.1) - restriction: || (&& (< monoandroid) (< monotouch) (< net451) (>= netstandard1.2) (< win81) (< wpa81) (< xamarinios) (< xamarinmac) (< xamarintvos) (< xamarinwatchos)) (< portable-net451+win81+wpa81)
      System.Runtime (>= 4.3) - restriction: || (&& (< monoandroid) (< monotouch) (< net451) (>= netstandard1.2) (< win81) (< wpa81) (< xamarinios) (< xamarinmac) (< xamarintvos) (< xamarinwatchos)) (< portable-net451+win81+wpa81)
    System.ValueTuple (4.5) - restriction: || (>= net46) (&& (>= net461) (>= netstandard2.0)) (&& (>= netstandard2.0) (>= uap10.0))
    System.Xml.ReaderWriter (4.3.1) - restriction: || (&& (< net45) (< netstandard1.2) (>= netstandard1.6) (< win8)) (&& (< net45) (>= netstandard1.6) (< win8) (< wpa81)) (>= net462) (&& (>= netstandard1.6) (< portable-net45+win8+wp8+wpa81)) (&& (>= netstandard1.6) (< portable-net45+win8+wpa81)) (&& (>= netstandard1.6) (>= uap10.0)) (>= netstandard2.0)
      System.Collections (>= 4.3) - restriction: || (&& (< monoandroid) (< monotouch) (< net45) (>= netstandard1.3) (< win8) (< wpa81) (< xamarinios) (< xamarinmac) (< xamarintvos) (< xamarinwatchos)) (< portable-net45+win8+wp8+wpa81)
      System.Diagnostics.Debug (>= 4.3) - restriction: || (&& (< monoandroid) (< monotouch) (< net45) (>= netstandard1.3) (< win8) (< wpa81) (< xamarinios) (< xamarinmac) (< xamarintvos) (< xamarinwatchos)) (< portable-net45+win8+wp8+wpa81)
      System.Globalization (>= 4.3) - restriction: || (&& (< monoandroid) (< monotouch) (< net45) (>= netstandard1.3) (< win8) (< wpa81) (< xamarinios) (< xamarinmac) (< xamarintvos) (< xamarinwatchos)) (< portable-net45+win8+wp8+wpa81)
      System.IO (>= 4.3) - restriction: || (&& (< monoandroid) (< monotouch) (< net45) (>= netstandard1.3) (< win8) (< wpa81) (< xamarinios) (< xamarinmac) (< xamarintvos) (< xamarinwatchos)) (&& (< monoandroid) (< net45) (>= netstandard1.0) (< netstandard1.3) (< win8) (< wp8) (< wpa81)) (< portable-net45+win8+wp8+wpa81)
      System.IO.FileSystem (>= 4.3) - restriction: || (&& (< monoandroid) (< monotouch) (< net45) (>= netstandard1.3) (< win8) (< wpa81) (< xamarinios) (< xamarinmac) (< xamarintvos) (< xamarinwatchos)) (< portable-net45+win8+wp8+wpa81)
      System.IO.FileSystem.Primitives (>= 4.3) - restriction: || (&& (< monoandroid) (< monotouch) (< net45) (>= netstandard1.3) (< win8) (< wpa81) (< xamarinios) (< xamarinmac) (< xamarintvos) (< xamarinwatchos)) (< portable-net45+win8+wp8+wpa81)
      System.Resources.ResourceManager (>= 4.3) - restriction: || (&& (< monoandroid) (< monotouch) (< net45) (>= netstandard1.3) (< win8) (< wpa81) (< xamarinios) (< xamarinmac) (< xamarintvos) (< xamarinwatchos)) (< portable-net45+win8+wp8+wpa81)
      System.Runtime (>= 4.3) - restriction: || (&& (< monoandroid) (< monotouch) (< net45) (>= netstandard1.3) (< win8) (< wpa81) (< xamarinios) (< xamarinmac) (< xamarintvos) (< xamarinwatchos)) (&& (< monoandroid) (< net45) (>= netstandard1.0) (< netstandard1.3) (< win8) (< wp8) (< wpa81)) (< portable-net45+win8+wp8+wpa81)
      System.Runtime.Extensions (>= 4.3) - restriction: || (&& (< monoandroid) (< monotouch) (< net45) (>= netstandard1.3) (< win8) (< wpa81) (< xamarinios) (< xamarinmac) (< xamarintvos) (< xamarinwatchos)) (< portable-net45+win8+wp8+wpa81)
      System.Runtime.InteropServices (>= 4.3) - restriction: || (&& (< monoandroid) (< monotouch) (< net45) (>= netstandard1.3) (< win8) (< wpa81) (< xamarinios) (< xamarinmac) (< xamarintvos) (< xamarinwatchos)) (< portable-net45+win8+wp8+wpa81)
      System.Text.Encoding (>= 4.3) - restriction: || (&& (< monoandroid) (< monotouch) (< net45) (>= netstandard1.3) (< win8) (< wpa81) (< xamarinios) (< xamarinmac) (< xamarintvos) (< xamarinwatchos)) (&& (< monoandroid) (< net45) (>= netstandard1.0) (< netstandard1.3) (< win8) (< wp8) (< wpa81)) (< portable-net45+win8+wp8+wpa81)
      System.Text.Encoding.Extensions (>= 4.3) - restriction: || (&& (< monoandroid) (< monotouch) (< net45) (>= netstandard1.3) (< win8) (< wpa81) (< xamarinios) (< xamarinmac) (< xamarintvos) (< xamarinwatchos)) (< portable-net45+win8+wp8+wpa81)
      System.Text.RegularExpressions (>= 4.3) - restriction: || (&& (< monoandroid) (< monotouch) (< net45) (>= netstandard1.3) (< win8) (< wpa81) (< xamarinios) (< xamarinmac) (< xamarintvos) (< xamarinwatchos)) (< portable-net45+win8+wp8+wpa81)
      System.Threading.Tasks (>= 4.3) - restriction: || (&& (< monoandroid) (< monotouch) (< net45) (>= netstandard1.3) (< win8) (< wpa81) (< xamarinios) (< xamarinmac) (< xamarintvos) (< xamarinwatchos)) (&& (< monoandroid) (< net45) (>= netstandard1.0) (< netstandard1.3) (< win8) (< wp8) (< wpa81)) (< portable-net45+win8+wp8+wpa81)
      System.Threading.Tasks.Extensions (>= 4.3) - restriction: || (&& (< monoandroid) (< monotouch) (< net45) (>= netstandard1.3) (< win8) (< wpa81) (< xamarinios) (< xamarinmac) (< xamarintvos) (< xamarinwatchos)) (< portable-net45+win8+wp8+wpa81)
    System.Xml.XDocument (4.3) - restriction: || (&& (< net45) (< netstandard1.2) (>= netstandard1.6) (< win8)) (&& (< net45) (< netstandard1.3) (>= netstandard1.6) (< win8) (< wpa81)) (&& (< net45) (< netstandard1.4) (>= netstandard1.6) (< win8) (< wpa81)) (&& (< net45) (< netstandard1.5) (>= netstandard1.6) (< win8) (< wpa81)) (&& (< net45) (>= netstandard1.6) (< netstandard2.0) (< win8) (< wpa81)) (&& (< net46) (>= net462)) (&& (< net46) (>= netstandard2.0)) (&& (>= netstandard1.6) (< netstandard2.0) (>= uap10.0)) (&& (>= netstandard1.6) (< portable-net45+win8+wpa81))
      System.Collections (>= 4.3) - restriction: || (&& (< monoandroid) (< monotouch) (< net45) (>= netstandard1.3) (< win8) (< wpa81) (< xamarinios) (< xamarinmac) (< xamarintvos) (< xamarinwatchos)) (< portable-net45+win8+wp8+wpa81)
      System.Diagnostics.Debug (>= 4.3) - restriction: || (&& (< monoandroid) (< monotouch) (< net45) (>= netstandard1.3) (< win8) (< wpa81) (< xamarinios) (< xamarinmac) (< xamarintvos) (< xamarinwatchos)) (< portable-net45+win8+wp8+wpa81)
      System.Diagnostics.Tools (>= 4.3) - restriction: || (&& (< monoandroid) (< monotouch) (< net45) (>= netstandard1.3) (< win8) (< wpa81) (< xamarinios) (< xamarinmac) (< xamarintvos) (< xamarinwatchos)) (< portable-net45+win8+wp8+wpa81)
      System.Globalization (>= 4.3) - restriction: || (&& (< monoandroid) (< monotouch) (< net45) (>= netstandard1.3) (< win8) (< wpa81) (< xamarinios) (< xamarinmac) (< xamarintvos) (< xamarinwatchos)) (< portable-net45+win8+wp8+wpa81)
      System.IO (>= 4.3) - restriction: || (&& (< monoandroid) (< monotouch) (< net45) (>= netstandard1.3) (< win8) (< wpa81) (< xamarinios) (< xamarinmac) (< xamarintvos) (< xamarinwatchos)) (&& (< monoandroid) (< net45) (>= netstandard1.0) (< netstandard1.3) (< win8) (< wp8) (< wpa81)) (< portable-net45+win8+wp8+wpa81)
      System.Reflection (>= 4.3) - restriction: || (&& (< monoandroid) (< monotouch) (< net45) (>= netstandard1.3) (< win8) (< wpa81) (< xamarinios) (< xamarinmac) (< xamarintvos) (< xamarinwatchos)) (< portable-net45+win8+wp8+wpa81)
      System.Resources.ResourceManager (>= 4.3) - restriction: || (&& (< monoandroid) (< monotouch) (< net45) (>= netstandard1.3) (< win8) (< wpa81) (< xamarinios) (< xamarinmac) (< xamarintvos) (< xamarinwatchos)) (< portable-net45+win8+wp8+wpa81)
      System.Runtime (>= 4.3) - restriction: || (&& (< monoandroid) (< monotouch) (< net45) (>= netstandard1.3) (< win8) (< wpa81) (< xamarinios) (< xamarinmac) (< xamarintvos) (< xamarinwatchos)) (&& (< monoandroid) (< net45) (>= netstandard1.0) (< netstandard1.3) (< win8) (< wp8) (< wpa81)) (< portable-net45+win8+wp8+wpa81)
      System.Runtime.Extensions (>= 4.3) - restriction: || (&& (< monoandroid) (< monotouch) (< net45) (>= netstandard1.3) (< win8) (< wpa81) (< xamarinios) (< xamarinmac) (< xamarintvos) (< xamarinwatchos)) (< portable-net45+win8+wp8+wpa81)
      System.Text.Encoding (>= 4.3) - restriction: || (&& (< monoandroid) (< monotouch) (< net45) (>= netstandard1.3) (< win8) (< wpa81) (< xamarinios) (< xamarinmac) (< xamarintvos) (< xamarinwatchos)) (< portable-net45+win8+wp8+wpa81)
      System.Threading (>= 4.3) - restriction: || (&& (< monoandroid) (< monotouch) (< net45) (>= netstandard1.3) (< win8) (< wpa81) (< xamarinios) (< xamarinmac) (< xamarintvos) (< xamarinwatchos)) (< portable-net45+win8+wp8+wpa81)
      System.Xml.ReaderWriter (>= 4.3) - restriction: || (&& (< monoandroid) (< monotouch) (< net45) (>= netstandard1.3) (< win8) (< wpa81) (< xamarinios) (< xamarinmac) (< xamarintvos) (< xamarinwatchos)) (&& (< monoandroid) (< net45) (>= netstandard1.0) (< netstandard1.3) (< win8) (< wp8) (< wpa81)) (< portable-net45+win8+wp8+wpa81)
    System.Xml.XmlDocument (4.3) - restriction: || (&& (< monoandroid) (>= netstandard2.0) (< xamarinios) (< xamarinmac)) (&& (>= net46) (>= netstandard2.0)) (>= net462)
      System.Collections (>= 4.3) - restriction: && (< monoandroid) (< monotouch) (< net46) (>= netstandard1.3) (< xamarinios) (< xamarinmac) (< xamarintvos) (< xamarinwatchos)
      System.Diagnostics.Debug (>= 4.3) - restriction: && (< monoandroid) (< monotouch) (< net46) (>= netstandard1.3) (< xamarinios) (< xamarinmac) (< xamarintvos) (< xamarinwatchos)
      System.Globalization (>= 4.3) - restriction: && (< monoandroid) (< monotouch) (< net46) (>= netstandard1.3) (< xamarinios) (< xamarinmac) (< xamarintvos) (< xamarinwatchos)
      System.IO (>= 4.3) - restriction: && (< monoandroid) (< monotouch) (< net46) (>= netstandard1.3) (< xamarinios) (< xamarinmac) (< xamarintvos) (< xamarinwatchos)
      System.Resources.ResourceManager (>= 4.3) - restriction: && (< monoandroid) (< monotouch) (< net46) (>= netstandard1.3) (< xamarinios) (< xamarinmac) (< xamarintvos) (< xamarinwatchos)
      System.Runtime (>= 4.3) - restriction: && (< monoandroid) (< monotouch) (< net46) (>= netstandard1.3) (< xamarinios) (< xamarinmac) (< xamarintvos) (< xamarinwatchos)
      System.Runtime.Extensions (>= 4.3) - restriction: && (< monoandroid) (< monotouch) (< net46) (>= netstandard1.3) (< xamarinios) (< xamarinmac) (< xamarintvos) (< xamarinwatchos)
      System.Text.Encoding (>= 4.3) - restriction: && (< monoandroid) (< monotouch) (< net46) (>= netstandard1.3) (< xamarinios) (< xamarinmac) (< xamarintvos) (< xamarinwatchos)
      System.Threading (>= 4.3) - restriction: && (< monoandroid) (< monotouch) (< net46) (>= netstandard1.3) (< xamarinios) (< xamarinmac) (< xamarintvos) (< xamarinwatchos)
      System.Xml.ReaderWriter (>= 4.3) - restriction: && (< monoandroid) (< monotouch) (< net46) (>= netstandard1.3) (< xamarinios) (< xamarinmac) (< xamarintvos) (< xamarinwatchos)
    System.Xml.XPath (4.3) - restriction: || (>= net462) (>= netstandard2.0)
      System.Collections (>= 4.3) - restriction: && (< monoandroid) (< monotouch) (< net46) (>= netstandard1.3) (< xamarinios) (< xamarinmac) (< xamarintvos) (< xamarinwatchos)
      System.Diagnostics.Debug (>= 4.3) - restriction: && (< monoandroid) (< monotouch) (< net46) (>= netstandard1.3) (< xamarinios) (< xamarinmac) (< xamarintvos) (< xamarinwatchos)
      System.Globalization (>= 4.3) - restriction: && (< monoandroid) (< monotouch) (< net46) (>= netstandard1.3) (< xamarinios) (< xamarinmac) (< xamarintvos) (< xamarinwatchos)
      System.IO (>= 4.3) - restriction: && (< monoandroid) (< monotouch) (< net46) (>= netstandard1.3) (< xamarinios) (< xamarinmac) (< xamarintvos) (< xamarinwatchos)
      System.Resources.ResourceManager (>= 4.3) - restriction: && (< monoandroid) (< monotouch) (< net46) (>= netstandard1.3) (< xamarinios) (< xamarinmac) (< xamarintvos) (< xamarinwatchos)
      System.Runtime (>= 4.3) - restriction: && (< monoandroid) (< monotouch) (< net46) (>= netstandard1.3) (< xamarinios) (< xamarinmac) (< xamarintvos) (< xamarinwatchos)
      System.Runtime.Extensions (>= 4.3) - restriction: && (< monoandroid) (< monotouch) (< net46) (>= netstandard1.3) (< xamarinios) (< xamarinmac) (< xamarintvos) (< xamarinwatchos)
      System.Threading (>= 4.3) - restriction: && (< monoandroid) (< monotouch) (< net46) (>= netstandard1.3) (< xamarinios) (< xamarinmac) (< xamarintvos) (< xamarinwatchos)
      System.Xml.ReaderWriter (>= 4.3) - restriction: && (< monoandroid) (< monotouch) (< net46) (>= netstandard1.3) (< xamarinios) (< xamarinmac) (< xamarintvos) (< xamarinwatchos)
    System.Xml.XPath.XDocument (4.3) - restriction: || (>= net462) (>= netstandard2.0)
      System.Diagnostics.Debug (>= 4.3) - restriction: && (< monoandroid) (< monotouch) (< net46) (>= netstandard1.3) (< xamarinios) (< xamarinmac) (< xamarintvos) (< xamarinwatchos)
      System.Linq (>= 4.3) - restriction: && (< monoandroid) (< monotouch) (< net46) (>= netstandard1.3) (< xamarinios) (< xamarinmac) (< xamarintvos) (< xamarinwatchos)
      System.Resources.ResourceManager (>= 4.3) - restriction: && (< monoandroid) (< monotouch) (< net46) (>= netstandard1.3) (< xamarinios) (< xamarinmac) (< xamarintvos) (< xamarinwatchos)
      System.Runtime (>= 4.3) - restriction: && (< monoandroid) (< monotouch) (< net46) (>= netstandard1.3) (< xamarinios) (< xamarinmac) (< xamarintvos) (< xamarinwatchos)
      System.Runtime.Extensions (>= 4.3) - restriction: && (< monoandroid) (< monotouch) (< net46) (>= netstandard1.3) (< xamarinios) (< xamarinmac) (< xamarintvos) (< xamarinwatchos)
      System.Threading (>= 4.3) - restriction: && (< monoandroid) (< monotouch) (< net46) (>= netstandard1.3) (< xamarinios) (< xamarinmac) (< xamarintvos) (< xamarinwatchos)
      System.Xml.ReaderWriter (>= 4.3) - restriction: && (< monoandroid) (< monotouch) (< net46) (>= netstandard1.3) (< xamarinios) (< xamarinmac) (< xamarintvos) (< xamarinwatchos)
      System.Xml.XDocument (>= 4.3) - restriction: && (< monoandroid) (< monotouch) (< net46) (>= netstandard1.3) (< xamarinios) (< xamarinmac) (< xamarintvos) (< xamarinwatchos)
      System.Xml.XPath (>= 4.3) - restriction: || (&& (< monoandroid) (< monotouch) (>= netstandard1.3) (< xamarinios) (< xamarinmac) (< xamarintvos) (< xamarinwatchos)) (>= net46)
    System.Xml.XPath.XmlDocument (4.3) - restriction: || (>= net462) (>= netstandard2.0)
      System.Collections (>= 4.3) - restriction: && (< monoandroid) (< monotouch) (< net46) (>= netstandard1.3) (< xamarinios) (< xamarinmac) (< xamarintvos) (< xamarinwatchos)
      System.Globalization (>= 4.3) - restriction: && (< monoandroid) (< monotouch) (< net46) (>= netstandard1.3) (< xamarinios) (< xamarinmac) (< xamarintvos) (< xamarinwatchos)
      System.IO (>= 4.3) - restriction: && (< monoandroid) (< monotouch) (< net46) (>= netstandard1.3) (< xamarinios) (< xamarinmac) (< xamarintvos) (< xamarinwatchos)
      System.Resources.ResourceManager (>= 4.3) - restriction: && (< monoandroid) (< monotouch) (< net46) (>= netstandard1.3) (< xamarinios) (< xamarinmac) (< xamarintvos) (< xamarinwatchos)
      System.Runtime (>= 4.3) - restriction: && (< monoandroid) (< monotouch) (< net46) (>= netstandard1.3) (< xamarinios) (< xamarinmac) (< xamarintvos) (< xamarinwatchos)
      System.Runtime.Extensions (>= 4.3) - restriction: && (< monoandroid) (< monotouch) (< net46) (>= netstandard1.3) (< xamarinios) (< xamarinmac) (< xamarintvos) (< xamarinwatchos)
      System.Threading (>= 4.3) - restriction: && (< monoandroid) (< monotouch) (< net46) (>= netstandard1.3) (< xamarinios) (< xamarinmac) (< xamarintvos) (< xamarinwatchos)
      System.Xml.ReaderWriter (>= 4.3) - restriction: && (< monoandroid) (< monotouch) (< net46) (>= netstandard1.3) (< xamarinios) (< xamarinmac) (< xamarintvos) (< xamarinwatchos)
      System.Xml.XmlDocument (>= 4.3) - restriction: || (&& (< monoandroid) (< monotouch) (>= netstandard1.3) (< xamarinios) (< xamarinmac) (< xamarintvos) (< xamarinwatchos)) (>= net46)
      System.Xml.XPath (>= 4.3) - restriction: || (&& (< monoandroid) (< monotouch) (>= netstandard1.3) (< xamarinios) (< xamarinmac) (< xamarintvos) (< xamarinwatchos)) (>= net46)

GROUP TestsAndSamples
RESTRICTION: || (== net47) (== net472) (== net48) (== netcoreapp2.1) (== netcoreapp3.1) (== netstandard2.0)
NUGET
  remote: https://api.nuget.org/v3/index.json
    BenchmarkDotNet (0.12)
      BenchmarkDotNet.Annotations (>= 0.12) - restriction: || (&& (== net47) (>= netstandard2.0)) (== net472) (== net48) (== netcoreapp2.1) (== netcoreapp3.1) (== netstandard2.0)
      CommandLineParser (>= 2.4.3) - restriction: || (&& (== net47) (>= netstandard2.0)) (== net472) (== net48) (== netcoreapp2.1) (== netcoreapp3.1) (== netstandard2.0)
      Microsoft.CodeAnalysis.CSharp (>= 2.10) - restriction: || (&& (== net47) (>= netstandard2.0)) (== net472) (== net48) (== netcoreapp2.1) (== netcoreapp3.1) (== netstandard2.0)
      Microsoft.DotNet.PlatformAbstractions (>= 2.1) - restriction: || (&& (== net47) (>= netstandard2.0)) (== net472) (== net48) (== netcoreapp2.1) (== netcoreapp3.1) (== netstandard2.0)
      Microsoft.Win32.Registry (>= 4.5) - restriction: || (&& (== net47) (>= netstandard2.0)) (== net472) (== net48) (== netcoreapp2.1) (== netcoreapp3.1) (== netstandard2.0)
      System.Management (>= 4.5) - restriction: || (&& (== net47) (>= netstandard2.0)) (== net472) (== net48) (== netcoreapp2.1) (== netcoreapp3.1) (== netstandard2.0)
      System.Reflection.Emit (>= 4.3) - restriction: || (&& (== net47) (>= netstandard2.0)) (== net472) (== net48) (== netcoreapp2.1) (== netcoreapp3.1) (== netstandard2.0)
      System.Reflection.Emit.Lightweight (>= 4.3) - restriction: || (&& (== net47) (>= netstandard2.0)) (== net472) (== net48) (== netcoreapp2.1) (== netcoreapp3.1) (== netstandard2.0)
      System.Threading.Tasks.Extensions (>= 4.5.2) - restriction: || (&& (== net47) (>= netstandard2.0)) (== net472) (== net48) (== netcoreapp2.1) (== netcoreapp3.1) (== netstandard2.0)
      System.ValueTuple (>= 4.5) - restriction: || (&& (== net47) (>= netstandard2.0)) (== net472) (== net48) (== netcoreapp2.1) (== netcoreapp3.1) (== netstandard2.0)
    BenchmarkDotNet.Annotations (0.12) - restriction: || (&& (== net47) (>= netstandard2.0)) (== net472) (== net48) (== netcoreapp2.1) (== netcoreapp3.1) (== netstandard2.0)
    CommandLineParser (2.5) - restriction: || (&& (== net47) (>= netstandard2.0)) (== net472) (== net48) (== netcoreapp2.1) (== netcoreapp3.1) (== netstandard2.0)
    FSharp.Core (4.7)
    FSharp.Data.TypeProviders (5.0.0.6)
      FSharp.Core (>= 3.1.2.5)
    Giraffe (4.0.1)
      FSharp.Core (>= 4.7)
      Microsoft.AspNetCore.Authentication (>= 2.2) - restriction: || (== net47) (== net472) (== net48) (== netcoreapp2.1) (&& (== netcoreapp3.1) (>= net461)) (&& (== netcoreapp3.1) (< netcoreapp3.0)) (== netstandard2.0)
      Microsoft.AspNetCore.Authorization (>= 2.2) - restriction: || (== net47) (== net472) (== net48) (== netcoreapp2.1) (&& (== netcoreapp3.1) (>= net461)) (&& (== netcoreapp3.1) (< netcoreapp3.0)) (== netstandard2.0)
      Microsoft.AspNetCore.Diagnostics (>= 2.2) - restriction: || (== net47) (== net472) (== net48) (== netcoreapp2.1) (&& (== netcoreapp3.1) (>= net461)) (&& (== netcoreapp3.1) (< netcoreapp3.0)) (== netstandard2.0)
      Microsoft.AspNetCore.Hosting.Abstractions (>= 2.2) - restriction: || (== net47) (== net472) (== net48) (== netcoreapp2.1) (&& (== netcoreapp3.1) (>= net461)) (&& (== netcoreapp3.1) (< netcoreapp3.0)) (== netstandard2.0)
      Microsoft.AspNetCore.ResponseCaching (>= 2.2) - restriction: || (== net47) (== net472) (== net48) (== netcoreapp2.1) (&& (== netcoreapp3.1) (>= net461)) (&& (== netcoreapp3.1) (< netcoreapp3.0)) (== netstandard2.0)
      Microsoft.IO.RecyclableMemoryStream (>= 1.2.2)
      Newtonsoft.Json (>= 12.0.2)
      System.Text.RegularExpressions (>= 4.3.1)
      System.ValueTuple (>= 4.4) - restriction: || (== net47) (== net472) (== net48) (&& (== netcoreapp2.1) (>= net461)) (&& (== netcoreapp3.1) (>= net461)) (&& (== netstandard2.0) (>= net461))
      System.ValueTuple (>= 4.5) - restriction: || (&& (== net47) (< net461) (>= netstandard2.0)) (&& (== net47) (>= netcoreapp3.0)) (&& (== net472) (< net461)) (&& (== net472) (>= netcoreapp3.0)) (&& (== net48) (< net461)) (&& (== net48) (>= netcoreapp3.0)) (== netcoreapp2.1) (== netcoreapp3.1) (== netstandard2.0)
      System.Xml.XmlSerializer (>= 4.3)
      TaskBuilder.fs (>= 2.1)
      Utf8Json (>= 1.3.7)
    Libuv (1.10) - restriction: || (&& (== net47) (>= netcoreapp2.1)) (&& (== net472) (>= netcoreapp2.1)) (&& (== net48) (>= netcoreapp2.1)) (== netcoreapp2.1) (== netcoreapp3.1) (&& (== netstandard2.0) (>= netcoreapp2.1))
      Microsoft.NETCore.Platforms (>= 1.0.1)
    MessagePack (1.7.3.7) - restriction: || (&& (== net47) (>= netcoreapp2.1)) (&& (== net472) (>= netcoreapp2.1)) (&& (== net48) (>= netcoreapp2.1)) (== netcoreapp2.1) (== netcoreapp3.1) (&& (== netstandard2.0) (>= netcoreapp2.1))
      System.Reflection.Emit (>= 4.3) - restriction: || (&& (== net47) (< net45) (>= netstandard1.6)) (&& (== net47) (< net45) (>= netstandard2.0)) (&& (== net472) (< net45)) (&& (== net48) (< net45)) (== netcoreapp2.1) (== netcoreapp3.1) (== netstandard2.0)
      System.Reflection.Emit.Lightweight (>= 4.3) - restriction: || (&& (== net47) (< net45) (>= netstandard1.6)) (&& (== net47) (< net45) (>= netstandard2.0)) (&& (== net472) (< net45)) (&& (== net48) (< net45)) (== netcoreapp2.1) (== netcoreapp3.1) (== netstandard2.0)
      System.Runtime.Serialization.Primitives (>= 4.3) - restriction: || (&& (== net47) (< net45) (>= netstandard1.6)) (&& (== net47) (< net45) (>= netstandard2.0)) (&& (== net472) (< net45)) (&& (== net48) (< net45)) (== netcoreapp2.1) (== netcoreapp3.1) (== netstandard2.0)
      System.Threading.Tasks.Extensions (>= 4.3)
      System.ValueTuple (>= 4.3) - restriction: || (&& (== net47) (< net45) (>= netstandard1.6)) (&& (== net47) (< net45) (>= netstandard2.0)) (&& (== net472) (< net45)) (&& (== net472) (< net47) (< netstandard1.6)) (&& (== net48) (< net45)) (&& (== net48) (< net47) (< netstandard1.6)) (== netcoreapp2.1) (== netcoreapp3.1) (== netstandard2.0)
    Microsoft.ApplicationInsights (2.10) - restriction: || (&& (== net47) (>= netcoreapp2.1)) (&& (== net472) (>= netcoreapp2.1)) (&& (== net48) (>= netcoreapp2.1)) (== netcoreapp2.1) (== netcoreapp3.1) (&& (== netstandard2.0) (>= netcoreapp2.1))
      System.Diagnostics.DiagnosticSource (>= 4.5)
      System.Runtime.InteropServices (>= 4.3) - restriction: || (&& (== net47) (< net45) (>= netstandard2.0)) (&& (== net472) (< net45)) (&& (== net48) (< net45)) (== netcoreapp2.1) (== netcoreapp3.1) (== netstandard2.0)
    Microsoft.ApplicationInsights.AspNetCore (2.7.1) - restriction: || (&& (== net47) (>= netcoreapp2.1)) (&& (== net472) (>= netcoreapp2.1)) (&& (== net48) (>= netcoreapp2.1)) (== netcoreapp2.1) (== netcoreapp3.1) (&& (== netstandard2.0) (>= netcoreapp2.1))
      Microsoft.ApplicationInsights (>= 2.10)
      Microsoft.ApplicationInsights.DependencyCollector (>= 2.10)
      Microsoft.ApplicationInsights.PerfCounterCollector (>= 2.10)
      Microsoft.ApplicationInsights.WindowsServer (>= 2.10)
      Microsoft.ApplicationInsights.WindowsServer.TelemetryChannel (>= 2.10)
      Microsoft.AspNetCore.Hosting (>= 1.0.2)
      Microsoft.Extensions.Configuration.Json (>= 2.1) - restriction: || (&& (== net47) (< net451) (>= netstandard2.0)) (&& (== net472) (< net451)) (&& (== net48) (< net451)) (== netcoreapp2.1) (== netcoreapp3.1) (== netstandard2.0)
      Microsoft.Extensions.Logging.ApplicationInsights (>= 2.10) - restriction: || (&& (== net47) (< net451) (>= netstandard2.0)) (&& (== net472) (< net451)) (&& (== net48) (< net451)) (== netcoreapp2.1) (== netcoreapp3.1) (== netstandard2.0)
      System.Diagnostics.DiagnosticSource (>= 4.5)
      System.Net.NameResolution (>= 4.3) - restriction: || (&& (== net47) (< net451) (>= netstandard1.6)) (&& (== net47) (< net451) (>= netstandard2.0)) (&& (== net472) (< net451)) (&& (== net48) (< net451)) (== netcoreapp2.1) (== netcoreapp3.1) (== netstandard2.0)
      System.Text.Encodings.Web (>= 4.3.1)
    Microsoft.ApplicationInsights.DependencyCollector (2.10) - restriction: || (&& (== net47) (>= netcoreapp2.1)) (&& (== net472) (>= netcoreapp2.1)) (&& (== net48) (>= netcoreapp2.1)) (== netcoreapp2.1) (== netcoreapp3.1) (&& (== netstandard2.0) (>= netcoreapp2.1))
      Microsoft.ApplicationInsights (>= 2.10)
      Microsoft.Extensions.DiagnosticAdapter (>= 1.1) - restriction: || (&& (== net47) (< net45) (>= netstandard1.6)) (&& (== net472) (< net45)) (&& (== net48) (< net45)) (== netcoreapp2.1) (== netcoreapp3.1) (== netstandard2.0)
      Microsoft.Extensions.PlatformAbstractions (>= 1.1) - restriction: || (&& (== net47) (< net45) (>= netstandard1.6)) (&& (== net472) (< net45)) (&& (== net48) (< net45)) (== netcoreapp2.1) (== netcoreapp3.1) (== netstandard2.0)
      NETStandard.Library (>= 1.6.1) - restriction: || (&& (== net47) (< net45) (>= netstandard1.6)) (&& (== net472) (< net45)) (&& (== net48) (< net45)) (== netcoreapp2.1) (== netcoreapp3.1) (== netstandard2.0)
      System.Data.SqlClient (>= 4.3.1) - restriction: || (&& (== net47) (< net45) (>= netstandard1.6)) (&& (== net472) (< net45)) (&& (== net48) (< net45)) (== netcoreapp2.1) (== netcoreapp3.1) (== netstandard2.0)
      System.Diagnostics.DiagnosticSource (>= 4.5)
      System.Diagnostics.StackTrace (>= 4.3) - restriction: || (&& (== net47) (< net45) (>= netstandard1.6)) (&& (== net472) (< net45)) (&& (== net48) (< net45)) (== netcoreapp2.1) (== netcoreapp3.1) (== netstandard2.0)
    Microsoft.ApplicationInsights.PerfCounterCollector (2.10) - restriction: || (&& (== net47) (>= netcoreapp2.1)) (&& (== net472) (>= netcoreapp2.1)) (&& (== net48) (>= netcoreapp2.1)) (== netcoreapp2.1) (== netcoreapp3.1) (&& (== netstandard2.0) (>= netcoreapp2.1))
      Microsoft.ApplicationInsights (>= 2.10)
      Microsoft.Extensions.Caching.Memory (>= 1.0) - restriction: || (&& (== net47) (< net45) (>= netstandard1.6)) (&& (== net47) (< net45) (>= netstandard2.0)) (&& (== net472) (< net45)) (&& (== net48) (< net45)) (== netcoreapp2.1) (== netcoreapp3.1) (== netstandard2.0)
      Microsoft.Extensions.PlatformAbstractions (>= 1.1) - restriction: || (&& (== net47) (< net45) (>= netstandard1.6)) (&& (== net47) (< net45) (>= netstandard2.0)) (&& (== net472) (< net45)) (&& (== net48) (< net45)) (== netcoreapp2.1) (== netcoreapp3.1) (== netstandard2.0)
      System.Diagnostics.PerformanceCounter (>= 4.5) - restriction: || (&& (== net47) (< net45) (>= netstandard2.0)) (&& (== net472) (< net45)) (&& (== net48) (< net45)) (== netcoreapp2.1) (== netcoreapp3.1) (== netstandard2.0)
      System.Runtime.Serialization.Json (>= 4.3) - restriction: || (&& (== net47) (< net45) (>= netstandard1.6)) (&& (== net47) (< net45) (>= netstandard2.0)) (&& (== net472) (< net45)) (&& (== net48) (< net45)) (== netcoreapp2.1) (== netcoreapp3.1) (== netstandard2.0)
      System.Runtime.Serialization.Primitives (>= 4.3) - restriction: || (&& (== net47) (< net45) (>= netstandard1.6)) (&& (== net47) (< net45) (>= netstandard2.0)) (&& (== net472) (< net45)) (&& (== net48) (< net45)) (== netcoreapp2.1) (== netcoreapp3.1) (== netstandard2.0)
      System.Threading.Thread (>= 4.3) - restriction: || (&& (== net47) (< net45) (>= netstandard1.6)) (&& (== net47) (< net45) (>= netstandard2.0)) (&& (== net472) (< net45)) (&& (== net48) (< net45)) (== netcoreapp2.1) (== netcoreapp3.1) (== netstandard2.0)
    Microsoft.ApplicationInsights.WindowsServer (2.10) - restriction: || (&& (== net47) (>= netcoreapp2.1)) (&& (== net472) (>= netcoreapp2.1)) (&& (== net48) (>= netcoreapp2.1)) (== netcoreapp2.1) (== netcoreapp3.1) (&& (== netstandard2.0) (>= netcoreapp2.1))
      Microsoft.ApplicationInsights (>= 2.10)
      Microsoft.ApplicationInsights.DependencyCollector (>= 2.10)
      Microsoft.ApplicationInsights.PerfCounterCollector (>= 2.10)
      Microsoft.ApplicationInsights.WindowsServer.TelemetryChannel (>= 2.10)
      NETStandard.Library (>= 1.6.1) - restriction: || (&& (== net47) (< net45) (>= netstandard1.6)) (&& (== net472) (< net45)) (&& (== net48) (< net45)) (== netcoreapp2.1) (== netcoreapp3.1) (== netstandard2.0)
      System.Diagnostics.DiagnosticSource (>= 4.5)
      System.Runtime.Serialization.Json (>= 4.3) - restriction: || (&& (== net47) (< net45) (>= netstandard1.6)) (&& (== net472) (< net45)) (&& (== net48) (< net45)) (== netcoreapp2.1) (== netcoreapp3.1) (== netstandard2.0)
      System.Runtime.Serialization.Primitives (>= 4.3) - restriction: || (&& (== net47) (< net45) (>= netstandard1.6)) (&& (== net472) (< net45)) (&& (== net48) (< net45)) (== netcoreapp2.1) (== netcoreapp3.1) (== netstandard2.0)
    Microsoft.ApplicationInsights.WindowsServer.TelemetryChannel (2.10) - restriction: || (&& (== net47) (>= netcoreapp2.1)) (&& (== net472) (>= netcoreapp2.1)) (&& (== net48) (>= netcoreapp2.1)) (== netcoreapp2.1) (== netcoreapp3.1) (&& (== netstandard2.0) (>= netcoreapp2.1))
      Microsoft.ApplicationInsights (>= 2.10)
      System.Diagnostics.Process (>= 4.3) - restriction: || (&& (== net47) (< net45)) (&& (== net472) (< net45)) (&& (== net48) (< net45)) (== netcoreapp2.1) (== netcoreapp3.1) (== netstandard2.0)
      System.IO.FileSystem.AccessControl (>= 4.3) - restriction: || (&& (== net47) (< net45)) (&& (== net472) (< net45)) (&& (== net48) (< net45)) (== netcoreapp2.1) (== netcoreapp3.1) (== netstandard2.0)
      System.Net.NetworkInformation (>= 4.3) - restriction: || (&& (== net47) (< net45)) (&& (== net472) (< net45)) (&& (== net48) (< net45)) (== netcoreapp2.1) (== netcoreapp3.1) (== netstandard2.0)
      System.Net.Requests (>= 4.3) - restriction: || (&& (== net47) (< net45)) (&& (== net472) (< net45)) (&& (== net48) (< net45)) (== netcoreapp2.1) (== netcoreapp3.1) (== netstandard2.0)
      System.Net.WebHeaderCollection (>= 4.3) - restriction: || (&& (== net47) (< net45)) (&& (== net472) (< net45)) (&& (== net48) (< net45)) (== netcoreapp2.1) (== netcoreapp3.1) (== netstandard2.0)
      System.Runtime (>= 4.3) - restriction: || (&& (== net47) (< net45)) (&& (== net472) (< net45)) (&& (== net48) (< net45)) (== netcoreapp2.1) (== netcoreapp3.1) (== netstandard2.0)
      System.Runtime.Serialization.Primitives (>= 4.3) - restriction: || (&& (== net47) (< net45)) (&& (== net472) (< net45)) (&& (== net48) (< net45)) (== netcoreapp2.1) (== netcoreapp3.1) (== netstandard2.0)
      System.Security.Cryptography.Algorithms (>= 4.3) - restriction: || (&& (== net47) (< net45)) (&& (== net472) (< net45)) (&& (== net48) (< net45)) (== netcoreapp2.1) (== netcoreapp3.1) (== netstandard2.0)
      System.Threading.Thread (>= 4.3) - restriction: || (&& (== net47) (< net45)) (&& (== net472) (< net45)) (&& (== net48) (< net45)) (== netcoreapp2.1) (== netcoreapp3.1) (== netstandard2.0)
    Microsoft.AspNet.WebApi.Client (5.2.7) - restriction: || (&& (== net47) (>= netcoreapp2.1)) (&& (== net472) (>= netcoreapp2.1)) (&& (== net48) (>= netcoreapp2.1)) (== netcoreapp2.1) (== netcoreapp3.1) (&& (== netstandard2.0) (>= netcoreapp2.1))
      Newtonsoft.Json (>= 10.0.1) - restriction: || (&& (== net47) (< net45) (>= netstandard2.0)) (&& (== net472) (< net45)) (&& (== net48) (< net45)) (== netcoreapp2.1) (== netcoreapp3.1) (== netstandard2.0)
      Newtonsoft.Json.Bson (>= 1.0.1) - restriction: || (&& (== net47) (< net45) (>= netstandard2.0)) (&& (== net472) (< net45)) (&& (== net48) (< net45)) (== netcoreapp2.1) (== netcoreapp3.1) (== netstandard2.0)
    Microsoft.AspNetCore (2.2) - restriction: || (&& (== net47) (>= netcoreapp2.1)) (&& (== net472) (>= netcoreapp2.1)) (&& (== net48) (>= netcoreapp2.1)) (== netcoreapp2.1) (== netcoreapp3.1) (&& (== netstandard2.0) (>= netcoreapp2.1))
      Microsoft.AspNetCore.Diagnostics (>= 2.2) - restriction: || (&& (== net47) (>= netstandard2.0)) (== net472) (== net48) (== netcoreapp2.1) (== netcoreapp3.1) (== netstandard2.0)
      Microsoft.AspNetCore.HostFiltering (>= 2.2) - restriction: || (&& (== net47) (>= netstandard2.0)) (== net472) (== net48) (== netcoreapp2.1) (== netcoreapp3.1) (== netstandard2.0)
      Microsoft.AspNetCore.Hosting (>= 2.2) - restriction: || (&& (== net47) (>= netstandard2.0)) (== net472) (== net48) (== netcoreapp2.1) (== netcoreapp3.1) (== netstandard2.0)
      Microsoft.AspNetCore.Routing (>= 2.2) - restriction: || (&& (== net47) (>= netstandard2.0)) (== net472) (== net48) (== netcoreapp2.1) (== netcoreapp3.1) (== netstandard2.0)
      Microsoft.AspNetCore.Server.IIS (>= 2.2) - restriction: || (&& (== net47) (>= netstandard2.0)) (== net472) (== net48) (== netcoreapp2.1) (== netcoreapp3.1) (== netstandard2.0)
      Microsoft.AspNetCore.Server.IISIntegration (>= 2.2) - restriction: || (&& (== net47) (>= netstandard2.0)) (== net472) (== net48) (== netcoreapp2.1) (== netcoreapp3.1) (== netstandard2.0)
      Microsoft.AspNetCore.Server.Kestrel (>= 2.2) - restriction: || (&& (== net47) (>= netstandard2.0)) (== net472) (== net48) (== netcoreapp2.1) (== netcoreapp3.1) (== netstandard2.0)
      Microsoft.AspNetCore.Server.Kestrel.Https (>= 2.2) - restriction: || (&& (== net47) (>= netstandard2.0)) (== net472) (== net48) (== netcoreapp2.1) (== netcoreapp3.1) (== netstandard2.0)
      Microsoft.Extensions.Configuration.CommandLine (>= 2.2) - restriction: || (&& (== net47) (>= netstandard2.0)) (== net472) (== net48) (== netcoreapp2.1) (== netcoreapp3.1) (== netstandard2.0)
      Microsoft.Extensions.Configuration.EnvironmentVariables (>= 2.2) - restriction: || (&& (== net47) (>= netstandard2.0)) (== net472) (== net48) (== netcoreapp2.1) (== netcoreapp3.1) (== netstandard2.0)
      Microsoft.Extensions.Configuration.FileExtensions (>= 2.2) - restriction: || (&& (== net47) (>= netstandard2.0)) (== net472) (== net48) (== netcoreapp2.1) (== netcoreapp3.1) (== netstandard2.0)
      Microsoft.Extensions.Configuration.Json (>= 2.2) - restriction: || (&& (== net47) (>= netstandard2.0)) (== net472) (== net48) (== netcoreapp2.1) (== netcoreapp3.1) (== netstandard2.0)
      Microsoft.Extensions.Configuration.UserSecrets (>= 2.2) - restriction: || (&& (== net47) (>= netstandard2.0)) (== net472) (== net48) (== netcoreapp2.1) (== netcoreapp3.1) (== netstandard2.0)
      Microsoft.Extensions.Logging (>= 2.2) - restriction: || (&& (== net47) (>= netstandard2.0)) (== net472) (== net48) (== netcoreapp2.1) (== netcoreapp3.1) (== netstandard2.0)
      Microsoft.Extensions.Logging.Configuration (>= 2.2) - restriction: || (&& (== net47) (>= netstandard2.0)) (== net472) (== net48) (== netcoreapp2.1) (== netcoreapp3.1) (== netstandard2.0)
      Microsoft.Extensions.Logging.Console (>= 2.2) - restriction: || (&& (== net47) (>= netstandard2.0)) (== net472) (== net48) (== netcoreapp2.1) (== netcoreapp3.1) (== netstandard2.0)
      Microsoft.Extensions.Logging.Debug (>= 2.2) - restriction: || (&& (== net47) (>= netstandard2.0)) (== net472) (== net48) (== netcoreapp2.1) (== netcoreapp3.1) (== netstandard2.0)
      Microsoft.Extensions.Logging.EventSource (>= 2.2) - restriction: || (&& (== net47) (>= netstandard2.0)) (== net472) (== net48) (== netcoreapp2.1) (== netcoreapp3.1) (== netstandard2.0)
    Microsoft.AspNetCore.All (2.1.6)
      Microsoft.AspNet.WebApi.Client (>= 5.2.6) - restriction: || (&& (== net47) (>= netcoreapp2.1)) (&& (== net472) (>= netcoreapp2.1)) (&& (== net48) (>= netcoreapp2.1)) (== netcoreapp2.1) (== netcoreapp3.1) (&& (== netstandard2.0) (>= netcoreapp2.1))
      Microsoft.AspNetCore (>= 2.1.6) - restriction: || (&& (== net47) (>= netcoreapp2.1)) (&& (== net472) (>= netcoreapp2.1)) (&& (== net48) (>= netcoreapp2.1)) (== netcoreapp2.1) (== netcoreapp3.1) (&& (== netstandard2.0) (>= netcoreapp2.1))
      Microsoft.AspNetCore.Antiforgery (>= 2.1.1) - restriction: || (&& (== net47) (>= netcoreapp2.1)) (&& (== net472) (>= netcoreapp2.1)) (&& (== net48) (>= netcoreapp2.1)) (== netcoreapp2.1) (== netcoreapp3.1) (&& (== netstandard2.0) (>= netcoreapp2.1))
      Microsoft.AspNetCore.ApplicationInsights.HostingStartup (>= 2.1.1) - restriction: || (&& (== net47) (>= netcoreapp2.1)) (&& (== net472) (>= netcoreapp2.1)) (&& (== net48) (>= netcoreapp2.1)) (== netcoreapp2.1) (== netcoreapp3.1) (&& (== netstandard2.0) (>= netcoreapp2.1))
      Microsoft.AspNetCore.Authentication (>= 2.1.2) - restriction: || (&& (== net47) (>= netcoreapp2.1)) (&& (== net472) (>= netcoreapp2.1)) (&& (== net48) (>= netcoreapp2.1)) (== netcoreapp2.1) (== netcoreapp3.1) (&& (== netstandard2.0) (>= netcoreapp2.1))
      Microsoft.AspNetCore.Authentication.Abstractions (>= 2.1.1) - restriction: || (&& (== net47) (>= netcoreapp2.1)) (&& (== net472) (>= netcoreapp2.1)) (&& (== net48) (>= netcoreapp2.1)) (== netcoreapp2.1) (== netcoreapp3.1) (&& (== netstandard2.0) (>= netcoreapp2.1))
      Microsoft.AspNetCore.Authentication.Cookies (>= 2.1.2) - restriction: || (&& (== net47) (>= netcoreapp2.1)) (&& (== net472) (>= netcoreapp2.1)) (&& (== net48) (>= netcoreapp2.1)) (== netcoreapp2.1) (== netcoreapp3.1) (&& (== netstandard2.0) (>= netcoreapp2.1))
      Microsoft.AspNetCore.Authentication.Core (>= 2.1.1) - restriction: || (&& (== net47) (>= netcoreapp2.1)) (&& (== net472) (>= netcoreapp2.1)) (&& (== net48) (>= netcoreapp2.1)) (== netcoreapp2.1) (== netcoreapp3.1) (&& (== netstandard2.0) (>= netcoreapp2.1))
      Microsoft.AspNetCore.Authentication.Facebook (>= 2.1.2) - restriction: || (&& (== net47) (>= netcoreapp2.1)) (&& (== net472) (>= netcoreapp2.1)) (&& (== net48) (>= netcoreapp2.1)) (== netcoreapp2.1) (== netcoreapp3.1) (&& (== netstandard2.0) (>= netcoreapp2.1))
      Microsoft.AspNetCore.Authentication.Google (>= 2.1.2) - restriction: || (&& (== net47) (>= netcoreapp2.1)) (&& (== net472) (>= netcoreapp2.1)) (&& (== net48) (>= netcoreapp2.1)) (== netcoreapp2.1) (== netcoreapp3.1) (&& (== netstandard2.0) (>= netcoreapp2.1))
      Microsoft.AspNetCore.Authentication.JwtBearer (>= 2.1.2) - restriction: || (&& (== net47) (>= netcoreapp2.1)) (&& (== net472) (>= netcoreapp2.1)) (&& (== net48) (>= netcoreapp2.1)) (== netcoreapp2.1) (== netcoreapp3.1) (&& (== netstandard2.0) (>= netcoreapp2.1))
      Microsoft.AspNetCore.Authentication.MicrosoftAccount (>= 2.1.2) - restriction: || (&& (== net47) (>= netcoreapp2.1)) (&& (== net472) (>= netcoreapp2.1)) (&& (== net48) (>= netcoreapp2.1)) (== netcoreapp2.1) (== netcoreapp3.1) (&& (== netstandard2.0) (>= netcoreapp2.1))
      Microsoft.AspNetCore.Authentication.OAuth (>= 2.1.2) - restriction: || (&& (== net47) (>= netcoreapp2.1)) (&& (== net472) (>= netcoreapp2.1)) (&& (== net48) (>= netcoreapp2.1)) (== netcoreapp2.1) (== netcoreapp3.1) (&& (== netstandard2.0) (>= netcoreapp2.1))
      Microsoft.AspNetCore.Authentication.OpenIdConnect (>= 2.1.2) - restriction: || (&& (== net47) (>= netcoreapp2.1)) (&& (== net472) (>= netcoreapp2.1)) (&& (== net48) (>= netcoreapp2.1)) (== netcoreapp2.1) (== netcoreapp3.1) (&& (== netstandard2.0) (>= netcoreapp2.1))
      Microsoft.AspNetCore.Authentication.Twitter (>= 2.1.2) - restriction: || (&& (== net47) (>= netcoreapp2.1)) (&& (== net472) (>= netcoreapp2.1)) (&& (== net48) (>= netcoreapp2.1)) (== netcoreapp2.1) (== netcoreapp3.1) (&& (== netstandard2.0) (>= netcoreapp2.1))
      Microsoft.AspNetCore.Authentication.WsFederation (>= 2.1.2) - restriction: || (&& (== net47) (>= netcoreapp2.1)) (&& (== net472) (>= netcoreapp2.1)) (&& (== net48) (>= netcoreapp2.1)) (== netcoreapp2.1) (== netcoreapp3.1) (&& (== netstandard2.0) (>= netcoreapp2.1))
      Microsoft.AspNetCore.Authorization (>= 2.1.2) - restriction: || (&& (== net47) (>= netcoreapp2.1)) (&& (== net472) (>= netcoreapp2.1)) (&& (== net48) (>= netcoreapp2.1)) (== netcoreapp2.1) (== netcoreapp3.1) (&& (== netstandard2.0) (>= netcoreapp2.1))
      Microsoft.AspNetCore.Authorization.Policy (>= 2.1.2) - restriction: || (&& (== net47) (>= netcoreapp2.1)) (&& (== net472) (>= netcoreapp2.1)) (&& (== net48) (>= netcoreapp2.1)) (== netcoreapp2.1) (== netcoreapp3.1) (&& (== netstandard2.0) (>= netcoreapp2.1))
      Microsoft.AspNetCore.AzureAppServices.HostingStartup (>= 2.1.1) - restriction: || (&& (== net47) (>= netcoreapp2.1)) (&& (== net472) (>= netcoreapp2.1)) (&& (== net48) (>= netcoreapp2.1)) (== netcoreapp2.1) (== netcoreapp3.1) (&& (== netstandard2.0) (>= netcoreapp2.1))
      Microsoft.AspNetCore.AzureAppServicesIntegration (>= 2.1.1) - restriction: || (&& (== net47) (>= netcoreapp2.1)) (&& (== net472) (>= netcoreapp2.1)) (&& (== net48) (>= netcoreapp2.1)) (== netcoreapp2.1) (== netcoreapp3.1) (&& (== netstandard2.0) (>= netcoreapp2.1))
      Microsoft.AspNetCore.Connections.Abstractions (>= 2.1.3) - restriction: || (&& (== net47) (>= netcoreapp2.1)) (&& (== net472) (>= netcoreapp2.1)) (&& (== net48) (>= netcoreapp2.1)) (== netcoreapp2.1) (== netcoreapp3.1) (&& (== netstandard2.0) (>= netcoreapp2.1))
      Microsoft.AspNetCore.CookiePolicy (>= 2.1.2) - restriction: || (&& (== net47) (>= netcoreapp2.1)) (&& (== net472) (>= netcoreapp2.1)) (&& (== net48) (>= netcoreapp2.1)) (== netcoreapp2.1) (== netcoreapp3.1) (&& (== netstandard2.0) (>= netcoreapp2.1))
      Microsoft.AspNetCore.Cors (>= 2.1.1) - restriction: || (&& (== net47) (>= netcoreapp2.1)) (&& (== net472) (>= netcoreapp2.1)) (&& (== net48) (>= netcoreapp2.1)) (== netcoreapp2.1) (== netcoreapp3.1) (&& (== netstandard2.0) (>= netcoreapp2.1))
      Microsoft.AspNetCore.Cryptography.Internal (>= 2.1.1) - restriction: || (&& (== net47) (>= netcoreapp2.1)) (&& (== net472) (>= netcoreapp2.1)) (&& (== net48) (>= netcoreapp2.1)) (== netcoreapp2.1) (== netcoreapp3.1) (&& (== netstandard2.0) (>= netcoreapp2.1))
      Microsoft.AspNetCore.Cryptography.KeyDerivation (>= 2.1.1) - restriction: || (&& (== net47) (>= netcoreapp2.1)) (&& (== net472) (>= netcoreapp2.1)) (&& (== net48) (>= netcoreapp2.1)) (== netcoreapp2.1) (== netcoreapp3.1) (&& (== netstandard2.0) (>= netcoreapp2.1))
      Microsoft.AspNetCore.DataProtection (>= 2.1.1) - restriction: || (&& (== net47) (>= netcoreapp2.1)) (&& (== net472) (>= netcoreapp2.1)) (&& (== net48) (>= netcoreapp2.1)) (== netcoreapp2.1) (== netcoreapp3.1) (&& (== netstandard2.0) (>= netcoreapp2.1))
      Microsoft.AspNetCore.DataProtection.Abstractions (>= 2.1.1) - restriction: || (&& (== net47) (>= netcoreapp2.1)) (&& (== net472) (>= netcoreapp2.1)) (&& (== net48) (>= netcoreapp2.1)) (== netcoreapp2.1) (== netcoreapp3.1) (&& (== netstandard2.0) (>= netcoreapp2.1))
      Microsoft.AspNetCore.DataProtection.AzureKeyVault (>= 2.1.1) - restriction: || (&& (== net47) (>= netcoreapp2.1)) (&& (== net472) (>= netcoreapp2.1)) (&& (== net48) (>= netcoreapp2.1)) (== netcoreapp2.1) (== netcoreapp3.1) (&& (== netstandard2.0) (>= netcoreapp2.1))
      Microsoft.AspNetCore.DataProtection.AzureStorage (>= 2.1.1) - restriction: || (&& (== net47) (>= netcoreapp2.1)) (&& (== net472) (>= netcoreapp2.1)) (&& (== net48) (>= netcoreapp2.1)) (== netcoreapp2.1) (== netcoreapp3.1) (&& (== netstandard2.0) (>= netcoreapp2.1))
      Microsoft.AspNetCore.DataProtection.Extensions (>= 2.1.1) - restriction: || (&& (== net47) (>= netcoreapp2.1)) (&& (== net472) (>= netcoreapp2.1)) (&& (== net48) (>= netcoreapp2.1)) (== netcoreapp2.1) (== netcoreapp3.1) (&& (== netstandard2.0) (>= netcoreapp2.1))
      Microsoft.AspNetCore.Diagnostics (>= 2.1.1) - restriction: || (&& (== net47) (>= netcoreapp2.1)) (&& (== net472) (>= netcoreapp2.1)) (&& (== net48) (>= netcoreapp2.1)) (== netcoreapp2.1) (== netcoreapp3.1) (&& (== netstandard2.0) (>= netcoreapp2.1))
      Microsoft.AspNetCore.Diagnostics.Abstractions (>= 2.1.1) - restriction: || (&& (== net47) (>= netcoreapp2.1)) (&& (== net472) (>= netcoreapp2.1)) (&& (== net48) (>= netcoreapp2.1)) (== netcoreapp2.1) (== netcoreapp3.1) (&& (== netstandard2.0) (>= netcoreapp2.1))
      Microsoft.AspNetCore.Diagnostics.EntityFrameworkCore (>= 2.1.1) - restriction: || (&& (== net47) (>= netcoreapp2.1)) (&& (== net472) (>= netcoreapp2.1)) (&& (== net48) (>= netcoreapp2.1)) (== netcoreapp2.1) (== netcoreapp3.1) (&& (== netstandard2.0) (>= netcoreapp2.1))
      Microsoft.AspNetCore.HostFiltering (>= 2.1.1) - restriction: || (&& (== net47) (>= netcoreapp2.1)) (&& (== net472) (>= netcoreapp2.1)) (&& (== net48) (>= netcoreapp2.1)) (== netcoreapp2.1) (== netcoreapp3.1) (&& (== netstandard2.0) (>= netcoreapp2.1))
      Microsoft.AspNetCore.Hosting (>= 2.1.1) - restriction: || (&& (== net47) (>= netcoreapp2.1)) (&& (== net472) (>= netcoreapp2.1)) (&& (== net48) (>= netcoreapp2.1)) (== netcoreapp2.1) (== netcoreapp3.1) (&& (== netstandard2.0) (>= netcoreapp2.1))
      Microsoft.AspNetCore.Hosting.Abstractions (>= 2.1.1) - restriction: || (&& (== net47) (>= netcoreapp2.1)) (&& (== net472) (>= netcoreapp2.1)) (&& (== net48) (>= netcoreapp2.1)) (== netcoreapp2.1) (== netcoreapp3.1) (&& (== netstandard2.0) (>= netcoreapp2.1))
      Microsoft.AspNetCore.Hosting.Server.Abstractions (>= 2.1.1) - restriction: || (&& (== net47) (>= netcoreapp2.1)) (&& (== net472) (>= netcoreapp2.1)) (&& (== net48) (>= netcoreapp2.1)) (== netcoreapp2.1) (== netcoreapp3.1) (&& (== netstandard2.0) (>= netcoreapp2.1))
      Microsoft.AspNetCore.Html.Abstractions (>= 2.1.1) - restriction: || (&& (== net47) (>= netcoreapp2.1)) (&& (== net472) (>= netcoreapp2.1)) (&& (== net48) (>= netcoreapp2.1)) (== netcoreapp2.1) (== netcoreapp3.1) (&& (== netstandard2.0) (>= netcoreapp2.1))
      Microsoft.AspNetCore.Http (>= 2.1.1) - restriction: || (&& (== net47) (>= netcoreapp2.1)) (&& (== net472) (>= netcoreapp2.1)) (&& (== net48) (>= netcoreapp2.1)) (== netcoreapp2.1) (== netcoreapp3.1) (&& (== netstandard2.0) (>= netcoreapp2.1))
      Microsoft.AspNetCore.Http.Abstractions (>= 2.1.1) - restriction: || (&& (== net47) (>= netcoreapp2.1)) (&& (== net472) (>= netcoreapp2.1)) (&& (== net48) (>= netcoreapp2.1)) (== netcoreapp2.1) (== netcoreapp3.1) (&& (== netstandard2.0) (>= netcoreapp2.1))
      Microsoft.AspNetCore.Http.Connections (>= 1.0.4) - restriction: || (&& (== net47) (>= netcoreapp2.1)) (&& (== net472) (>= netcoreapp2.1)) (&& (== net48) (>= netcoreapp2.1)) (== netcoreapp2.1) (== netcoreapp3.1) (&& (== netstandard2.0) (>= netcoreapp2.1))
      Microsoft.AspNetCore.Http.Connections.Common (>= 1.0.4) - restriction: || (&& (== net47) (>= netcoreapp2.1)) (&& (== net472) (>= netcoreapp2.1)) (&& (== net48) (>= netcoreapp2.1)) (== netcoreapp2.1) (== netcoreapp3.1) (&& (== netstandard2.0) (>= netcoreapp2.1))
      Microsoft.AspNetCore.Http.Extensions (>= 2.1.1) - restriction: || (&& (== net47) (>= netcoreapp2.1)) (&& (== net472) (>= netcoreapp2.1)) (&& (== net48) (>= netcoreapp2.1)) (== netcoreapp2.1) (== netcoreapp3.1) (&& (== netstandard2.0) (>= netcoreapp2.1))
      Microsoft.AspNetCore.Http.Features (>= 2.1.1) - restriction: || (&& (== net47) (>= netcoreapp2.1)) (&& (== net472) (>= netcoreapp2.1)) (&& (== net48) (>= netcoreapp2.1)) (== netcoreapp2.1) (== netcoreapp3.1) (&& (== netstandard2.0) (>= netcoreapp2.1))
      Microsoft.AspNetCore.HttpOverrides (>= 2.1.1) - restriction: || (&& (== net47) (>= netcoreapp2.1)) (&& (== net472) (>= netcoreapp2.1)) (&& (== net48) (>= netcoreapp2.1)) (== netcoreapp2.1) (== netcoreapp3.1) (&& (== netstandard2.0) (>= netcoreapp2.1))
      Microsoft.AspNetCore.HttpsPolicy (>= 2.1.1) - restriction: || (&& (== net47) (>= netcoreapp2.1)) (&& (== net472) (>= netcoreapp2.1)) (&& (== net48) (>= netcoreapp2.1)) (== netcoreapp2.1) (== netcoreapp3.1) (&& (== netstandard2.0) (>= netcoreapp2.1))
      Microsoft.AspNetCore.Identity (>= 2.1.6) - restriction: || (&& (== net47) (>= netcoreapp2.1)) (&& (== net472) (>= netcoreapp2.1)) (&& (== net48) (>= netcoreapp2.1)) (== netcoreapp2.1) (== netcoreapp3.1) (&& (== netstandard2.0) (>= netcoreapp2.1))
      Microsoft.AspNetCore.Identity.EntityFrameworkCore (>= 2.1.6) - restriction: || (&& (== net47) (>= netcoreapp2.1)) (&& (== net472) (>= netcoreapp2.1)) (&& (== net48) (>= netcoreapp2.1)) (== netcoreapp2.1) (== netcoreapp3.1) (&& (== netstandard2.0) (>= netcoreapp2.1))
      Microsoft.AspNetCore.Identity.UI (>= 2.1.6) - restriction: || (&& (== net47) (>= netcoreapp2.1)) (&& (== net472) (>= netcoreapp2.1)) (&& (== net48) (>= netcoreapp2.1)) (== netcoreapp2.1) (== netcoreapp3.1) (&& (== netstandard2.0) (>= netcoreapp2.1))
      Microsoft.AspNetCore.JsonPatch (>= 2.1.1) - restriction: || (&& (== net47) (>= netcoreapp2.1)) (&& (== net472) (>= netcoreapp2.1)) (&& (== net48) (>= netcoreapp2.1)) (== netcoreapp2.1) (== netcoreapp3.1) (&& (== netstandard2.0) (>= netcoreapp2.1))
      Microsoft.AspNetCore.Localization (>= 2.1.1) - restriction: || (&& (== net47) (>= netcoreapp2.1)) (&& (== net472) (>= netcoreapp2.1)) (&& (== net48) (>= netcoreapp2.1)) (== netcoreapp2.1) (== netcoreapp3.1) (&& (== netstandard2.0) (>= netcoreapp2.1))
      Microsoft.AspNetCore.Localization.Routing (>= 2.1.1) - restriction: || (&& (== net47) (>= netcoreapp2.1)) (&& (== net472) (>= netcoreapp2.1)) (&& (== net48) (>= netcoreapp2.1)) (== netcoreapp2.1) (== netcoreapp3.1) (&& (== netstandard2.0) (>= netcoreapp2.1))
      Microsoft.AspNetCore.MiddlewareAnalysis (>= 2.1.1) - restriction: || (&& (== net47) (>= netcoreapp2.1)) (&& (== net472) (>= netcoreapp2.1)) (&& (== net48) (>= netcoreapp2.1)) (== netcoreapp2.1) (== netcoreapp3.1) (&& (== netstandard2.0) (>= netcoreapp2.1))
      Microsoft.AspNetCore.Mvc (>= 2.1.3) - restriction: || (&& (== net47) (>= netcoreapp2.1)) (&& (== net472) (>= netcoreapp2.1)) (&& (== net48) (>= netcoreapp2.1)) (== netcoreapp2.1) (== netcoreapp3.1) (&& (== netstandard2.0) (>= netcoreapp2.1))
      Microsoft.AspNetCore.Mvc.Abstractions (>= 2.1.3) - restriction: || (&& (== net47) (>= netcoreapp2.1)) (&& (== net472) (>= netcoreapp2.1)) (&& (== net48) (>= netcoreapp2.1)) (== netcoreapp2.1) (== netcoreapp3.1) (&& (== netstandard2.0) (>= netcoreapp2.1))
      Microsoft.AspNetCore.Mvc.Analyzers (>= 2.1.3) - restriction: || (&& (== net47) (>= netcoreapp2.1)) (&& (== net472) (>= netcoreapp2.1)) (&& (== net48) (>= netcoreapp2.1)) (== netcoreapp2.1) (== netcoreapp3.1) (&& (== netstandard2.0) (>= netcoreapp2.1))
      Microsoft.AspNetCore.Mvc.ApiExplorer (>= 2.1.3) - restriction: || (&& (== net47) (>= netcoreapp2.1)) (&& (== net472) (>= netcoreapp2.1)) (&& (== net48) (>= netcoreapp2.1)) (== netcoreapp2.1) (== netcoreapp3.1) (&& (== netstandard2.0) (>= netcoreapp2.1))
      Microsoft.AspNetCore.Mvc.Core (>= 2.1.3) - restriction: || (&& (== net47) (>= netcoreapp2.1)) (&& (== net472) (>= netcoreapp2.1)) (&& (== net48) (>= netcoreapp2.1)) (== netcoreapp2.1) (== netcoreapp3.1) (&& (== netstandard2.0) (>= netcoreapp2.1))
      Microsoft.AspNetCore.Mvc.Cors (>= 2.1.3) - restriction: || (&& (== net47) (>= netcoreapp2.1)) (&& (== net472) (>= netcoreapp2.1)) (&& (== net48) (>= netcoreapp2.1)) (== netcoreapp2.1) (== netcoreapp3.1) (&& (== netstandard2.0) (>= netcoreapp2.1))
      Microsoft.AspNetCore.Mvc.DataAnnotations (>= 2.1.3) - restriction: || (&& (== net47) (>= netcoreapp2.1)) (&& (== net472) (>= netcoreapp2.1)) (&& (== net48) (>= netcoreapp2.1)) (== netcoreapp2.1) (== netcoreapp3.1) (&& (== netstandard2.0) (>= netcoreapp2.1))
      Microsoft.AspNetCore.Mvc.Formatters.Json (>= 2.1.3) - restriction: || (&& (== net47) (>= netcoreapp2.1)) (&& (== net472) (>= netcoreapp2.1)) (&& (== net48) (>= netcoreapp2.1)) (== netcoreapp2.1) (== netcoreapp3.1) (&& (== netstandard2.0) (>= netcoreapp2.1))
      Microsoft.AspNetCore.Mvc.Formatters.Xml (>= 2.1.3) - restriction: || (&& (== net47) (>= netcoreapp2.1)) (&& (== net472) (>= netcoreapp2.1)) (&& (== net48) (>= netcoreapp2.1)) (== netcoreapp2.1) (== netcoreapp3.1) (&& (== netstandard2.0) (>= netcoreapp2.1))
      Microsoft.AspNetCore.Mvc.Localization (>= 2.1.3) - restriction: || (&& (== net47) (>= netcoreapp2.1)) (&& (== net472) (>= netcoreapp2.1)) (&& (== net48) (>= netcoreapp2.1)) (== netcoreapp2.1) (== netcoreapp3.1) (&& (== netstandard2.0) (>= netcoreapp2.1))
      Microsoft.AspNetCore.Mvc.Razor (>= 2.1.3) - restriction: || (&& (== net47) (>= netcoreapp2.1)) (&& (== net472) (>= netcoreapp2.1)) (&& (== net48) (>= netcoreapp2.1)) (== netcoreapp2.1) (== netcoreapp3.1) (&& (== netstandard2.0) (>= netcoreapp2.1))
      Microsoft.AspNetCore.Mvc.Razor.Extensions (>= 2.1.2) - restriction: || (&& (== net47) (>= netcoreapp2.1)) (&& (== net472) (>= netcoreapp2.1)) (&& (== net48) (>= netcoreapp2.1)) (== netcoreapp2.1) (== netcoreapp3.1) (&& (== netstandard2.0) (>= netcoreapp2.1))
      Microsoft.AspNetCore.Mvc.Razor.ViewCompilation (>= 2.1.1) - restriction: || (&& (== net47) (>= netcoreapp2.1)) (&& (== net472) (>= netcoreapp2.1)) (&& (== net48) (>= netcoreapp2.1)) (== netcoreapp2.1) (== netcoreapp3.1) (&& (== netstandard2.0) (>= netcoreapp2.1))
      Microsoft.AspNetCore.Mvc.RazorPages (>= 2.1.3) - restriction: || (&& (== net47) (>= netcoreapp2.1)) (&& (== net472) (>= netcoreapp2.1)) (&& (== net48) (>= netcoreapp2.1)) (== netcoreapp2.1) (== netcoreapp3.1) (&& (== netstandard2.0) (>= netcoreapp2.1))
      Microsoft.AspNetCore.Mvc.TagHelpers (>= 2.1.3) - restriction: || (&& (== net47) (>= netcoreapp2.1)) (&& (== net472) (>= netcoreapp2.1)) (&& (== net48) (>= netcoreapp2.1)) (== netcoreapp2.1) (== netcoreapp3.1) (&& (== netstandard2.0) (>= netcoreapp2.1))
      Microsoft.AspNetCore.Mvc.ViewFeatures (>= 2.1.3) - restriction: || (&& (== net47) (>= netcoreapp2.1)) (&& (== net472) (>= netcoreapp2.1)) (&& (== net48) (>= netcoreapp2.1)) (== netcoreapp2.1) (== netcoreapp3.1) (&& (== netstandard2.0) (>= netcoreapp2.1))
      Microsoft.AspNetCore.NodeServices (>= 2.1.1) - restriction: || (&& (== net47) (>= netcoreapp2.1)) (&& (== net472) (>= netcoreapp2.1)) (&& (== net48) (>= netcoreapp2.1)) (== netcoreapp2.1) (== netcoreapp3.1) (&& (== netstandard2.0) (>= netcoreapp2.1))
      Microsoft.AspNetCore.Owin (>= 2.1.1) - restriction: || (&& (== net47) (>= netcoreapp2.1)) (&& (== net472) (>= netcoreapp2.1)) (&& (== net48) (>= netcoreapp2.1)) (== netcoreapp2.1) (== netcoreapp3.1) (&& (== netstandard2.0) (>= netcoreapp2.1))
      Microsoft.AspNetCore.Razor (>= 2.1.2) - restriction: || (&& (== net47) (>= netcoreapp2.1)) (&& (== net472) (>= netcoreapp2.1)) (&& (== net48) (>= netcoreapp2.1)) (== netcoreapp2.1) (== netcoreapp3.1) (&& (== netstandard2.0) (>= netcoreapp2.1))
      Microsoft.AspNetCore.Razor.Design (>= 2.1.2) - restriction: || (&& (== net47) (>= netcoreapp2.1)) (&& (== net472) (>= netcoreapp2.1)) (&& (== net48) (>= netcoreapp2.1)) (== netcoreapp2.1) (== netcoreapp3.1) (&& (== netstandard2.0) (>= netcoreapp2.1))
      Microsoft.AspNetCore.Razor.Language (>= 2.1.2) - restriction: || (&& (== net47) (>= netcoreapp2.1)) (&& (== net472) (>= netcoreapp2.1)) (&& (== net48) (>= netcoreapp2.1)) (== netcoreapp2.1) (== netcoreapp3.1) (&& (== netstandard2.0) (>= netcoreapp2.1))
      Microsoft.AspNetCore.Razor.Runtime (>= 2.1.2) - restriction: || (&& (== net47) (>= netcoreapp2.1)) (&& (== net472) (>= netcoreapp2.1)) (&& (== net48) (>= netcoreapp2.1)) (== netcoreapp2.1) (== netcoreapp3.1) (&& (== netstandard2.0) (>= netcoreapp2.1))
      Microsoft.AspNetCore.ResponseCaching (>= 2.1.1) - restriction: || (&& (== net47) (>= netcoreapp2.1)) (&& (== net472) (>= netcoreapp2.1)) (&& (== net48) (>= netcoreapp2.1)) (== netcoreapp2.1) (== netcoreapp3.1) (&& (== netstandard2.0) (>= netcoreapp2.1))
      Microsoft.AspNetCore.ResponseCaching.Abstractions (>= 2.1.1) - restriction: || (&& (== net47) (>= netcoreapp2.1)) (&& (== net472) (>= netcoreapp2.1)) (&& (== net48) (>= netcoreapp2.1)) (== netcoreapp2.1) (== netcoreapp3.1) (&& (== netstandard2.0) (>= netcoreapp2.1))
      Microsoft.AspNetCore.ResponseCompression (>= 2.1.1) - restriction: || (&& (== net47) (>= netcoreapp2.1)) (&& (== net472) (>= netcoreapp2.1)) (&& (== net48) (>= netcoreapp2.1)) (== netcoreapp2.1) (== netcoreapp3.1) (&& (== netstandard2.0) (>= netcoreapp2.1))
      Microsoft.AspNetCore.Rewrite (>= 2.1.1) - restriction: || (&& (== net47) (>= netcoreapp2.1)) (&& (== net472) (>= netcoreapp2.1)) (&& (== net48) (>= netcoreapp2.1)) (== netcoreapp2.1) (== netcoreapp3.1) (&& (== netstandard2.0) (>= netcoreapp2.1))
      Microsoft.AspNetCore.Routing (>= 2.1.1) - restriction: || (&& (== net47) (>= netcoreapp2.1)) (&& (== net472) (>= netcoreapp2.1)) (&& (== net48) (>= netcoreapp2.1)) (== netcoreapp2.1) (== netcoreapp3.1) (&& (== netstandard2.0) (>= netcoreapp2.1))
      Microsoft.AspNetCore.Routing.Abstractions (>= 2.1.1) - restriction: || (&& (== net47) (>= netcoreapp2.1)) (&& (== net472) (>= netcoreapp2.1)) (&& (== net48) (>= netcoreapp2.1)) (== netcoreapp2.1) (== netcoreapp3.1) (&& (== netstandard2.0) (>= netcoreapp2.1))
      Microsoft.AspNetCore.Server.HttpSys (>= 2.1.1) - restriction: || (&& (== net47) (>= netcoreapp2.1)) (&& (== net472) (>= netcoreapp2.1)) (&& (== net48) (>= netcoreapp2.1)) (== netcoreapp2.1) (== netcoreapp3.1) (&& (== netstandard2.0) (>= netcoreapp2.1))
      Microsoft.AspNetCore.Server.IISIntegration (>= 2.1.2) - restriction: || (&& (== net47) (>= netcoreapp2.1)) (&& (== net472) (>= netcoreapp2.1)) (&& (== net48) (>= netcoreapp2.1)) (== netcoreapp2.1) (== netcoreapp3.1) (&& (== netstandard2.0) (>= netcoreapp2.1))
      Microsoft.AspNetCore.Server.Kestrel (>= 2.1.3) - restriction: || (&& (== net47) (>= netcoreapp2.1)) (&& (== net472) (>= netcoreapp2.1)) (&& (== net48) (>= netcoreapp2.1)) (== netcoreapp2.1) (== netcoreapp3.1) (&& (== netstandard2.0) (>= netcoreapp2.1))
      Microsoft.AspNetCore.Server.Kestrel.Core (>= 2.1.3) - restriction: || (&& (== net47) (>= netcoreapp2.1)) (&& (== net472) (>= netcoreapp2.1)) (&& (== net48) (>= netcoreapp2.1)) (== netcoreapp2.1) (== netcoreapp3.1) (&& (== netstandard2.0) (>= netcoreapp2.1))
      Microsoft.AspNetCore.Server.Kestrel.Https (>= 2.1.3) - restriction: || (&& (== net47) (>= netcoreapp2.1)) (&& (== net472) (>= netcoreapp2.1)) (&& (== net48) (>= netcoreapp2.1)) (== netcoreapp2.1) (== netcoreapp3.1) (&& (== netstandard2.0) (>= netcoreapp2.1))
      Microsoft.AspNetCore.Server.Kestrel.Transport.Abstractions (>= 2.1.3) - restriction: || (&& (== net47) (>= netcoreapp2.1)) (&& (== net472) (>= netcoreapp2.1)) (&& (== net48) (>= netcoreapp2.1)) (== netcoreapp2.1) (== netcoreapp3.1) (&& (== netstandard2.0) (>= netcoreapp2.1))
      Microsoft.AspNetCore.Server.Kestrel.Transport.Libuv (>= 2.1.3) - restriction: || (&& (== net47) (>= netcoreapp2.1)) (&& (== net472) (>= netcoreapp2.1)) (&& (== net48) (>= netcoreapp2.1)) (== netcoreapp2.1) (== netcoreapp3.1) (&& (== netstandard2.0) (>= netcoreapp2.1))
      Microsoft.AspNetCore.Server.Kestrel.Transport.Sockets (>= 2.1.3) - restriction: || (&& (== net47) (>= netcoreapp2.1)) (&& (== net472) (>= netcoreapp2.1)) (&& (== net48) (>= netcoreapp2.1)) (== netcoreapp2.1) (== netcoreapp3.1) (&& (== netstandard2.0) (>= netcoreapp2.1))
      Microsoft.AspNetCore.Session (>= 2.1.1) - restriction: || (&& (== net47) (>= netcoreapp2.1)) (&& (== net472) (>= netcoreapp2.1)) (&& (== net48) (>= netcoreapp2.1)) (== netcoreapp2.1) (== netcoreapp3.1) (&& (== netstandard2.0) (>= netcoreapp2.1))
      Microsoft.AspNetCore.SignalR (>= 1.0.4) - restriction: || (&& (== net47) (>= netcoreapp2.1)) (&& (== net472) (>= netcoreapp2.1)) (&& (== net48) (>= netcoreapp2.1)) (== netcoreapp2.1) (== netcoreapp3.1) (&& (== netstandard2.0) (>= netcoreapp2.1))
      Microsoft.AspNetCore.SignalR.Common (>= 1.0.4) - restriction: || (&& (== net47) (>= netcoreapp2.1)) (&& (== net472) (>= netcoreapp2.1)) (&& (== net48) (>= netcoreapp2.1)) (== netcoreapp2.1) (== netcoreapp3.1) (&& (== netstandard2.0) (>= netcoreapp2.1))
      Microsoft.AspNetCore.SignalR.Core (>= 1.0.4) - restriction: || (&& (== net47) (>= netcoreapp2.1)) (&& (== net472) (>= netcoreapp2.1)) (&& (== net48) (>= netcoreapp2.1)) (== netcoreapp2.1) (== netcoreapp3.1) (&& (== netstandard2.0) (>= netcoreapp2.1))
      Microsoft.AspNetCore.SignalR.Protocols.Json (>= 1.0.4) - restriction: || (&& (== net47) (>= netcoreapp2.1)) (&& (== net472) (>= netcoreapp2.1)) (&& (== net48) (>= netcoreapp2.1)) (== netcoreapp2.1) (== netcoreapp3.1) (&& (== netstandard2.0) (>= netcoreapp2.1))
      Microsoft.AspNetCore.SignalR.Redis (>= 1.0.4) - restriction: || (&& (== net47) (>= netcoreapp2.1)) (&& (== net472) (>= netcoreapp2.1)) (&& (== net48) (>= netcoreapp2.1)) (== netcoreapp2.1) (== netcoreapp3.1) (&& (== netstandard2.0) (>= netcoreapp2.1))
      Microsoft.AspNetCore.SpaServices (>= 2.1.1) - restriction: || (&& (== net47) (>= netcoreapp2.1)) (&& (== net472) (>= netcoreapp2.1)) (&& (== net48) (>= netcoreapp2.1)) (== netcoreapp2.1) (== netcoreapp3.1) (&& (== netstandard2.0) (>= netcoreapp2.1))
      Microsoft.AspNetCore.SpaServices.Extensions (>= 2.1.1) - restriction: || (&& (== net47) (>= netcoreapp2.1)) (&& (== net472) (>= netcoreapp2.1)) (&& (== net48) (>= netcoreapp2.1)) (== netcoreapp2.1) (== netcoreapp3.1) (&& (== netstandard2.0) (>= netcoreapp2.1))
      Microsoft.AspNetCore.StaticFiles (>= 2.1.1) - restriction: || (&& (== net47) (>= netcoreapp2.1)) (&& (== net472) (>= netcoreapp2.1)) (&& (== net48) (>= netcoreapp2.1)) (== netcoreapp2.1) (== netcoreapp3.1) (&& (== netstandard2.0) (>= netcoreapp2.1))
      Microsoft.AspNetCore.WebSockets (>= 2.1.1) - restriction: || (&& (== net47) (>= netcoreapp2.1)) (&& (== net472) (>= netcoreapp2.1)) (&& (== net48) (>= netcoreapp2.1)) (== netcoreapp2.1) (== netcoreapp3.1) (&& (== netstandard2.0) (>= netcoreapp2.1))
      Microsoft.AspNetCore.WebUtilities (>= 2.1.1) - restriction: || (&& (== net47) (>= netcoreapp2.1)) (&& (== net472) (>= netcoreapp2.1)) (&& (== net48) (>= netcoreapp2.1)) (== netcoreapp2.1) (== netcoreapp3.1) (&& (== netstandard2.0) (>= netcoreapp2.1))
      Microsoft.CodeAnalysis.Razor (>= 2.1.2) - restriction: || (&& (== net47) (>= netcoreapp2.1)) (&& (== net472) (>= netcoreapp2.1)) (&& (== net48) (>= netcoreapp2.1)) (== netcoreapp2.1) (== netcoreapp3.1) (&& (== netstandard2.0) (>= netcoreapp2.1))
      Microsoft.Data.Sqlite (>= 2.1) - restriction: || (&& (== net47) (>= netcoreapp2.1)) (&& (== net472) (>= netcoreapp2.1)) (&& (== net48) (>= netcoreapp2.1)) (== netcoreapp2.1) (== netcoreapp3.1) (&& (== netstandard2.0) (>= netcoreapp2.1))
      Microsoft.Data.Sqlite.Core (>= 2.1) - restriction: || (&& (== net47) (>= netcoreapp2.1)) (&& (== net472) (>= netcoreapp2.1)) (&& (== net48) (>= netcoreapp2.1)) (== netcoreapp2.1) (== netcoreapp3.1) (&& (== netstandard2.0) (>= netcoreapp2.1))
      Microsoft.EntityFrameworkCore (>= 2.1.4) - restriction: || (&& (== net47) (>= netcoreapp2.1)) (&& (== net472) (>= netcoreapp2.1)) (&& (== net48) (>= netcoreapp2.1)) (== netcoreapp2.1) (== netcoreapp3.1) (&& (== netstandard2.0) (>= netcoreapp2.1))
      Microsoft.EntityFrameworkCore.Abstractions (>= 2.1.4) - restriction: || (&& (== net47) (>= netcoreapp2.1)) (&& (== net472) (>= netcoreapp2.1)) (&& (== net48) (>= netcoreapp2.1)) (== netcoreapp2.1) (== netcoreapp3.1) (&& (== netstandard2.0) (>= netcoreapp2.1))
      Microsoft.EntityFrameworkCore.Analyzers (>= 2.1.4) - restriction: || (&& (== net47) (>= netcoreapp2.1)) (&& (== net472) (>= netcoreapp2.1)) (&& (== net48) (>= netcoreapp2.1)) (== netcoreapp2.1) (== netcoreapp3.1) (&& (== netstandard2.0) (>= netcoreapp2.1))
      Microsoft.EntityFrameworkCore.Design (>= 2.1.4) - restriction: || (&& (== net47) (>= netcoreapp2.1)) (&& (== net472) (>= netcoreapp2.1)) (&& (== net48) (>= netcoreapp2.1)) (== netcoreapp2.1) (== netcoreapp3.1) (&& (== netstandard2.0) (>= netcoreapp2.1))
      Microsoft.EntityFrameworkCore.InMemory (>= 2.1.4) - restriction: || (&& (== net47) (>= netcoreapp2.1)) (&& (== net472) (>= netcoreapp2.1)) (&& (== net48) (>= netcoreapp2.1)) (== netcoreapp2.1) (== netcoreapp3.1) (&& (== netstandard2.0) (>= netcoreapp2.1))
      Microsoft.EntityFrameworkCore.Relational (>= 2.1.4) - restriction: || (&& (== net47) (>= netcoreapp2.1)) (&& (== net472) (>= netcoreapp2.1)) (&& (== net48) (>= netcoreapp2.1)) (== netcoreapp2.1) (== netcoreapp3.1) (&& (== netstandard2.0) (>= netcoreapp2.1))
      Microsoft.EntityFrameworkCore.Sqlite (>= 2.1.4) - restriction: || (&& (== net47) (>= netcoreapp2.1)) (&& (== net472) (>= netcoreapp2.1)) (&& (== net48) (>= netcoreapp2.1)) (== netcoreapp2.1) (== netcoreapp3.1) (&& (== netstandard2.0) (>= netcoreapp2.1))
      Microsoft.EntityFrameworkCore.Sqlite.Core (>= 2.1.4) - restriction: || (&& (== net47) (>= netcoreapp2.1)) (&& (== net472) (>= netcoreapp2.1)) (&& (== net48) (>= netcoreapp2.1)) (== netcoreapp2.1) (== netcoreapp3.1) (&& (== netstandard2.0) (>= netcoreapp2.1))
      Microsoft.EntityFrameworkCore.SqlServer (>= 2.1.4) - restriction: || (&& (== net47) (>= netcoreapp2.1)) (&& (== net472) (>= netcoreapp2.1)) (&& (== net48) (>= netcoreapp2.1)) (== netcoreapp2.1) (== netcoreapp3.1) (&& (== netstandard2.0) (>= netcoreapp2.1))
      Microsoft.EntityFrameworkCore.Tools (>= 2.1.4) - restriction: || (&& (== net47) (>= netcoreapp2.1)) (&& (== net472) (>= netcoreapp2.1)) (&& (== net48) (>= netcoreapp2.1)) (== netcoreapp2.1) (== netcoreapp3.1) (&& (== netstandard2.0) (>= netcoreapp2.1))
      Microsoft.Extensions.Caching.Abstractions (>= 2.1.2) - restriction: || (&& (== net47) (>= netcoreapp2.1)) (&& (== net472) (>= netcoreapp2.1)) (&& (== net48) (>= netcoreapp2.1)) (== netcoreapp2.1) (== netcoreapp3.1) (&& (== netstandard2.0) (>= netcoreapp2.1))
      Microsoft.Extensions.Caching.Memory (>= 2.1.2) - restriction: || (&& (== net47) (>= netcoreapp2.1)) (&& (== net472) (>= netcoreapp2.1)) (&& (== net48) (>= netcoreapp2.1)) (== netcoreapp2.1) (== netcoreapp3.1) (&& (== netstandard2.0) (>= netcoreapp2.1))
      Microsoft.Extensions.Caching.Redis (>= 2.1.2) - restriction: || (&& (== net47) (>= netcoreapp2.1)) (&& (== net472) (>= netcoreapp2.1)) (&& (== net48) (>= netcoreapp2.1)) (== netcoreapp2.1) (== netcoreapp3.1) (&& (== netstandard2.0) (>= netcoreapp2.1))
      Microsoft.Extensions.Caching.SqlServer (>= 2.1.2) - restriction: || (&& (== net47) (>= netcoreapp2.1)) (&& (== net472) (>= netcoreapp2.1)) (&& (== net48) (>= netcoreapp2.1)) (== netcoreapp2.1) (== netcoreapp3.1) (&& (== netstandard2.0) (>= netcoreapp2.1))
      Microsoft.Extensions.Configuration (>= 2.1.1) - restriction: || (&& (== net47) (>= netcoreapp2.1)) (&& (== net472) (>= netcoreapp2.1)) (&& (== net48) (>= netcoreapp2.1)) (== netcoreapp2.1) (== netcoreapp3.1) (&& (== netstandard2.0) (>= netcoreapp2.1))
      Microsoft.Extensions.Configuration.Abstractions (>= 2.1.1) - restriction: || (&& (== net47) (>= netcoreapp2.1)) (&& (== net472) (>= netcoreapp2.1)) (&& (== net48) (>= netcoreapp2.1)) (== netcoreapp2.1) (== netcoreapp3.1) (&& (== netstandard2.0) (>= netcoreapp2.1))
      Microsoft.Extensions.Configuration.AzureKeyVault (>= 2.1.1) - restriction: || (&& (== net47) (>= netcoreapp2.1)) (&& (== net472) (>= netcoreapp2.1)) (&& (== net48) (>= netcoreapp2.1)) (== netcoreapp2.1) (== netcoreapp3.1) (&& (== netstandard2.0) (>= netcoreapp2.1))
      Microsoft.Extensions.Configuration.Binder (>= 2.1.1) - restriction: || (&& (== net47) (>= netcoreapp2.1)) (&& (== net472) (>= netcoreapp2.1)) (&& (== net48) (>= netcoreapp2.1)) (== netcoreapp2.1) (== netcoreapp3.1) (&& (== netstandard2.0) (>= netcoreapp2.1))
      Microsoft.Extensions.Configuration.CommandLine (>= 2.1.1) - restriction: || (&& (== net47) (>= netcoreapp2.1)) (&& (== net472) (>= netcoreapp2.1)) (&& (== net48) (>= netcoreapp2.1)) (== netcoreapp2.1) (== netcoreapp3.1) (&& (== netstandard2.0) (>= netcoreapp2.1))
      Microsoft.Extensions.Configuration.EnvironmentVariables (>= 2.1.1) - restriction: || (&& (== net47) (>= netcoreapp2.1)) (&& (== net472) (>= netcoreapp2.1)) (&& (== net48) (>= netcoreapp2.1)) (== netcoreapp2.1) (== netcoreapp3.1) (&& (== netstandard2.0) (>= netcoreapp2.1))
      Microsoft.Extensions.Configuration.FileExtensions (>= 2.1.1) - restriction: || (&& (== net47) (>= netcoreapp2.1)) (&& (== net472) (>= netcoreapp2.1)) (&& (== net48) (>= netcoreapp2.1)) (== netcoreapp2.1) (== netcoreapp3.1) (&& (== netstandard2.0) (>= netcoreapp2.1))
      Microsoft.Extensions.Configuration.Ini (>= 2.1.1) - restriction: || (&& (== net47) (>= netcoreapp2.1)) (&& (== net472) (>= netcoreapp2.1)) (&& (== net48) (>= netcoreapp2.1)) (== netcoreapp2.1) (== netcoreapp3.1) (&& (== netstandard2.0) (>= netcoreapp2.1))
      Microsoft.Extensions.Configuration.Json (>= 2.1.1) - restriction: || (&& (== net47) (>= netcoreapp2.1)) (&& (== net472) (>= netcoreapp2.1)) (&& (== net48) (>= netcoreapp2.1)) (== netcoreapp2.1) (== netcoreapp3.1) (&& (== netstandard2.0) (>= netcoreapp2.1))
      Microsoft.Extensions.Configuration.KeyPerFile (>= 2.1.1) - restriction: || (&& (== net47) (>= netcoreapp2.1)) (&& (== net472) (>= netcoreapp2.1)) (&& (== net48) (>= netcoreapp2.1)) (== netcoreapp2.1) (== netcoreapp3.1) (&& (== netstandard2.0) (>= netcoreapp2.1))
      Microsoft.Extensions.Configuration.UserSecrets (>= 2.1.1) - restriction: || (&& (== net47) (>= netcoreapp2.1)) (&& (== net472) (>= netcoreapp2.1)) (&& (== net48) (>= netcoreapp2.1)) (== netcoreapp2.1) (== netcoreapp3.1) (&& (== netstandard2.0) (>= netcoreapp2.1))
      Microsoft.Extensions.Configuration.Xml (>= 2.1.1) - restriction: || (&& (== net47) (>= netcoreapp2.1)) (&& (== net472) (>= netcoreapp2.1)) (&& (== net48) (>= netcoreapp2.1)) (== netcoreapp2.1) (== netcoreapp3.1) (&& (== netstandard2.0) (>= netcoreapp2.1))
      Microsoft.Extensions.DependencyInjection (>= 2.1.1) - restriction: || (&& (== net47) (>= netcoreapp2.1)) (&& (== net472) (>= netcoreapp2.1)) (&& (== net48) (>= netcoreapp2.1)) (== netcoreapp2.1) (== netcoreapp3.1) (&& (== netstandard2.0) (>= netcoreapp2.1))
      Microsoft.Extensions.DependencyInjection.Abstractions (>= 2.1.1) - restriction: || (&& (== net47) (>= netcoreapp2.1)) (&& (== net472) (>= netcoreapp2.1)) (&& (== net48) (>= netcoreapp2.1)) (== netcoreapp2.1) (== netcoreapp3.1) (&& (== netstandard2.0) (>= netcoreapp2.1))
      Microsoft.Extensions.DiagnosticAdapter (>= 2.1) - restriction: || (&& (== net47) (>= netcoreapp2.1)) (&& (== net472) (>= netcoreapp2.1)) (&& (== net48) (>= netcoreapp2.1)) (== netcoreapp2.1) (== netcoreapp3.1) (&& (== netstandard2.0) (>= netcoreapp2.1))
      Microsoft.Extensions.FileProviders.Abstractions (>= 2.1.1) - restriction: || (&& (== net47) (>= netcoreapp2.1)) (&& (== net472) (>= netcoreapp2.1)) (&& (== net48) (>= netcoreapp2.1)) (== netcoreapp2.1) (== netcoreapp3.1) (&& (== netstandard2.0) (>= netcoreapp2.1))
      Microsoft.Extensions.FileProviders.Composite (>= 2.1.1) - restriction: || (&& (== net47) (>= netcoreapp2.1)) (&& (== net472) (>= netcoreapp2.1)) (&& (== net48) (>= netcoreapp2.1)) (== netcoreapp2.1) (== netcoreapp3.1) (&& (== netstandard2.0) (>= netcoreapp2.1))
      Microsoft.Extensions.FileProviders.Embedded (>= 2.1.1) - restriction: || (&& (== net47) (>= netcoreapp2.1)) (&& (== net472) (>= netcoreapp2.1)) (&& (== net48) (>= netcoreapp2.1)) (== netcoreapp2.1) (== netcoreapp3.1) (&& (== netstandard2.0) (>= netcoreapp2.1))
      Microsoft.Extensions.FileProviders.Physical (>= 2.1.1) - restriction: || (&& (== net47) (>= netcoreapp2.1)) (&& (== net472) (>= netcoreapp2.1)) (&& (== net48) (>= netcoreapp2.1)) (== netcoreapp2.1) (== netcoreapp3.1) (&& (== netstandard2.0) (>= netcoreapp2.1))
      Microsoft.Extensions.FileSystemGlobbing (>= 2.1.1) - restriction: || (&& (== net47) (>= netcoreapp2.1)) (&& (== net472) (>= netcoreapp2.1)) (&& (== net48) (>= netcoreapp2.1)) (== netcoreapp2.1) (== netcoreapp3.1) (&& (== netstandard2.0) (>= netcoreapp2.1))
      Microsoft.Extensions.Hosting (>= 2.1.1) - restriction: || (&& (== net47) (>= netcoreapp2.1)) (&& (== net472) (>= netcoreapp2.1)) (&& (== net48) (>= netcoreapp2.1)) (== netcoreapp2.1) (== netcoreapp3.1) (&& (== netstandard2.0) (>= netcoreapp2.1))
      Microsoft.Extensions.Hosting.Abstractions (>= 2.1.1) - restriction: || (&& (== net47) (>= netcoreapp2.1)) (&& (== net472) (>= netcoreapp2.1)) (&& (== net48) (>= netcoreapp2.1)) (== netcoreapp2.1) (== netcoreapp3.1) (&& (== netstandard2.0) (>= netcoreapp2.1))
      Microsoft.Extensions.Http (>= 2.1.1) - restriction: || (&& (== net47) (>= netcoreapp2.1)) (&& (== net472) (>= netcoreapp2.1)) (&& (== net48) (>= netcoreapp2.1)) (== netcoreapp2.1) (== netcoreapp3.1) (&& (== netstandard2.0) (>= netcoreapp2.1))
      Microsoft.Extensions.Identity.Core (>= 2.1.6) - restriction: || (&& (== net47) (>= netcoreapp2.1)) (&& (== net472) (>= netcoreapp2.1)) (&& (== net48) (>= netcoreapp2.1)) (== netcoreapp2.1) (== netcoreapp3.1) (&& (== netstandard2.0) (>= netcoreapp2.1))
      Microsoft.Extensions.Identity.Stores (>= 2.1.6) - restriction: || (&& (== net47) (>= netcoreapp2.1)) (&& (== net472) (>= netcoreapp2.1)) (&& (== net48) (>= netcoreapp2.1)) (== netcoreapp2.1) (== netcoreapp3.1) (&& (== netstandard2.0) (>= netcoreapp2.1))
      Microsoft.Extensions.Localization (>= 2.1.1) - restriction: || (&& (== net47) (>= netcoreapp2.1)) (&& (== net472) (>= netcoreapp2.1)) (&& (== net48) (>= netcoreapp2.1)) (== netcoreapp2.1) (== netcoreapp3.1) (&& (== netstandard2.0) (>= netcoreapp2.1))
      Microsoft.Extensions.Localization.Abstractions (>= 2.1.1) - restriction: || (&& (== net47) (>= netcoreapp2.1)) (&& (== net472) (>= netcoreapp2.1)) (&& (== net48) (>= netcoreapp2.1)) (== netcoreapp2.1) (== netcoreapp3.1) (&& (== netstandard2.0) (>= netcoreapp2.1))
      Microsoft.Extensions.Logging (>= 2.1.1) - restriction: || (&& (== net47) (>= netcoreapp2.1)) (&& (== net472) (>= netcoreapp2.1)) (&& (== net48) (>= netcoreapp2.1)) (== netcoreapp2.1) (== netcoreapp3.1) (&& (== netstandard2.0) (>= netcoreapp2.1))
      Microsoft.Extensions.Logging.Abstractions (>= 2.1.1) - restriction: || (&& (== net47) (>= netcoreapp2.1)) (&& (== net472) (>= netcoreapp2.1)) (&& (== net48) (>= netcoreapp2.1)) (== netcoreapp2.1) (== netcoreapp3.1) (&& (== netstandard2.0) (>= netcoreapp2.1))
      Microsoft.Extensions.Logging.AzureAppServices (>= 2.1.1) - restriction: || (&& (== net47) (>= netcoreapp2.1)) (&& (== net472) (>= netcoreapp2.1)) (&& (== net48) (>= netcoreapp2.1)) (== netcoreapp2.1) (== netcoreapp3.1) (&& (== netstandard2.0) (>= netcoreapp2.1))
      Microsoft.Extensions.Logging.Configuration (>= 2.1.1) - restriction: || (&& (== net47) (>= netcoreapp2.1)) (&& (== net472) (>= netcoreapp2.1)) (&& (== net48) (>= netcoreapp2.1)) (== netcoreapp2.1) (== netcoreapp3.1) (&& (== netstandard2.0) (>= netcoreapp2.1))
      Microsoft.Extensions.Logging.Console (>= 2.1.1) - restriction: || (&& (== net47) (>= netcoreapp2.1)) (&& (== net472) (>= netcoreapp2.1)) (&& (== net48) (>= netcoreapp2.1)) (== netcoreapp2.1) (== netcoreapp3.1) (&& (== netstandard2.0) (>= netcoreapp2.1))
      Microsoft.Extensions.Logging.Debug (>= 2.1.1) - restriction: || (&& (== net47) (>= netcoreapp2.1)) (&& (== net472) (>= netcoreapp2.1)) (&& (== net48) (>= netcoreapp2.1)) (== netcoreapp2.1) (== netcoreapp3.1) (&& (== netstandard2.0) (>= netcoreapp2.1))
      Microsoft.Extensions.Logging.EventSource (>= 2.1.1) - restriction: || (&& (== net47) (>= netcoreapp2.1)) (&& (== net472) (>= netcoreapp2.1)) (&& (== net48) (>= netcoreapp2.1)) (== netcoreapp2.1) (== netcoreapp3.1) (&& (== netstandard2.0) (>= netcoreapp2.1))
      Microsoft.Extensions.Logging.TraceSource (>= 2.1.1) - restriction: || (&& (== net47) (>= netcoreapp2.1)) (&& (== net472) (>= netcoreapp2.1)) (&& (== net48) (>= netcoreapp2.1)) (== netcoreapp2.1) (== netcoreapp3.1) (&& (== netstandard2.0) (>= netcoreapp2.1))
      Microsoft.Extensions.ObjectPool (>= 2.1.6) - restriction: || (&& (== net47) (>= netcoreapp2.1)) (&& (== net472) (>= netcoreapp2.1)) (&& (== net48) (>= netcoreapp2.1)) (== netcoreapp2.1) (== netcoreapp3.1) (&& (== netstandard2.0) (>= netcoreapp2.1))
      Microsoft.Extensions.Options (>= 2.1.1) - restriction: || (&& (== net47) (>= netcoreapp2.1)) (&& (== net472) (>= netcoreapp2.1)) (&& (== net48) (>= netcoreapp2.1)) (== netcoreapp2.1) (== netcoreapp3.1) (&& (== netstandard2.0) (>= netcoreapp2.1))
      Microsoft.Extensions.Options.ConfigurationExtensions (>= 2.1.1) - restriction: || (&& (== net47) (>= netcoreapp2.1)) (&& (== net472) (>= netcoreapp2.1)) (&& (== net48) (>= netcoreapp2.1)) (== netcoreapp2.1) (== netcoreapp3.1) (&& (== netstandard2.0) (>= netcoreapp2.1))
      Microsoft.Extensions.Primitives (>= 2.1.6) - restriction: || (&& (== net47) (>= netcoreapp2.1)) (&& (== net472) (>= netcoreapp2.1)) (&& (== net48) (>= netcoreapp2.1)) (== netcoreapp2.1) (== netcoreapp3.1) (&& (== netstandard2.0) (>= netcoreapp2.1))
      Microsoft.Extensions.WebEncoders (>= 2.1.1) - restriction: || (&& (== net47) (>= netcoreapp2.1)) (&& (== net472) (>= netcoreapp2.1)) (&& (== net48) (>= netcoreapp2.1)) (== netcoreapp2.1) (== netcoreapp3.1) (&& (== netstandard2.0) (>= netcoreapp2.1))
      Microsoft.Net.Http.Headers (>= 2.1.1) - restriction: || (&& (== net47) (>= netcoreapp2.1)) (&& (== net472) (>= netcoreapp2.1)) (&& (== net48) (>= netcoreapp2.1)) (== netcoreapp2.1) (== netcoreapp3.1) (&& (== netstandard2.0) (>= netcoreapp2.1))
      Microsoft.VisualStudio.Web.BrowserLink (>= 2.1.1) - restriction: || (&& (== net47) (>= netcoreapp2.1)) (&& (== net472) (>= netcoreapp2.1)) (&& (== net48) (>= netcoreapp2.1)) (== netcoreapp2.1) (== netcoreapp3.1) (&& (== netstandard2.0) (>= netcoreapp2.1))
      System.IO.Pipelines (>= 4.5.2) - restriction: || (&& (== net47) (>= netcoreapp2.1)) (&& (== net472) (>= netcoreapp2.1)) (&& (== net48) (>= netcoreapp2.1)) (== netcoreapp2.1) (== netcoreapp3.1) (&& (== netstandard2.0) (>= netcoreapp2.1))
    Microsoft.AspNetCore.Antiforgery (2.2) - restriction: || (&& (== net47) (>= netcoreapp2.1)) (&& (== net472) (>= netcoreapp2.1)) (&& (== net48) (>= netcoreapp2.1)) (== netcoreapp2.1) (== netcoreapp3.1) (&& (== netstandard2.0) (>= netcoreapp2.1))
      Microsoft.AspNetCore.DataProtection (>= 2.2) - restriction: || (&& (== net47) (>= netstandard2.0)) (== net472) (== net48) (== netcoreapp2.1) (== netcoreapp3.1) (== netstandard2.0)
      Microsoft.AspNetCore.Http.Abstractions (>= 2.2) - restriction: || (&& (== net47) (>= netstandard2.0)) (== net472) (== net48) (== netcoreapp2.1) (== netcoreapp3.1) (== netstandard2.0)
      Microsoft.AspNetCore.Http.Extensions (>= 2.2) - restriction: || (&& (== net47) (>= netstandard2.0)) (== net472) (== net48) (== netcoreapp2.1) (== netcoreapp3.1) (== netstandard2.0)
      Microsoft.AspNetCore.WebUtilities (>= 2.2) - restriction: || (&& (== net47) (>= netstandard2.0)) (== net472) (== net48) (== netcoreapp2.1) (== netcoreapp3.1) (== netstandard2.0)
      Microsoft.Extensions.ObjectPool (>= 2.2) - restriction: || (&& (== net47) (>= netstandard2.0)) (== net472) (== net48) (== netcoreapp2.1) (== netcoreapp3.1) (== netstandard2.0)
    Microsoft.AspNetCore.ApplicationInsights.HostingStartup (2.2) - restriction: || (&& (== net47) (>= netcoreapp2.1)) (&& (== net472) (>= netcoreapp2.1)) (&& (== net48) (>= netcoreapp2.1)) (== netcoreapp2.1) (== netcoreapp3.1) (&& (== netstandard2.0) (>= netcoreapp2.1))
      Microsoft.ApplicationInsights.AspNetCore (>= 2.1.1) - restriction: || (== net47) (== net472) (== net48) (== netcoreapp2.1) (== netcoreapp3.1) (&& (== netstandard2.0) (>= net461)) (&& (== netstandard2.0) (>= netcoreapp2.0))
      Microsoft.AspNetCore.Hosting (>= 2.2) - restriction: || (== net47) (== net472) (== net48) (== netcoreapp2.1) (== netcoreapp3.1) (&& (== netstandard2.0) (>= net461)) (&& (== netstandard2.0) (>= netcoreapp2.0))
      Microsoft.AspNetCore.Razor.Runtime (>= 2.2) - restriction: || (== net47) (== net472) (== net48) (== netcoreapp2.1) (== netcoreapp3.1) (&& (== netstandard2.0) (>= net461)) (&& (== netstandard2.0) (>= netcoreapp2.0))
      Microsoft.Extensions.Configuration.Json (>= 2.2) - restriction: || (== net47) (== net472) (== net48) (== netcoreapp2.1) (== netcoreapp3.1) (&& (== netstandard2.0) (>= net461)) (&& (== netstandard2.0) (>= netcoreapp2.0))
      Microsoft.Extensions.DiagnosticAdapter (>= 2.2) - restriction: || (== net47) (== net472) (== net48) (== netcoreapp2.1) (== netcoreapp3.1) (&& (== netstandard2.0) (>= net461)) (&& (== netstandard2.0) (>= netcoreapp2.0))
      Microsoft.Extensions.Logging (>= 2.2) - restriction: || (== net47) (== net472) (== net48) (== netcoreapp2.1) (== netcoreapp3.1) (&& (== netstandard2.0) (>= net461)) (&& (== netstandard2.0) (>= netcoreapp2.0))
      Microsoft.Extensions.Logging.Configuration (>= 2.2) - restriction: || (== net47) (== net472) (== net48) (== netcoreapp2.1) (== netcoreapp3.1) (&& (== netstandard2.0) (>= net461)) (&& (== netstandard2.0) (>= netcoreapp2.0))
    Microsoft.AspNetCore.Authentication (2.2)
      Microsoft.AspNetCore.Authentication.Core (>= 2.2) - restriction: || (&& (== net47) (>= netstandard2.0)) (== net472) (== net48) (== netcoreapp2.1) (== netcoreapp3.1) (== netstandard2.0)
      Microsoft.AspNetCore.DataProtection (>= 2.2) - restriction: || (&& (== net47) (>= netstandard2.0)) (== net472) (== net48) (== netcoreapp2.1) (== netcoreapp3.1) (== netstandard2.0)
      Microsoft.AspNetCore.Http (>= 2.2) - restriction: || (&& (== net47) (>= netstandard2.0)) (== net472) (== net48) (== netcoreapp2.1) (== netcoreapp3.1) (== netstandard2.0)
      Microsoft.AspNetCore.Http.Extensions (>= 2.2) - restriction: || (&& (== net47) (>= netstandard2.0)) (== net472) (== net48) (== netcoreapp2.1) (== netcoreapp3.1) (== netstandard2.0)
      Microsoft.Extensions.Logging.Abstractions (>= 2.2) - restriction: || (&& (== net47) (>= netstandard2.0)) (== net472) (== net48) (== netcoreapp2.1) (== netcoreapp3.1) (== netstandard2.0)
      Microsoft.Extensions.Options (>= 2.2) - restriction: || (&& (== net47) (>= netstandard2.0)) (== net472) (== net48) (== netcoreapp2.1) (== netcoreapp3.1) (== netstandard2.0)
      Microsoft.Extensions.WebEncoders (>= 2.2) - restriction: || (&& (== net47) (>= netstandard2.0)) (== net472) (== net48) (== netcoreapp2.1) (== netcoreapp3.1) (== netstandard2.0)
    Microsoft.AspNetCore.Authentication.Abstractions (2.2) - restriction: || (&& (== net47) (>= netcoreapp2.1)) (&& (== net472) (>= netcoreapp2.1)) (&& (== net48) (>= netcoreapp2.1)) (== netcoreapp2.1) (== netcoreapp3.1) (&& (== netstandard2.0) (>= netcoreapp2.1))
      Microsoft.AspNetCore.Http.Abstractions (>= 2.2) - restriction: || (&& (== net47) (>= netstandard2.0)) (== net472) (== net48) (== netcoreapp2.1) (== netcoreapp3.1) (== netstandard2.0)
      Microsoft.Extensions.Logging.Abstractions (>= 2.2) - restriction: || (&& (== net47) (>= netstandard2.0)) (== net472) (== net48) (== netcoreapp2.1) (== netcoreapp3.1) (== netstandard2.0)
      Microsoft.Extensions.Options (>= 2.2) - restriction: || (&& (== net47) (>= netstandard2.0)) (== net472) (== net48) (== netcoreapp2.1) (== netcoreapp3.1) (== netstandard2.0)
    Microsoft.AspNetCore.Authentication.Cookies (2.2) - restriction: || (&& (== net47) (>= netcoreapp2.1)) (&& (== net472) (>= netcoreapp2.1)) (&& (== net48) (>= netcoreapp2.1)) (== netcoreapp2.1) (== netcoreapp3.1) (&& (== netstandard2.0) (>= netcoreapp2.1))
      Microsoft.AspNetCore.Authentication (>= 2.2) - restriction: || (&& (== net47) (>= netstandard2.0)) (== net472) (== net48) (== netcoreapp2.1) (== netcoreapp3.1) (== netstandard2.0)
    Microsoft.AspNetCore.Authentication.Core (2.2) - restriction: || (&& (== net47) (>= netcoreapp2.1)) (&& (== net47) (>= netstandard2.0)) (== net472) (== net48) (== netcoreapp2.1) (== netcoreapp3.1) (== netstandard2.0)
      Microsoft.AspNetCore.Authentication.Abstractions (>= 2.2) - restriction: || (&& (== net47) (>= netstandard2.0)) (== net472) (== net48) (== netcoreapp2.1) (== netcoreapp3.1) (== netstandard2.0)
      Microsoft.AspNetCore.Http (>= 2.2) - restriction: || (&& (== net47) (>= netstandard2.0)) (== net472) (== net48) (== netcoreapp2.1) (== netcoreapp3.1) (== netstandard2.0)
      Microsoft.AspNetCore.Http.Extensions (>= 2.2) - restriction: || (&& (== net47) (>= netstandard2.0)) (== net472) (== net48) (== netcoreapp2.1) (== netcoreapp3.1) (== netstandard2.0)
    Microsoft.AspNetCore.Authentication.Facebook (2.2) - restriction: || (&& (== net47) (>= netcoreapp2.1)) (&& (== net472) (>= netcoreapp2.1)) (&& (== net48) (>= netcoreapp2.1)) (== netcoreapp2.1) (== netcoreapp3.1) (&& (== netstandard2.0) (>= netcoreapp2.1))
      Microsoft.AspNetCore.Authentication.OAuth (>= 2.2) - restriction: || (&& (== net47) (>= netstandard2.0)) (== net472) (== net48) (== netcoreapp2.1) (== netcoreapp3.1) (== netstandard2.0)
    Microsoft.AspNetCore.Authentication.Google (2.2.2) - restriction: || (&& (== net47) (>= netcoreapp2.1)) (&& (== net472) (>= netcoreapp2.1)) (&& (== net48) (>= netcoreapp2.1)) (== netcoreapp2.1) (== netcoreapp3.1) (&& (== netstandard2.0) (>= netcoreapp2.1))
      Microsoft.AspNetCore.Authentication.OAuth (>= 2.2) - restriction: || (&& (== net47) (>= netstandard2.0)) (== net472) (== net48) (== netcoreapp2.1) (== netcoreapp3.1) (== netstandard2.0)
    Microsoft.AspNetCore.Authentication.JwtBearer (2.2) - restriction: || (&& (== net47) (>= netcoreapp2.1)) (&& (== net472) (>= netcoreapp2.1)) (&& (== net48) (>= netcoreapp2.1)) (== netcoreapp2.1) (== netcoreapp3.1) (&& (== netstandard2.0) (>= netcoreapp2.1))
      Microsoft.AspNetCore.Authentication (>= 2.2) - restriction: || (&& (== net47) (>= netstandard2.0)) (== net472) (== net48) (== netcoreapp2.1) (== netcoreapp3.1) (== netstandard2.0)
      Microsoft.IdentityModel.Protocols.OpenIdConnect (>= 5.3) - restriction: || (&& (== net47) (>= netstandard2.0)) (== net472) (== net48) (== netcoreapp2.1) (== netcoreapp3.1) (== netstandard2.0)
    Microsoft.AspNetCore.Authentication.MicrosoftAccount (2.2) - restriction: || (&& (== net47) (>= netcoreapp2.1)) (&& (== net472) (>= netcoreapp2.1)) (&& (== net48) (>= netcoreapp2.1)) (== netcoreapp2.1) (== netcoreapp3.1) (&& (== netstandard2.0) (>= netcoreapp2.1))
      Microsoft.AspNetCore.Authentication.OAuth (>= 2.2) - restriction: || (&& (== net47) (>= netstandard2.0)) (== net472) (== net48) (== netcoreapp2.1) (== netcoreapp3.1) (== netstandard2.0)
    Microsoft.AspNetCore.Authentication.OAuth (2.2) - restriction: || (&& (== net47) (>= netcoreapp2.1)) (&& (== net472) (>= netcoreapp2.1)) (&& (== net48) (>= netcoreapp2.1)) (== netcoreapp2.1) (== netcoreapp3.1) (&& (== netstandard2.0) (>= netcoreapp2.1))
      Microsoft.AspNetCore.Authentication (>= 2.2) - restriction: || (&& (== net47) (>= netstandard2.0)) (== net472) (== net48) (== netcoreapp2.1) (== netcoreapp3.1) (== netstandard2.0)
      Newtonsoft.Json (>= 11.0.2) - restriction: || (&& (== net47) (>= netstandard2.0)) (== net472) (== net48) (== netcoreapp2.1) (== netcoreapp3.1) (== netstandard2.0)
    Microsoft.AspNetCore.Authentication.OpenIdConnect (2.2) - restriction: || (&& (== net47) (>= netcoreapp2.1)) (&& (== net472) (>= netcoreapp2.1)) (&& (== net48) (>= netcoreapp2.1)) (== netcoreapp2.1) (== netcoreapp3.1) (&& (== netstandard2.0) (>= netcoreapp2.1))
      Microsoft.AspNetCore.Authentication.OAuth (>= 2.2) - restriction: || (&& (== net47) (>= netstandard2.0)) (== net472) (== net48) (== netcoreapp2.1) (== netcoreapp3.1) (== netstandard2.0)
      Microsoft.IdentityModel.Protocols.OpenIdConnect (>= 5.3) - restriction: || (&& (== net47) (>= netstandard2.0)) (== net472) (== net48) (== netcoreapp2.1) (== netcoreapp3.1) (== netstandard2.0)
    Microsoft.AspNetCore.Authentication.Twitter (2.2) - restriction: || (&& (== net47) (>= netcoreapp2.1)) (&& (== net472) (>= netcoreapp2.1)) (&& (== net48) (>= netcoreapp2.1)) (== netcoreapp2.1) (== netcoreapp3.1) (&& (== netstandard2.0) (>= netcoreapp2.1))
      Microsoft.AspNetCore.Authentication.OAuth (>= 2.2) - restriction: || (&& (== net47) (>= netstandard2.0)) (== net472) (== net48) (== netcoreapp2.1) (== netcoreapp3.1) (== netstandard2.0)
    Microsoft.AspNetCore.Authentication.WsFederation (2.2) - restriction: || (&& (== net47) (>= netcoreapp2.1)) (&& (== net472) (>= netcoreapp2.1)) (&& (== net48) (>= netcoreapp2.1)) (== netcoreapp2.1) (== netcoreapp3.1) (&& (== netstandard2.0) (>= netcoreapp2.1))
      Microsoft.AspNetCore.Authentication (>= 2.2) - restriction: || (&& (== net47) (>= netstandard2.0)) (== net472) (== net48) (== netcoreapp2.1) (== netcoreapp3.1) (== netstandard2.0)
      Microsoft.IdentityModel.Protocols.WsFederation (>= 5.3) - restriction: || (&& (== net47) (>= netstandard2.0)) (== net472) (== net48) (== netcoreapp2.1) (== netcoreapp3.1) (== netstandard2.0)
      System.IdentityModel.Tokens.Jwt (>= 5.3) - restriction: || (&& (== net47) (>= netstandard2.0)) (== net472) (== net48) (== netcoreapp2.1) (== netcoreapp3.1) (== netstandard2.0)
    Microsoft.AspNetCore.Authorization (2.2)
      Microsoft.Extensions.Logging.Abstractions (>= 2.2) - restriction: || (&& (== net47) (>= netstandard2.0)) (== net472) (== net48) (== netcoreapp2.1) (== netcoreapp3.1) (== netstandard2.0)
      Microsoft.Extensions.Options (>= 2.2) - restriction: || (&& (== net47) (>= netstandard2.0)) (== net472) (== net48) (== netcoreapp2.1) (== netcoreapp3.1) (== netstandard2.0)
    Microsoft.AspNetCore.Authorization.Policy (2.2) - restriction: || (&& (== net47) (>= netcoreapp2.1)) (&& (== net472) (>= netcoreapp2.1)) (&& (== net48) (>= netcoreapp2.1)) (== netcoreapp2.1) (== netcoreapp3.1) (&& (== netstandard2.0) (>= netcoreapp2.1))
      Microsoft.AspNetCore.Authentication.Abstractions (>= 2.2) - restriction: || (&& (== net47) (>= netstandard2.0)) (== net472) (== net48) (== netcoreapp2.1) (== netcoreapp3.1) (== netstandard2.0)
      Microsoft.AspNetCore.Authorization (>= 2.2) - restriction: || (&& (== net47) (>= netstandard2.0)) (== net472) (== net48) (== netcoreapp2.1) (== netcoreapp3.1) (== netstandard2.0)
    Microsoft.AspNetCore.AzureAppServices.HostingStartup (2.2.5) - restriction: || (&& (== net47) (>= netcoreapp2.1)) (&& (== net472) (>= netcoreapp2.1)) (&& (== net48) (>= netcoreapp2.1)) (== netcoreapp2.1) (== netcoreapp3.1) (&& (== netstandard2.0) (>= netcoreapp2.1))
      Microsoft.AspNetCore.AzureAppServicesIntegration (>= 2.2.5) - restriction: || (== net47) (== net472) (== net48) (== netcoreapp2.1) (== netcoreapp3.1) (&& (== netstandard2.0) (>= net461)) (&& (== netstandard2.0) (>= netcoreapp2.0))
      Microsoft.Extensions.Configuration.EnvironmentVariables (>= 2.2.4) - restriction: || (== net47) (== net472) (== net48) (== netcoreapp2.1) (== netcoreapp3.1) (&& (== netstandard2.0) (>= net461)) (&& (== netstandard2.0) (>= netcoreapp2.0))
    Microsoft.AspNetCore.AzureAppServicesIntegration (2.2.5) - restriction: || (&& (== net47) (>= netcoreapp2.1)) (&& (== net472) (>= netcoreapp2.1)) (&& (== net48) (>= netcoreapp2.1)) (== netcoreapp2.1) (== netcoreapp3.1) (&& (== netstandard2.0) (>= netcoreapp2.1))
      Microsoft.AspNetCore.Hosting (>= 2.2) - restriction: || (&& (== net47) (>= netstandard2.0)) (== net472) (== net48) (== netcoreapp2.1) (== netcoreapp3.1) (== netstandard2.0)
      Microsoft.Extensions.Logging.AzureAppServices (>= 2.2.5) - restriction: || (&& (== net47) (>= netstandard2.0)) (== net472) (== net48) (== netcoreapp2.1) (== netcoreapp3.1) (== netstandard2.0)
    Microsoft.AspNetCore.Connections.Abstractions (2.2) - restriction: || (&& (== net47) (>= netcoreapp2.1)) (&& (== net472) (>= netcoreapp2.1)) (&& (== net48) (>= netcoreapp2.1)) (== netcoreapp2.1) (== netcoreapp3.1) (&& (== netstandard2.0) (>= netcoreapp2.1))
      Microsoft.AspNetCore.Http.Features (>= 2.2) - restriction: || (&& (== net47) (>= netstandard2.0)) (== net472) (== net48) (== netcoreapp2.1) (== netcoreapp3.1) (== netstandard2.0)
      System.IO.Pipelines (>= 4.5.2) - restriction: || (&& (== net47) (>= netstandard2.0)) (== net472) (== net48) (== netcoreapp2.1) (== netcoreapp3.1) (== netstandard2.0)
    Microsoft.AspNetCore.CookiePolicy (2.2) - restriction: || (&& (== net47) (>= netcoreapp2.1)) (&& (== net472) (>= netcoreapp2.1)) (&& (== net48) (>= netcoreapp2.1)) (== netcoreapp2.1) (== netcoreapp3.1) (&& (== netstandard2.0) (>= netcoreapp2.1))
      Microsoft.AspNetCore.Http (>= 2.2) - restriction: || (&& (== net47) (>= netstandard2.0)) (== net472) (== net48) (== netcoreapp2.1) (== netcoreapp3.1) (== netstandard2.0)
      Microsoft.Extensions.Logging.Abstractions (>= 2.2) - restriction: || (&& (== net47) (>= netstandard2.0)) (== net472) (== net48) (== netcoreapp2.1) (== netcoreapp3.1) (== netstandard2.0)
      Microsoft.Extensions.Options (>= 2.2) - restriction: || (&& (== net47) (>= netstandard2.0)) (== net472) (== net48) (== netcoreapp2.1) (== netcoreapp3.1) (== netstandard2.0)
    Microsoft.AspNetCore.Cors (2.2) - restriction: || (&& (== net47) (>= netcoreapp2.1)) (&& (== net472) (>= netcoreapp2.1)) (&& (== net48) (>= netcoreapp2.1)) (== netcoreapp2.1) (== netcoreapp3.1) (&& (== netstandard2.0) (>= netcoreapp2.1))
      Microsoft.AspNetCore.Http.Extensions (>= 2.2) - restriction: || (&& (== net47) (>= netstandard2.0)) (== net472) (== net48) (== netcoreapp2.1) (== netcoreapp3.1) (== netstandard2.0)
      Microsoft.Extensions.Configuration.Abstractions (>= 2.2) - restriction: || (&& (== net47) (>= netstandard2.0)) (== net472) (== net48) (== netcoreapp2.1) (== netcoreapp3.1) (== netstandard2.0)
      Microsoft.Extensions.DependencyInjection.Abstractions (>= 2.2) - restriction: || (&& (== net47) (>= netstandard2.0)) (== net472) (== net48) (== netcoreapp2.1) (== netcoreapp3.1) (== netstandard2.0)
      Microsoft.Extensions.Logging.Abstractions (>= 2.2) - restriction: || (&& (== net47) (>= netstandard2.0)) (== net472) (== net48) (== netcoreapp2.1) (== netcoreapp3.1) (== netstandard2.0)
      Microsoft.Extensions.Options (>= 2.2) - restriction: || (&& (== net47) (>= netstandard2.0)) (== net472) (== net48) (== netcoreapp2.1) (== netcoreapp3.1) (== netstandard2.0)
    Microsoft.AspNetCore.Cryptography.Internal (2.2) - restriction: || (&& (== net47) (>= netcoreapp2.1)) (&& (== net472) (>= netcoreapp2.1)) (&& (== net48) (>= netcoreapp2.1)) (== netcoreapp2.1) (== netcoreapp3.1) (&& (== netstandard2.0) (>= netcoreapp2.1))
    Microsoft.AspNetCore.Cryptography.KeyDerivation (2.2) - restriction: || (&& (== net47) (>= netcoreapp2.1)) (&& (== net472) (>= netcoreapp2.1)) (&& (== net48) (>= netcoreapp2.1)) (== netcoreapp2.1) (== netcoreapp3.1) (&& (== netstandard2.0) (>= netcoreapp2.1))
      Microsoft.AspNetCore.Cryptography.Internal (>= 2.2) - restriction: || (&& (== net47) (>= netstandard2.0)) (== net472) (== net48) (== netcoreapp2.1) (== netcoreapp3.1) (== netstandard2.0)
    Microsoft.AspNetCore.DataProtection (2.2) - restriction: || (&& (== net47) (>= netcoreapp2.1)) (&& (== net47) (>= netstandard2.0)) (== net472) (== net48) (== netcoreapp2.1) (== netcoreapp3.1) (== netstandard2.0)
      Microsoft.AspNetCore.Cryptography.Internal (>= 2.2) - restriction: || (&& (== net47) (>= netstandard2.0)) (== net472) (== net48) (== netcoreapp2.1) (== netcoreapp3.1) (== netstandard2.0)
      Microsoft.AspNetCore.DataProtection.Abstractions (>= 2.2) - restriction: || (&& (== net47) (>= netstandard2.0)) (== net472) (== net48) (== netcoreapp2.1) (== netcoreapp3.1) (== netstandard2.0)
      Microsoft.AspNetCore.Hosting.Abstractions (>= 2.2) - restriction: || (&& (== net47) (>= netstandard2.0)) (== net472) (== net48) (== netcoreapp2.1) (== netcoreapp3.1) (== netstandard2.0)
      Microsoft.Extensions.DependencyInjection.Abstractions (>= 2.2) - restriction: || (&& (== net47) (>= netstandard2.0)) (== net472) (== net48) (== netcoreapp2.1) (== netcoreapp3.1) (== netstandard2.0)
      Microsoft.Extensions.Logging.Abstractions (>= 2.2) - restriction: || (&& (== net47) (>= netstandard2.0)) (== net472) (== net48) (== netcoreapp2.1) (== netcoreapp3.1) (== netstandard2.0)
      Microsoft.Extensions.Options (>= 2.2) - restriction: || (&& (== net47) (>= netstandard2.0)) (== net472) (== net48) (== netcoreapp2.1) (== netcoreapp3.1) (== netstandard2.0)
      Microsoft.Win32.Registry (>= 4.5) - restriction: || (&& (== net47) (>= netstandard2.0)) (== net472) (== net48) (== netcoreapp2.1) (== netcoreapp3.1) (== netstandard2.0)
      System.Security.Cryptography.Xml (>= 4.5) - restriction: || (&& (== net47) (>= netstandard2.0)) (== net472) (== net48) (== netcoreapp2.1) (== netcoreapp3.1) (== netstandard2.0)
      System.Security.Principal.Windows (>= 4.5) - restriction: || (&& (== net47) (>= netstandard2.0)) (== net472) (== net48) (== netcoreapp2.1) (== netcoreapp3.1) (== netstandard2.0)
    Microsoft.AspNetCore.DataProtection.Abstractions (2.2) - restriction: || (&& (== net47) (>= netcoreapp2.1)) (&& (== net472) (>= netcoreapp2.1)) (&& (== net48) (>= netcoreapp2.1)) (== netcoreapp2.1) (== netcoreapp3.1) (&& (== netstandard2.0) (>= netcoreapp2.1))
    Microsoft.AspNetCore.DataProtection.AzureKeyVault (2.2) - restriction: || (&& (== net47) (>= netcoreapp2.1)) (&& (== net472) (>= netcoreapp2.1)) (&& (== net48) (>= netcoreapp2.1)) (== netcoreapp2.1) (== netcoreapp3.1) (&& (== netstandard2.0) (>= netcoreapp2.1))
      Microsoft.AspNetCore.DataProtection (>= 2.2) - restriction: || (&& (== net47) (>= netstandard2.0)) (== net472) (== net48) (== netcoreapp2.1) (== netcoreapp3.1) (== netstandard2.0)
      Microsoft.Azure.KeyVault (>= 2.3.2) - restriction: || (&& (== net47) (>= netstandard2.0)) (== net472) (== net48) (== netcoreapp2.1) (== netcoreapp3.1) (== netstandard2.0)
      Microsoft.IdentityModel.Clients.ActiveDirectory (>= 3.19.8) - restriction: || (&& (== net47) (>= netstandard2.0)) (== net472) (== net48) (== netcoreapp2.1) (== netcoreapp3.1) (== netstandard2.0)
    Microsoft.AspNetCore.DataProtection.AzureStorage (2.2) - restriction: || (&& (== net47) (>= netcoreapp2.1)) (&& (== net472) (>= netcoreapp2.1)) (&& (== net48) (>= netcoreapp2.1)) (== netcoreapp2.1) (== netcoreapp3.1) (&& (== netstandard2.0) (>= netcoreapp2.1))
      Microsoft.AspNetCore.DataProtection (>= 2.2) - restriction: || (&& (== net47) (>= netstandard2.0)) (== net472) (== net48) (== netcoreapp2.1) (== netcoreapp3.1) (== netstandard2.0)
      WindowsAzure.Storage (>= 8.1.4) - restriction: || (&& (== net47) (>= netstandard2.0)) (== net472) (== net48) (== netcoreapp2.1) (== netcoreapp3.1) (== netstandard2.0)
    Microsoft.AspNetCore.DataProtection.Extensions (2.2) - restriction: || (&& (== net47) (>= netcoreapp2.1)) (&& (== net472) (>= netcoreapp2.1)) (&& (== net48) (>= netcoreapp2.1)) (== netcoreapp2.1) (== netcoreapp3.1) (&& (== netstandard2.0) (>= netcoreapp2.1))
      Microsoft.AspNetCore.DataProtection (>= 2.2) - restriction: || (&& (== net47) (>= netstandard2.0)) (== net472) (== net48) (== netcoreapp2.1) (== netcoreapp3.1) (== netstandard2.0)
      Microsoft.Extensions.DependencyInjection (>= 2.2) - restriction: || (&& (== net47) (>= netstandard2.0)) (== net472) (== net48) (== netcoreapp2.1) (== netcoreapp3.1) (== netstandard2.0)
    Microsoft.AspNetCore.Diagnostics (2.2)
      Microsoft.AspNetCore.Diagnostics.Abstractions (>= 2.2) - restriction: || (&& (== net47) (>= netstandard2.0)) (== net472) (== net48) (== netcoreapp2.1) (== netcoreapp3.1) (== netstandard2.0)
      Microsoft.AspNetCore.Hosting.Abstractions (>= 2.2) - restriction: || (&& (== net47) (>= netstandard2.0)) (== net472) (== net48) (== netcoreapp2.1) (== netcoreapp3.1) (== netstandard2.0)
      Microsoft.AspNetCore.Http.Extensions (>= 2.2) - restriction: || (&& (== net47) (>= netstandard2.0)) (== net472) (== net48) (== netcoreapp2.1) (== netcoreapp3.1) (== netstandard2.0)
      Microsoft.AspNetCore.WebUtilities (>= 2.2) - restriction: || (&& (== net47) (>= netstandard2.0)) (== net472) (== net48) (== netcoreapp2.1) (== netcoreapp3.1) (== netstandard2.0)
      Microsoft.Extensions.FileProviders.Physical (>= 2.2) - restriction: || (&& (== net47) (>= netstandard2.0)) (== net472) (== net48) (== netcoreapp2.1) (== netcoreapp3.1) (== netstandard2.0)
      Microsoft.Extensions.Logging.Abstractions (>= 2.2) - restriction: || (&& (== net47) (>= netstandard2.0)) (== net472) (== net48) (== netcoreapp2.1) (== netcoreapp3.1) (== netstandard2.0)
      Microsoft.Extensions.Options (>= 2.2) - restriction: || (&& (== net47) (>= netstandard2.0)) (== net472) (== net48) (== netcoreapp2.1) (== netcoreapp3.1) (== netstandard2.0)
      System.Diagnostics.DiagnosticSource (>= 4.5) - restriction: || (&& (== net47) (>= netstandard2.0)) (== net472) (== net48) (== netcoreapp2.1) (== netcoreapp3.1) (== netstandard2.0)
      System.Reflection.Metadata (>= 1.6) - restriction: || (&& (== net47) (>= netstandard2.0)) (== net472) (== net48) (== netcoreapp2.1) (== netcoreapp3.1) (== netstandard2.0)
    Microsoft.AspNetCore.Diagnostics.Abstractions (2.2) - restriction: || (&& (== net47) (>= netcoreapp2.1)) (&& (== net47) (>= netstandard2.0)) (== net472) (== net48) (== netcoreapp2.1) (== netcoreapp3.1) (== netstandard2.0)
    Microsoft.AspNetCore.Diagnostics.EntityFrameworkCore (2.2.1) - restriction: || (&& (== net47) (>= netcoreapp2.1)) (&& (== net472) (>= netcoreapp2.1)) (&& (== net48) (>= netcoreapp2.1)) (== netcoreapp2.1) (== netcoreapp3.1) (&& (== netstandard2.0) (>= netcoreapp2.1))
      Microsoft.AspNetCore.Http.Abstractions (>= 2.2) - restriction: || (&& (== net47) (>= netstandard2.0)) (== net472) (== net48) (== netcoreapp2.1) (== netcoreapp3.1) (== netstandard2.0)
      Microsoft.EntityFrameworkCore.Relational (>= 2.2) - restriction: || (&& (== net47) (>= netstandard2.0)) (== net472) (== net48) (== netcoreapp2.1) (== netcoreapp3.1) (== netstandard2.0)
    Microsoft.AspNetCore.HostFiltering (2.2) - restriction: || (&& (== net47) (>= netcoreapp2.1)) (&& (== net472) (>= netcoreapp2.1)) (&& (== net48) (>= netcoreapp2.1)) (== netcoreapp2.1) (== netcoreapp3.1) (&& (== netstandard2.0) (>= netcoreapp2.1))
      Microsoft.AspNetCore.Hosting.Abstractions (>= 2.2) - restriction: || (&& (== net47) (>= netstandard2.0)) (== net472) (== net48) (== netcoreapp2.1) (== netcoreapp3.1) (== netstandard2.0)
      Microsoft.AspNetCore.Http (>= 2.2) - restriction: || (&& (== net47) (>= netstandard2.0)) (== net472) (== net48) (== netcoreapp2.1) (== netcoreapp3.1) (== netstandard2.0)
      Microsoft.AspNetCore.Http.Extensions (>= 2.2) - restriction: || (&& (== net47) (>= netstandard2.0)) (== net472) (== net48) (== netcoreapp2.1) (== netcoreapp3.1) (== netstandard2.0)
      Microsoft.Extensions.Options (>= 2.2) - restriction: || (&& (== net47) (>= netstandard2.0)) (== net472) (== net48) (== netcoreapp2.1) (== netcoreapp3.1) (== netstandard2.0)
    Microsoft.AspNetCore.Hosting (2.2) - restriction: || (&& (== net47) (>= netcoreapp2.1)) (&& (== net472) (>= netcoreapp2.1)) (&& (== net48) (>= netcoreapp2.1)) (== netcoreapp2.1) (== netcoreapp3.1) (&& (== netstandard2.0) (>= netcoreapp2.1))
      Microsoft.AspNetCore.Hosting.Abstractions (>= 2.2) - restriction: || (&& (== net47) (>= netstandard2.0)) (== net472) (== net48) (== netcoreapp2.1) (== netcoreapp3.1) (== netstandard2.0)
      Microsoft.AspNetCore.Http (>= 2.2) - restriction: || (&& (== net47) (>= netstandard2.0)) (== net472) (== net48) (== netcoreapp2.1) (== netcoreapp3.1) (== netstandard2.0)
      Microsoft.AspNetCore.Http.Extensions (>= 2.2) - restriction: || (&& (== net47) (>= netstandard2.0)) (== net472) (== net48) (== netcoreapp2.1) (== netcoreapp3.1) (== netstandard2.0)
      Microsoft.Extensions.Configuration (>= 2.2) - restriction: || (&& (== net47) (>= netstandard2.0)) (== net472) (== net48) (== netcoreapp2.1) (== netcoreapp3.1) (== netstandard2.0)
      Microsoft.Extensions.Configuration.EnvironmentVariables (>= 2.2) - restriction: || (&& (== net47) (>= netstandard2.0)) (== net472) (== net48) (== netcoreapp2.1) (== netcoreapp3.1) (== netstandard2.0)
      Microsoft.Extensions.Configuration.FileExtensions (>= 2.2) - restriction: || (&& (== net47) (>= netstandard2.0)) (== net472) (== net48) (== netcoreapp2.1) (== netcoreapp3.1) (== netstandard2.0)
      Microsoft.Extensions.DependencyInjection (>= 2.2) - restriction: || (&& (== net47) (>= netstandard2.0)) (== net472) (== net48) (== netcoreapp2.1) (== netcoreapp3.1) (== netstandard2.0)
      Microsoft.Extensions.FileProviders.Physical (>= 2.2) - restriction: || (&& (== net47) (>= netstandard2.0)) (== net472) (== net48) (== netcoreapp2.1) (== netcoreapp3.1) (== netstandard2.0)
      Microsoft.Extensions.Hosting.Abstractions (>= 2.2) - restriction: || (&& (== net47) (>= netstandard2.0)) (== net472) (== net48) (== netcoreapp2.1) (== netcoreapp3.1) (== netstandard2.0)
      Microsoft.Extensions.Logging (>= 2.2) - restriction: || (&& (== net47) (>= netstandard2.0)) (== net472) (== net48) (== netcoreapp2.1) (== netcoreapp3.1) (== netstandard2.0)
      Microsoft.Extensions.Options (>= 2.2) - restriction: || (&& (== net47) (>= netstandard2.0)) (== net472) (== net48) (== netcoreapp2.1) (== netcoreapp3.1) (== netstandard2.0)
      System.Diagnostics.DiagnosticSource (>= 4.5) - restriction: || (&& (== net47) (>= netstandard2.0)) (== net472) (== net48) (== netcoreapp2.1) (== netcoreapp3.1) (== netstandard2.0)
      System.Reflection.Metadata (>= 1.6) - restriction: || (&& (== net47) (>= netstandard2.0)) (== net472) (== net48) (== netcoreapp2.1) (== netcoreapp3.1) (== netstandard2.0)
    Microsoft.AspNetCore.Hosting.Abstractions (2.2)
      Microsoft.AspNetCore.Hosting.Server.Abstractions (>= 2.2) - restriction: || (&& (== net47) (>= netstandard2.0)) (== net472) (== net48) (== netcoreapp2.1) (== netcoreapp3.1) (== netstandard2.0)
      Microsoft.AspNetCore.Http.Abstractions (>= 2.2) - restriction: || (&& (== net47) (>= netstandard2.0)) (== net472) (== net48) (== netcoreapp2.1) (== netcoreapp3.1) (== netstandard2.0)
      Microsoft.Extensions.Hosting.Abstractions (>= 2.2) - restriction: || (&& (== net47) (>= netstandard2.0)) (== net472) (== net48) (== netcoreapp2.1) (== netcoreapp3.1) (== netstandard2.0)
    Microsoft.AspNetCore.Hosting.Server.Abstractions (2.2) - restriction: || (&& (== net47) (>= netcoreapp2.1)) (&& (== net47) (>= netstandard2.0)) (== net472) (== net48) (== netcoreapp2.1) (== netcoreapp3.1) (== netstandard2.0)
      Microsoft.AspNetCore.Http.Features (>= 2.2) - restriction: || (&& (== net47) (>= netstandard2.0)) (== net472) (== net48) (== netcoreapp2.1) (== netcoreapp3.1) (== netstandard2.0)
      Microsoft.Extensions.Configuration.Abstractions (>= 2.2) - restriction: || (&& (== net47) (>= netstandard2.0)) (== net472) (== net48) (== netcoreapp2.1) (== netcoreapp3.1) (== netstandard2.0)
    Microsoft.AspNetCore.Html.Abstractions (2.2) - restriction: || (&& (== net47) (>= netcoreapp2.1)) (&& (== net472) (>= netcoreapp2.1)) (&& (== net48) (>= netcoreapp2.1)) (== netcoreapp2.1) (== netcoreapp3.1) (&& (== netstandard2.0) (>= netcoreapp2.1))
      System.Text.Encodings.Web (>= 4.5) - restriction: || (&& (== net47) (>= netstandard2.0)) (== net472) (== net48) (== netcoreapp2.1) (== netcoreapp3.1) (== netstandard2.0)
    Microsoft.AspNetCore.Http (2.2.2) - restriction: || (&& (== net47) (>= netcoreapp2.1)) (&& (== net47) (>= netstandard2.0)) (== net472) (== net48) (== netcoreapp2.1) (== netcoreapp3.1) (== netstandard2.0)
      Microsoft.AspNetCore.Http.Abstractions (>= 2.2) - restriction: || (&& (== net47) (>= netstandard2.0)) (== net472) (== net48) (== netcoreapp2.1) (== netcoreapp3.1) (== netstandard2.0)
      Microsoft.AspNetCore.WebUtilities (>= 2.2) - restriction: || (&& (== net47) (>= netstandard2.0)) (== net472) (== net48) (== netcoreapp2.1) (== netcoreapp3.1) (== netstandard2.0)
      Microsoft.Extensions.ObjectPool (>= 2.2) - restriction: || (&& (== net47) (>= netstandard2.0)) (== net472) (== net48) (== netcoreapp2.1) (== netcoreapp3.1) (== netstandard2.0)
      Microsoft.Extensions.Options (>= 2.2) - restriction: || (&& (== net47) (>= netstandard2.0)) (== net472) (== net48) (== netcoreapp2.1) (== netcoreapp3.1) (== netstandard2.0)
      Microsoft.Net.Http.Headers (>= 2.2) - restriction: || (&& (== net47) (>= netstandard2.0)) (== net472) (== net48) (== netcoreapp2.1) (== netcoreapp3.1) (== netstandard2.0)
    Microsoft.AspNetCore.Http.Abstractions (2.2) - restriction: || (&& (== net47) (>= netcoreapp2.1)) (&& (== net47) (>= netstandard2.0)) (== net472) (== net48) (== netcoreapp2.1) (== netcoreapp3.1) (== netstandard2.0)
      Microsoft.AspNetCore.Http.Features (>= 2.2) - restriction: || (&& (== net47) (>= netstandard2.0)) (== net472) (== net48) (== netcoreapp2.1) (== netcoreapp3.1) (== netstandard2.0)
      System.Text.Encodings.Web (>= 4.5) - restriction: || (&& (== net47) (>= netstandard2.0)) (== net472) (== net48) (== netcoreapp2.1) (== netcoreapp3.1) (== netstandard2.0)
    Microsoft.AspNetCore.Http.Connections (1.1) - restriction: || (&& (== net47) (>= netcoreapp2.1)) (&& (== net472) (>= netcoreapp2.1)) (&& (== net48) (>= netcoreapp2.1)) (== netcoreapp2.1) (== netcoreapp3.1) (&& (== netstandard2.0) (>= netcoreapp2.1))
      Microsoft.AspNetCore.Authorization.Policy (>= 2.2) - restriction: || (&& (== net47) (>= netstandard2.0)) (== net472) (== net48) (== netcoreapp2.1) (== netcoreapp3.1) (== netstandard2.0)
      Microsoft.AspNetCore.Hosting.Abstractions (>= 2.2) - restriction: || (&& (== net47) (>= netstandard2.0)) (== net472) (== net48) (== netcoreapp2.1) (== netcoreapp3.1) (== netstandard2.0)
      Microsoft.AspNetCore.Http (>= 2.2) - restriction: || (&& (== net47) (>= netstandard2.0)) (== net472) (== net48) (== netcoreapp2.1) (== netcoreapp3.1) (== netstandard2.0)
      Microsoft.AspNetCore.Http.Connections.Common (>= 1.1) - restriction: || (&& (== net47) (>= netstandard2.0)) (== net472) (== net48) (== netcoreapp2.1) (== netcoreapp3.1) (== netstandard2.0)
      Microsoft.AspNetCore.Routing (>= 2.2) - restriction: || (&& (== net47) (>= netstandard2.0)) (== net472) (== net48) (== netcoreapp2.1) (== netcoreapp3.1) (== netstandard2.0)
      Microsoft.AspNetCore.WebSockets (>= 2.2) - restriction: || (&& (== net47) (>= netstandard2.0)) (== net472) (== net48) (== netcoreapp2.1) (== netcoreapp3.1) (== netstandard2.0)
      Newtonsoft.Json (>= 11.0.2) - restriction: || (&& (== net47) (>= netstandard2.0)) (== net472) (== net48) (== netcoreapp2.1) (== netcoreapp3.1) (== netstandard2.0)
      System.Security.Principal.Windows (>= 4.5) - restriction: || (&& (== net47) (>= netstandard2.0)) (== net472) (== net48) (== netcoreapp2.1) (== netcoreapp3.1) (== netstandard2.0)
    Microsoft.AspNetCore.Http.Connections.Common (1.1) - restriction: || (&& (== net47) (>= netcoreapp2.1)) (&& (== net472) (>= netcoreapp2.1)) (&& (== net48) (>= netcoreapp2.1)) (== netcoreapp2.1) (== netcoreapp3.1) (&& (== netstandard2.0) (>= netcoreapp2.1))
      Microsoft.AspNetCore.Connections.Abstractions (>= 2.2) - restriction: || (&& (== net47) (>= netstandard2.0)) (== net472) (== net48) (== netcoreapp2.1) (== netcoreapp3.1) (== netstandard2.0)
      Newtonsoft.Json (>= 11.0.2) - restriction: || (&& (== net47) (>= netstandard2.0)) (== net472) (== net48) (== netcoreapp2.1) (== netcoreapp3.1) (== netstandard2.0)
      System.Buffers (>= 4.5) - restriction: || (&& (== net47) (>= netstandard2.0)) (== net472) (== net48) (== netcoreapp2.1) (== netcoreapp3.1) (== netstandard2.0)
    Microsoft.AspNetCore.Http.Extensions (2.2) - restriction: || (&& (== net47) (>= netcoreapp2.1)) (&& (== net47) (>= netstandard2.0)) (== net472) (== net48) (== netcoreapp2.1) (== netcoreapp3.1) (== netstandard2.0)
      Microsoft.AspNetCore.Http.Abstractions (>= 2.2) - restriction: || (&& (== net47) (>= netstandard2.0)) (== net472) (== net48) (== netcoreapp2.1) (== netcoreapp3.1) (== netstandard2.0)
      Microsoft.Extensions.FileProviders.Abstractions (>= 2.2) - restriction: || (&& (== net47) (>= netstandard2.0)) (== net472) (== net48) (== netcoreapp2.1) (== netcoreapp3.1) (== netstandard2.0)
      Microsoft.Net.Http.Headers (>= 2.2) - restriction: || (&& (== net47) (>= netstandard2.0)) (== net472) (== net48) (== netcoreapp2.1) (== netcoreapp3.1) (== netstandard2.0)
      System.Buffers (>= 4.5) - restriction: || (&& (== net47) (>= netstandard2.0)) (== net472) (== net48) (== netcoreapp2.1) (== netcoreapp3.1) (== netstandard2.0)
    Microsoft.AspNetCore.Http.Features (2.2) - restriction: || (&& (== net47) (>= netcoreapp2.1)) (&& (== net472) (>= netcoreapp2.1)) (&& (== net48) (>= netcoreapp2.1)) (== netcoreapp2.1) (== netcoreapp3.1) (&& (== netstandard2.0) (>= netcoreapp2.1))
      Microsoft.Extensions.Primitives (>= 2.2) - restriction: || (&& (== net47) (>= netstandard2.0)) (== net472) (== net48) (== netcoreapp2.1) (== netcoreapp3.1) (== netstandard2.0)
    Microsoft.AspNetCore.HttpOverrides (2.2) - restriction: || (&& (== net47) (>= netcoreapp2.1)) (&& (== net472) (>= netcoreapp2.1)) (&& (== net48) (>= netcoreapp2.1)) (== netcoreapp2.1) (== netcoreapp3.1) (&& (== netstandard2.0) (>= netcoreapp2.1))
      Microsoft.AspNetCore.Http.Extensions (>= 2.2) - restriction: || (&& (== net47) (>= netstandard2.0)) (== net472) (== net48) (== netcoreapp2.1) (== netcoreapp3.1) (== netstandard2.0)
      Microsoft.Extensions.Logging.Abstractions (>= 2.2) - restriction: || (&& (== net47) (>= netstandard2.0)) (== net472) (== net48) (== netcoreapp2.1) (== netcoreapp3.1) (== netstandard2.0)
      Microsoft.Extensions.Options (>= 2.2) - restriction: || (&& (== net47) (>= netstandard2.0)) (== net472) (== net48) (== netcoreapp2.1) (== netcoreapp3.1) (== netstandard2.0)
    Microsoft.AspNetCore.HttpsPolicy (2.2) - restriction: || (&& (== net47) (>= netcoreapp2.1)) (&& (== net472) (>= netcoreapp2.1)) (&& (== net48) (>= netcoreapp2.1)) (== netcoreapp2.1) (== netcoreapp3.1) (&& (== netstandard2.0) (>= netcoreapp2.1))
      Microsoft.AspNetCore.Hosting.Abstractions (>= 2.2) - restriction: || (&& (== net47) (>= netstandard2.0)) (== net472) (== net48) (== netcoreapp2.1) (== netcoreapp3.1) (== netstandard2.0)
      Microsoft.AspNetCore.Http (>= 2.2) - restriction: || (&& (== net47) (>= netstandard2.0)) (== net472) (== net48) (== netcoreapp2.1) (== netcoreapp3.1) (== netstandard2.0)
      Microsoft.AspNetCore.Http.Extensions (>= 2.2) - restriction: || (&& (== net47) (>= netstandard2.0)) (== net472) (== net48) (== netcoreapp2.1) (== netcoreapp3.1) (== netstandard2.0)
      Microsoft.Extensions.Configuration.Binder (>= 2.2) - restriction: || (&& (== net47) (>= netstandard2.0)) (== net472) (== net48) (== netcoreapp2.1) (== netcoreapp3.1) (== netstandard2.0)
      Microsoft.Extensions.Options (>= 2.2) - restriction: || (&& (== net47) (>= netstandard2.0)) (== net472) (== net48) (== netcoreapp2.1) (== netcoreapp3.1) (== netstandard2.0)
    Microsoft.AspNetCore.Identity (2.2) - restriction: || (&& (== net47) (>= netcoreapp2.1)) (&& (== net472) (>= netcoreapp2.1)) (&& (== net48) (>= netcoreapp2.1)) (== netcoreapp2.1) (== netcoreapp3.1) (&& (== netstandard2.0) (>= netcoreapp2.1))
      Microsoft.AspNetCore.Authentication.Cookies (>= 2.2) - restriction: || (&& (== net47) (>= netstandard2.0)) (== net472) (== net48) (== netcoreapp2.1) (== netcoreapp3.1) (== netstandard2.0)
      Microsoft.AspNetCore.Cryptography.KeyDerivation (>= 2.2) - restriction: || (&& (== net47) (>= netstandard2.0)) (== net472) (== net48) (== netcoreapp2.1) (== netcoreapp3.1) (== netstandard2.0)
      Microsoft.AspNetCore.Hosting.Abstractions (>= 2.2) - restriction: || (&& (== net47) (>= netstandard2.0)) (== net472) (== net48) (== netcoreapp2.1) (== netcoreapp3.1) (== netstandard2.0)
      Microsoft.Extensions.Identity.Core (>= 2.2) - restriction: || (&& (== net47) (>= netstandard2.0)) (== net472) (== net48) (== netcoreapp2.1) (== netcoreapp3.1) (== netstandard2.0)
    Microsoft.AspNetCore.Identity.EntityFrameworkCore (2.2) - restriction: || (&& (== net47) (>= netcoreapp2.1)) (&& (== net472) (>= netcoreapp2.1)) (&& (== net48) (>= netcoreapp2.1)) (== netcoreapp2.1) (== netcoreapp3.1) (&& (== netstandard2.0) (>= netcoreapp2.1))
      Microsoft.AspNetCore.Identity (>= 2.2) - restriction: || (&& (== net47) (>= netstandard2.0)) (== net472) (== net48) (== netcoreapp2.1) (== netcoreapp3.1) (== netstandard2.0)
      Microsoft.EntityFrameworkCore.Relational (>= 2.2) - restriction: || (&& (== net47) (>= netstandard2.0)) (== net472) (== net48) (== netcoreapp2.1) (== netcoreapp3.1) (== netstandard2.0)
      Microsoft.Extensions.Identity.Stores (>= 2.2) - restriction: || (&& (== net47) (>= netstandard2.0)) (== net472) (== net48) (== netcoreapp2.1) (== netcoreapp3.1) (== netstandard2.0)
    Microsoft.AspNetCore.Identity.UI (2.2.5) - restriction: || (&& (== net47) (>= netcoreapp2.1)) (&& (== net472) (>= netcoreapp2.1)) (&& (== net48) (>= netcoreapp2.1)) (== netcoreapp2.1) (== netcoreapp3.1) (&& (== netstandard2.0) (>= netcoreapp2.1))
      Microsoft.AspNetCore.Identity (>= 2.2) - restriction: || (&& (== net47) (>= netstandard2.0)) (== net472) (== net48) (== netcoreapp2.1) (== netcoreapp3.1) (== netstandard2.0)
      Microsoft.AspNetCore.Mvc (>= 2.2) - restriction: || (&& (== net47) (>= netstandard2.0)) (== net472) (== net48) (== netcoreapp2.1) (== netcoreapp3.1) (== netstandard2.0)
      Microsoft.AspNetCore.StaticFiles (>= 2.2) - restriction: || (&& (== net47) (>= netstandard2.0)) (== net472) (== net48) (== netcoreapp2.1) (== netcoreapp3.1) (== netstandard2.0)
      Microsoft.Extensions.FileProviders.Embedded (>= 2.2) - restriction: || (&& (== net47) (>= netstandard2.0)) (== net472) (== net48) (== netcoreapp2.1) (== netcoreapp3.1) (== netstandard2.0)
      Microsoft.Extensions.Identity.Stores (>= 2.2) - restriction: || (&& (== net47) (>= netstandard2.0)) (== net472) (== net48) (== netcoreapp2.1) (== netcoreapp3.1) (== netstandard2.0)
    Microsoft.AspNetCore.JsonPatch (2.2) - restriction: || (&& (== net47) (>= netcoreapp2.1)) (&& (== net472) (>= netcoreapp2.1)) (&& (== net48) (>= netcoreapp2.1)) (== netcoreapp2.1) (== netcoreapp3.1) (&& (== netstandard2.0) (>= netcoreapp2.1))
      Microsoft.CSharp (>= 4.5) - restriction: || (&& (== net47) (>= netstandard2.0)) (== net472) (== net48) (== netcoreapp2.1) (== netcoreapp3.1) (== netstandard2.0)
      Newtonsoft.Json (>= 11.0.2) - restriction: || (&& (== net47) (>= netstandard2.0)) (== net472) (== net48) (== netcoreapp2.1) (== netcoreapp3.1) (== netstandard2.0)
    Microsoft.AspNetCore.Localization (2.2) - restriction: || (&& (== net47) (>= netcoreapp2.1)) (&& (== net472) (>= netcoreapp2.1)) (&& (== net48) (>= netcoreapp2.1)) (== netcoreapp2.1) (== netcoreapp3.1) (&& (== netstandard2.0) (>= netcoreapp2.1))
      Microsoft.AspNetCore.Http.Extensions (>= 2.2) - restriction: || (&& (== net47) (>= netstandard2.0)) (== net472) (== net48) (== netcoreapp2.1) (== netcoreapp3.1) (== netstandard2.0)
      Microsoft.Extensions.Localization.Abstractions (>= 2.2) - restriction: || (&& (== net47) (>= netstandard2.0)) (== net472) (== net48) (== netcoreapp2.1) (== netcoreapp3.1) (== netstandard2.0)
      Microsoft.Extensions.Logging.Abstractions (>= 2.2) - restriction: || (&& (== net47) (>= netstandard2.0)) (== net472) (== net48) (== netcoreapp2.1) (== netcoreapp3.1) (== netstandard2.0)
      Microsoft.Extensions.Options (>= 2.2) - restriction: || (&& (== net47) (>= netstandard2.0)) (== net472) (== net48) (== netcoreapp2.1) (== netcoreapp3.1) (== netstandard2.0)
    Microsoft.AspNetCore.Localization.Routing (2.2) - restriction: || (&& (== net47) (>= netcoreapp2.1)) (&& (== net472) (>= netcoreapp2.1)) (&& (== net48) (>= netcoreapp2.1)) (== netcoreapp2.1) (== netcoreapp3.1) (&& (== netstandard2.0) (>= netcoreapp2.1))
      Microsoft.AspNetCore.Localization (>= 2.2) - restriction: || (&& (== net47) (>= netstandard2.0)) (== net472) (== net48) (== netcoreapp2.1) (== netcoreapp3.1) (== netstandard2.0)
      Microsoft.AspNetCore.Routing.Abstractions (>= 2.2) - restriction: || (&& (== net47) (>= netstandard2.0)) (== net472) (== net48) (== netcoreapp2.1) (== netcoreapp3.1) (== netstandard2.0)
    Microsoft.AspNetCore.MiddlewareAnalysis (2.2) - restriction: || (&& (== net47) (>= netcoreapp2.1)) (&& (== net472) (>= netcoreapp2.1)) (&& (== net48) (>= netcoreapp2.1)) (== netcoreapp2.1) (== netcoreapp3.1) (&& (== netstandard2.0) (>= netcoreapp2.1))
      Microsoft.AspNetCore.Hosting.Abstractions (>= 2.2) - restriction: || (&& (== net47) (>= netstandard2.0)) (== net472) (== net48) (== netcoreapp2.1) (== netcoreapp3.1) (== netstandard2.0)
      Microsoft.Extensions.DependencyInjection.Abstractions (>= 2.2) - restriction: || (&& (== net47) (>= netstandard2.0)) (== net472) (== net48) (== netcoreapp2.1) (== netcoreapp3.1) (== netstandard2.0)
      System.Diagnostics.DiagnosticSource (>= 4.5) - restriction: || (&& (== net47) (>= netstandard2.0)) (== net472) (== net48) (== netcoreapp2.1) (== netcoreapp3.1) (== netstandard2.0)
    Microsoft.AspNetCore.Mvc (2.2) - restriction: || (&& (== net47) (>= netcoreapp2.1)) (&& (== net472) (>= netcoreapp2.1)) (&& (== net48) (>= netcoreapp2.1)) (== netcoreapp2.1) (== netcoreapp3.1) (&& (== netstandard2.0) (>= netcoreapp2.1))
      Microsoft.AspNetCore.Mvc.Analyzers (>= 2.2) - restriction: || (&& (== net47) (>= netstandard2.0)) (== net472) (== net48) (== netcoreapp2.1) (== netcoreapp3.1) (== netstandard2.0)
      Microsoft.AspNetCore.Mvc.ApiExplorer (>= 2.2) - restriction: || (&& (== net47) (>= netstandard2.0)) (== net472) (== net48) (== netcoreapp2.1) (== netcoreapp3.1) (== netstandard2.0)
      Microsoft.AspNetCore.Mvc.Cors (>= 2.2) - restriction: || (&& (== net47) (>= netstandard2.0)) (== net472) (== net48) (== netcoreapp2.1) (== netcoreapp3.1) (== netstandard2.0)
      Microsoft.AspNetCore.Mvc.DataAnnotations (>= 2.2) - restriction: || (&& (== net47) (>= netstandard2.0)) (== net472) (== net48) (== netcoreapp2.1) (== netcoreapp3.1) (== netstandard2.0)
      Microsoft.AspNetCore.Mvc.Formatters.Json (>= 2.2) - restriction: || (&& (== net47) (>= netstandard2.0)) (== net472) (== net48) (== netcoreapp2.1) (== netcoreapp3.1) (== netstandard2.0)
      Microsoft.AspNetCore.Mvc.Localization (>= 2.2) - restriction: || (&& (== net47) (>= netstandard2.0)) (== net472) (== net48) (== netcoreapp2.1) (== netcoreapp3.1) (== netstandard2.0)
      Microsoft.AspNetCore.Mvc.Razor.Extensions (>= 2.2) - restriction: || (&& (== net47) (>= netstandard2.0)) (== net472) (== net48) (== netcoreapp2.1) (== netcoreapp3.1) (== netstandard2.0)
      Microsoft.AspNetCore.Mvc.RazorPages (>= 2.2) - restriction: || (&& (== net47) (>= netstandard2.0)) (== net472) (== net48) (== netcoreapp2.1) (== netcoreapp3.1) (== netstandard2.0)
      Microsoft.AspNetCore.Mvc.TagHelpers (>= 2.2) - restriction: || (&& (== net47) (>= netstandard2.0)) (== net472) (== net48) (== netcoreapp2.1) (== netcoreapp3.1) (== netstandard2.0)
      Microsoft.AspNetCore.Mvc.ViewFeatures (>= 2.2) - restriction: || (&& (== net47) (>= netstandard2.0)) (== net472) (== net48) (== netcoreapp2.1) (== netcoreapp3.1) (== netstandard2.0)
      Microsoft.AspNetCore.Razor.Design (>= 2.2) - restriction: || (&& (== net47) (>= netstandard2.0)) (== net472) (== net48) (== netcoreapp2.1) (== netcoreapp3.1) (== netstandard2.0)
      Microsoft.Extensions.Caching.Memory (>= 2.2) - restriction: || (&& (== net47) (>= netstandard2.0)) (== net472) (== net48) (== netcoreapp2.1) (== netcoreapp3.1) (== netstandard2.0)
      Microsoft.Extensions.DependencyInjection (>= 2.2) - restriction: || (&& (== net47) (>= netstandard2.0)) (== net472) (== net48) (== netcoreapp2.1) (== netcoreapp3.1) (== netstandard2.0)
    Microsoft.AspNetCore.Mvc.Abstractions (2.2) - restriction: || (&& (== net47) (>= netcoreapp2.1)) (&& (== net472) (>= netcoreapp2.1)) (&& (== net48) (>= netcoreapp2.1)) (== netcoreapp2.1) (== netcoreapp3.1) (&& (== netstandard2.0) (>= netcoreapp2.1))
      Microsoft.AspNetCore.Routing.Abstractions (>= 2.2) - restriction: || (&& (== net47) (>= netstandard2.0)) (== net472) (== net48) (== netcoreapp2.1) (== netcoreapp3.1) (== netstandard2.0)
      Microsoft.Net.Http.Headers (>= 2.2) - restriction: || (&& (== net47) (>= netstandard2.0)) (== net472) (== net48) (== netcoreapp2.1) (== netcoreapp3.1) (== netstandard2.0)
    Microsoft.AspNetCore.Mvc.Analyzers (2.2) - restriction: || (&& (== net47) (>= netcoreapp2.1)) (&& (== net472) (>= netcoreapp2.1)) (&& (== net48) (>= netcoreapp2.1)) (== netcoreapp2.1) (== netcoreapp3.1) (&& (== netstandard2.0) (>= netcoreapp2.1))
    Microsoft.AspNetCore.Mvc.ApiExplorer (2.2) - restriction: || (&& (== net47) (>= netcoreapp2.1)) (&& (== net472) (>= netcoreapp2.1)) (&& (== net48) (>= netcoreapp2.1)) (== netcoreapp2.1) (== netcoreapp3.1) (&& (== netstandard2.0) (>= netcoreapp2.1))
      Microsoft.AspNetCore.Mvc.Core (>= 2.2) - restriction: || (&& (== net47) (>= netstandard2.0)) (== net472) (== net48) (== netcoreapp2.1) (== netcoreapp3.1) (== netstandard2.0)
    Microsoft.AspNetCore.Mvc.Core (2.2.5) - restriction: || (&& (== net47) (>= netcoreapp2.1)) (&& (== net472) (>= netcoreapp2.1)) (&& (== net48) (>= netcoreapp2.1)) (== netcoreapp2.1) (== netcoreapp3.1) (&& (== netstandard2.0) (>= netcoreapp2.1))
      Microsoft.AspNetCore.Authentication.Core (>= 2.2) - restriction: || (&& (== net47) (>= netstandard2.0)) (== net472) (== net48) (== netcoreapp2.1) (== netcoreapp3.1) (== netstandard2.0)
      Microsoft.AspNetCore.Authorization.Policy (>= 2.2) - restriction: || (&& (== net47) (>= netstandard2.0)) (== net472) (== net48) (== netcoreapp2.1) (== netcoreapp3.1) (== netstandard2.0)
      Microsoft.AspNetCore.Hosting.Abstractions (>= 2.2) - restriction: || (&& (== net47) (>= netstandard2.0)) (== net472) (== net48) (== netcoreapp2.1) (== netcoreapp3.1) (== netstandard2.0)
      Microsoft.AspNetCore.Http (>= 2.2) - restriction: || (&& (== net47) (>= netstandard2.0)) (== net472) (== net48) (== netcoreapp2.1) (== netcoreapp3.1) (== netstandard2.0)
      Microsoft.AspNetCore.Http.Extensions (>= 2.2) - restriction: || (&& (== net47) (>= netstandard2.0)) (== net472) (== net48) (== netcoreapp2.1) (== netcoreapp3.1) (== netstandard2.0)
      Microsoft.AspNetCore.Mvc.Abstractions (>= 2.2) - restriction: || (&& (== net47) (>= netstandard2.0)) (== net472) (== net48) (== netcoreapp2.1) (== netcoreapp3.1) (== netstandard2.0)
      Microsoft.AspNetCore.ResponseCaching.Abstractions (>= 2.2) - restriction: || (&& (== net47) (>= netstandard2.0)) (== net472) (== net48) (== netcoreapp2.1) (== netcoreapp3.1) (== netstandard2.0)
      Microsoft.AspNetCore.Routing (>= 2.2) - restriction: || (&& (== net47) (>= netstandard2.0)) (== net472) (== net48) (== netcoreapp2.1) (== netcoreapp3.1) (== netstandard2.0)
      Microsoft.AspNetCore.Routing.Abstractions (>= 2.2) - restriction: || (&& (== net47) (>= netstandard2.0)) (== net472) (== net48) (== netcoreapp2.1) (== netcoreapp3.1) (== netstandard2.0)
      Microsoft.Extensions.DependencyInjection (>= 2.2) - restriction: || (&& (== net47) (>= netstandard2.0)) (== net472) (== net48) (== netcoreapp2.1) (== netcoreapp3.1) (== netstandard2.0)
      Microsoft.Extensions.DependencyModel (>= 2.1) - restriction: || (&& (== net47) (>= netstandard2.0)) (== net472) (== net48) (== netcoreapp2.1) (== netcoreapp3.1) (== netstandard2.0)
      Microsoft.Extensions.FileProviders.Abstractions (>= 2.2) - restriction: || (&& (== net47) (>= netstandard2.0)) (== net472) (== net48) (== netcoreapp2.1) (== netcoreapp3.1) (== netstandard2.0)
      Microsoft.Extensions.Logging.Abstractions (>= 2.2) - restriction: || (&& (== net47) (>= netstandard2.0)) (== net472) (== net48) (== netcoreapp2.1) (== netcoreapp3.1) (== netstandard2.0)
      System.Diagnostics.DiagnosticSource (>= 4.5) - restriction: || (&& (== net47) (>= netstandard2.0)) (== net472) (== net48) (== netcoreapp2.1) (== netcoreapp3.1) (== netstandard2.0)
      System.Threading.Tasks.Extensions (>= 4.5.1) - restriction: || (&& (== net47) (>= netstandard2.0)) (== net472) (== net48) (== netcoreapp2.1) (== netcoreapp3.1) (== netstandard2.0)
    Microsoft.AspNetCore.Mvc.Cors (2.2) - restriction: || (&& (== net47) (>= netcoreapp2.1)) (&& (== net472) (>= netcoreapp2.1)) (&& (== net48) (>= netcoreapp2.1)) (== netcoreapp2.1) (== netcoreapp3.1) (&& (== netstandard2.0) (>= netcoreapp2.1))
      Microsoft.AspNetCore.Cors (>= 2.2) - restriction: || (&& (== net47) (>= netstandard2.0)) (== net472) (== net48) (== netcoreapp2.1) (== netcoreapp3.1) (== netstandard2.0)
      Microsoft.AspNetCore.Mvc.Core (>= 2.2) - restriction: || (&& (== net47) (>= netstandard2.0)) (== net472) (== net48) (== netcoreapp2.1) (== netcoreapp3.1) (== netstandard2.0)
    Microsoft.AspNetCore.Mvc.DataAnnotations (2.2) - restriction: || (&& (== net47) (>= netcoreapp2.1)) (&& (== net472) (>= netcoreapp2.1)) (&& (== net48) (>= netcoreapp2.1)) (== netcoreapp2.1) (== netcoreapp3.1) (&& (== netstandard2.0) (>= netcoreapp2.1))
      Microsoft.AspNetCore.Mvc.Core (>= 2.2) - restriction: || (&& (== net47) (>= netstandard2.0)) (== net472) (== net48) (== netcoreapp2.1) (== netcoreapp3.1) (== netstandard2.0)
      Microsoft.Extensions.Localization (>= 2.2) - restriction: || (&& (== net47) (>= netstandard2.0)) (== net472) (== net48) (== netcoreapp2.1) (== netcoreapp3.1) (== netstandard2.0)
      System.ComponentModel.Annotations (>= 4.5) - restriction: || (&& (== net47) (>= netstandard2.0)) (== net472) (== net48) (== netcoreapp2.1) (== netcoreapp3.1) (== netstandard2.0)
    Microsoft.AspNetCore.Mvc.Formatters.Json (2.2) - restriction: || (&& (== net47) (>= netcoreapp2.1)) (&& (== net472) (>= netcoreapp2.1)) (&& (== net48) (>= netcoreapp2.1)) (== netcoreapp2.1) (== netcoreapp3.1) (&& (== netstandard2.0) (>= netcoreapp2.1))
      Microsoft.AspNetCore.JsonPatch (>= 2.2) - restriction: || (&& (== net47) (>= netstandard2.0)) (== net472) (== net48) (== netcoreapp2.1) (== netcoreapp3.1) (== netstandard2.0)
      Microsoft.AspNetCore.Mvc.Core (>= 2.2) - restriction: || (&& (== net47) (>= netstandard2.0)) (== net472) (== net48) (== netcoreapp2.1) (== netcoreapp3.1) (== netstandard2.0)
    Microsoft.AspNetCore.Mvc.Formatters.Xml (2.2) - restriction: || (&& (== net47) (>= netcoreapp2.1)) (&& (== net472) (>= netcoreapp2.1)) (&& (== net48) (>= netcoreapp2.1)) (== netcoreapp2.1) (== netcoreapp3.1) (&& (== netstandard2.0) (>= netcoreapp2.1))
      Microsoft.AspNetCore.Mvc.Core (>= 2.2) - restriction: || (&& (== net47) (>= netstandard2.0)) (== net472) (== net48) (== netcoreapp2.1) (== netcoreapp3.1) (== netstandard2.0)
    Microsoft.AspNetCore.Mvc.Localization (2.2) - restriction: || (&& (== net47) (>= netcoreapp2.1)) (&& (== net472) (>= netcoreapp2.1)) (&& (== net48) (>= netcoreapp2.1)) (== netcoreapp2.1) (== netcoreapp3.1) (&& (== netstandard2.0) (>= netcoreapp2.1))
      Microsoft.AspNetCore.Localization (>= 2.2) - restriction: || (&& (== net47) (>= netstandard2.0)) (== net472) (== net48) (== netcoreapp2.1) (== netcoreapp3.1) (== netstandard2.0)
      Microsoft.AspNetCore.Mvc.Razor (>= 2.2) - restriction: || (&& (== net47) (>= netstandard2.0)) (== net472) (== net48) (== netcoreapp2.1) (== netcoreapp3.1) (== netstandard2.0)
      Microsoft.Extensions.DependencyInjection (>= 2.2) - restriction: || (&& (== net47) (>= netstandard2.0)) (== net472) (== net48) (== netcoreapp2.1) (== netcoreapp3.1) (== netstandard2.0)
      Microsoft.Extensions.Localization (>= 2.2) - restriction: || (&& (== net47) (>= netstandard2.0)) (== net472) (== net48) (== netcoreapp2.1) (== netcoreapp3.1) (== netstandard2.0)
    Microsoft.AspNetCore.Mvc.Razor (2.2) - restriction: || (&& (== net47) (>= netcoreapp2.1)) (&& (== net472) (>= netcoreapp2.1)) (&& (== net48) (>= netcoreapp2.1)) (== netcoreapp2.1) (== netcoreapp3.1) (&& (== netstandard2.0) (>= netcoreapp2.1))
      Microsoft.AspNetCore.Mvc.Razor.Extensions (>= 2.2)
      Microsoft.AspNetCore.Mvc.ViewFeatures (>= 2.2)
      Microsoft.AspNetCore.Razor.Runtime (>= 2.2)
      Microsoft.CodeAnalysis.CSharp (>= 2.8)
      Microsoft.CodeAnalysis.Razor (>= 2.2)
      Microsoft.Extensions.Caching.Memory (>= 2.2)
      Microsoft.Extensions.FileProviders.Composite (>= 2.2)
    Microsoft.AspNetCore.Mvc.Razor.Extensions (2.2) - restriction: || (&& (== net47) (>= netcoreapp2.1)) (&& (== net472) (>= netcoreapp2.1)) (&& (== net48) (>= netcoreapp2.1)) (== netcoreapp2.1) (== netcoreapp3.1) (&& (== netstandard2.0) (>= netcoreapp2.1))
      Microsoft.AspNetCore.Razor.Language (>= 2.2)
      Microsoft.CodeAnalysis.Razor (>= 2.2)
    Microsoft.AspNetCore.Mvc.Razor.ViewCompilation (2.2) - restriction: || (&& (== net47) (>= netcoreapp2.1)) (&& (== net472) (>= netcoreapp2.1)) (&& (== net48) (>= netcoreapp2.1)) (== netcoreapp2.1) (== netcoreapp3.1) (&& (== netstandard2.0) (>= netcoreapp2.1))
      Microsoft.AspNetCore.Hosting (>= 2.2) - restriction: || (== net47) (== net472) (== net48) (== netcoreapp2.1) (== netcoreapp3.1) (&& (== netstandard2.0) (>= net461)) (&& (== netstandard2.0) (>= netcoreapp2.0))
      Microsoft.AspNetCore.Mvc.RazorPages (>= 2.2) - restriction: || (== net47) (== net472) (== net48) (== netcoreapp2.1) (== netcoreapp3.1) (&& (== netstandard2.0) (>= net461)) (&& (== netstandard2.0) (>= netcoreapp2.0))
    Microsoft.AspNetCore.Mvc.RazorPages (2.2.5) - restriction: || (&& (== net47) (>= netcoreapp2.1)) (&& (== net472) (>= netcoreapp2.1)) (&& (== net48) (>= netcoreapp2.1)) (== netcoreapp2.1) (== netcoreapp3.1) (&& (== netstandard2.0) (>= netcoreapp2.1))
      Microsoft.AspNetCore.Mvc.Razor (>= 2.2) - restriction: || (&& (== net47) (>= netstandard2.0)) (== net472) (== net48) (== netcoreapp2.1) (== netcoreapp3.1) (== netstandard2.0)
    Microsoft.AspNetCore.Mvc.TagHelpers (2.2) - restriction: || (&& (== net47) (>= netcoreapp2.1)) (&& (== net472) (>= netcoreapp2.1)) (&& (== net48) (>= netcoreapp2.1)) (== netcoreapp2.1) (== netcoreapp3.1) (&& (== netstandard2.0) (>= netcoreapp2.1))
      Microsoft.AspNetCore.Mvc.Razor (>= 2.2) - restriction: || (&& (== net47) (>= netstandard2.0)) (== net472) (== net48) (== netcoreapp2.1) (== netcoreapp3.1) (== netstandard2.0)
      Microsoft.AspNetCore.Razor.Runtime (>= 2.2) - restriction: || (&& (== net47) (>= netstandard2.0)) (== net472) (== net48) (== netcoreapp2.1) (== netcoreapp3.1) (== netstandard2.0)
      Microsoft.AspNetCore.Routing.Abstractions (>= 2.2) - restriction: || (&& (== net47) (>= netstandard2.0)) (== net472) (== net48) (== netcoreapp2.1) (== netcoreapp3.1) (== netstandard2.0)
      Microsoft.Extensions.Caching.Memory (>= 2.2) - restriction: || (&& (== net47) (>= netstandard2.0)) (== net472) (== net48) (== netcoreapp2.1) (== netcoreapp3.1) (== netstandard2.0)
      Microsoft.Extensions.FileSystemGlobbing (>= 2.2) - restriction: || (&& (== net47) (>= netstandard2.0)) (== net472) (== net48) (== netcoreapp2.1) (== netcoreapp3.1) (== netstandard2.0)
      Microsoft.Extensions.Primitives (>= 2.2) - restriction: || (&& (== net47) (>= netstandard2.0)) (== net472) (== net48) (== netcoreapp2.1) (== netcoreapp3.1) (== netstandard2.0)
    Microsoft.AspNetCore.Mvc.ViewFeatures (2.2) - restriction: || (&& (== net47) (>= netcoreapp2.1)) (&& (== net472) (>= netcoreapp2.1)) (&& (== net48) (>= netcoreapp2.1)) (== netcoreapp2.1) (== netcoreapp3.1) (&& (== netstandard2.0) (>= netcoreapp2.1))
      Microsoft.AspNetCore.Antiforgery (>= 2.2) - restriction: || (&& (== net47) (>= netstandard2.0)) (== net472) (== net48) (== netcoreapp2.1) (== netcoreapp3.1) (== netstandard2.0)
      Microsoft.AspNetCore.Diagnostics.Abstractions (>= 2.2) - restriction: || (&& (== net47) (>= netstandard2.0)) (== net472) (== net48) (== netcoreapp2.1) (== netcoreapp3.1) (== netstandard2.0)
      Microsoft.AspNetCore.Html.Abstractions (>= 2.2) - restriction: || (&& (== net47) (>= netstandard2.0)) (== net472) (== net48) (== netcoreapp2.1) (== netcoreapp3.1) (== netstandard2.0)
      Microsoft.AspNetCore.Mvc.Core (>= 2.2) - restriction: || (&& (== net47) (>= netstandard2.0)) (== net472) (== net48) (== netcoreapp2.1) (== netcoreapp3.1) (== netstandard2.0)
      Microsoft.AspNetCore.Mvc.DataAnnotations (>= 2.2) - restriction: || (&& (== net47) (>= netstandard2.0)) (== net472) (== net48) (== netcoreapp2.1) (== netcoreapp3.1) (== netstandard2.0)
      Microsoft.AspNetCore.Mvc.Formatters.Json (>= 2.2) - restriction: || (&& (== net47) (>= netstandard2.0)) (== net472) (== net48) (== netcoreapp2.1) (== netcoreapp3.1) (== netstandard2.0)
      Microsoft.Extensions.WebEncoders (>= 2.2) - restriction: || (&& (== net47) (>= netstandard2.0)) (== net472) (== net48) (== netcoreapp2.1) (== netcoreapp3.1) (== netstandard2.0)
      Newtonsoft.Json.Bson (>= 1.0.1) - restriction: || (&& (== net47) (>= netstandard2.0)) (== net472) (== net48) (== netcoreapp2.1) (== netcoreapp3.1) (== netstandard2.0)
    Microsoft.AspNetCore.NodeServices (2.2) - restriction: || (&& (== net47) (>= netcoreapp2.1)) (&& (== net472) (>= netcoreapp2.1)) (&& (== net48) (>= netcoreapp2.1)) (== netcoreapp2.1) (== netcoreapp3.1) (&& (== netstandard2.0) (>= netcoreapp2.1))
      Microsoft.AspNetCore.Hosting.Abstractions (>= 2.2) - restriction: || (&& (== net47) (>= netstandard2.0)) (== net472) (== net48) (== netcoreapp2.1) (== netcoreapp3.1) (== netstandard2.0)
      Microsoft.Extensions.Logging.Console (>= 2.2) - restriction: || (&& (== net47) (>= netstandard2.0)) (== net472) (== net48) (== netcoreapp2.1) (== netcoreapp3.1) (== netstandard2.0)
      Newtonsoft.Json (>= 11.0.2) - restriction: || (&& (== net47) (>= netstandard2.0)) (== net472) (== net48) (== netcoreapp2.1) (== netcoreapp3.1) (== netstandard2.0)
    Microsoft.AspNetCore.Owin (2.2) - restriction: || (&& (== net47) (>= netcoreapp2.1)) (&& (== net472) (>= netcoreapp2.1)) (&& (== net48) (>= netcoreapp2.1)) (== netcoreapp2.1) (== netcoreapp3.1) (&& (== netstandard2.0) (>= netcoreapp2.1))
      Microsoft.AspNetCore.Http (>= 2.2) - restriction: || (&& (== net47) (>= netstandard2.0)) (== net472) (== net48) (== netcoreapp2.1) (== netcoreapp3.1) (== netstandard2.0)
    Microsoft.AspNetCore.Razor (2.2) - restriction: || (&& (== net47) (>= netcoreapp2.1)) (&& (== net472) (>= netcoreapp2.1)) (&& (== net48) (>= netcoreapp2.1)) (== netcoreapp2.1) (== netcoreapp3.1) (&& (== netstandard2.0) (>= netcoreapp2.1))
      Microsoft.AspNetCore.Html.Abstractions (>= 2.2) - restriction: || (&& (== net47) (>= netstandard2.0)) (== net472) (== net48) (== netcoreapp2.1) (== netcoreapp3.1) (== netstandard2.0)
    Microsoft.AspNetCore.Razor.Design (2.2) - restriction: || (&& (== net47) (>= netcoreapp2.1)) (&& (== net472) (>= netcoreapp2.1)) (&& (== net48) (>= netcoreapp2.1)) (== netcoreapp2.1) (== netcoreapp3.1) (&& (== netstandard2.0) (>= netcoreapp2.1))
    Microsoft.AspNetCore.Razor.Language (2.2) - restriction: || (&& (== net47) (>= netcoreapp2.1)) (&& (== net472) (>= netcoreapp2.1)) (&& (== net48) (>= netcoreapp2.1)) (== netcoreapp2.1) (== netcoreapp3.1) (&& (== netstandard2.0) (>= netcoreapp2.1))
    Microsoft.AspNetCore.Razor.Runtime (2.2) - restriction: || (&& (== net47) (>= netcoreapp2.1)) (&& (== net472) (>= netcoreapp2.1)) (&& (== net48) (>= netcoreapp2.1)) (== netcoreapp2.1) (== netcoreapp3.1) (&& (== netstandard2.0) (>= netcoreapp2.1))
      Microsoft.AspNetCore.Html.Abstractions (>= 2.2) - restriction: || (&& (== net47) (>= netstandard2.0)) (== net472) (== net48) (== netcoreapp2.1) (== netcoreapp3.1) (== netstandard2.0)
      Microsoft.AspNetCore.Razor (>= 2.2) - restriction: || (&& (== net47) (>= netstandard2.0)) (== net472) (== net48) (== netcoreapp2.1) (== netcoreapp3.1) (== netstandard2.0)
    Microsoft.AspNetCore.ResponseCaching (2.2)
      Microsoft.AspNetCore.Http (>= 2.2) - restriction: || (&& (== net47) (>= netstandard2.0)) (== net472) (== net48) (== netcoreapp2.1) (== netcoreapp3.1) (== netstandard2.0)
      Microsoft.AspNetCore.Http.Extensions (>= 2.2) - restriction: || (&& (== net47) (>= netstandard2.0)) (== net472) (== net48) (== netcoreapp2.1) (== netcoreapp3.1) (== netstandard2.0)
      Microsoft.AspNetCore.ResponseCaching.Abstractions (>= 2.2) - restriction: || (&& (== net47) (>= netstandard2.0)) (== net472) (== net48) (== netcoreapp2.1) (== netcoreapp3.1) (== netstandard2.0)
      Microsoft.Extensions.Caching.Memory (>= 2.2) - restriction: || (&& (== net47) (>= netstandard2.0)) (== net472) (== net48) (== netcoreapp2.1) (== netcoreapp3.1) (== netstandard2.0)
      Microsoft.Extensions.Logging.Abstractions (>= 2.2) - restriction: || (&& (== net47) (>= netstandard2.0)) (== net472) (== net48) (== netcoreapp2.1) (== netcoreapp3.1) (== netstandard2.0)
    Microsoft.AspNetCore.ResponseCaching.Abstractions (2.2) - restriction: || (&& (== net47) (>= netcoreapp2.1)) (&& (== net47) (>= netstandard2.0)) (== net472) (== net48) (== netcoreapp2.1) (== netcoreapp3.1) (== netstandard2.0)
      Microsoft.Extensions.Primitives (>= 2.2) - restriction: || (&& (== net47) (>= netstandard2.0)) (== net472) (== net48) (== netcoreapp2.1) (== netcoreapp3.1) (== netstandard2.0)
    Microsoft.AspNetCore.ResponseCompression (2.2) - restriction: || (&& (== net47) (>= netcoreapp2.1)) (&& (== net472) (>= netcoreapp2.1)) (&& (== net48) (>= netcoreapp2.1)) (== netcoreapp2.1) (== netcoreapp3.1) (&& (== netstandard2.0) (>= netcoreapp2.1))
      Microsoft.AspNetCore.Http.Extensions (>= 2.2)
      Microsoft.Extensions.Logging.Abstractions (>= 2.2)
      Microsoft.Extensions.Options (>= 2.2)
    Microsoft.AspNetCore.Rewrite (2.2) - restriction: || (&& (== net47) (>= netcoreapp2.1)) (&& (== net472) (>= netcoreapp2.1)) (&& (== net48) (>= netcoreapp2.1)) (== netcoreapp2.1) (== netcoreapp3.1) (&& (== netstandard2.0) (>= netcoreapp2.1))
      Microsoft.AspNetCore.Hosting.Abstractions (>= 2.2) - restriction: || (&& (== net47) (>= netstandard2.0)) (== net472) (== net48) (== netcoreapp2.1) (== netcoreapp3.1) (== netstandard2.0)
      Microsoft.AspNetCore.Http.Extensions (>= 2.2) - restriction: || (&& (== net47) (>= netstandard2.0)) (== net472) (== net48) (== netcoreapp2.1) (== netcoreapp3.1) (== netstandard2.0)
      Microsoft.Extensions.Configuration.Abstractions (>= 2.2) - restriction: || (&& (== net47) (>= netstandard2.0)) (== net472) (== net48) (== netcoreapp2.1) (== netcoreapp3.1) (== netstandard2.0)
      Microsoft.Extensions.FileProviders.Abstractions (>= 2.2) - restriction: || (&& (== net47) (>= netstandard2.0)) (== net472) (== net48) (== netcoreapp2.1) (== netcoreapp3.1) (== netstandard2.0)
      Microsoft.Extensions.Logging.Abstractions (>= 2.2) - restriction: || (&& (== net47) (>= netstandard2.0)) (== net472) (== net48) (== netcoreapp2.1) (== netcoreapp3.1) (== netstandard2.0)
      Microsoft.Extensions.Options (>= 2.2) - restriction: || (&& (== net47) (>= netstandard2.0)) (== net472) (== net48) (== netcoreapp2.1) (== netcoreapp3.1) (== netstandard2.0)
    Microsoft.AspNetCore.Routing (2.2.2) - restriction: || (&& (== net47) (>= netcoreapp2.1)) (&& (== net472) (>= netcoreapp2.1)) (&& (== net48) (>= netcoreapp2.1)) (== netcoreapp2.1) (== netcoreapp3.1) (&& (== netstandard2.0) (>= netcoreapp2.1))
      Microsoft.AspNetCore.Http.Extensions (>= 2.2) - restriction: || (&& (== net47) (>= netstandard2.0)) (== net472) (== net48) (== netcoreapp2.1) (== netcoreapp3.1) (== netstandard2.0)
      Microsoft.AspNetCore.Routing.Abstractions (>= 2.2) - restriction: || (&& (== net47) (>= netstandard2.0)) (== net472) (== net48) (== netcoreapp2.1) (== netcoreapp3.1) (== netstandard2.0)
      Microsoft.Extensions.Logging.Abstractions (>= 2.2) - restriction: || (&& (== net47) (>= netstandard2.0)) (== net472) (== net48) (== netcoreapp2.1) (== netcoreapp3.1) (== netstandard2.0)
      Microsoft.Extensions.ObjectPool (>= 2.2) - restriction: || (&& (== net47) (>= netstandard2.0)) (== net472) (== net48) (== netcoreapp2.1) (== netcoreapp3.1) (== netstandard2.0)
      Microsoft.Extensions.Options (>= 2.2) - restriction: || (&& (== net47) (>= netstandard2.0)) (== net472) (== net48) (== netcoreapp2.1) (== netcoreapp3.1) (== netstandard2.0)
    Microsoft.AspNetCore.Routing.Abstractions (2.2) - restriction: || (&& (== net47) (>= netcoreapp2.1)) (&& (== net472) (>= netcoreapp2.1)) (&& (== net48) (>= netcoreapp2.1)) (== netcoreapp2.1) (== netcoreapp3.1) (&& (== netstandard2.0) (>= netcoreapp2.1))
      Microsoft.AspNetCore.Http.Abstractions (>= 2.2) - restriction: || (&& (== net47) (>= netstandard2.0)) (== net472) (== net48) (== netcoreapp2.1) (== netcoreapp3.1) (== netstandard2.0)
    Microsoft.AspNetCore.Server.HttpSys (2.2) - restriction: || (&& (== net47) (>= netcoreapp2.1)) (&& (== net472) (>= netcoreapp2.1)) (&& (== net48) (>= netcoreapp2.1)) (== netcoreapp2.1) (== netcoreapp3.1) (&& (== netstandard2.0) (>= netcoreapp2.1))
      Microsoft.AspNetCore.Authentication.Core (>= 2.2) - restriction: || (&& (== net47) (>= netstandard2.0)) (== net472) (== net48) (== netcoreapp2.1) (== netcoreapp3.1) (== netstandard2.0)
      Microsoft.AspNetCore.Hosting (>= 2.2) - restriction: || (&& (== net47) (>= netstandard2.0)) (== net472) (== net48) (== netcoreapp2.1) (== netcoreapp3.1) (== netstandard2.0)
      Microsoft.Net.Http.Headers (>= 2.2) - restriction: || (&& (== net47) (>= netstandard2.0)) (== net472) (== net48) (== netcoreapp2.1) (== netcoreapp3.1) (== netstandard2.0)
      Microsoft.Win32.Registry (>= 4.5) - restriction: || (&& (== net47) (>= netstandard2.0)) (== net472) (== net48) (== netcoreapp2.1) (== netcoreapp3.1) (== netstandard2.0)
      System.Security.Principal.Windows (>= 4.5) - restriction: || (&& (== net47) (>= netstandard2.0)) (== net472) (== net48) (== netcoreapp2.1) (== netcoreapp3.1) (== netstandard2.0)
    Microsoft.AspNetCore.Server.IIS (2.2.2) - restriction: || (&& (== net47) (>= netcoreapp2.1)) (&& (== net472) (>= netcoreapp2.1)) (&& (== net48) (>= netcoreapp2.1)) (== netcoreapp2.1) (== netcoreapp3.1) (&& (== netstandard2.0) (>= netcoreapp2.1))
      Microsoft.AspNetCore.Authentication.Core (>= 2.2) - restriction: || (&& (== net47) (>= netstandard2.0)) (== net472) (== net48) (== netcoreapp2.1) (== netcoreapp3.1) (== netstandard2.0)
      Microsoft.AspNetCore.Connections.Abstractions (>= 2.2) - restriction: || (&& (== net47) (>= netstandard2.0)) (== net472) (== net48) (== netcoreapp2.1) (== netcoreapp3.1) (== netstandard2.0)
      Microsoft.AspNetCore.Hosting.Abstractions (>= 2.2) - restriction: || (&& (== net47) (>= netstandard2.0)) (== net472) (== net48) (== netcoreapp2.1) (== netcoreapp3.1) (== netstandard2.0)
      System.IO.Pipelines (>= 4.5.2) - restriction: || (&& (== net47) (>= netstandard2.0)) (== net472) (== net48) (== netcoreapp2.1) (== netcoreapp3.1) (== netstandard2.0)
      System.Security.Principal.Windows (>= 4.5) - restriction: || (&& (== net47) (>= netstandard2.0)) (== net472) (== net48) (== netcoreapp2.1) (== netcoreapp3.1) (== netstandard2.0)
    Microsoft.AspNetCore.Server.IISIntegration (2.2.1) - restriction: || (&& (== net47) (>= netcoreapp2.1)) (&& (== net472) (>= netcoreapp2.1)) (&& (== net48) (>= netcoreapp2.1)) (== netcoreapp2.1) (== netcoreapp3.1) (&& (== netstandard2.0) (>= netcoreapp2.1))
      Microsoft.AspNetCore.Authentication.Core (>= 2.2) - restriction: || (&& (== net47) (>= netstandard2.0)) (== net472) (== net48) (== netcoreapp2.1) (== netcoreapp3.1) (== netstandard2.0)
      Microsoft.AspNetCore.Hosting.Abstractions (>= 2.2) - restriction: || (&& (== net47) (>= netstandard2.0)) (== net472) (== net48) (== netcoreapp2.1) (== netcoreapp3.1) (== netstandard2.0)
      Microsoft.AspNetCore.Http (>= 2.2) - restriction: || (&& (== net47) (>= netstandard2.0)) (== net472) (== net48) (== netcoreapp2.1) (== netcoreapp3.1) (== netstandard2.0)
      Microsoft.AspNetCore.Http.Extensions (>= 2.2) - restriction: || (&& (== net47) (>= netstandard2.0)) (== net472) (== net48) (== netcoreapp2.1) (== netcoreapp3.1) (== netstandard2.0)
      Microsoft.AspNetCore.HttpOverrides (>= 2.2) - restriction: || (&& (== net47) (>= netstandard2.0)) (== net472) (== net48) (== netcoreapp2.1) (== netcoreapp3.1) (== netstandard2.0)
      Microsoft.Extensions.Logging.Abstractions (>= 2.2) - restriction: || (&& (== net47) (>= netstandard2.0)) (== net472) (== net48) (== netcoreapp2.1) (== netcoreapp3.1) (== netstandard2.0)
      Microsoft.Extensions.Options (>= 2.2) - restriction: || (&& (== net47) (>= netstandard2.0)) (== net472) (== net48) (== netcoreapp2.1) (== netcoreapp3.1) (== netstandard2.0)
      System.Buffers (>= 4.5) - restriction: || (&& (== net47) (>= netstandard2.0)) (== net472) (== net48) (== netcoreapp2.1) (== netcoreapp3.1) (== netstandard2.0)
      System.IO.Pipelines (>= 4.5.2) - restriction: || (&& (== net47) (>= netstandard2.0)) (== net472) (== net48) (== netcoreapp2.1) (== netcoreapp3.1) (== netstandard2.0)
      System.Memory (>= 4.5.1) - restriction: || (&& (== net47) (>= netstandard2.0)) (== net472) (== net48) (== netcoreapp2.1) (== netcoreapp3.1) (== netstandard2.0)
      System.Numerics.Vectors (>= 4.5) - restriction: || (&& (== net47) (>= netstandard2.0)) (== net472) (== net48) (== netcoreapp2.1) (== netcoreapp3.1) (== netstandard2.0)
      System.Runtime.CompilerServices.Unsafe (>= 4.5.1) - restriction: || (&& (== net47) (>= netstandard2.0)) (== net472) (== net48) (== netcoreapp2.1) (== netcoreapp3.1) (== netstandard2.0)
      System.Security.Principal.Windows (>= 4.5) - restriction: || (&& (== net47) (>= netstandard2.0)) (== net472) (== net48) (== netcoreapp2.1) (== netcoreapp3.1) (== netstandard2.0)
    Microsoft.AspNetCore.Server.Kestrel (2.2) - restriction: || (&& (== net47) (>= netcoreapp2.1)) (&& (== net472) (>= netcoreapp2.1)) (&& (== net48) (>= netcoreapp2.1)) (== netcoreapp2.1) (== netcoreapp3.1) (&& (== netstandard2.0) (>= netcoreapp2.1))
      Microsoft.AspNetCore.Hosting (>= 2.2) - restriction: || (&& (== net47) (>= netstandard2.0)) (== net472) (== net48) (== netcoreapp2.1) (== netcoreapp3.1) (== netstandard2.0)
      Microsoft.AspNetCore.Server.Kestrel.Core (>= 2.2) - restriction: || (&& (== net47) (>= netstandard2.0)) (== net472) (== net48) (== netcoreapp2.1) (== netcoreapp3.1) (== netstandard2.0)
      Microsoft.AspNetCore.Server.Kestrel.Https (>= 2.2) - restriction: || (&& (== net47) (>= netstandard2.0)) (== net472) (== net48) (== netcoreapp2.1) (== netcoreapp3.1) (== netstandard2.0)
      Microsoft.AspNetCore.Server.Kestrel.Transport.Sockets (>= 2.2) - restriction: || (&& (== net47) (>= netstandard2.0)) (== net472) (== net48) (== netcoreapp2.1) (== netcoreapp3.1) (== netstandard2.0)
    Microsoft.AspNetCore.Server.Kestrel.Core (2.2) - restriction: || (&& (== net47) (>= netcoreapp2.1)) (&& (== net472) (>= netcoreapp2.1)) (&& (== net48) (>= netcoreapp2.1)) (== netcoreapp2.1) (== netcoreapp3.1) (&& (== netstandard2.0) (>= netcoreapp2.1))
      Microsoft.AspNetCore.Hosting.Abstractions (>= 2.2) - restriction: || (&& (== net47) (>= netstandard2.0)) (== net472) (== net48) (== netcoreapp2.1) (== netcoreapp3.1) (== netstandard2.0)
      Microsoft.AspNetCore.Http (>= 2.2) - restriction: || (&& (== net47) (>= netstandard2.0)) (== net472) (== net48) (== netcoreapp2.1) (== netcoreapp3.1) (== netstandard2.0)
      Microsoft.AspNetCore.Server.Kestrel.Transport.Abstractions (>= 2.2) - restriction: || (&& (== net47) (>= netstandard2.0)) (== net472) (== net48) (== netcoreapp2.1) (== netcoreapp3.1) (== netstandard2.0)
      Microsoft.AspNetCore.WebUtilities (>= 2.2) - restriction: || (&& (== net47) (>= netstandard2.0)) (== net472) (== net48) (== netcoreapp2.1) (== netcoreapp3.1) (== netstandard2.0)
      Microsoft.Extensions.Configuration.Binder (>= 2.2) - restriction: || (&& (== net47) (>= netstandard2.0)) (== net472) (== net48) (== netcoreapp2.1) (== netcoreapp3.1) (== netstandard2.0)
      Microsoft.Extensions.Logging.Abstractions (>= 2.2) - restriction: || (&& (== net47) (>= netstandard2.0)) (== net472) (== net48) (== netcoreapp2.1) (== netcoreapp3.1) (== netstandard2.0)
      Microsoft.Extensions.Options (>= 2.2) - restriction: || (&& (== net47) (>= netstandard2.0)) (== net472) (== net48) (== netcoreapp2.1) (== netcoreapp3.1) (== netstandard2.0)
      Microsoft.Net.Http.Headers (>= 2.2) - restriction: || (&& (== net47) (>= netstandard2.0)) (== net472) (== net48) (== netcoreapp2.1) (== netcoreapp3.1) (== netstandard2.0)
      System.Memory (>= 4.5.1) - restriction: || (&& (== net47) (>= netstandard2.0)) (== net472) (== net48) (== netcoreapp2.1) (== netcoreapp3.1) (== netstandard2.0)
      System.Numerics.Vectors (>= 4.5) - restriction: || (&& (== net47) (>= netstandard2.0)) (== net472) (== net48) (== netcoreapp2.1) (== netcoreapp3.1) (== netstandard2.0)
      System.Runtime.CompilerServices.Unsafe (>= 4.5.1) - restriction: || (&& (== net47) (>= netstandard2.0)) (== net472) (== net48) (== netcoreapp2.1) (== netcoreapp3.1) (== netstandard2.0)
      System.Security.Cryptography.Cng (>= 4.5) - restriction: || (&& (== net47) (>= netstandard2.0)) (== net472) (== net48) (== netcoreapp2.1) (== netcoreapp3.1) (== netstandard2.0)
      System.Threading.Tasks.Extensions (>= 4.5.1) - restriction: || (&& (== net47) (>= netstandard2.0)) (== net472) (== net48) (== netcoreapp2.1) (== netcoreapp3.1) (== netstandard2.0)
    Microsoft.AspNetCore.Server.Kestrel.Https (2.2) - restriction: || (&& (== net47) (>= netcoreapp2.1)) (&& (== net472) (>= netcoreapp2.1)) (&& (== net48) (>= netcoreapp2.1)) (== netcoreapp2.1) (== netcoreapp3.1) (&& (== netstandard2.0) (>= netcoreapp2.1))
      Microsoft.AspNetCore.Http.Abstractions (>= 2.2) - restriction: || (&& (== net47) (>= netstandard2.0)) (== net472) (== net48) (== netcoreapp2.1) (== netcoreapp3.1) (== netstandard2.0)
      Microsoft.AspNetCore.Server.Kestrel.Core (>= 2.2) - restriction: || (&& (== net47) (>= netstandard2.0)) (== net472) (== net48) (== netcoreapp2.1) (== netcoreapp3.1) (== netstandard2.0)
    Microsoft.AspNetCore.Server.Kestrel.Transport.Abstractions (2.2) - restriction: || (&& (== net47) (>= netcoreapp2.1)) (&& (== net472) (>= netcoreapp2.1)) (&& (== net48) (>= netcoreapp2.1)) (== netcoreapp2.1) (== netcoreapp3.1) (&& (== netstandard2.0) (>= netcoreapp2.1))
      Microsoft.AspNetCore.Connections.Abstractions (>= 2.2) - restriction: || (&& (== net47) (>= netstandard2.0)) (== net472) (== net48) (== netcoreapp2.1) (== netcoreapp3.1) (== netstandard2.0)
    Microsoft.AspNetCore.Server.Kestrel.Transport.Libuv (2.2) - restriction: || (&& (== net47) (>= netcoreapp2.1)) (&& (== net472) (>= netcoreapp2.1)) (&& (== net48) (>= netcoreapp2.1)) (== netcoreapp2.1) (== netcoreapp3.1) (&& (== netstandard2.0) (>= netcoreapp2.1))
      Libuv (>= 1.10) - restriction: || (&& (== net47) (>= netstandard2.0)) (== net472) (== net48) (== netcoreapp2.1) (== netcoreapp3.1) (== netstandard2.0)
      Microsoft.AspNetCore.Hosting.Abstractions (>= 2.2) - restriction: || (&& (== net47) (>= netstandard2.0)) (== net472) (== net48) (== netcoreapp2.1) (== netcoreapp3.1) (== netstandard2.0)
      Microsoft.AspNetCore.Server.Kestrel.Transport.Abstractions (>= 2.2) - restriction: || (&& (== net47) (>= netstandard2.0)) (== net472) (== net48) (== netcoreapp2.1) (== netcoreapp3.1) (== netstandard2.0)
      Microsoft.Extensions.Logging.Abstractions (>= 2.2) - restriction: || (&& (== net47) (>= netstandard2.0)) (== net472) (== net48) (== netcoreapp2.1) (== netcoreapp3.1) (== netstandard2.0)
      Microsoft.Extensions.Options (>= 2.2) - restriction: || (&& (== net47) (>= netstandard2.0)) (== net472) (== net48) (== netcoreapp2.1) (== netcoreapp3.1) (== netstandard2.0)
    Microsoft.AspNetCore.Server.Kestrel.Transport.Sockets (2.2.1) - restriction: || (&& (== net47) (>= netcoreapp2.1)) (&& (== net472) (>= netcoreapp2.1)) (&& (== net48) (>= netcoreapp2.1)) (== netcoreapp2.1) (== netcoreapp3.1) (&& (== netstandard2.0) (>= netcoreapp2.1))
      Microsoft.AspNetCore.Hosting.Abstractions (>= 2.2) - restriction: || (&& (== net47) (>= netstandard2.0)) (== net472) (== net48) (== netcoreapp2.1) (== netcoreapp3.1) (== netstandard2.0)
      Microsoft.AspNetCore.Server.Kestrel.Transport.Abstractions (>= 2.2) - restriction: || (&& (== net47) (>= netstandard2.0)) (== net472) (== net48) (== netcoreapp2.1) (== netcoreapp3.1) (== netstandard2.0)
      Microsoft.Extensions.Options (>= 2.2) - restriction: || (&& (== net47) (>= netstandard2.0)) (== net472) (== net48) (== netcoreapp2.1) (== netcoreapp3.1) (== netstandard2.0)
    Microsoft.AspNetCore.Session (2.2) - restriction: || (&& (== net47) (>= netcoreapp2.1)) (&& (== net472) (>= netcoreapp2.1)) (&& (== net48) (>= netcoreapp2.1)) (== netcoreapp2.1) (== netcoreapp3.1) (&& (== netstandard2.0) (>= netcoreapp2.1))
      Microsoft.AspNetCore.DataProtection (>= 2.2) - restriction: || (&& (== net47) (>= netstandard2.0)) (== net472) (== net48) (== netcoreapp2.1) (== netcoreapp3.1) (== netstandard2.0)
      Microsoft.AspNetCore.Http.Abstractions (>= 2.2) - restriction: || (&& (== net47) (>= netstandard2.0)) (== net472) (== net48) (== netcoreapp2.1) (== netcoreapp3.1) (== netstandard2.0)
      Microsoft.Extensions.Caching.Abstractions (>= 2.2) - restriction: || (&& (== net47) (>= netstandard2.0)) (== net472) (== net48) (== netcoreapp2.1) (== netcoreapp3.1) (== netstandard2.0)
      Microsoft.Extensions.Logging.Abstractions (>= 2.2) - restriction: || (&& (== net47) (>= netstandard2.0)) (== net472) (== net48) (== netcoreapp2.1) (== netcoreapp3.1) (== netstandard2.0)
      Microsoft.Extensions.Options (>= 2.2) - restriction: || (&& (== net47) (>= netstandard2.0)) (== net472) (== net48) (== netcoreapp2.1) (== netcoreapp3.1) (== netstandard2.0)
    Microsoft.AspNetCore.SignalR (1.1) - restriction: || (&& (== net47) (>= netcoreapp2.1)) (&& (== net472) (>= netcoreapp2.1)) (&& (== net48) (>= netcoreapp2.1)) (== netcoreapp2.1) (== netcoreapp3.1) (&& (== netstandard2.0) (>= netcoreapp2.1))
      Microsoft.AspNetCore.Http.Connections (>= 1.1) - restriction: || (&& (== net47) (>= netstandard2.0)) (== net472) (== net48) (== netcoreapp2.1) (== netcoreapp3.1) (== netstandard2.0)
      Microsoft.AspNetCore.SignalR.Core (>= 1.1) - restriction: || (&& (== net47) (>= netstandard2.0)) (== net472) (== net48) (== netcoreapp2.1) (== netcoreapp3.1) (== netstandard2.0)
    Microsoft.AspNetCore.SignalR.Common (1.1) - restriction: || (&& (== net47) (>= netcoreapp2.1)) (&& (== net472) (>= netcoreapp2.1)) (&& (== net48) (>= netcoreapp2.1)) (== netcoreapp2.1) (== netcoreapp3.1) (&& (== netstandard2.0) (>= netcoreapp2.1))
      Microsoft.AspNetCore.Connections.Abstractions (>= 2.2) - restriction: || (&& (== net47) (>= netstandard2.0)) (== net472) (== net48) (== netcoreapp2.1) (== netcoreapp3.1) (== netstandard2.0)
      Microsoft.Extensions.Options (>= 2.2) - restriction: || (&& (== net47) (>= netstandard2.0)) (== net472) (== net48) (== netcoreapp2.1) (== netcoreapp3.1) (== netstandard2.0)
      Newtonsoft.Json (>= 11.0.2) - restriction: || (&& (== net47) (>= netstandard2.0)) (== net472) (== net48) (== netcoreapp2.1) (== netcoreapp3.1) (== netstandard2.0)
      System.Buffers (>= 4.5) - restriction: || (&& (== net47) (>= netstandard2.0)) (== net472) (== net48) (== netcoreapp2.1) (== netcoreapp3.1) (== netstandard2.0)
    Microsoft.AspNetCore.SignalR.Core (1.1) - restriction: || (&& (== net47) (>= netcoreapp2.1)) (&& (== net472) (>= netcoreapp2.1)) (&& (== net48) (>= netcoreapp2.1)) (== netcoreapp2.1) (== netcoreapp3.1) (&& (== netstandard2.0) (>= netcoreapp2.1))
      Microsoft.AspNetCore.Authorization (>= 2.2) - restriction: || (&& (== net47) (>= netstandard2.0)) (== net472) (== net48) (== netcoreapp2.1) (== netcoreapp3.1) (== netstandard2.0)
      Microsoft.AspNetCore.SignalR.Common (>= 1.1) - restriction: || (&& (== net47) (>= netstandard2.0)) (== net472) (== net48) (== netcoreapp2.1) (== netcoreapp3.1) (== netstandard2.0)
      Microsoft.AspNetCore.SignalR.Protocols.Json (>= 1.1) - restriction: || (&& (== net47) (>= netstandard2.0)) (== net472) (== net48) (== netcoreapp2.1) (== netcoreapp3.1) (== netstandard2.0)
      Microsoft.Extensions.DependencyInjection.Abstractions (>= 2.2) - restriction: || (&& (== net47) (>= netstandard2.0)) (== net472) (== net48) (== netcoreapp2.1) (== netcoreapp3.1) (== netstandard2.0)
      Microsoft.Extensions.Logging.Abstractions (>= 2.2) - restriction: || (&& (== net47) (>= netstandard2.0)) (== net472) (== net48) (== netcoreapp2.1) (== netcoreapp3.1) (== netstandard2.0)
      System.Reflection.Emit (>= 4.3) - restriction: || (&& (== net47) (>= netstandard2.0)) (== net472) (== net48) (== netcoreapp2.1) (== netcoreapp3.1) (== netstandard2.0)
      System.Threading.Channels (>= 4.5) - restriction: || (&& (== net47) (>= netstandard2.0)) (== net472) (== net48) (== netcoreapp2.1) (== netcoreapp3.1) (== netstandard2.0)
    Microsoft.AspNetCore.SignalR.Protocols.Json (1.1) - restriction: || (&& (== net47) (>= netcoreapp2.1)) (&& (== net472) (>= netcoreapp2.1)) (&& (== net48) (>= netcoreapp2.1)) (== netcoreapp2.1) (== netcoreapp3.1) (&& (== netstandard2.0) (>= netcoreapp2.1))
      Microsoft.AspNetCore.SignalR.Common (>= 1.1) - restriction: || (&& (== net47) (>= netstandard2.0)) (== net472) (== net48) (== netcoreapp2.1) (== netcoreapp3.1) (== netstandard2.0)
      Newtonsoft.Json (>= 11.0.2) - restriction: || (&& (== net47) (>= netstandard2.0)) (== net472) (== net48) (== netcoreapp2.1) (== netcoreapp3.1) (== netstandard2.0)
    Microsoft.AspNetCore.SignalR.Redis (1.1.5) - restriction: || (&& (== net47) (>= netcoreapp2.1)) (&& (== net472) (>= netcoreapp2.1)) (&& (== net48) (>= netcoreapp2.1)) (== netcoreapp2.1) (== netcoreapp3.1) (&& (== netstandard2.0) (>= netcoreapp2.1))
      MessagePack (>= 1.7.3.7) - restriction: || (&& (== net47) (>= netstandard2.0)) (== net472) (== net48) (== netcoreapp2.1) (== netcoreapp3.1) (== netstandard2.0)
      Microsoft.AspNetCore.SignalR.Core (>= 1.1) - restriction: || (&& (== net47) (>= netstandard2.0)) (== net472) (== net48) (== netcoreapp2.1) (== netcoreapp3.1) (== netstandard2.0)
      Microsoft.Extensions.Options (>= 2.2) - restriction: || (&& (== net47) (>= netstandard2.0)) (== net472) (== net48) (== netcoreapp2.1) (== netcoreapp3.1) (== netstandard2.0)
      StackExchange.Redis.StrongName (>= 1.2.6) - restriction: || (&& (== net47) (>= netstandard2.0)) (== net472) (== net48) (== netcoreapp2.1) (== netcoreapp3.1) (== netstandard2.0)
    Microsoft.AspNetCore.SpaServices (2.2) - restriction: || (&& (== net47) (>= netcoreapp2.1)) (&& (== net472) (>= netcoreapp2.1)) (&& (== net48) (>= netcoreapp2.1)) (== netcoreapp2.1) (== netcoreapp3.1) (&& (== netstandard2.0) (>= netcoreapp2.1))
      Microsoft.AspNetCore.Mvc.TagHelpers (>= 2.2) - restriction: || (&& (== net47) (>= netstandard2.0)) (== net472) (== net48) (== netcoreapp2.1) (== netcoreapp3.1) (== netstandard2.0)
      Microsoft.AspNetCore.Mvc.ViewFeatures (>= 2.2) - restriction: || (&& (== net47) (>= netstandard2.0)) (== net472) (== net48) (== netcoreapp2.1) (== netcoreapp3.1) (== netstandard2.0)
      Microsoft.AspNetCore.NodeServices (>= 2.2) - restriction: || (&& (== net47) (>= netstandard2.0)) (== net472) (== net48) (== netcoreapp2.1) (== netcoreapp3.1) (== netstandard2.0)
    Microsoft.AspNetCore.SpaServices.Extensions (2.2) - restriction: || (&& (== net47) (>= netcoreapp2.1)) (&& (== net472) (>= netcoreapp2.1)) (&& (== net48) (>= netcoreapp2.1)) (== netcoreapp2.1) (== netcoreapp3.1) (&& (== netstandard2.0) (>= netcoreapp2.1))
      Microsoft.AspNetCore.SpaServices (>= 2.2) - restriction: || (&& (== net47) (>= netstandard2.0)) (== net472) (== net48) (== netcoreapp2.1) (== netcoreapp3.1) (== netstandard2.0)
      Microsoft.AspNetCore.StaticFiles (>= 2.2) - restriction: || (&& (== net47) (>= netstandard2.0)) (== net472) (== net48) (== netcoreapp2.1) (== netcoreapp3.1) (== netstandard2.0)
      Microsoft.AspNetCore.WebSockets (>= 2.2) - restriction: || (&& (== net47) (>= netstandard2.0)) (== net472) (== net48) (== netcoreapp2.1) (== netcoreapp3.1) (== netstandard2.0)
      Microsoft.Extensions.FileProviders.Physical (>= 2.2) - restriction: || (&& (== net47) (>= netstandard2.0)) (== net472) (== net48) (== netcoreapp2.1) (== netcoreapp3.1) (== netstandard2.0)
    Microsoft.AspNetCore.StaticFiles (2.2) - restriction: || (&& (== net47) (>= netcoreapp2.1)) (&& (== net472) (>= netcoreapp2.1)) (&& (== net48) (>= netcoreapp2.1)) (== netcoreapp2.1) (== netcoreapp3.1) (&& (== netstandard2.0) (>= netcoreapp2.1))
      Microsoft.AspNetCore.Hosting.Abstractions (>= 2.2) - restriction: || (&& (== net47) (>= netstandard2.0)) (== net472) (== net48) (== netcoreapp2.1) (== netcoreapp3.1) (== netstandard2.0)
      Microsoft.AspNetCore.Http.Extensions (>= 2.2) - restriction: || (&& (== net47) (>= netstandard2.0)) (== net472) (== net48) (== netcoreapp2.1) (== netcoreapp3.1) (== netstandard2.0)
      Microsoft.Extensions.FileProviders.Abstractions (>= 2.2) - restriction: || (&& (== net47) (>= netstandard2.0)) (== net472) (== net48) (== netcoreapp2.1) (== netcoreapp3.1) (== netstandard2.0)
      Microsoft.Extensions.Logging.Abstractions (>= 2.2) - restriction: || (&& (== net47) (>= netstandard2.0)) (== net472) (== net48) (== netcoreapp2.1) (== netcoreapp3.1) (== netstandard2.0)
      Microsoft.Extensions.WebEncoders (>= 2.2) - restriction: || (&& (== net47) (>= netstandard2.0)) (== net472) (== net48) (== netcoreapp2.1) (== netcoreapp3.1) (== netstandard2.0)
    Microsoft.AspNetCore.WebSockets (2.2.1) - restriction: || (&& (== net47) (>= netcoreapp2.1)) (&& (== net472) (>= netcoreapp2.1)) (&& (== net48) (>= netcoreapp2.1)) (== netcoreapp2.1) (== netcoreapp3.1) (&& (== netstandard2.0) (>= netcoreapp2.1))
      Microsoft.AspNetCore.Http.Extensions (>= 2.2) - restriction: || (&& (== net47) (>= netstandard2.0)) (== net472) (== net48) (== netcoreapp2.1) (== netcoreapp3.1) (== netstandard2.0)
      Microsoft.Extensions.Logging.Abstractions (>= 2.2) - restriction: || (&& (== net47) (>= netstandard2.0)) (== net472) (== net48) (== netcoreapp2.1) (== netcoreapp3.1) (== netstandard2.0)
      Microsoft.Extensions.Options (>= 2.2) - restriction: || (&& (== net47) (>= netstandard2.0)) (== net472) (== net48) (== netcoreapp2.1) (== netcoreapp3.1) (== netstandard2.0)
      System.Net.WebSockets.WebSocketProtocol (>= 4.5.3) - restriction: || (&& (== net47) (>= netstandard2.0)) (== net472) (== net48) (== netcoreapp2.1) (== netcoreapp3.1) (== netstandard2.0)
    Microsoft.AspNetCore.WebUtilities (2.2) - restriction: || (&& (== net47) (>= netcoreapp2.1)) (&& (== net47) (>= netstandard2.0)) (== net472) (== net48) (== netcoreapp2.1) (== netcoreapp3.1) (== netstandard2.0)
      Microsoft.Net.Http.Headers (>= 2.2) - restriction: || (&& (== net47) (>= netstandard2.0)) (== net472) (== net48) (== netcoreapp2.1) (== netcoreapp3.1) (== netstandard2.0)
      System.Text.Encodings.Web (>= 4.5) - restriction: || (&& (== net47) (>= netstandard2.0)) (== net472) (== net48) (== netcoreapp2.1) (== netcoreapp3.1) (== netstandard2.0)
    Microsoft.Azure.KeyVault (3.0.3) - restriction: || (&& (== net47) (>= netcoreapp2.1)) (&& (== net472) (>= netcoreapp2.1)) (&& (== net48) (>= netcoreapp2.1)) (== netcoreapp2.1) (== netcoreapp3.1) (&& (== netstandard2.0) (>= netcoreapp2.1))
      Microsoft.Azure.KeyVault.WebKey (>= 3.0.3)
      Microsoft.Rest.ClientRuntime (>= 2.3.18 < 3.0)
      Microsoft.Rest.ClientRuntime.Azure (>= 3.3.18 < 4.0)
      NETStandard.Library (>= 1.6.1) - restriction: || (&& (== net47) (< net452)) (&& (== net472) (< net452)) (&& (== net48) (< net452)) (== netcoreapp2.1) (== netcoreapp3.1) (== netstandard2.0)
      Newtonsoft.Json (>= 10.0.3) - restriction: || (&& (== net47) (< net452)) (&& (== net472) (< net452)) (&& (== net48) (< net452)) (== netcoreapp2.1) (== netcoreapp3.1) (== netstandard2.0)
      System.Net.Http (>= 4.3) - restriction: || (&& (== net47) (< net452)) (&& (== net472) (< net452)) (&& (== net48) (< net452)) (== netcoreapp2.1) (== netcoreapp3.1) (== netstandard2.0)
    Microsoft.Azure.KeyVault.WebKey (3.0.3) - restriction: || (&& (== net47) (>= netcoreapp2.1)) (&& (== net472) (>= netcoreapp2.1)) (&& (== net48) (>= netcoreapp2.1)) (== netcoreapp2.1) (== netcoreapp3.1) (&& (== netstandard2.0) (>= netcoreapp2.1))
      NETStandard.Library (>= 1.6.1) - restriction: || (&& (== net47) (< net452)) (&& (== net472) (< net452)) (&& (== net48) (< net452)) (== netcoreapp2.1) (== netcoreapp3.1) (== netstandard2.0)
      Newtonsoft.Json (>= 10.0.3) - restriction: || (&& (== net47) (< net452)) (&& (== net472) (< net452)) (&& (== net48) (< net452)) (== netcoreapp2.1) (== netcoreapp3.1) (== netstandard2.0)
      System.Collections (>= 4.3) - restriction: || (&& (== net47) (< net452)) (&& (== net472) (< net452)) (&& (== net48) (< net452)) (== netcoreapp2.1) (== netcoreapp3.1) (== netstandard2.0)
      System.Collections.Concurrent (>= 4.3) - restriction: || (&& (== net47) (< net452)) (&& (== net472) (< net452)) (&& (== net48) (< net452)) (== netcoreapp2.1) (== netcoreapp3.1) (== netstandard2.0)
      System.Linq (>= 4.3) - restriction: || (&& (== net47) (< net452)) (&& (== net472) (< net452)) (&& (== net48) (< net452)) (== netcoreapp2.1) (== netcoreapp3.1) (== netstandard2.0)
      System.Runtime (>= 4.3) - restriction: || (&& (== net47) (< net452)) (&& (== net472) (< net452)) (&& (== net48) (< net452)) (== netcoreapp2.1) (== netcoreapp3.1) (== netstandard2.0)
      System.Security.Cryptography.Algorithms (>= 4.3) - restriction: || (&& (== net47) (< net452)) (&& (== net472) (< net452)) (&& (== net48) (< net452)) (== netcoreapp2.1) (== netcoreapp3.1) (== netstandard2.0)
      System.Security.Cryptography.Cng (>= 4.3) - restriction: || (&& (== net47) (< net452)) (&& (== net472) (< net452)) (&& (== net48) (< net452)) (== netcoreapp2.1) (== netcoreapp3.1) (== netstandard2.0)
    Microsoft.Azure.Services.AppAuthentication (1.2) - restriction: || (&& (== net47) (>= netcoreapp2.1)) (&& (== net472) (>= netcoreapp2.1)) (&& (== net48) (>= netcoreapp2.1)) (== netcoreapp2.1) (== netcoreapp3.1) (&& (== netstandard2.0) (>= netcoreapp2.1))
      Microsoft.IdentityModel.Clients.ActiveDirectory (>= 3.19.4)
      System.Diagnostics.Process (>= 4.3) - restriction: || (&& (== net47) (< net452)) (&& (== net472) (< net452)) (&& (== net48) (< net452)) (== netcoreapp2.1) (== netcoreapp3.1) (== netstandard2.0)
    Microsoft.CodeAnalysis.Analyzers (2.9.3) - restriction: || (&& (== net47) (>= netstandard2.0)) (== net472) (== net48) (== netcoreapp2.1) (== netcoreapp3.1) (== netstandard2.0)
    Microsoft.CodeAnalysis.Common (3.1) - restriction: || (&& (== net47) (>= netcoreapp2.1)) (&& (== net47) (>= netstandard2.0)) (== net472) (== net48) (== netcoreapp2.1) (== netcoreapp3.1) (== netstandard2.0)
      Microsoft.CodeAnalysis.Analyzers (>= 2.6.2-beta2) - restriction: || (&& (== net47) (>= netstandard2.0)) (== net472) (== net48) (== netcoreapp2.1) (== netcoreapp3.1) (== netstandard2.0)
      System.Collections.Immutable (>= 1.5) - restriction: || (&& (== net47) (>= netstandard2.0)) (== net472) (== net48) (== netcoreapp2.1) (== netcoreapp3.1) (== netstandard2.0)
      System.Memory (>= 4.5.2) - restriction: || (&& (== net47) (>= netstandard2.0)) (== net472) (== net48) (== netcoreapp2.1) (== netcoreapp3.1) (== netstandard2.0)
      System.Reflection.Metadata (>= 1.6) - restriction: || (&& (== net47) (>= netstandard2.0)) (== net472) (== net48) (== netcoreapp2.1) (== netcoreapp3.1) (== netstandard2.0)
      System.Runtime.CompilerServices.Unsafe (>= 4.5.2) - restriction: || (&& (== net47) (>= netstandard2.0)) (== net472) (== net48) (== netcoreapp2.1) (== netcoreapp3.1) (== netstandard2.0)
      System.Text.Encoding.CodePages (>= 4.5.1) - restriction: || (&& (== net47) (>= netstandard2.0)) (== net472) (== net48) (== netcoreapp2.1) (== netcoreapp3.1) (== netstandard2.0)
      System.Threading.Tasks.Extensions (>= 4.5.2) - restriction: || (&& (== net47) (>= netstandard2.0)) (== net472) (== net48) (== netcoreapp2.1) (== netcoreapp3.1) (== netstandard2.0)
    Microsoft.CodeAnalysis.CSharp (3.1) - restriction: || (&& (== net47) (>= netcoreapp2.1)) (&& (== net47) (>= netstandard2.0)) (== net472) (== net48) (== netcoreapp2.1) (== netcoreapp3.1) (== netstandard2.0)
      Microsoft.CodeAnalysis.Common (3.1) - restriction: || (&& (== net47) (>= netstandard2.0)) (== net472) (== net48) (== netcoreapp2.1) (== netcoreapp3.1) (== netstandard2.0)
    Microsoft.CodeAnalysis.Razor (2.2) - restriction: || (&& (== net47) (>= netcoreapp2.1)) (&& (== net472) (>= netcoreapp2.1)) (&& (== net48) (>= netcoreapp2.1)) (== netcoreapp2.1) (== netcoreapp3.1) (&& (== netstandard2.0) (>= netcoreapp2.1))
      Microsoft.AspNetCore.Razor.Language (>= 2.2)
      Microsoft.CodeAnalysis.Common (>= 2.8)
      Microsoft.CodeAnalysis.CSharp (>= 2.8)
    Microsoft.CodeCoverage (16.5) - restriction: || (== net47) (== net472) (== net48) (== netcoreapp2.1) (== netcoreapp3.1) (&& (== netstandard2.0) (>= net45)) (&& (== netstandard2.0) (>= netcoreapp2.1))
    Microsoft.CSharp (4.5) - restriction: || (&& (== net47) (>= netcoreapp2.1)) (&& (== net472) (>= netcoreapp2.1)) (&& (== net48) (>= netcoreapp2.1)) (== netcoreapp2.1) (== netcoreapp3.1) (&& (== netstandard2.0) (>= netcoreapp2.1))
    Microsoft.Data.Sqlite (2.2.4) - restriction: || (&& (== net47) (>= netcoreapp2.1)) (&& (== net472) (>= netcoreapp2.1)) (&& (== net48) (>= netcoreapp2.1)) (== netcoreapp2.1) (== netcoreapp3.1) (&& (== netstandard2.0) (>= netcoreapp2.1))
      Microsoft.Data.Sqlite.Core (>= 2.2.4) - restriction: || (&& (== net47) (>= netstandard2.0)) (== net472) (== net48) (== netcoreapp2.1) (== netcoreapp3.1) (== netstandard2.0)
      SQLitePCLRaw.bundle_green (>= 1.1.12) - restriction: || (&& (== net47) (>= netstandard2.0)) (== net472) (== net48) (== netcoreapp2.1) (== netcoreapp3.1) (== netstandard2.0)
    Microsoft.Data.Sqlite.Core (2.2.4) - restriction: || (&& (== net47) (>= netcoreapp2.1)) (&& (== net472) (>= netcoreapp2.1)) (&& (== net48) (>= netcoreapp2.1)) (== netcoreapp2.1) (== netcoreapp3.1) (&& (== netstandard2.0) (>= netcoreapp2.1))
      SQLitePCLRaw.core (>= 1.1.12) - restriction: || (&& (== net47) (>= netstandard2.0)) (== net472) (== net48) (== netcoreapp2.1) (== netcoreapp3.1) (== netstandard2.0)
    Microsoft.DotNet.PlatformAbstractions (2.1) - restriction: || (&& (== net47) (>= netcoreapp2.1)) (&& (== net47) (>= netstandard2.0)) (== net472) (== net48) (== netcoreapp2.1) (== netcoreapp3.1) (== netstandard2.0)
      System.AppContext (>= 4.1) - restriction: || (&& (== net47) (< net45)) (&& (== net472) (< net45)) (&& (== net48) (< net45)) (== netcoreapp2.1) (== netcoreapp3.1) (== netstandard2.0)
      System.Collections (>= 4.0.11) - restriction: || (&& (== net47) (< net45)) (&& (== net472) (< net45)) (&& (== net48) (< net45)) (== netcoreapp2.1) (== netcoreapp3.1) (== netstandard2.0)
      System.IO (>= 4.1) - restriction: || (&& (== net47) (< net45)) (&& (== net472) (< net45)) (&& (== net48) (< net45)) (== netcoreapp2.1) (== netcoreapp3.1) (== netstandard2.0)
      System.IO.FileSystem (>= 4.0.1) - restriction: || (&& (== net47) (< net45)) (&& (== net472) (< net45)) (&& (== net48) (< net45)) (== netcoreapp2.1) (== netcoreapp3.1) (== netstandard2.0)
      System.Reflection.TypeExtensions (>= 4.1) - restriction: || (&& (== net47) (< net45)) (&& (== net472) (< net45)) (&& (== net48) (< net45)) (== netcoreapp2.1) (== netcoreapp3.1) (== netstandard2.0)
      System.Runtime.Extensions (>= 4.1) - restriction: || (&& (== net47) (< net45)) (&& (== net472) (< net45)) (&& (== net48) (< net45)) (== netcoreapp2.1) (== netcoreapp3.1) (== netstandard2.0)
      System.Runtime.InteropServices (>= 4.1) - restriction: || (&& (== net47) (< net45)) (&& (== net472) (< net45)) (&& (== net48) (< net45)) (== netcoreapp2.1) (== netcoreapp3.1) (== netstandard2.0)
      System.Runtime.InteropServices.RuntimeInformation (>= 4.0)
    Microsoft.EntityFrameworkCore (2.2.4) - restriction: || (&& (== net47) (>= netcoreapp2.1)) (&& (== net472) (>= netcoreapp2.1)) (&& (== net48) (>= netcoreapp2.1)) (== netcoreapp2.1) (== netcoreapp3.1) (&& (== netstandard2.0) (>= netcoreapp2.1))
      Microsoft.EntityFrameworkCore.Abstractions (>= 2.2.4) - restriction: || (&& (== net47) (>= netstandard2.0)) (== net472) (== net48) (== netcoreapp2.1) (== netcoreapp3.1) (== netstandard2.0)
      Microsoft.EntityFrameworkCore.Analyzers (>= 2.2.4) - restriction: || (&& (== net47) (>= netstandard2.0)) (== net472) (== net48) (== netcoreapp2.1) (== netcoreapp3.1) (== netstandard2.0)
      Microsoft.Extensions.Caching.Memory (>= 2.2) - restriction: || (&& (== net47) (>= netstandard2.0)) (== net472) (== net48) (== netcoreapp2.1) (== netcoreapp3.1) (== netstandard2.0)
      Microsoft.Extensions.DependencyInjection (>= 2.2) - restriction: || (&& (== net47) (>= netstandard2.0)) (== net472) (== net48) (== netcoreapp2.1) (== netcoreapp3.1) (== netstandard2.0)
      Microsoft.Extensions.Logging (>= 2.2) - restriction: || (&& (== net47) (>= netstandard2.0)) (== net472) (== net48) (== netcoreapp2.1) (== netcoreapp3.1) (== netstandard2.0)
      Remotion.Linq (>= 2.2) - restriction: || (&& (== net47) (>= netstandard2.0)) (== net472) (== net48) (== netcoreapp2.1) (== netcoreapp3.1) (== netstandard2.0)
      System.Collections.Immutable (>= 1.5) - restriction: || (&& (== net47) (>= netstandard2.0)) (== net472) (== net48) (== netcoreapp2.1) (== netcoreapp3.1) (== netstandard2.0)
      System.ComponentModel.Annotations (>= 4.5) - restriction: || (&& (== net47) (>= netstandard2.0)) (== net472) (== net48) (== netcoreapp2.1) (== netcoreapp3.1) (== netstandard2.0)
      System.Diagnostics.DiagnosticSource (>= 4.5) - restriction: || (&& (== net47) (>= netstandard2.0)) (== net472) (== net48) (== netcoreapp2.1) (== netcoreapp3.1) (== netstandard2.0)
      System.Interactive.Async (>= 3.2) - restriction: || (&& (== net47) (>= netstandard2.0)) (== net472) (== net48) (== netcoreapp2.1) (== netcoreapp3.1) (== netstandard2.0)
    Microsoft.EntityFrameworkCore.Abstractions (2.2.4) - restriction: || (&& (== net47) (>= netcoreapp2.1)) (&& (== net472) (>= netcoreapp2.1)) (&& (== net48) (>= netcoreapp2.1)) (== netcoreapp2.1) (== netcoreapp3.1) (&& (== netstandard2.0) (>= netcoreapp2.1))
    Microsoft.EntityFrameworkCore.Analyzers (2.2.4) - restriction: || (&& (== net47) (>= netcoreapp2.1)) (&& (== net472) (>= netcoreapp2.1)) (&& (== net48) (>= netcoreapp2.1)) (== netcoreapp2.1) (== netcoreapp3.1) (&& (== netstandard2.0) (>= netcoreapp2.1))
    Microsoft.EntityFrameworkCore.Design (2.2.4) - restriction: || (&& (== net47) (>= netcoreapp2.1)) (&& (== net472) (>= netcoreapp2.1)) (&& (== net48) (>= netcoreapp2.1)) (== netcoreapp2.1) (== netcoreapp3.1) (&& (== netstandard2.0) (>= netcoreapp2.1))
      Microsoft.CSharp (>= 4.5)
      Microsoft.EntityFrameworkCore.Relational (>= 2.2.4)
    Microsoft.EntityFrameworkCore.InMemory (2.2.4) - restriction: || (&& (== net47) (>= netcoreapp2.1)) (&& (== net472) (>= netcoreapp2.1)) (&& (== net48) (>= netcoreapp2.1)) (== netcoreapp2.1) (== netcoreapp3.1) (&& (== netstandard2.0) (>= netcoreapp2.1))
      Microsoft.EntityFrameworkCore (>= 2.2.4) - restriction: || (&& (== net47) (>= netstandard2.0)) (== net472) (== net48) (== netcoreapp2.1) (== netcoreapp3.1) (== netstandard2.0)
    Microsoft.EntityFrameworkCore.Relational (2.2.4) - restriction: || (&& (== net47) (>= netcoreapp2.1)) (&& (== net472) (>= netcoreapp2.1)) (&& (== net48) (>= netcoreapp2.1)) (== netcoreapp2.1) (== netcoreapp3.1) (&& (== netstandard2.0) (>= netcoreapp2.1))
      Microsoft.EntityFrameworkCore (>= 2.2.4) - restriction: || (&& (== net47) (>= netstandard2.0)) (== net472) (== net48) (== netcoreapp2.1) (== netcoreapp3.1) (== netstandard2.0)
    Microsoft.EntityFrameworkCore.Sqlite (2.2.4) - restriction: || (&& (== net47) (>= netcoreapp2.1)) (&& (== net472) (>= netcoreapp2.1)) (&& (== net48) (>= netcoreapp2.1)) (== netcoreapp2.1) (== netcoreapp3.1) (&& (== netstandard2.0) (>= netcoreapp2.1))
      Microsoft.EntityFrameworkCore.Sqlite.Core (>= 2.2.4) - restriction: || (&& (== net47) (>= netstandard2.0)) (== net472) (== net48) (== netcoreapp2.1) (== netcoreapp3.1) (== netstandard2.0)
      SQLitePCLRaw.bundle_green (>= 1.1.12) - restriction: || (&& (== net47) (>= netstandard2.0)) (== net472) (== net48) (== netcoreapp2.1) (== netcoreapp3.1) (== netstandard2.0)
    Microsoft.EntityFrameworkCore.Sqlite.Core (2.2.4) - restriction: || (&& (== net47) (>= netcoreapp2.1)) (&& (== net472) (>= netcoreapp2.1)) (&& (== net48) (>= netcoreapp2.1)) (== netcoreapp2.1) (== netcoreapp3.1) (&& (== netstandard2.0) (>= netcoreapp2.1))
      Microsoft.Data.Sqlite.Core (>= 2.2.4) - restriction: || (&& (== net47) (>= netstandard2.0)) (== net472) (== net48) (== netcoreapp2.1) (== netcoreapp3.1) (== netstandard2.0)
      Microsoft.EntityFrameworkCore.Relational (>= 2.2.4) - restriction: || (&& (== net47) (>= netstandard2.0)) (== net472) (== net48) (== netcoreapp2.1) (== netcoreapp3.1) (== netstandard2.0)
      Microsoft.Extensions.DependencyModel (>= 2.1) - restriction: || (&& (== net47) (>= netstandard2.0)) (== net472) (== net48) (== netcoreapp2.1) (== netcoreapp3.1) (== netstandard2.0)
    Microsoft.EntityFrameworkCore.SqlServer (2.2.4) - restriction: || (&& (== net47) (>= netcoreapp2.1)) (&& (== net472) (>= netcoreapp2.1)) (&& (== net48) (>= netcoreapp2.1)) (== netcoreapp2.1) (== netcoreapp3.1) (&& (== netstandard2.0) (>= netcoreapp2.1))
      Microsoft.EntityFrameworkCore.Relational (>= 2.2.4) - restriction: || (&& (== net47) (>= netstandard2.0)) (== net472) (== net48) (== netcoreapp2.1) (== netcoreapp3.1) (== netstandard2.0)
      System.Data.SqlClient (>= 4.6) - restriction: || (&& (== net47) (>= netstandard2.0)) (== net472) (== net48) (== netcoreapp2.1) (== netcoreapp3.1) (== netstandard2.0)
    Microsoft.EntityFrameworkCore.Tools (2.2.4) - restriction: || (&& (== net47) (>= netcoreapp2.1)) (&& (== net472) (>= netcoreapp2.1)) (&& (== net48) (>= netcoreapp2.1)) (== netcoreapp2.1) (== netcoreapp3.1) (&& (== netstandard2.0) (>= netcoreapp2.1))
      Microsoft.EntityFrameworkCore.Design (>= 2.2.4) - restriction: || (&& (== net47) (>= netstandard2.0)) (== net472) (== net48) (== netcoreapp2.1) (== netcoreapp3.1) (== netstandard2.0)
    Microsoft.Extensions.Caching.Abstractions (2.2) - restriction: || (&& (== net47) (>= netcoreapp2.1)) (&& (== net47) (>= netstandard2.0)) (== net472) (== net48) (== netcoreapp2.1) (== netcoreapp3.1) (== netstandard2.0)
      Microsoft.Extensions.Primitives (>= 2.2) - restriction: || (&& (== net47) (>= netstandard2.0)) (== net472) (== net48) (== netcoreapp2.1) (== netcoreapp3.1) (== netstandard2.0)
    Microsoft.Extensions.Caching.Memory (2.2) - restriction: || (&& (== net47) (>= netcoreapp2.1)) (&& (== net47) (>= netstandard2.0)) (== net472) (== net48) (== netcoreapp2.1) (== netcoreapp3.1) (== netstandard2.0)
      Microsoft.Extensions.Caching.Abstractions (>= 2.2) - restriction: || (&& (== net47) (>= netstandard2.0)) (== net472) (== net48) (== netcoreapp2.1) (== netcoreapp3.1) (== netstandard2.0)
      Microsoft.Extensions.DependencyInjection.Abstractions (>= 2.2) - restriction: || (&& (== net47) (>= netstandard2.0)) (== net472) (== net48) (== netcoreapp2.1) (== netcoreapp3.1) (== netstandard2.0)
      Microsoft.Extensions.Options (>= 2.2) - restriction: || (&& (== net47) (>= netstandard2.0)) (== net472) (== net48) (== netcoreapp2.1) (== netcoreapp3.1) (== netstandard2.0)
    Microsoft.Extensions.Caching.Redis (2.2) - restriction: || (&& (== net47) (>= netcoreapp2.1)) (&& (== net472) (>= netcoreapp2.1)) (&& (== net48) (>= netcoreapp2.1)) (== netcoreapp2.1) (== netcoreapp3.1) (&& (== netstandard2.0) (>= netcoreapp2.1))
      Microsoft.Extensions.Caching.Abstractions (>= 2.2) - restriction: || (&& (== net47) (>= netstandard2.0)) (== net472) (== net48) (== netcoreapp2.1) (== netcoreapp3.1) (== netstandard2.0)
      Microsoft.Extensions.Options (>= 2.2) - restriction: || (&& (== net47) (>= netstandard2.0)) (== net472) (== net48) (== netcoreapp2.1) (== netcoreapp3.1) (== netstandard2.0)
      StackExchange.Redis.StrongName (>= 1.2.6) - restriction: || (&& (== net47) (>= netstandard2.0)) (== net472) (== net48) (== netcoreapp2.1) (== netcoreapp3.1) (== netstandard2.0)
    Microsoft.Extensions.Caching.SqlServer (2.2) - restriction: || (&& (== net47) (>= netcoreapp2.1)) (&& (== net472) (>= netcoreapp2.1)) (&& (== net48) (>= netcoreapp2.1)) (== netcoreapp2.1) (== netcoreapp3.1) (&& (== netstandard2.0) (>= netcoreapp2.1))
      Microsoft.Extensions.Caching.Abstractions (>= 2.2) - restriction: || (&& (== net47) (>= netstandard2.0)) (== net472) (== net48) (== netcoreapp2.1) (== netcoreapp3.1) (== netstandard2.0)
      Microsoft.Extensions.Options (>= 2.2) - restriction: || (&& (== net47) (>= netstandard2.0)) (== net472) (== net48) (== netcoreapp2.1) (== netcoreapp3.1) (== netstandard2.0)
      System.Data.SqlClient (>= 4.6) - restriction: || (&& (== net47) (>= netstandard2.0)) (== net472) (== net48) (== netcoreapp2.1) (== netcoreapp3.1) (== netstandard2.0)
    Microsoft.Extensions.Configuration (2.2) - restriction: || (&& (== net47) (>= netcoreapp2.1)) (&& (== net472) (>= netcoreapp2.1)) (&& (== net48) (>= netcoreapp2.1)) (== netcoreapp2.1) (== netcoreapp3.1) (&& (== netstandard2.0) (>= netcoreapp2.1))
      Microsoft.Extensions.Configuration.Abstractions (>= 2.2) - restriction: || (&& (== net47) (>= netstandard2.0)) (== net472) (== net48) (== netcoreapp2.1) (== netcoreapp3.1) (== netstandard2.0)
    Microsoft.Extensions.Configuration.Abstractions (2.2) - restriction: || (&& (== net47) (>= netcoreapp2.1)) (&& (== net47) (>= netstandard2.0)) (== net472) (== net48) (== netcoreapp2.1) (== netcoreapp3.1) (== netstandard2.0)
      Microsoft.Extensions.Primitives (>= 2.2) - restriction: || (&& (== net47) (>= netstandard2.0)) (== net472) (== net48) (== netcoreapp2.1) (== netcoreapp3.1) (== netstandard2.0)
    Microsoft.Extensions.Configuration.AzureKeyVault (2.2) - restriction: || (&& (== net47) (>= netcoreapp2.1)) (&& (== net472) (>= netcoreapp2.1)) (&& (== net48) (>= netcoreapp2.1)) (== netcoreapp2.1) (== netcoreapp3.1) (&& (== netstandard2.0) (>= netcoreapp2.1))
      Microsoft.Azure.KeyVault (>= 2.3.2) - restriction: || (&& (== net47) (>= netstandard2.0)) (== net472) (== net48) (== netcoreapp2.1) (== netcoreapp3.1) (== netstandard2.0)
      Microsoft.Azure.Services.AppAuthentication (>= 1.0.1) - restriction: || (&& (== net47) (>= netstandard2.0)) (== net472) (== net48) (== netcoreapp2.1) (== netcoreapp3.1) (== netstandard2.0)
      Microsoft.Extensions.Configuration (>= 2.2) - restriction: || (&& (== net47) (>= netstandard2.0)) (== net472) (== net48) (== netcoreapp2.1) (== netcoreapp3.1) (== netstandard2.0)
      Microsoft.Extensions.Configuration.FileExtensions (>= 2.2) - restriction: || (&& (== net47) (>= netstandard2.0)) (== net472) (== net48) (== netcoreapp2.1) (== netcoreapp3.1) (== netstandard2.0)
    Microsoft.Extensions.Configuration.Binder (2.2.4) - restriction: || (&& (== net47) (>= netcoreapp2.1)) (&& (== net472) (>= netcoreapp2.1)) (&& (== net48) (>= netcoreapp2.1)) (== netcoreapp2.1) (== netcoreapp3.1) (&& (== netstandard2.0) (>= netcoreapp2.1))
      Microsoft.Extensions.Configuration (>= 2.2) - restriction: || (&& (== net47) (>= netstandard2.0)) (== net472) (== net48) (== netcoreapp2.1) (== netcoreapp3.1) (== netstandard2.0)
    Microsoft.Extensions.Configuration.CommandLine (2.2) - restriction: || (&& (== net47) (>= netcoreapp2.1)) (&& (== net472) (>= netcoreapp2.1)) (&& (== net48) (>= netcoreapp2.1)) (== netcoreapp2.1) (== netcoreapp3.1) (&& (== netstandard2.0) (>= netcoreapp2.1))
      Microsoft.Extensions.Configuration (>= 2.2) - restriction: || (&& (== net47) (>= netstandard2.0)) (== net472) (== net48) (== netcoreapp2.1) (== netcoreapp3.1) (== netstandard2.0)
    Microsoft.Extensions.Configuration.EnvironmentVariables (2.2.4) - restriction: || (&& (== net47) (>= netcoreapp2.1)) (&& (== net472) (>= netcoreapp2.1)) (&& (== net48) (>= netcoreapp2.1)) (== netcoreapp2.1) (== netcoreapp3.1) (&& (== netstandard2.0) (>= netcoreapp2.1))
      Microsoft.Extensions.Configuration (>= 2.2) - restriction: || (&& (== net47) (>= netstandard2.0)) (== net472) (== net48) (== netcoreapp2.1) (== netcoreapp3.1) (== netstandard2.0)
    Microsoft.Extensions.Configuration.FileExtensions (2.2) - restriction: || (&& (== net47) (>= netcoreapp2.1)) (&& (== net472) (>= netcoreapp2.1)) (&& (== net48) (>= netcoreapp2.1)) (== netcoreapp2.1) (== netcoreapp3.1) (&& (== netstandard2.0) (>= netcoreapp2.1))
      Microsoft.Extensions.Configuration (>= 2.2) - restriction: || (&& (== net47) (>= netstandard2.0)) (== net472) (== net48) (== netcoreapp2.1) (== netcoreapp3.1) (== netstandard2.0)
      Microsoft.Extensions.FileProviders.Physical (>= 2.2) - restriction: || (&& (== net47) (>= netstandard2.0)) (== net472) (== net48) (== netcoreapp2.1) (== netcoreapp3.1) (== netstandard2.0)
    Microsoft.Extensions.Configuration.Ini (2.2) - restriction: || (&& (== net47) (>= netcoreapp2.1)) (&& (== net472) (>= netcoreapp2.1)) (&& (== net48) (>= netcoreapp2.1)) (== netcoreapp2.1) (== netcoreapp3.1) (&& (== netstandard2.0) (>= netcoreapp2.1))
      Microsoft.Extensions.Configuration (>= 2.2) - restriction: || (&& (== net47) (>= netstandard2.0)) (== net472) (== net48) (== netcoreapp2.1) (== netcoreapp3.1) (== netstandard2.0)
      Microsoft.Extensions.Configuration.FileExtensions (>= 2.2) - restriction: || (&& (== net47) (>= netstandard2.0)) (== net472) (== net48) (== netcoreapp2.1) (== netcoreapp3.1) (== netstandard2.0)
    Microsoft.Extensions.Configuration.Json (2.2) - restriction: || (&& (== net47) (>= netcoreapp2.1)) (&& (== net472) (>= netcoreapp2.1)) (&& (== net48) (>= netcoreapp2.1)) (== netcoreapp2.1) (== netcoreapp3.1) (&& (== netstandard2.0) (>= netcoreapp2.1))
      Microsoft.Extensions.Configuration (>= 2.2) - restriction: || (&& (== net47) (>= netstandard2.0)) (== net472) (== net48) (== netcoreapp2.1) (== netcoreapp3.1) (== netstandard2.0)
      Microsoft.Extensions.Configuration.FileExtensions (>= 2.2) - restriction: || (&& (== net47) (>= netstandard2.0)) (== net472) (== net48) (== netcoreapp2.1) (== netcoreapp3.1) (== netstandard2.0)
      Newtonsoft.Json (>= 11.0.2) - restriction: || (&& (== net47) (>= netstandard2.0)) (== net472) (== net48) (== netcoreapp2.1) (== netcoreapp3.1) (== netstandard2.0)
    Microsoft.Extensions.Configuration.KeyPerFile (2.2.4) - restriction: || (&& (== net47) (>= netcoreapp2.1)) (&& (== net472) (>= netcoreapp2.1)) (&& (== net48) (>= netcoreapp2.1)) (== netcoreapp2.1) (== netcoreapp3.1) (&& (== netstandard2.0) (>= netcoreapp2.1))
      Microsoft.Extensions.Configuration (>= 2.2) - restriction: || (&& (== net47) (>= netstandard2.0)) (== net472) (== net48) (== netcoreapp2.1) (== netcoreapp3.1) (== netstandard2.0)
      Microsoft.Extensions.FileProviders.Physical (>= 2.2) - restriction: || (&& (== net47) (>= netstandard2.0)) (== net472) (== net48) (== netcoreapp2.1) (== netcoreapp3.1) (== netstandard2.0)
    Microsoft.Extensions.Configuration.UserSecrets (2.2) - restriction: || (&& (== net47) (>= netcoreapp2.1)) (&& (== net472) (>= netcoreapp2.1)) (&& (== net48) (>= netcoreapp2.1)) (== netcoreapp2.1) (== netcoreapp3.1) (&& (== netstandard2.0) (>= netcoreapp2.1))
      Microsoft.Extensions.Configuration.Json (>= 2.2) - restriction: || (&& (== net47) (>= netstandard2.0)) (== net472) (== net48) (== netcoreapp2.1) (== netcoreapp3.1) (== netstandard2.0)
    Microsoft.Extensions.Configuration.Xml (2.2) - restriction: || (&& (== net47) (>= netcoreapp2.1)) (&& (== net472) (>= netcoreapp2.1)) (&& (== net48) (>= netcoreapp2.1)) (== netcoreapp2.1) (== netcoreapp3.1) (&& (== netstandard2.0) (>= netcoreapp2.1))
      Microsoft.Extensions.Configuration (>= 2.2) - restriction: || (&& (== net47) (>= netstandard2.0)) (== net472) (== net48) (== netcoreapp2.1) (== netcoreapp3.1) (== netstandard2.0)
      Microsoft.Extensions.Configuration.FileExtensions (>= 2.2) - restriction: || (&& (== net47) (>= netstandard2.0)) (== net472) (== net48) (== netcoreapp2.1) (== netcoreapp3.1) (== netstandard2.0)
      System.Security.Cryptography.Xml (>= 4.5) - restriction: || (&& (== net47) (>= netstandard2.0)) (== net472) (== net48) (== netcoreapp2.1) (== netcoreapp3.1) (== netstandard2.0)
    Microsoft.Extensions.DependencyInjection (2.2) - restriction: || (&& (== net47) (>= netcoreapp2.1)) (&& (== net472) (>= netcoreapp2.1)) (&& (== net48) (>= netcoreapp2.1)) (== netcoreapp2.1) (== netcoreapp3.1) (&& (== netstandard2.0) (>= netcoreapp2.1))
      Microsoft.Extensions.DependencyInjection.Abstractions (>= 2.2)
    Microsoft.Extensions.DependencyInjection.Abstractions (2.2) - restriction: || (&& (== net47) (>= netcoreapp2.1)) (&& (== net47) (>= netstandard2.0)) (== net472) (== net48) (== netcoreapp2.1) (== netcoreapp3.1) (== netstandard2.0)
    Microsoft.Extensions.DependencyModel (2.1) - restriction: || (&& (== net47) (>= netcoreapp2.1)) (&& (== net472) (>= netcoreapp2.1)) (&& (== net48) (>= netcoreapp2.1)) (== netcoreapp2.1) (== netcoreapp3.1) (&& (== netstandard2.0) (>= netcoreapp2.1))
      Microsoft.DotNet.PlatformAbstractions (>= 2.1)
      Newtonsoft.Json (>= 9.0.1)
      System.Diagnostics.Debug (>= 4.0.11) - restriction: || (&& (== net47) (< net451)) (&& (== net472) (< net451)) (&& (== net48) (< net451)) (== netcoreapp2.1) (== netcoreapp3.1) (== netstandard2.0)
      System.Dynamic.Runtime (>= 4.0.11) - restriction: || (&& (== net47) (< net451)) (&& (== net472) (< net451)) (&& (== net48) (< net451)) (== netcoreapp2.1) (== netcoreapp3.1) (== netstandard2.0)
      System.Linq (>= 4.1) - restriction: || (&& (== net47) (< net451)) (&& (== net472) (< net451)) (&& (== net48) (< net451)) (== netcoreapp2.1) (== netcoreapp3.1) (== netstandard2.0)
    Microsoft.Extensions.DiagnosticAdapter (2.2) - restriction: || (&& (== net47) (>= netcoreapp2.1)) (&& (== net472) (>= netcoreapp2.1)) (&& (== net48) (>= netcoreapp2.1)) (== netcoreapp2.1) (== netcoreapp3.1) (&& (== netstandard2.0) (>= netcoreapp2.1))
      System.Diagnostics.DiagnosticSource (>= 4.5)
    Microsoft.Extensions.FileProviders.Abstractions (2.2) - restriction: || (&& (== net47) (>= netcoreapp2.1)) (&& (== net47) (>= netstandard2.0)) (== net472) (== net48) (== netcoreapp2.1) (== netcoreapp3.1) (== netstandard2.0)
      Microsoft.Extensions.Primitives (>= 2.2) - restriction: || (&& (== net47) (>= netstandard2.0)) (== net472) (== net48) (== netcoreapp2.1) (== netcoreapp3.1) (== netstandard2.0)
    Microsoft.Extensions.FileProviders.Composite (2.2) - restriction: || (&& (== net47) (>= netcoreapp2.1)) (&& (== net472) (>= netcoreapp2.1)) (&& (== net48) (>= netcoreapp2.1)) (== netcoreapp2.1) (== netcoreapp3.1) (&& (== netstandard2.0) (>= netcoreapp2.1))
      Microsoft.Extensions.FileProviders.Abstractions (>= 2.2) - restriction: || (&& (== net47) (>= netstandard2.0)) (== net472) (== net48) (== netcoreapp2.1) (== netcoreapp3.1) (== netstandard2.0)
    Microsoft.Extensions.FileProviders.Embedded (2.2) - restriction: || (&& (== net47) (>= netcoreapp2.1)) (&& (== net472) (>= netcoreapp2.1)) (&& (== net48) (>= netcoreapp2.1)) (== netcoreapp2.1) (== netcoreapp3.1) (&& (== netstandard2.0) (>= netcoreapp2.1))
      Microsoft.Extensions.FileProviders.Abstractions (>= 2.2) - restriction: || (&& (== net47) (>= netstandard2.0)) (== net472) (== net48) (== netcoreapp2.1) (== netcoreapp3.1) (== netstandard2.0)
    Microsoft.Extensions.FileProviders.Physical (2.2) - restriction: || (&& (== net47) (>= netcoreapp2.1)) (&& (== net47) (>= netstandard2.0)) (== net472) (== net48) (== netcoreapp2.1) (== netcoreapp3.1) (== netstandard2.0)
      Microsoft.Extensions.FileProviders.Abstractions (>= 2.2) - restriction: || (&& (== net47) (>= netstandard2.0)) (== net472) (== net48) (== netcoreapp2.1) (== netcoreapp3.1) (== netstandard2.0)
      Microsoft.Extensions.FileSystemGlobbing (>= 2.2) - restriction: || (&& (== net47) (>= netstandard2.0)) (== net472) (== net48) (== netcoreapp2.1) (== netcoreapp3.1) (== netstandard2.0)
    Microsoft.Extensions.FileSystemGlobbing (2.2) - restriction: || (&& (== net47) (>= netcoreapp2.1)) (&& (== net47) (>= netstandard2.0)) (== net472) (== net48) (== netcoreapp2.1) (== netcoreapp3.1) (== netstandard2.0)
    Microsoft.Extensions.Hosting (2.2) - restriction: || (&& (== net47) (>= netcoreapp2.1)) (&& (== net472) (>= netcoreapp2.1)) (&& (== net48) (>= netcoreapp2.1)) (== netcoreapp2.1) (== netcoreapp3.1) (&& (== netstandard2.0) (>= netcoreapp2.1))
      Microsoft.Extensions.Configuration (>= 2.2) - restriction: || (&& (== net47) (>= netstandard2.0)) (== net472) (== net48) (== netcoreapp2.1) (== netcoreapp3.1) (== netstandard2.0)
      Microsoft.Extensions.DependencyInjection (>= 2.2) - restriction: || (&& (== net47) (>= netstandard2.0)) (== net472) (== net48) (== netcoreapp2.1) (== netcoreapp3.1) (== netstandard2.0)
      Microsoft.Extensions.FileProviders.Physical (>= 2.2) - restriction: || (&& (== net47) (>= netstandard2.0)) (== net472) (== net48) (== netcoreapp2.1) (== netcoreapp3.1) (== netstandard2.0)
      Microsoft.Extensions.Hosting.Abstractions (>= 2.2) - restriction: || (&& (== net47) (>= netstandard2.0)) (== net472) (== net48) (== netcoreapp2.1) (== netcoreapp3.1) (== netstandard2.0)
      Microsoft.Extensions.Logging (>= 2.2) - restriction: || (&& (== net47) (>= netstandard2.0)) (== net472) (== net48) (== netcoreapp2.1) (== netcoreapp3.1) (== netstandard2.0)
    Microsoft.Extensions.Hosting.Abstractions (2.2) - restriction: || (&& (== net47) (>= netcoreapp2.1)) (&& (== net47) (>= netstandard2.0)) (== net472) (== net48) (== netcoreapp2.1) (== netcoreapp3.1) (== netstandard2.0)
      Microsoft.Extensions.Configuration.Abstractions (>= 2.2) - restriction: || (&& (== net47) (>= netstandard2.0)) (== net472) (== net48) (== netcoreapp2.1) (== netcoreapp3.1) (== netstandard2.0)
      Microsoft.Extensions.DependencyInjection.Abstractions (>= 2.2) - restriction: || (&& (== net47) (>= netstandard2.0)) (== net472) (== net48) (== netcoreapp2.1) (== netcoreapp3.1) (== netstandard2.0)
      Microsoft.Extensions.FileProviders.Abstractions (>= 2.2) - restriction: || (&& (== net47) (>= netstandard2.0)) (== net472) (== net48) (== netcoreapp2.1) (== netcoreapp3.1) (== netstandard2.0)
      Microsoft.Extensions.Logging.Abstractions (>= 2.2) - restriction: || (&& (== net47) (>= netstandard2.0)) (== net472) (== net48) (== netcoreapp2.1) (== netcoreapp3.1) (== netstandard2.0)
    Microsoft.Extensions.Http (2.2) - restriction: || (&& (== net47) (>= netcoreapp2.1)) (&& (== net472) (>= netcoreapp2.1)) (&& (== net48) (>= netcoreapp2.1)) (== netcoreapp2.1) (== netcoreapp3.1) (&& (== netstandard2.0) (>= netcoreapp2.1))
      Microsoft.Extensions.DependencyInjection.Abstractions (>= 2.2) - restriction: || (&& (== net47) (>= netstandard2.0)) (== net472) (== net48) (== netcoreapp2.1) (== netcoreapp3.1) (== netstandard2.0)
      Microsoft.Extensions.Logging (>= 2.2) - restriction: || (&& (== net47) (>= netstandard2.0)) (== net472) (== net48) (== netcoreapp2.1) (== netcoreapp3.1) (== netstandard2.0)
      Microsoft.Extensions.Options (>= 2.2) - restriction: || (&& (== net47) (>= netstandard2.0)) (== net472) (== net48) (== netcoreapp2.1) (== netcoreapp3.1) (== netstandard2.0)
    Microsoft.Extensions.Identity.Core (2.2) - restriction: || (&& (== net47) (>= netcoreapp2.1)) (&& (== net472) (>= netcoreapp2.1)) (&& (== net48) (>= netcoreapp2.1)) (== netcoreapp2.1) (== netcoreapp3.1) (&& (== netstandard2.0) (>= netcoreapp2.1))
      Microsoft.AspNetCore.Cryptography.KeyDerivation (>= 2.2) - restriction: || (&& (== net47) (>= netstandard2.0)) (== net472) (== net48) (== netcoreapp2.1) (== netcoreapp3.1) (== netstandard2.0)
      Microsoft.Extensions.Logging (>= 2.2) - restriction: || (&& (== net47) (>= netstandard2.0)) (== net472) (== net48) (== netcoreapp2.1) (== netcoreapp3.1) (== netstandard2.0)
      Microsoft.Extensions.Options (>= 2.2) - restriction: || (&& (== net47) (>= netstandard2.0)) (== net472) (== net48) (== netcoreapp2.1) (== netcoreapp3.1) (== netstandard2.0)
      System.ComponentModel.Annotations (>= 4.5) - restriction: || (&& (== net47) (>= netstandard2.0)) (== net472) (== net48) (== netcoreapp2.1) (== netcoreapp3.1) (== netstandard2.0)
    Microsoft.Extensions.Identity.Stores (2.2) - restriction: || (&& (== net47) (>= netcoreapp2.1)) (&& (== net472) (>= netcoreapp2.1)) (&& (== net48) (>= netcoreapp2.1)) (== netcoreapp2.1) (== netcoreapp3.1) (&& (== netstandard2.0) (>= netcoreapp2.1))
      Microsoft.Extensions.Identity.Core (>= 2.2) - restriction: || (&& (== net47) (>= netstandard2.0)) (== net472) (== net48) (== netcoreapp2.1) (== netcoreapp3.1) (== netstandard2.0)
      Microsoft.Extensions.Logging (>= 2.2) - restriction: || (&& (== net47) (>= netstandard2.0)) (== net472) (== net48) (== netcoreapp2.1) (== netcoreapp3.1) (== netstandard2.0)
      System.ComponentModel.Annotations (>= 4.5) - restriction: || (&& (== net47) (>= netstandard2.0)) (== net472) (== net48) (== netcoreapp2.1) (== netcoreapp3.1) (== netstandard2.0)
    Microsoft.Extensions.Localization (2.2) - restriction: || (&& (== net47) (>= netcoreapp2.1)) (&& (== net472) (>= netcoreapp2.1)) (&& (== net48) (>= netcoreapp2.1)) (== netcoreapp2.1) (== netcoreapp3.1) (&& (== netstandard2.0) (>= netcoreapp2.1))
      Microsoft.Extensions.DependencyInjection.Abstractions (>= 2.2) - restriction: || (&& (== net47) (>= netstandard2.0)) (== net472) (== net48) (== netcoreapp2.1) (== netcoreapp3.1) (== netstandard2.0)
      Microsoft.Extensions.Localization.Abstractions (>= 2.2) - restriction: || (&& (== net47) (>= netstandard2.0)) (== net472) (== net48) (== netcoreapp2.1) (== netcoreapp3.1) (== netstandard2.0)
      Microsoft.Extensions.Logging.Abstractions (>= 2.2) - restriction: || (&& (== net47) (>= netstandard2.0)) (== net472) (== net48) (== netcoreapp2.1) (== netcoreapp3.1) (== netstandard2.0)
      Microsoft.Extensions.Options (>= 2.2) - restriction: || (&& (== net47) (>= netstandard2.0)) (== net472) (== net48) (== netcoreapp2.1) (== netcoreapp3.1) (== netstandard2.0)
    Microsoft.Extensions.Localization.Abstractions (2.2) - restriction: || (&& (== net47) (>= netcoreapp2.1)) (&& (== net472) (>= netcoreapp2.1)) (&& (== net48) (>= netcoreapp2.1)) (== netcoreapp2.1) (== netcoreapp3.1) (&& (== netstandard2.0) (>= netcoreapp2.1))
    Microsoft.Extensions.Logging (2.2) - restriction: || (&& (== net47) (>= netcoreapp2.1)) (&& (== net472) (>= netcoreapp2.1)) (&& (== net48) (>= netcoreapp2.1)) (== netcoreapp2.1) (== netcoreapp3.1) (&& (== netstandard2.0) (>= netcoreapp2.1))
      Microsoft.Extensions.Configuration.Binder (>= 2.2) - restriction: || (&& (== net47) (>= netstandard2.0)) (== net472) (== net48) (== netcoreapp2.1) (== netcoreapp3.1) (== netstandard2.0)
      Microsoft.Extensions.DependencyInjection.Abstractions (>= 2.2) - restriction: || (&& (== net47) (>= netstandard2.0)) (== net472) (== net48) (== netcoreapp2.1) (== netcoreapp3.1) (== netstandard2.0)
      Microsoft.Extensions.Logging.Abstractions (>= 2.2) - restriction: || (&& (== net47) (>= netstandard2.0)) (== net472) (== net48) (== netcoreapp2.1) (== netcoreapp3.1) (== netstandard2.0)
      Microsoft.Extensions.Options (>= 2.2) - restriction: || (&& (== net47) (>= netstandard2.0)) (== net472) (== net48) (== netcoreapp2.1) (== netcoreapp3.1) (== netstandard2.0)
    Microsoft.Extensions.Logging.Abstractions (2.2) - restriction: || (&& (== net47) (>= netcoreapp2.1)) (&& (== net47) (>= netstandard2.0)) (== net472) (== net48) (== netcoreapp2.1) (== netcoreapp3.1) (== netstandard2.0)
    Microsoft.Extensions.Logging.ApplicationInsights (2.10) - restriction: || (&& (== net47) (>= netcoreapp2.1)) (&& (== net472) (>= netcoreapp2.1)) (&& (== net48) (>= netcoreapp2.1)) (== netcoreapp2.1) (== netcoreapp3.1) (&& (== netstandard2.0) (>= netcoreapp2.1))
      Microsoft.ApplicationInsights (>= 2.10) - restriction: || (&& (== net47) (>= netstandard2.0)) (== net472) (== net48) (== netcoreapp2.1) (== netcoreapp3.1) (== netstandard2.0)
      Microsoft.Extensions.Logging (>= 2.1) - restriction: || (&& (== net47) (>= netstandard2.0)) (== net472) (== net48) (== netcoreapp2.1) (== netcoreapp3.1) (== netstandard2.0)
    Microsoft.Extensions.Logging.AzureAppServices (2.2.5) - restriction: || (&& (== net47) (>= netcoreapp2.1)) (&& (== net472) (>= netcoreapp2.1)) (&& (== net48) (>= netcoreapp2.1)) (== netcoreapp2.1) (== netcoreapp3.1) (&& (== netstandard2.0) (>= netcoreapp2.1))
      Microsoft.Extensions.Configuration.EnvironmentVariables (>= 2.2) - restriction: || (&& (== net47) (>= netstandard2.0)) (== net472) (== net48) (== netcoreapp2.1) (== netcoreapp3.1) (== netstandard2.0)
      Microsoft.Extensions.Configuration.Json (>= 2.2) - restriction: || (&& (== net47) (>= netstandard2.0)) (== net472) (== net48) (== netcoreapp2.1) (== netcoreapp3.1) (== netstandard2.0)
      Microsoft.Extensions.Logging (>= 2.2) - restriction: || (&& (== net47) (>= netstandard2.0)) (== net472) (== net48) (== netcoreapp2.1) (== netcoreapp3.1) (== netstandard2.0)
      Microsoft.Extensions.Logging.Abstractions (>= 2.2) - restriction: || (&& (== net47) (>= netstandard2.0)) (== net472) (== net48) (== netcoreapp2.1) (== netcoreapp3.1) (== netstandard2.0)
      Microsoft.Extensions.Logging.Configuration (>= 2.2) - restriction: || (&& (== net47) (>= netstandard2.0)) (== net472) (== net48) (== netcoreapp2.1) (== netcoreapp3.1) (== netstandard2.0)
      System.ValueTuple (>= 4.5) - restriction: || (&& (== net47) (>= netstandard2.0)) (== net472) (== net48) (== netcoreapp2.1) (== netcoreapp3.1) (== netstandard2.0)
    Microsoft.Extensions.Logging.Configuration (2.2) - restriction: || (&& (== net47) (>= netcoreapp2.1)) (&& (== net472) (>= netcoreapp2.1)) (&& (== net48) (>= netcoreapp2.1)) (== netcoreapp2.1) (== netcoreapp3.1) (&& (== netstandard2.0) (>= netcoreapp2.1))
      Microsoft.Extensions.Logging (>= 2.2) - restriction: || (&& (== net47) (>= netstandard2.0)) (== net472) (== net48) (== netcoreapp2.1) (== netcoreapp3.1) (== netstandard2.0)
      Microsoft.Extensions.Options.ConfigurationExtensions (>= 2.2) - restriction: || (&& (== net47) (>= netstandard2.0)) (== net472) (== net48) (== netcoreapp2.1) (== netcoreapp3.1) (== netstandard2.0)
    Microsoft.Extensions.Logging.Console (2.2) - restriction: || (&& (== net47) (>= netcoreapp2.1)) (&& (== net472) (>= netcoreapp2.1)) (&& (== net48) (>= netcoreapp2.1)) (== netcoreapp2.1) (== netcoreapp3.1) (&& (== netstandard2.0) (>= netcoreapp2.1))
      Microsoft.Extensions.Configuration.Abstractions (>= 2.2) - restriction: || (&& (== net47) (>= netstandard2.0)) (== net472) (== net48) (== netcoreapp2.1) (== netcoreapp3.1) (== netstandard2.0)
      Microsoft.Extensions.Logging (>= 2.2) - restriction: || (&& (== net47) (>= netstandard2.0)) (== net472) (== net48) (== netcoreapp2.1) (== netcoreapp3.1) (== netstandard2.0)
      Microsoft.Extensions.Logging.Configuration (>= 2.2) - restriction: || (&& (== net47) (>= netstandard2.0)) (== net472) (== net48) (== netcoreapp2.1) (== netcoreapp3.1) (== netstandard2.0)
    Microsoft.Extensions.Logging.Debug (2.2) - restriction: || (&& (== net47) (>= netcoreapp2.1)) (&& (== net472) (>= netcoreapp2.1)) (&& (== net48) (>= netcoreapp2.1)) (== netcoreapp2.1) (== netcoreapp3.1) (&& (== netstandard2.0) (>= netcoreapp2.1))
      Microsoft.Extensions.Logging (>= 2.2) - restriction: || (&& (== net47) (>= netstandard2.0)) (== net472) (== net48) (== netcoreapp2.1) (== netcoreapp3.1) (== netstandard2.0)
    Microsoft.Extensions.Logging.EventSource (2.2) - restriction: || (&& (== net47) (>= netcoreapp2.1)) (&& (== net472) (>= netcoreapp2.1)) (&& (== net48) (>= netcoreapp2.1)) (== netcoreapp2.1) (== netcoreapp3.1) (&& (== netstandard2.0) (>= netcoreapp2.1))
      Microsoft.Extensions.Logging (>= 2.2) - restriction: || (&& (== net47) (>= netstandard2.0)) (== net472) (== net48) (== netcoreapp2.1) (== netcoreapp3.1) (== netstandard2.0)
      Newtonsoft.Json (>= 11.0.2) - restriction: || (&& (== net47) (>= netstandard2.0)) (== net472) (== net48) (== netcoreapp2.1) (== netcoreapp3.1) (== netstandard2.0)
    Microsoft.Extensions.Logging.TraceSource (2.2) - restriction: || (&& (== net47) (>= netcoreapp2.1)) (&& (== net472) (>= netcoreapp2.1)) (&& (== net48) (>= netcoreapp2.1)) (== netcoreapp2.1) (== netcoreapp3.1) (&& (== netstandard2.0) (>= netcoreapp2.1))
      Microsoft.Extensions.Logging (>= 2.2) - restriction: || (&& (== net47) (>= netstandard2.0)) (== net472) (== net48) (== netcoreapp2.1) (== netcoreapp3.1) (== netstandard2.0)
    Microsoft.Extensions.ObjectPool (2.2) - restriction: || (&& (== net47) (>= netcoreapp2.1)) (&& (== net47) (>= netstandard2.0)) (== net472) (== net48) (== netcoreapp2.1) (== netcoreapp3.1) (== netstandard2.0)
    Microsoft.Extensions.Options (2.2) - restriction: || (&& (== net47) (>= netcoreapp2.1)) (&& (== net47) (>= netstandard2.0)) (== net472) (== net48) (== netcoreapp2.1) (== netcoreapp3.1) (== netstandard2.0)
      Microsoft.Extensions.DependencyInjection.Abstractions (>= 2.2) - restriction: || (&& (== net47) (>= netstandard2.0)) (== net472) (== net48) (== netcoreapp2.1) (== netcoreapp3.1) (== netstandard2.0)
      Microsoft.Extensions.Primitives (>= 2.2) - restriction: || (&& (== net47) (>= netstandard2.0)) (== net472) (== net48) (== netcoreapp2.1) (== netcoreapp3.1) (== netstandard2.0)
      System.ComponentModel.Annotations (>= 4.5) - restriction: || (&& (== net47) (>= netstandard2.0)) (== net472) (== net48) (== netcoreapp2.1) (== netcoreapp3.1) (== netstandard2.0)
    Microsoft.Extensions.Options.ConfigurationExtensions (2.2) - restriction: || (&& (== net47) (>= netcoreapp2.1)) (&& (== net472) (>= netcoreapp2.1)) (&& (== net48) (>= netcoreapp2.1)) (== netcoreapp2.1) (== netcoreapp3.1) (&& (== netstandard2.0) (>= netcoreapp2.1))
      Microsoft.Extensions.Configuration.Abstractions (>= 2.2) - restriction: || (&& (== net47) (>= netstandard2.0)) (== net472) (== net48) (== netcoreapp2.1) (== netcoreapp3.1) (== netstandard2.0)
      Microsoft.Extensions.Configuration.Binder (>= 2.2) - restriction: || (&& (== net47) (>= netstandard2.0)) (== net472) (== net48) (== netcoreapp2.1) (== netcoreapp3.1) (== netstandard2.0)
      Microsoft.Extensions.DependencyInjection.Abstractions (>= 2.2) - restriction: || (&& (== net47) (>= netstandard2.0)) (== net472) (== net48) (== netcoreapp2.1) (== netcoreapp3.1) (== netstandard2.0)
      Microsoft.Extensions.Options (>= 2.2) - restriction: || (&& (== net47) (>= netstandard2.0)) (== net472) (== net48) (== netcoreapp2.1) (== netcoreapp3.1) (== netstandard2.0)
    Microsoft.Extensions.PlatformAbstractions (1.1) - restriction: || (&& (== net47) (>= netcoreapp2.1)) (&& (== net472) (>= netcoreapp2.1)) (&& (== net48) (>= netcoreapp2.1)) (== netcoreapp2.1) (== netcoreapp3.1) (&& (== netstandard2.0) (>= netcoreapp2.1))
      NETStandard.Library (>= 1.6.1)
      System.Reflection.TypeExtensions (>= 4.3) - restriction: || (&& (== net47) (< net451)) (&& (== net472) (< net451)) (&& (== net48) (< net451)) (== netcoreapp2.1) (== netcoreapp3.1) (== netstandard2.0)
    Microsoft.Extensions.Primitives (2.2) - restriction: || (&& (== net47) (>= netcoreapp2.1)) (&& (== net47) (>= netstandard2.0)) (== net472) (== net48) (== netcoreapp2.1) (== netcoreapp3.1) (== netstandard2.0)
      System.Memory (>= 4.5.1) - restriction: || (&& (== net47) (>= netstandard2.0)) (== net472) (== net48) (== netcoreapp2.1) (== netcoreapp3.1) (== netstandard2.0)
      System.Runtime.CompilerServices.Unsafe (>= 4.5.1) - restriction: || (&& (== net47) (>= netstandard2.0)) (== net472) (== net48) (== netcoreapp2.1) (== netcoreapp3.1) (== netstandard2.0)
    Microsoft.Extensions.WebEncoders (2.2) - restriction: || (&& (== net47) (>= netcoreapp2.1)) (&& (== net47) (>= netstandard2.0)) (== net472) (== net48) (== netcoreapp2.1) (== netcoreapp3.1) (== netstandard2.0)
      Microsoft.Extensions.DependencyInjection.Abstractions (>= 2.2) - restriction: || (&& (== net47) (>= netstandard2.0)) (== net472) (== net48) (== netcoreapp2.1) (== netcoreapp3.1) (== netstandard2.0)
      Microsoft.Extensions.Options (>= 2.2) - restriction: || (&& (== net47) (>= netstandard2.0)) (== net472) (== net48) (== netcoreapp2.1) (== netcoreapp3.1) (== netstandard2.0)
      System.Text.Encodings.Web (>= 4.5) - restriction: || (&& (== net47) (>= netstandard2.0)) (== net472) (== net48) (== netcoreapp2.1) (== netcoreapp3.1) (== netstandard2.0)
    Microsoft.IdentityModel.Clients.ActiveDirectory (5.1) - restriction: || (&& (== net47) (>= netcoreapp2.1)) (&& (== net472) (>= netcoreapp2.1)) (&& (== net48) (>= netcoreapp2.1)) (== netcoreapp2.1) (== netcoreapp3.1) (&& (== netstandard2.0) (>= netcoreapp2.1))
      Microsoft.CSharp (>= 4.3) - restriction: || (&& (== net47) (< net45)) (&& (== net472) (< net45)) (&& (== net48) (< net45)) (== netcoreapp2.1) (== netcoreapp3.1) (== netstandard2.0)
      NETStandard.Library (>= 1.6.1) - restriction: || (&& (== net47) (< net45)) (&& (== net472) (< net45)) (&& (== net48) (< net45)) (== netcoreapp2.1) (== netcoreapp3.1) (== netstandard2.0)
      System.ComponentModel.TypeConverter (>= 4.3) - restriction: || (&& (== net47) (< net45)) (&& (== net472) (< net45)) (&& (== net48) (< net45)) (== netcoreapp2.1) (== netcoreapp3.1) (== netstandard2.0)
      System.Dynamic.Runtime (>= 4.3) - restriction: || (&& (== net47) (< net45)) (&& (== net472) (< net45)) (&& (== net48) (< net45)) (== netcoreapp2.1) (== netcoreapp3.1) (== netstandard2.0)
      System.Net.Http (>= 4.3.4)
      System.Runtime.Serialization.Formatters (>= 4.3) - restriction: || (&& (== net47) (< net45)) (&& (== net472) (< net45)) (&& (== net48) (< net45)) (== netcoreapp2.1) (== netcoreapp3.1) (== netstandard2.0)
      System.Runtime.Serialization.Json (>= 4.3) - restriction: || (&& (== net47) (< net45)) (&& (== net47) (>= uap10.0)) (&& (== net472) (< net45)) (&& (== net472) (>= uap10.0)) (&& (== net48) (< net45)) (&& (== net48) (>= uap10.0)) (== netcoreapp2.1) (== netcoreapp3.1) (== netstandard2.0)
      System.Runtime.Serialization.Primitives (>= 4.3) - restriction: || (&& (== net47) (< net45)) (&& (== net47) (>= uap10.0)) (&& (== net472) (< net45)) (&& (== net472) (>= uap10.0)) (&& (== net48) (< net45)) (&& (== net48) (>= uap10.0)) (== netcoreapp2.1) (== netcoreapp3.1) (== netstandard2.0)
      System.Security.Cryptography.X509Certificates (>= 4.3) - restriction: || (&& (== net47) (< net45)) (&& (== net472) (< net45)) (&& (== net48) (< net45)) (== netcoreapp2.1) (== netcoreapp3.1) (== netstandard2.0)
      System.Security.SecureString (>= 4.3) - restriction: || (&& (== net47) (< net45)) (&& (== net472) (< net45)) (&& (== net48) (< net45)) (== netcoreapp2.1) (== netcoreapp3.1) (== netstandard2.0)
      System.Xml.XDocument (>= 4.3) - restriction: || (&& (== net47) (< net45)) (&& (== net47) (>= uap10.0)) (&& (== net472) (< net45)) (&& (== net472) (>= uap10.0)) (&& (== net48) (< net45)) (&& (== net48) (>= uap10.0)) (== netcoreapp2.1) (== netcoreapp3.1) (== netstandard2.0)
      System.Xml.XmlDocument (>= 4.3) - restriction: || (&& (== net47) (< net45)) (&& (== net472) (< net45)) (&& (== net48) (< net45)) (== netcoreapp2.1) (== netcoreapp3.1) (== netstandard2.0)
    Microsoft.IdentityModel.JsonWebTokens (5.5) - restriction: || (&& (== net47) (>= netcoreapp2.1)) (&& (== net472) (>= netcoreapp2.1)) (&& (== net48) (>= netcoreapp2.1)) (== netcoreapp2.1) (== netcoreapp3.1) (&& (== netstandard2.0) (>= netcoreapp2.1))
      Microsoft.IdentityModel.Tokens (>= 5.5)
      Newtonsoft.Json (>= 10.0.1)
    Microsoft.IdentityModel.Logging (5.5) - restriction: || (&& (== net47) (>= netcoreapp2.1)) (&& (== net472) (>= netcoreapp2.1)) (&& (== net48) (>= netcoreapp2.1)) (== netcoreapp2.1) (== netcoreapp3.1) (&& (== netstandard2.0) (>= netcoreapp2.1))
    Microsoft.IdentityModel.Protocols (5.5) - restriction: || (&& (== net47) (>= netcoreapp2.1)) (&& (== net472) (>= netcoreapp2.1)) (&& (== net48) (>= netcoreapp2.1)) (== netcoreapp2.1) (== netcoreapp3.1) (&& (== netstandard2.0) (>= netcoreapp2.1))
      Microsoft.IdentityModel.Logging (>= 5.5)
      Microsoft.IdentityModel.Tokens (>= 5.5)
    Microsoft.IdentityModel.Protocols.OpenIdConnect (5.5) - restriction: || (&& (== net47) (>= netcoreapp2.1)) (&& (== net472) (>= netcoreapp2.1)) (&& (== net48) (>= netcoreapp2.1)) (== netcoreapp2.1) (== netcoreapp3.1) (&& (== netstandard2.0) (>= netcoreapp2.1))
      Microsoft.IdentityModel.Protocols (>= 5.5)
      Newtonsoft.Json (>= 10.0.1)
      System.IdentityModel.Tokens.Jwt (>= 5.5)
    Microsoft.IdentityModel.Protocols.WsFederation (5.5) - restriction: || (&& (== net47) (>= netcoreapp2.1)) (&& (== net472) (>= netcoreapp2.1)) (&& (== net48) (>= netcoreapp2.1)) (== netcoreapp2.1) (== netcoreapp3.1) (&& (== netstandard2.0) (>= netcoreapp2.1))
      Microsoft.IdentityModel.Protocols (>= 5.5)
      Microsoft.IdentityModel.Tokens.Saml (>= 5.5)
      Microsoft.IdentityModel.Xml (>= 5.5)
      System.Xml.XmlDocument (>= 4.3) - restriction: || (&& (== net47) (< net45)) (&& (== net472) (< net45)) (&& (== net48) (< net45)) (== netcoreapp2.1) (== netcoreapp3.1) (== netstandard2.0)
    Microsoft.IdentityModel.Tokens (5.5) - restriction: || (&& (== net47) (>= netcoreapp2.1)) (&& (== net472) (>= netcoreapp2.1)) (&& (== net48) (>= netcoreapp2.1)) (== netcoreapp2.1) (== netcoreapp3.1) (&& (== netstandard2.0) (>= netcoreapp2.1))
      Microsoft.IdentityModel.Logging (>= 5.5)
      Newtonsoft.Json (>= 10.0.1)
      System.Security.Cryptography.Cng (>= 4.5) - restriction: || (&& (== net47) (< net45)) (&& (== net472) (< net45)) (&& (== net48) (< net45)) (== netcoreapp2.1) (== netcoreapp3.1) (== netstandard2.0)
    Microsoft.IdentityModel.Tokens.Saml (5.5) - restriction: || (&& (== net47) (>= netcoreapp2.1)) (&& (== net472) (>= netcoreapp2.1)) (&& (== net48) (>= netcoreapp2.1)) (== netcoreapp2.1) (== netcoreapp3.1) (&& (== netstandard2.0) (>= netcoreapp2.1))
      Microsoft.IdentityModel.Tokens (>= 5.5)
      Microsoft.IdentityModel.Xml (>= 5.5)
    Microsoft.IdentityModel.Xml (5.5) - restriction: || (&& (== net47) (>= netcoreapp2.1)) (&& (== net472) (>= netcoreapp2.1)) (&& (== net48) (>= netcoreapp2.1)) (== netcoreapp2.1) (== netcoreapp3.1) (&& (== netstandard2.0) (>= netcoreapp2.1))
      Microsoft.IdentityModel.Tokens (>= 5.5)
    Microsoft.IO.RecyclableMemoryStream (1.3.2)
      NETStandard.Library (>= 1.6.1) - restriction: || (&& (== net47) (< net40)) (&& (== net472) (< net40)) (&& (== net48) (< net40)) (&& (== netcoreapp3.1) (< netcoreapp2.1) (< netstandard2.1)) (== netstandard2.0)
    Microsoft.Net.Http.Headers (2.2) - restriction: || (&& (== net47) (>= netcoreapp2.1)) (&& (== net47) (>= netstandard2.0)) (== net472) (== net48) (== netcoreapp2.1) (== netcoreapp3.1) (== netstandard2.0)
      Microsoft.Extensions.Primitives (>= 2.2) - restriction: || (&& (== net47) (>= netstandard2.0)) (== net472) (== net48) (== netcoreapp2.1) (== netcoreapp3.1) (== netstandard2.0)
      System.Buffers (>= 4.5) - restriction: || (&& (== net47) (>= netstandard2.0)) (== net472) (== net48) (== netcoreapp2.1) (== netcoreapp3.1) (== netstandard2.0)
    Microsoft.NET.Test.Sdk (16.5)
      Microsoft.CodeCoverage (>= 16.5) - restriction: || (== net47) (== net472) (== net48) (== netcoreapp2.1) (== netcoreapp3.1) (&& (== netstandard2.0) (>= net45)) (&& (== netstandard2.0) (>= netcoreapp2.1))
      Microsoft.TestPlatform.TestHost (>= 16.5) - restriction: || (&& (== net47) (>= netcoreapp2.1)) (&& (== net472) (>= netcoreapp2.1)) (&& (== net48) (>= netcoreapp2.1)) (== netcoreapp2.1) (== netcoreapp3.1) (&& (== netstandard2.0) (>= netcoreapp2.1))
    Microsoft.NETCore.Platforms (2.2.1) - restriction: || (&& (== net47) (< net45)) (&& (== net47) (>= netcoreapp1.1)) (&& (== net47) (>= netcoreapp2.0)) (&& (== net472) (< net45)) (&& (== net472) (>= netcoreapp1.1)) (&& (== net472) (>= netcoreapp2.0)) (&& (== net48) (< net45)) (&& (== net48) (>= netcoreapp1.1)) (&& (== net48) (>= netcoreapp2.0)) (== netcoreapp2.1) (== netcoreapp3.1) (== netstandard2.0)
    Microsoft.NETCore.Targets (2.1) - restriction: || (&& (== net47) (< net45)) (&& (== net47) (>= netcoreapp1.1)) (&& (== net47) (>= netcoreapp2.1)) (&& (== net472) (< net45)) (&& (== net472) (>= netcoreapp1.1)) (&& (== net472) (>= netcoreapp2.1)) (&& (== net48) (< net45)) (&& (== net48) (>= netcoreapp1.1)) (&& (== net48) (>= netcoreapp2.1)) (== netcoreapp2.1) (== netcoreapp3.1) (== netstandard2.0)
    Microsoft.NETFramework.ReferenceAssemblies (1.0)
      Microsoft.NETFramework.ReferenceAssemblies.net47 (>= 1.0) - restriction: || (== net47) (&& (== net472) (< net471)) (&& (== net48) (< net471)) (&& (== netcoreapp2.1) (>= net47)) (&& (== netcoreapp3.1) (>= net47)) (&& (== netstandard2.0) (>= net47))
      Microsoft.NETFramework.ReferenceAssemblies.net472 (>= 1.0) - restriction: || (&& (== net47) (>= net472)) (== net472) (&& (== netcoreapp2.1) (>= net472)) (&& (== netcoreapp3.1) (>= net472)) (&& (== netstandard2.0) (>= net472))
      Microsoft.NETFramework.ReferenceAssemblies.net48 (>= 1.0) - restriction: || (&& (== net47) (>= net48)) (&& (== net472) (>= net48)) (== net48) (&& (== netcoreapp2.1) (>= net48)) (&& (== netcoreapp3.1) (>= net48)) (&& (== netstandard2.0) (>= net48))
    Microsoft.NETFramework.ReferenceAssemblies.net47 (1.0) - restriction: || (== net47) (&& (== net472) (== netcoreapp2.1)) (&& (== net472) (== netcoreapp3.1)) (&& (== net472) (== netstandard2.0)) (&& (== net472) (< net471)) (&& (== net48) (== netcoreapp2.1)) (&& (== net48) (== netcoreapp3.1)) (&& (== net48) (== netstandard2.0)) (&& (== net48) (< net471)) (&& (== netcoreapp2.1) (>= net47)) (&& (== netcoreapp3.1) (>= net47)) (&& (== netstandard2.0) (>= net47))
    Microsoft.NETFramework.ReferenceAssemblies.net472 (1.0) - restriction: || (&& (== net47) (== net48)) (&& (== net47) (>= net472)) (== net472) (&& (== net48) (== netcoreapp2.1)) (&& (== net48) (== netcoreapp3.1)) (&& (== net48) (== netstandard2.0)) (&& (== netcoreapp2.1) (>= net472)) (&& (== netcoreapp3.1) (>= net472)) (&& (== netstandard2.0) (>= net472))
    Microsoft.NETFramework.ReferenceAssemblies.net48 (1.0) - restriction: || (&& (== net47) (>= net48)) (&& (== net472) (>= net48)) (== net48) (&& (== netcoreapp2.1) (>= net48)) (&& (== netcoreapp3.1) (>= net48)) (&& (== netstandard2.0) (>= net48))
    Microsoft.Rest.ClientRuntime (2.3.20) - restriction: || (&& (== net47) (>= netcoreapp2.1)) (&& (== net472) (>= netcoreapp2.1)) (&& (== net48) (>= netcoreapp2.1)) (== netcoreapp2.1) (== netcoreapp3.1) (&& (== netstandard2.0) (>= netcoreapp2.1))
      Newtonsoft.Json (>= 10.0.3)
    Microsoft.Rest.ClientRuntime.Azure (3.3.19) - restriction: || (&& (== net47) (>= netcoreapp2.1)) (&& (== net472) (>= netcoreapp2.1)) (&& (== net48) (>= netcoreapp2.1)) (== netcoreapp2.1) (== netcoreapp3.1) (&& (== netstandard2.0) (>= netcoreapp2.1))
      Microsoft.Rest.ClientRuntime (>= 2.3.19 < 3.0)
      Newtonsoft.Json (>= 10.0.3)
    Microsoft.TestPlatform.ObjectModel (16.5) - restriction: || (&& (== net47) (>= netcoreapp2.1)) (&& (== net472) (>= netcoreapp2.1)) (&& (== net48) (>= netcoreapp2.1)) (== netcoreapp2.1) (== netcoreapp3.1) (&& (== netstandard2.0) (>= netcoreapp2.1))
      NuGet.Frameworks (>= 5.0)
    Microsoft.TestPlatform.TestHost (16.5) - restriction: || (&& (== net47) (>= netcoreapp2.1)) (&& (== net472) (>= netcoreapp2.1)) (&& (== net48) (>= netcoreapp2.1)) (== netcoreapp2.1) (== netcoreapp3.1) (&& (== netstandard2.0) (>= netcoreapp2.1))
      Microsoft.TestPlatform.ObjectModel (>= 16.5) - restriction: || (&& (== net47) (>= netcoreapp2.1)) (&& (== net47) (>= uap10.0)) (&& (== net472) (>= netcoreapp2.1)) (&& (== net472) (>= uap10.0)) (&& (== net48) (>= netcoreapp2.1)) (&& (== net48) (>= uap10.0)) (== netcoreapp2.1) (== netcoreapp3.1) (&& (== netstandard2.0) (>= netcoreapp2.1)) (&& (== netstandard2.0) (>= uap10.0))
      Newtonsoft.Json (>= 9.0.1) - restriction: || (&& (== net47) (>= netcoreapp2.1)) (&& (== net47) (>= uap10.0)) (&& (== net472) (>= netcoreapp2.1)) (&& (== net472) (>= uap10.0)) (&& (== net48) (>= netcoreapp2.1)) (&& (== net48) (>= uap10.0)) (== netcoreapp2.1) (== netcoreapp3.1) (&& (== netstandard2.0) (>= netcoreapp2.1)) (&& (== netstandard2.0) (>= uap10.0))
    Microsoft.VisualStudio.Web.BrowserLink (2.2) - restriction: || (&& (== net47) (>= netcoreapp2.1)) (&& (== net472) (>= netcoreapp2.1)) (&& (== net48) (>= netcoreapp2.1)) (== netcoreapp2.1) (== netcoreapp3.1) (&& (== netstandard2.0) (>= netcoreapp2.1))
      Microsoft.AspNetCore.Hosting.Abstractions (>= 2.2) - restriction: || (&& (== net47) (>= netstandard2.0)) (== net472) (== net48) (== netcoreapp2.1) (== netcoreapp3.1) (== netstandard2.0)
      Microsoft.AspNetCore.Http.Abstractions (>= 2.2) - restriction: || (&& (== net47) (>= netstandard2.0)) (== net472) (== net48) (== netcoreapp2.1) (== netcoreapp3.1) (== netstandard2.0)
      Microsoft.AspNetCore.Http.Extensions (>= 2.2) - restriction: || (&& (== net47) (>= netstandard2.0)) (== net472) (== net48) (== netcoreapp2.1) (== netcoreapp3.1) (== netstandard2.0)
      Microsoft.Extensions.FileProviders.Physical (>= 2.2) - restriction: || (&& (== net47) (>= netstandard2.0)) (== net472) (== net48) (== netcoreapp2.1) (== netcoreapp3.1) (== netstandard2.0)
    Microsoft.Win32.Primitives (4.3) - restriction: || (&& (== net47) (>= netcoreapp2.1)) (&& (== net472) (>= netcoreapp2.1)) (&& (== net48) (>= netcoreapp2.1)) (== netcoreapp2.1) (== netcoreapp3.1) (&& (== netstandard2.0) (>= netcoreapp2.1))
      Microsoft.NETCore.Platforms (>= 1.1) - restriction: || (&& (== net47) (< net46)) (&& (== net472) (< net46)) (&& (== net48) (< net46)) (== netcoreapp2.1) (== netcoreapp3.1) (== netstandard2.0)
      Microsoft.NETCore.Targets (>= 1.1) - restriction: || (&& (== net47) (< net46)) (&& (== net472) (< net46)) (&& (== net48) (< net46)) (== netcoreapp2.1) (== netcoreapp3.1) (== netstandard2.0)
      System.Runtime (>= 4.3) - restriction: || (&& (== net47) (< net46)) (&& (== net472) (< net46)) (&& (== net48) (< net46)) (== netcoreapp2.1) (== netcoreapp3.1) (== netstandard2.0)
    Microsoft.Win32.Registry (4.5) - restriction: || (&& (== net47) (>= netcoreapp2.0)) (&& (== net47) (>= netstandard2.0)) (== net472) (== net48) (== netcoreapp2.1) (== netcoreapp3.1) (== netstandard2.0)
      System.Buffers (>= 4.4) - restriction: || (&& (== net47) (>= monoandroid)) (&& (== net47) (>= monotouch)) (&& (== net47) (< net46) (>= netstandard2.0)) (&& (== net47) (>= xamarinios)) (&& (== net47) (>= xamarinmac)) (&& (== net47) (>= xamarintvos)) (&& (== net47) (>= xamarinwatchos)) (&& (== net472) (>= monoandroid) (< netstandard2.0)) (&& (== net472) (>= monotouch)) (&& (== net472) (< net46)) (&& (== net472) (>= xamarinios)) (&& (== net472) (>= xamarinmac)) (&& (== net472) (>= xamarintvos)) (&& (== net472) (>= xamarinwatchos)) (&& (== net48) (>= monoandroid) (< netstandard2.0)) (&& (== net48) (>= monotouch)) (&& (== net48) (< net46)) (&& (== net48) (>= xamarinios)) (&& (== net48) (>= xamarinmac)) (&& (== net48) (>= xamarintvos)) (&& (== net48) (>= xamarinwatchos)) (&& (== netcoreapp2.1) (>= monoandroid) (< netstandard2.0)) (&& (== netcoreapp2.1) (>= monotouch)) (&& (== netcoreapp2.1) (< netcoreapp2.0)) (&& (== netcoreapp2.1) (>= xamarinios)) (&& (== netcoreapp2.1) (>= xamarinmac)) (&& (== netcoreapp2.1) (>= xamarintvos)) (&& (== netcoreapp2.1) (>= xamarinwatchos)) (&& (== netcoreapp3.1) (>= monoandroid) (< netstandard2.0)) (&& (== netcoreapp3.1) (>= monotouch)) (&& (== netcoreapp3.1) (< netcoreapp2.0)) (&& (== netcoreapp3.1) (>= xamarinios)) (&& (== netcoreapp3.1) (>= xamarinmac)) (&& (== netcoreapp3.1) (>= xamarintvos)) (&& (== netcoreapp3.1) (>= xamarinwatchos)) (== netstandard2.0)
      System.Memory (>= 4.5) - restriction: || (&& (== net47) (< net46) (>= netstandard2.0)) (&& (== net47) (>= netcoreapp2.0)) (&& (== net47) (>= uap10.1)) (&& (== net472) (< net46)) (&& (== net472) (>= netcoreapp2.0)) (&& (== net472) (>= uap10.1)) (&& (== net48) (< net46)) (&& (== net48) (>= netcoreapp2.0)) (&& (== net48) (>= uap10.1)) (&& (== netcoreapp2.1) (< netcoreapp2.0)) (&& (== netcoreapp2.1) (>= uap10.1)) (&& (== netcoreapp3.1) (< netcoreapp2.0)) (&& (== netcoreapp3.1) (< netcoreapp2.1)) (&& (== netcoreapp3.1) (>= uap10.1)) (== netstandard2.0)
      System.Security.AccessControl (>= 4.5)
      System.Security.Principal.Windows (>= 4.5)
    NETStandard.Library (2.0.3) - restriction: || (&& (== net47) (< net35)) (&& (== net47) (< net40)) (&& (== net47) (>= netcoreapp1.0)) (&& (== net47) (>= netcoreapp2.1)) (&& (== net472) (< net35)) (&& (== net472) (< net40)) (&& (== net472) (>= netcoreapp1.0)) (&& (== net472) (>= netcoreapp2.1)) (&& (== net48) (< net35)) (&& (== net48) (< net40)) (&& (== net48) (>= netcoreapp1.0)) (&& (== net48) (>= netcoreapp2.1)) (== netcoreapp2.1) (== netcoreapp3.1) (== netstandard2.0)
      Microsoft.NETCore.Platforms (>= 1.1)
    Newtonsoft.Json (12.0.3)
    Newtonsoft.Json.Bson (1.0.2) - restriction: || (&& (== net47) (>= netcoreapp2.1)) (&& (== net472) (>= netcoreapp2.1)) (&& (== net48) (>= netcoreapp2.1)) (== netcoreapp2.1) (== netcoreapp3.1) (&& (== netstandard2.0) (>= netcoreapp2.1))
      Newtonsoft.Json (>= 12.0.1)
    NuGet.Frameworks (5.4) - restriction: || (&& (== net47) (>= netcoreapp2.1)) (&& (== net472) (>= netcoreapp2.1)) (&& (== net48) (>= netcoreapp2.1)) (== netcoreapp2.1) (== netcoreapp3.1) (&& (== netstandard2.0) (>= netcoreapp2.1))
    Remotion.Linq (2.2) - restriction: || (&& (== net47) (>= netcoreapp2.1)) (&& (== net472) (>= netcoreapp2.1)) (&& (== net48) (>= netcoreapp2.1)) (== netcoreapp2.1) (== netcoreapp3.1) (&& (== netstandard2.0) (>= netcoreapp2.1))
      System.Collections (>= 4.0.11) - restriction: || (&& (== net47) (< net35)) (&& (== net472) (< net35)) (&& (== net48) (< net35)) (== netcoreapp2.1) (== netcoreapp3.1) (== netstandard2.0)
      System.Diagnostics.Debug (>= 4.0.11) - restriction: || (&& (== net47) (< net35)) (&& (== net472) (< net35)) (&& (== net48) (< net35)) (== netcoreapp2.1) (== netcoreapp3.1) (== netstandard2.0)
      System.Linq (>= 4.1) - restriction: || (&& (== net47) (< net35)) (&& (== net472) (< net35)) (&& (== net48) (< net35)) (== netcoreapp2.1) (== netcoreapp3.1) (== netstandard2.0)
      System.Linq.Expressions (>= 4.1) - restriction: || (&& (== net47) (< net35)) (&& (== net472) (< net35)) (&& (== net48) (< net35)) (== netcoreapp2.1) (== netcoreapp3.1) (== netstandard2.0)
      System.Linq.Queryable (>= 4.0.1) - restriction: || (&& (== net47) (< net35)) (&& (== net472) (< net35)) (&& (== net48) (< net35)) (== netcoreapp2.1) (== netcoreapp3.1) (== netstandard2.0)
      System.ObjectModel (>= 4.0.12) - restriction: || (&& (== net47) (< net35)) (&& (== net472) (< net35)) (&& (== net48) (< net35)) (== netcoreapp2.1) (== netcoreapp3.1) (== netstandard2.0)
      System.Reflection (>= 4.1) - restriction: || (&& (== net47) (< net35)) (&& (== net472) (< net35)) (&& (== net48) (< net35)) (== netcoreapp2.1) (== netcoreapp3.1) (== netstandard2.0)
      System.Reflection.Extensions (>= 4.0.1) - restriction: || (&& (== net47) (< net35)) (&& (== net472) (< net35)) (&& (== net48) (< net35)) (== netcoreapp2.1) (== netcoreapp3.1) (== netstandard2.0)
      System.Runtime (>= 4.1) - restriction: || (&& (== net47) (< net35)) (&& (== net472) (< net35)) (&& (== net48) (< net35)) (== netcoreapp2.1) (== netcoreapp3.1) (== netstandard2.0)
      System.Runtime.Extensions (>= 4.1) - restriction: || (&& (== net47) (< net35)) (&& (== net472) (< net35)) (&& (== net48) (< net35)) (== netcoreapp2.1) (== netcoreapp3.1) (== netstandard2.0)
      System.Threading (>= 4.0.11) - restriction: || (&& (== net47) (< net35)) (&& (== net472) (< net35)) (&& (== net48) (< net35)) (== netcoreapp2.1) (== netcoreapp3.1) (== netstandard2.0)
    runtime.debian.8-x64.runtime.native.System.Security.Cryptography.OpenSsl (4.3.3) - restriction: || (&& (== net47) (>= netcoreapp2.1)) (&& (== net472) (>= netcoreapp2.1)) (&& (== net48) (>= netcoreapp2.1)) (== netcoreapp2.1) (== netcoreapp3.1) (&& (== netstandard2.0) (>= netcoreapp2.1))
    runtime.debian.9-x64.runtime.native.System.Security.Cryptography.OpenSsl (4.3.3) - restriction: || (&& (== net47) (>= netcoreapp2.1)) (&& (== net472) (>= netcoreapp2.1)) (&& (== net48) (>= netcoreapp2.1)) (== netcoreapp2.1) (== netcoreapp3.1) (&& (== netstandard2.0) (>= netcoreapp2.1))
    runtime.fedora.23-x64.runtime.native.System.Security.Cryptography.OpenSsl (4.3.3) - restriction: || (&& (== net47) (>= netcoreapp2.1)) (&& (== net472) (>= netcoreapp2.1)) (&& (== net48) (>= netcoreapp2.1)) (== netcoreapp2.1) (== netcoreapp3.1) (&& (== netstandard2.0) (>= netcoreapp2.1))
    runtime.fedora.24-x64.runtime.native.System.Security.Cryptography.OpenSsl (4.3.3) - restriction: || (&& (== net47) (>= netcoreapp2.1)) (&& (== net472) (>= netcoreapp2.1)) (&& (== net48) (>= netcoreapp2.1)) (== netcoreapp2.1) (== netcoreapp3.1) (&& (== netstandard2.0) (>= netcoreapp2.1))
    runtime.fedora.27-x64.runtime.native.System.Security.Cryptography.OpenSsl (4.3.3) - restriction: || (&& (== net47) (>= netcoreapp2.1)) (&& (== net472) (>= netcoreapp2.1)) (&& (== net48) (>= netcoreapp2.1)) (== netcoreapp2.1) (== netcoreapp3.1) (&& (== netstandard2.0) (>= netcoreapp2.1))
    runtime.fedora.28-x64.runtime.native.System.Security.Cryptography.OpenSsl (4.3.3) - restriction: || (&& (== net47) (>= netcoreapp2.1)) (&& (== net472) (>= netcoreapp2.1)) (&& (== net48) (>= netcoreapp2.1)) (== netcoreapp2.1) (== netcoreapp3.1) (&& (== netstandard2.0) (>= netcoreapp2.1))
    runtime.native.System (4.3.1) - restriction: || (&& (== net47) (< net45) (>= netstandard2.0)) (&& (== net47) (>= netcoreapp2.1)) (&& (== net472) (< net45)) (&& (== net472) (>= netcoreapp2.1)) (&& (== net48) (< net45)) (&& (== net48) (>= netcoreapp2.1)) (== netcoreapp2.1) (== netcoreapp3.1) (== netstandard2.0)
      Microsoft.NETCore.Platforms (>= 1.1.1)
      Microsoft.NETCore.Targets (>= 1.1.3)
    runtime.native.System.Data.SqlClient.sni (4.5) - restriction: || (&& (== net47) (>= netcoreapp2.1)) (&& (== net472) (>= netcoreapp2.1)) (&& (== net48) (>= netcoreapp2.1)) (== netcoreapp2.1) (== netcoreapp3.1) (&& (== netstandard2.0) (>= netcoreapp2.1))
      runtime.win-arm64.runtime.native.System.Data.SqlClient.sni (>= 4.4)
      runtime.win-x64.runtime.native.System.Data.SqlClient.sni (>= 4.4)
      runtime.win-x86.runtime.native.System.Data.SqlClient.sni (>= 4.4)
    runtime.native.System.IO.Compression (4.3.2) - restriction: || (&& (== net47) (>= netcoreapp2.1)) (&& (== net472) (>= netcoreapp2.1)) (&& (== net48) (>= netcoreapp2.1)) (== netcoreapp2.1) (== netcoreapp3.1) (&& (== netstandard2.0) (>= netcoreapp2.1))
      Microsoft.NETCore.Platforms (>= 1.1.1)
      Microsoft.NETCore.Targets (>= 1.1.3)
    runtime.native.System.Net.Http (4.3.1) - restriction: || (&& (== net47) (>= netcoreapp2.1)) (&& (== net472) (>= netcoreapp2.1)) (&& (== net48) (>= netcoreapp2.1)) (== netcoreapp2.1) (== netcoreapp3.1) (&& (== netstandard2.0) (>= netcoreapp2.1))
      Microsoft.NETCore.Platforms (>= 1.1.1)
      Microsoft.NETCore.Targets (>= 1.1.3)
    runtime.native.System.Net.Security (4.3.1) - restriction: || (&& (== net47) (>= netcoreapp2.1)) (&& (== net472) (>= netcoreapp2.1)) (&& (== net48) (>= netcoreapp2.1)) (== netcoreapp2.1) (== netcoreapp3.1) (&& (== netstandard2.0) (>= netcoreapp2.1))
      Microsoft.NETCore.Platforms (>= 1.1.1)
      Microsoft.NETCore.Targets (>= 1.1.3)
    runtime.native.System.Security.Cryptography.Apple (4.3.1) - restriction: || (&& (== net47) (>= netcoreapp2.1)) (&& (== net472) (>= netcoreapp2.1)) (&& (== net48) (>= netcoreapp2.1)) (== netcoreapp2.1) (== netcoreapp3.1) (&& (== netstandard2.0) (>= netcoreapp2.1))
      runtime.osx.10.10-x64.runtime.native.System.Security.Cryptography.Apple (>= 4.3.1)
    runtime.native.System.Security.Cryptography.OpenSsl (4.3.3) - restriction: || (&& (== net47) (>= netcoreapp2.1)) (&& (== net472) (>= netcoreapp2.1)) (&& (== net48) (>= netcoreapp2.1)) (== netcoreapp2.1) (== netcoreapp3.1) (&& (== netstandard2.0) (>= netcoreapp2.1))
      runtime.debian.8-x64.runtime.native.System.Security.Cryptography.OpenSsl (>= 4.3.3)
      runtime.debian.9-x64.runtime.native.System.Security.Cryptography.OpenSsl (>= 4.3.3)
      runtime.fedora.23-x64.runtime.native.System.Security.Cryptography.OpenSsl (>= 4.3.3)
      runtime.fedora.24-x64.runtime.native.System.Security.Cryptography.OpenSsl (>= 4.3.3)
      runtime.fedora.27-x64.runtime.native.System.Security.Cryptography.OpenSsl (>= 4.3.3)
      runtime.fedora.28-x64.runtime.native.System.Security.Cryptography.OpenSsl (>= 4.3.3)
      runtime.opensuse.13.2-x64.runtime.native.System.Security.Cryptography.OpenSsl (>= 4.3.3)
      runtime.opensuse.42.1-x64.runtime.native.System.Security.Cryptography.OpenSsl (>= 4.3.3)
      runtime.opensuse.42.3-x64.runtime.native.System.Security.Cryptography.OpenSsl (>= 4.3.3)
      runtime.osx.10.10-x64.runtime.native.System.Security.Cryptography.OpenSsl (>= 4.3.3)
      runtime.rhel.7-x64.runtime.native.System.Security.Cryptography.OpenSsl (>= 4.3.3)
      runtime.ubuntu.14.04-x64.runtime.native.System.Security.Cryptography.OpenSsl (>= 4.3.3)
      runtime.ubuntu.16.04-x64.runtime.native.System.Security.Cryptography.OpenSsl (>= 4.3.3)
      runtime.ubuntu.16.10-x64.runtime.native.System.Security.Cryptography.OpenSsl (>= 4.3.3)
      runtime.ubuntu.18.04-x64.runtime.native.System.Security.Cryptography.OpenSsl (>= 4.3.3)
    runtime.opensuse.13.2-x64.runtime.native.System.Security.Cryptography.OpenSsl (4.3.3) - restriction: || (&& (== net47) (>= netcoreapp2.1)) (&& (== net472) (>= netcoreapp2.1)) (&& (== net48) (>= netcoreapp2.1)) (== netcoreapp2.1) (== netcoreapp3.1) (&& (== netstandard2.0) (>= netcoreapp2.1))
    runtime.opensuse.42.1-x64.runtime.native.System.Security.Cryptography.OpenSsl (4.3.3) - restriction: || (&& (== net47) (>= netcoreapp2.1)) (&& (== net472) (>= netcoreapp2.1)) (&& (== net48) (>= netcoreapp2.1)) (== netcoreapp2.1) (== netcoreapp3.1) (&& (== netstandard2.0) (>= netcoreapp2.1))
    runtime.opensuse.42.3-x64.runtime.native.System.Security.Cryptography.OpenSsl (4.3.3) - restriction: || (&& (== net47) (>= netcoreapp2.1)) (&& (== net472) (>= netcoreapp2.1)) (&& (== net48) (>= netcoreapp2.1)) (== netcoreapp2.1) (== netcoreapp3.1) (&& (== netstandard2.0) (>= netcoreapp2.1))
    runtime.osx.10.10-x64.runtime.native.System.Security.Cryptography.Apple (4.3.1) - restriction: || (&& (== net47) (>= netcoreapp2.1)) (&& (== net472) (>= netcoreapp2.1)) (&& (== net48) (>= netcoreapp2.1)) (== netcoreapp2.1) (== netcoreapp3.1) (&& (== netstandard2.0) (>= netcoreapp2.1))
    runtime.osx.10.10-x64.runtime.native.System.Security.Cryptography.OpenSsl (4.3.3) - restriction: || (&& (== net47) (>= netcoreapp2.1)) (&& (== net472) (>= netcoreapp2.1)) (&& (== net48) (>= netcoreapp2.1)) (== netcoreapp2.1) (== netcoreapp3.1) (&& (== netstandard2.0) (>= netcoreapp2.1))
    runtime.rhel.7-x64.runtime.native.System.Security.Cryptography.OpenSsl (4.3.3) - restriction: || (&& (== net47) (>= netcoreapp2.1)) (&& (== net472) (>= netcoreapp2.1)) (&& (== net48) (>= netcoreapp2.1)) (== netcoreapp2.1) (== netcoreapp3.1) (&& (== netstandard2.0) (>= netcoreapp2.1))
    runtime.ubuntu.14.04-x64.runtime.native.System.Security.Cryptography.OpenSsl (4.3.3) - restriction: || (&& (== net47) (>= netcoreapp2.1)) (&& (== net472) (>= netcoreapp2.1)) (&& (== net48) (>= netcoreapp2.1)) (== netcoreapp2.1) (== netcoreapp3.1) (&& (== netstandard2.0) (>= netcoreapp2.1))
    runtime.ubuntu.16.04-x64.runtime.native.System.Security.Cryptography.OpenSsl (4.3.3) - restriction: || (&& (== net47) (>= netcoreapp2.1)) (&& (== net472) (>= netcoreapp2.1)) (&& (== net48) (>= netcoreapp2.1)) (== netcoreapp2.1) (== netcoreapp3.1) (&& (== netstandard2.0) (>= netcoreapp2.1))
    runtime.ubuntu.16.10-x64.runtime.native.System.Security.Cryptography.OpenSsl (4.3.3) - restriction: || (&& (== net47) (>= netcoreapp2.1)) (&& (== net472) (>= netcoreapp2.1)) (&& (== net48) (>= netcoreapp2.1)) (== netcoreapp2.1) (== netcoreapp3.1) (&& (== netstandard2.0) (>= netcoreapp2.1))
    runtime.ubuntu.18.04-x64.runtime.native.System.Security.Cryptography.OpenSsl (4.3.3) - restriction: || (&& (== net47) (>= netcoreapp2.1)) (&& (== net472) (>= netcoreapp2.1)) (&& (== net48) (>= netcoreapp2.1)) (== netcoreapp2.1) (== netcoreapp3.1) (&& (== netstandard2.0) (>= netcoreapp2.1))
    runtime.win-arm64.runtime.native.System.Data.SqlClient.sni (4.4) - restriction: || (&& (== net47) (>= netcoreapp2.1)) (&& (== net472) (>= netcoreapp2.1)) (&& (== net48) (>= netcoreapp2.1)) (== netcoreapp2.1) (== netcoreapp3.1) (&& (== netstandard2.0) (>= netcoreapp2.1))
    runtime.win-x64.runtime.native.System.Data.SqlClient.sni (4.4) - restriction: || (&& (== net47) (>= netcoreapp2.1)) (&& (== net472) (>= netcoreapp2.1)) (&& (== net48) (>= netcoreapp2.1)) (== netcoreapp2.1) (== netcoreapp3.1) (&& (== netstandard2.0) (>= netcoreapp2.1))
    runtime.win-x86.runtime.native.System.Data.SqlClient.sni (4.4) - restriction: || (&& (== net47) (>= netcoreapp2.1)) (&& (== net472) (>= netcoreapp2.1)) (&& (== net48) (>= netcoreapp2.1)) (== netcoreapp2.1) (== netcoreapp3.1) (&& (== netstandard2.0) (>= netcoreapp2.1))
    SQLitePCLRaw.bundle_green (1.1.14) - restriction: || (&& (== net47) (>= netcoreapp2.1)) (&& (== net472) (>= netcoreapp2.1)) (&& (== net48) (>= netcoreapp2.1)) (== netcoreapp2.1) (== netcoreapp3.1) (&& (== netstandard2.0) (>= netcoreapp2.1))
      SQLitePCLRaw.core (>= 1.1.14)
      SQLitePCLRaw.lib.e_sqlite3.linux (>= 1.1.14) - restriction: || (== net47) (== net472) (== net48) (== netcoreapp2.1) (== netcoreapp3.1) (&& (== netstandard2.0) (>= net35) (< portable-net40+sl5+win8+wp8) (< portable-net45+win8+wp8+wpa81)) (&& (== netstandard2.0) (>= net40) (< portable-net45+win8+wp8+wpa81)) (&& (== netstandard2.0) (>= net45)) (&& (== netstandard2.0) (>= netcoreapp1.0))
      SQLitePCLRaw.lib.e_sqlite3.osx (>= 1.1.14) - restriction: || (== net47) (== net472) (== net48) (== netcoreapp2.1) (== netcoreapp3.1) (&& (== netstandard2.0) (>= net35) (< portable-net40+sl5+win8+wp8) (< portable-net45+win8+wp8+wpa81)) (&& (== netstandard2.0) (>= net40) (< portable-net45+win8+wp8+wpa81)) (&& (== netstandard2.0) (>= net45)) (&& (== netstandard2.0) (>= netcoreapp1.0)) (&& (== netstandard2.0) (>= xamarinmac))
      SQLitePCLRaw.lib.e_sqlite3.v110_xp (>= 1.1.14) - restriction: || (== net47) (== net472) (== net48) (== netcoreapp2.1) (== netcoreapp3.1) (&& (== netstandard2.0) (>= net35) (< portable-net40+sl5+win8+wp8) (< portable-net45+win8+wp8+wpa81)) (&& (== netstandard2.0) (>= net40) (< portable-net45+win8+wp8+wpa81)) (&& (== netstandard2.0) (>= net45)) (&& (== netstandard2.0) (>= netcoreapp1.0))
      SQLitePCLRaw.provider.e_sqlite3.netstandard11 (>= 1.1.14) - restriction: || (&& (== net47) (>= netcoreapp1.0)) (&& (== net472) (>= netcoreapp1.0)) (&& (== net48) (>= netcoreapp1.0)) (== netcoreapp2.1) (== netcoreapp3.1) (&& (== netstandard2.0) (>= netcoreapp1.0))
    SQLitePCLRaw.core (1.1.14) - restriction: || (&& (== net47) (>= netcoreapp2.1)) (&& (== net472) (>= netcoreapp2.1)) (&& (== net48) (>= netcoreapp2.1)) (== netcoreapp2.1) (== netcoreapp3.1) (&& (== netstandard2.0) (>= netcoreapp2.1))
      NETStandard.Library (>= 1.6) - restriction: || (&& (== net47) (< net35)) (&& (== net47) (>= uap10.0)) (&& (== net472) (< net35)) (&& (== net472) (>= uap10.0)) (&& (== net48) (< net35)) (&& (== net48) (>= uap10.0)) (== netcoreapp2.1) (== netcoreapp3.1) (== netstandard2.0)
    SQLitePCLRaw.lib.e_sqlite3.linux (1.1.14) - restriction: || (&& (== net47) (>= netcoreapp2.1)) (&& (== net472) (>= netcoreapp2.1)) (&& (== net48) (>= netcoreapp2.1)) (== netcoreapp2.1) (== netcoreapp3.1) (&& (== netstandard2.0) (>= netcoreapp2.1))
    SQLitePCLRaw.lib.e_sqlite3.osx (1.1.14) - restriction: || (&& (== net47) (>= netcoreapp2.1)) (&& (== net472) (>= netcoreapp2.1)) (&& (== net48) (>= netcoreapp2.1)) (== netcoreapp2.1) (== netcoreapp3.1) (&& (== netstandard2.0) (>= netcoreapp2.1))
    SQLitePCLRaw.lib.e_sqlite3.v110_xp (1.1.14) - restriction: || (&& (== net47) (>= netcoreapp2.1)) (&& (== net472) (>= netcoreapp2.1)) (&& (== net48) (>= netcoreapp2.1)) (== netcoreapp2.1) (== netcoreapp3.1) (&& (== netstandard2.0) (>= netcoreapp2.1))
    SQLitePCLRaw.provider.e_sqlite3.netstandard11 (1.1.14) - restriction: || (&& (== net47) (>= netcoreapp2.1)) (&& (== net472) (>= netcoreapp2.1)) (&& (== net48) (>= netcoreapp2.1)) (== netcoreapp2.1) (== netcoreapp3.1) (&& (== netstandard2.0) (>= netcoreapp2.1))
      NETStandard.Library (>= 1.6)
      SQLitePCLRaw.core (>= 1.1.14)
    StackExchange.Redis.StrongName (1.2.6) - restriction: || (&& (== net47) (>= netcoreapp2.1)) (&& (== net472) (>= netcoreapp2.1)) (&& (== net48) (>= netcoreapp2.1)) (== netcoreapp2.1) (== netcoreapp3.1) (&& (== netstandard2.0) (>= netcoreapp2.1))
      NETStandard.Library (>= 1.6.1) - restriction: || (&& (== net47) (< net45)) (&& (== net472) (< net45)) (&& (== net48) (< net45)) (== netcoreapp2.1) (== netcoreapp3.1) (== netstandard2.0)
      System.Collections (>= 4.3) - restriction: || (&& (== net47) (< net45)) (&& (== net472) (< net45)) (&& (== net48) (< net45)) (== netcoreapp2.1) (== netcoreapp3.1) (== netstandard2.0)
      System.Collections.Concurrent (>= 4.3) - restriction: || (&& (== net47) (< net45)) (&& (== net472) (< net45)) (&& (== net48) (< net45)) (== netcoreapp2.1) (== netcoreapp3.1) (== netstandard2.0)
      System.Collections.NonGeneric (>= 4.3) - restriction: || (&& (== net47) (< net45)) (&& (== net472) (< net45)) (&& (== net48) (< net45)) (== netcoreapp2.1) (== netcoreapp3.1) (== netstandard2.0)
      System.Diagnostics.Tools (>= 4.3) - restriction: || (&& (== net47) (< net45)) (&& (== net472) (< net45)) (&& (== net48) (< net45)) (== netcoreapp2.1) (== netcoreapp3.1) (== netstandard2.0)
      System.IO.Compression (>= 4.3) - restriction: || (&& (== net47) (< net45)) (&& (== net472) (< net45)) (&& (== net48) (< net45)) (== netcoreapp2.1) (== netcoreapp3.1) (== netstandard2.0)
      System.IO.FileSystem (>= 4.3) - restriction: || (&& (== net47) (< net45)) (&& (== net472) (< net45)) (&& (== net48) (< net45)) (== netcoreapp2.1) (== netcoreapp3.1) (== netstandard2.0)
      System.Linq (>= 4.3) - restriction: || (&& (== net47) (< net45)) (&& (== net472) (< net45)) (&& (== net48) (< net45)) (== netcoreapp2.1) (== netcoreapp3.1) (== netstandard2.0)
      System.Net.NameResolution (>= 4.3) - restriction: || (&& (== net47) (< net45)) (&& (== net472) (< net45)) (&& (== net48) (< net45)) (== netcoreapp2.1) (== netcoreapp3.1) (== netstandard2.0)
      System.Net.Security (>= 4.3) - restriction: || (&& (== net47) (< net45)) (&& (== net472) (< net45)) (&& (== net48) (< net45)) (== netcoreapp2.1) (== netcoreapp3.1) (== netstandard2.0)
      System.Net.Sockets (>= 4.3) - restriction: || (&& (== net47) (< net45)) (&& (== net472) (< net45)) (&& (== net48) (< net45)) (== netcoreapp2.1) (== netcoreapp3.1) (== netstandard2.0)
      System.Reflection.Emit (>= 4.3) - restriction: || (&& (== net47) (< net45)) (&& (== net472) (< net45)) (&& (== net48) (< net45)) (== netcoreapp2.1) (== netcoreapp3.1) (== netstandard2.0)
      System.Reflection.Emit.Lightweight (>= 4.3) - restriction: || (&& (== net47) (< net45)) (&& (== net472) (< net45)) (&& (== net48) (< net45)) (== netcoreapp2.1) (== netcoreapp3.1) (== netstandard2.0)
      System.Reflection.TypeExtensions (>= 4.3) - restriction: || (&& (== net47) (< net45)) (&& (== net472) (< net45)) (&& (== net48) (< net45)) (== netcoreapp2.1) (== netcoreapp3.1) (== netstandard2.0)
      System.Runtime.Extensions (>= 4.3) - restriction: || (&& (== net47) (< net45)) (&& (== net472) (< net45)) (&& (== net48) (< net45)) (== netcoreapp2.1) (== netcoreapp3.1) (== netstandard2.0)
      System.Runtime.InteropServices.RuntimeInformation (>= 4.3) - restriction: || (&& (== net47) (< net45)) (&& (== net472) (< net45)) (&& (== net48) (< net45)) (== netcoreapp2.1) (== netcoreapp3.1) (== netstandard2.0)
      System.Security.Cryptography.Algorithms (>= 4.3) - restriction: || (&& (== net47) (< net45)) (&& (== net472) (< net45)) (&& (== net48) (< net45)) (== netcoreapp2.1) (== netcoreapp3.1) (== netstandard2.0)
      System.Security.Cryptography.X509Certificates (>= 4.3) - restriction: || (&& (== net47) (< net45)) (&& (== net472) (< net45)) (&& (== net48) (< net45)) (== netcoreapp2.1) (== netcoreapp3.1) (== netstandard2.0)
      System.Text.RegularExpressions (>= 4.3) - restriction: || (&& (== net47) (< net45)) (&& (== net472) (< net45)) (&& (== net48) (< net45)) (== netcoreapp2.1) (== netcoreapp3.1) (== netstandard2.0)
      System.Threading (>= 4.3) - restriction: || (&& (== net47) (< net45)) (&& (== net472) (< net45)) (&& (== net48) (< net45)) (== netcoreapp2.1) (== netcoreapp3.1) (== netstandard2.0)
      System.Threading.Thread (>= 4.3) - restriction: || (&& (== net47) (< net45)) (&& (== net472) (< net45)) (&& (== net48) (< net45)) (== netcoreapp2.1) (== netcoreapp3.1) (== netstandard2.0)
      System.Threading.ThreadPool (>= 4.3) - restriction: || (&& (== net47) (< net45)) (&& (== net472) (< net45)) (&& (== net48) (< net45)) (== netcoreapp2.1) (== netcoreapp3.1) (== netstandard2.0)
      System.Threading.Timer (>= 4.3) - restriction: || (&& (== net47) (< net45)) (&& (== net472) (< net45)) (&& (== net48) (< net45)) (== netcoreapp2.1) (== netcoreapp3.1) (== netstandard2.0)
    Suave (2.5.6)
      FSharp.Core (>= 4.3.4)
    System.AppContext (4.3) - restriction: || (&& (== net47) (< net45) (>= netstandard2.0)) (&& (== net472) (< net45)) (&& (== net48) (< net45)) (== netcoreapp2.1) (== netcoreapp3.1) (== netstandard2.0)
      System.Runtime (>= 4.3) - restriction: || (&& (== net47) (< net46)) (&& (== net472) (< net46)) (&& (== net48) (< net46)) (== netcoreapp2.1) (== netcoreapp3.1) (== netstandard2.0)
    System.Buffers (4.5) - restriction: || (&& (== net47) (>= netcoreapp2.1)) (&& (== net47) (>= netstandard2.0)) (&& (== net47) (>= xamarinios)) (&& (== net47) (>= xamarinmac)) (== net472) (== net48) (== netcoreapp2.1) (== netcoreapp3.1) (== netstandard2.0)
    System.CodeDom (4.5) - restriction: || (&& (== net47) (< net45) (>= netstandard2.0)) (&& (== net47) (>= netcoreapp2.0)) (&& (== net472) (< net45)) (&& (== net472) (>= netcoreapp2.0)) (&& (== net48) (< net45)) (&& (== net48) (>= netcoreapp2.0)) (== netcoreapp2.1) (== netcoreapp3.1) (== netstandard2.0)
    System.Collections (4.3) - restriction: || (&& (== net47) (< net45)) (&& (== net47) (>= netcoreapp2.1)) (&& (== net472) (< net45)) (&& (== net472) (>= netcoreapp2.1)) (&& (== net48) (< net45)) (&& (== net48) (>= netcoreapp2.1)) (== netcoreapp2.1) (== netcoreapp3.1) (== netstandard2.0)
      Microsoft.NETCore.Platforms (>= 1.1) - restriction: || (&& (== net47) (< net45)) (&& (== net472) (< net45)) (&& (== net48) (< net45)) (== netcoreapp2.1) (== netcoreapp3.1) (== netstandard2.0)
      Microsoft.NETCore.Targets (>= 1.1) - restriction: || (&& (== net47) (< net45)) (&& (== net472) (< net45)) (&& (== net48) (< net45)) (== netcoreapp2.1) (== netcoreapp3.1) (== netstandard2.0)
      System.Runtime (>= 4.3) - restriction: || (&& (== net47) (< net45)) (&& (== net472) (< net45)) (&& (== net48) (< net45)) (== netcoreapp2.1) (== netcoreapp3.1) (== netstandard2.0)
    System.Collections.Concurrent (4.3) - restriction: || (&& (== net47) (>= netcoreapp2.1)) (&& (== net472) (>= netcoreapp2.1)) (&& (== net48) (>= netcoreapp2.1)) (== netcoreapp2.1) (== netcoreapp3.1) (&& (== netstandard2.0) (>= netcoreapp2.1))
      System.Collections (>= 4.3) - restriction: || (&& (== net47) (< net45)) (&& (== net472) (< net45)) (&& (== net48) (< net45)) (== netcoreapp2.1) (== netcoreapp3.1) (== netstandard2.0)
      System.Diagnostics.Debug (>= 4.3) - restriction: || (&& (== net47) (< net45)) (&& (== net472) (< net45)) (&& (== net48) (< net45)) (== netcoreapp2.1) (== netcoreapp3.1) (== netstandard2.0)
      System.Diagnostics.Tracing (>= 4.3) - restriction: || (&& (== net47) (< net45)) (&& (== net472) (< net45)) (&& (== net48) (< net45)) (== netcoreapp2.1) (== netcoreapp3.1) (== netstandard2.0)
      System.Globalization (>= 4.3) - restriction: || (&& (== net47) (< net45)) (&& (== net472) (< net45)) (&& (== net48) (< net45)) (== netcoreapp2.1) (== netcoreapp3.1) (== netstandard2.0)
      System.Reflection (>= 4.3) - restriction: || (&& (== net47) (< net45)) (&& (== net472) (< net45)) (&& (== net48) (< net45)) (== netcoreapp2.1) (== netcoreapp3.1) (== netstandard2.0)
      System.Resources.ResourceManager (>= 4.3) - restriction: || (&& (== net47) (< net45)) (&& (== net472) (< net45)) (&& (== net48) (< net45)) (== netcoreapp2.1) (== netcoreapp3.1) (== netstandard2.0)
      System.Runtime (>= 4.3) - restriction: || (&& (== net47) (< net45)) (&& (== net472) (< net45)) (&& (== net48) (< net45)) (== netcoreapp2.1) (== netcoreapp3.1) (== netstandard2.0)
      System.Runtime.Extensions (>= 4.3) - restriction: || (&& (== net47) (< net45)) (&& (== net472) (< net45)) (&& (== net48) (< net45)) (== netcoreapp2.1) (== netcoreapp3.1) (== netstandard2.0)
      System.Threading (>= 4.3) - restriction: || (&& (== net47) (< net45)) (&& (== net472) (< net45)) (&& (== net48) (< net45)) (== netcoreapp2.1) (== netcoreapp3.1) (== netstandard2.0)
      System.Threading.Tasks (>= 4.3) - restriction: || (&& (== net47) (< net45)) (&& (== net472) (< net45)) (&& (== net48) (< net45)) (== netcoreapp2.1) (== netcoreapp3.1) (== netstandard2.0)
    System.Collections.Immutable (1.5) - restriction: || (&& (== net47) (>= netcoreapp2.1)) (&& (== net47) (>= netstandard2.0)) (== net472) (== net48) (== netcoreapp2.1) (== netcoreapp3.1) (== netstandard2.0)
    System.Collections.NonGeneric (4.3) - restriction: || (&& (== net47) (>= netcoreapp2.1)) (&& (== net472) (>= netcoreapp2.1)) (&& (== net48) (>= netcoreapp2.1)) (== netcoreapp2.1) (== netcoreapp3.1) (&& (== netstandard2.0) (>= netcoreapp2.1))
      System.Diagnostics.Debug (>= 4.3) - restriction: || (&& (== net47) (< net46)) (&& (== net472) (< net46)) (&& (== net48) (< net46)) (== netcoreapp2.1) (== netcoreapp3.1) (== netstandard2.0)
      System.Globalization (>= 4.3) - restriction: || (&& (== net47) (< net46)) (&& (== net472) (< net46)) (&& (== net48) (< net46)) (== netcoreapp2.1) (== netcoreapp3.1) (== netstandard2.0)
      System.Resources.ResourceManager (>= 4.3) - restriction: || (&& (== net47) (< net46)) (&& (== net472) (< net46)) (&& (== net48) (< net46)) (== netcoreapp2.1) (== netcoreapp3.1) (== netstandard2.0)
      System.Runtime (>= 4.3) - restriction: || (&& (== net47) (< net46)) (&& (== net472) (< net46)) (&& (== net48) (< net46)) (== netcoreapp2.1) (== netcoreapp3.1) (== netstandard2.0)
      System.Runtime.Extensions (>= 4.3) - restriction: || (&& (== net47) (< net46)) (&& (== net472) (< net46)) (&& (== net48) (< net46)) (== netcoreapp2.1) (== netcoreapp3.1) (== netstandard2.0)
      System.Threading (>= 4.3) - restriction: || (&& (== net47) (< net46)) (&& (== net472) (< net46)) (&& (== net48) (< net46)) (== netcoreapp2.1) (== netcoreapp3.1) (== netstandard2.0)
    System.Collections.Specialized (4.3) - restriction: || (&& (== net47) (>= netcoreapp2.1)) (&& (== net472) (>= netcoreapp2.1)) (&& (== net48) (>= netcoreapp2.1)) (== netcoreapp2.1) (== netcoreapp3.1) (&& (== netstandard2.0) (>= netcoreapp2.1))
      System.Collections.NonGeneric (>= 4.3) - restriction: || (&& (== net47) (< net46)) (&& (== net472) (< net46)) (&& (== net48) (< net46)) (== netcoreapp2.1) (== netcoreapp3.1) (== netstandard2.0)
      System.Globalization (>= 4.3) - restriction: || (&& (== net47) (< net46)) (&& (== net472) (< net46)) (&& (== net48) (< net46)) (== netcoreapp2.1) (== netcoreapp3.1) (== netstandard2.0)
      System.Globalization.Extensions (>= 4.3) - restriction: || (&& (== net47) (< net46)) (&& (== net472) (< net46)) (&& (== net48) (< net46)) (== netcoreapp2.1) (== netcoreapp3.1) (== netstandard2.0)
      System.Resources.ResourceManager (>= 4.3) - restriction: || (&& (== net47) (< net46)) (&& (== net472) (< net46)) (&& (== net48) (< net46)) (== netcoreapp2.1) (== netcoreapp3.1) (== netstandard2.0)
      System.Runtime (>= 4.3) - restriction: || (&& (== net47) (< net46)) (&& (== net472) (< net46)) (&& (== net48) (< net46)) (== netcoreapp2.1) (== netcoreapp3.1) (== netstandard2.0)
      System.Runtime.Extensions (>= 4.3) - restriction: || (&& (== net47) (< net46)) (&& (== net472) (< net46)) (&& (== net48) (< net46)) (== netcoreapp2.1) (== netcoreapp3.1) (== netstandard2.0)
      System.Threading (>= 4.3) - restriction: || (&& (== net47) (< net46)) (&& (== net472) (< net46)) (&& (== net48) (< net46)) (== netcoreapp2.1) (== netcoreapp3.1) (== netstandard2.0)
    System.ComponentModel (4.3) - restriction: || (&& (== net47) (>= netcoreapp2.1)) (&& (== net472) (>= netcoreapp2.1)) (&& (== net48) (>= netcoreapp2.1)) (== netcoreapp2.1) (== netcoreapp3.1) (&& (== netstandard2.0) (>= netcoreapp2.1))
      System.Runtime (>= 4.3) - restriction: || (&& (== net47) (< net45)) (&& (== net472) (< net45)) (&& (== net48) (< net45)) (== netcoreapp2.1) (== netcoreapp3.1) (== netstandard2.0)
    System.ComponentModel.Annotations (4.5) - restriction: || (&& (== net47) (>= netcoreapp2.1)) (&& (== net47) (>= netstandard2.0)) (== net472) (== net48) (== netcoreapp2.1) (== netcoreapp3.1) (== netstandard2.0)
    System.ComponentModel.Primitives (4.3) - restriction: || (&& (== net47) (>= netcoreapp2.1)) (&& (== net472) (>= netcoreapp2.1)) (&& (== net48) (>= netcoreapp2.1)) (== netcoreapp2.1) (== netcoreapp3.1) (&& (== netstandard2.0) (>= netcoreapp2.1))
      System.ComponentModel (>= 4.3) - restriction: || (&& (== net47) (< net45)) (&& (== net472) (< net45)) (&& (== net48) (< net45)) (== netcoreapp2.1) (== netcoreapp3.1) (== netstandard2.0)
      System.Resources.ResourceManager (>= 4.3) - restriction: || (&& (== net47) (< net45)) (&& (== net472) (< net45)) (&& (== net48) (< net45)) (== netcoreapp2.1) (== netcoreapp3.1) (== netstandard2.0)
      System.Runtime (>= 4.3) - restriction: || (&& (== net47) (< net45)) (&& (== net472) (< net45)) (&& (== net48) (< net45)) (== netcoreapp2.1) (== netcoreapp3.1) (== netstandard2.0)
    System.ComponentModel.TypeConverter (4.3) - restriction: || (&& (== net47) (>= netcoreapp2.1)) (&& (== net472) (>= netcoreapp2.1)) (&& (== net48) (>= netcoreapp2.1)) (== netcoreapp2.1) (== netcoreapp3.1) (&& (== netstandard2.0) (>= netcoreapp2.1))
      System.Collections (>= 4.3) - restriction: || (&& (== net47) (< net45)) (&& (== net472) (< net45)) (&& (== net48) (< net45)) (== netcoreapp2.1) (== netcoreapp3.1) (== netstandard2.0)
      System.Collections.NonGeneric (>= 4.3)
      System.Collections.Specialized (>= 4.3) - restriction: || (&& (== net47) (< net45)) (&& (== net472) (< net45)) (&& (== net48) (< net45)) (== netcoreapp2.1) (== netcoreapp3.1) (== netstandard2.0)
      System.ComponentModel (>= 4.3) - restriction: || (&& (== net47) (< net45)) (&& (== net472) (< net45)) (&& (== net48) (< net45)) (== netcoreapp2.1) (== netcoreapp3.1) (== netstandard2.0)
      System.ComponentModel.Primitives (>= 4.3)
      System.Globalization (>= 4.3) - restriction: || (&& (== net47) (< net45)) (&& (== net472) (< net45)) (&& (== net48) (< net45)) (== netcoreapp2.1) (== netcoreapp3.1) (== netstandard2.0)
      System.Linq (>= 4.3) - restriction: || (&& (== net47) (< net45)) (&& (== net472) (< net45)) (&& (== net48) (< net45)) (== netcoreapp2.1) (== netcoreapp3.1) (== netstandard2.0)
      System.Reflection (>= 4.3) - restriction: || (&& (== net47) (< net45)) (&& (== net472) (< net45)) (&& (== net48) (< net45)) (== netcoreapp2.1) (== netcoreapp3.1) (== netstandard2.0)
      System.Reflection.Extensions (>= 4.3) - restriction: || (&& (== net47) (< net45)) (&& (== net472) (< net45)) (&& (== net48) (< net45)) (== netcoreapp2.1) (== netcoreapp3.1) (== netstandard2.0)
      System.Reflection.Primitives (>= 4.3) - restriction: || (&& (== net47) (< net45)) (&& (== net472) (< net45)) (&& (== net48) (< net45)) (== netcoreapp2.1) (== netcoreapp3.1) (== netstandard2.0)
      System.Reflection.TypeExtensions (>= 4.3) - restriction: || (&& (== net47) (< net45)) (&& (== net472) (< net45)) (&& (== net48) (< net45)) (== netcoreapp2.1) (== netcoreapp3.1) (== netstandard2.0)
      System.Resources.ResourceManager (>= 4.3) - restriction: || (&& (== net47) (< net45)) (&& (== net472) (< net45)) (&& (== net48) (< net45)) (== netcoreapp2.1) (== netcoreapp3.1) (== netstandard2.0)
      System.Runtime (>= 4.3) - restriction: || (&& (== net47) (< net45)) (&& (== net472) (< net45)) (&& (== net48) (< net45)) (== netcoreapp2.1) (== netcoreapp3.1) (== netstandard2.0)
      System.Runtime.Extensions (>= 4.3) - restriction: || (&& (== net47) (< net45)) (&& (== net472) (< net45)) (&& (== net48) (< net45)) (== netcoreapp2.1) (== netcoreapp3.1) (== netstandard2.0)
      System.Threading (>= 4.3) - restriction: || (&& (== net47) (< net45)) (&& (== net472) (< net45)) (&& (== net48) (< net45)) (== netcoreapp2.1) (== netcoreapp3.1) (== netstandard2.0)
    System.Configuration.ConfigurationManager (4.5) - restriction: || (&& (== net47) (>= netcoreapp2.1)) (&& (== net472) (>= netcoreapp2.1)) (&& (== net48) (>= netcoreapp2.1)) (== netcoreapp2.1) (== netcoreapp3.1) (&& (== netstandard2.0) (>= netcoreapp2.1))
      System.Security.Cryptography.ProtectedData (>= 4.5) - restriction: || (&& (== net47) (< net461) (>= netstandard2.0)) (&& (== net472) (< net461)) (&& (== net48) (< net461)) (== netcoreapp2.1) (== netcoreapp3.1) (== netstandard2.0)
      System.Security.Permissions (>= 4.5)
    System.Data.SqlClient (4.6.1) - restriction: || (&& (== net47) (>= netcoreapp2.1)) (&& (== net472) (>= netcoreapp2.1)) (&& (== net48) (>= netcoreapp2.1)) (== netcoreapp2.1) (== netcoreapp3.1) (&& (== netstandard2.0) (>= netcoreapp2.1))
      Microsoft.Win32.Registry (>= 4.5) - restriction: || (&& (== net47) (< net451) (>= netstandard2.0)) (&& (== net47) (>= netcoreapp2.0)) (&& (== net472) (< net451)) (&& (== net472) (>= netcoreapp2.0)) (&& (== net48) (< net451)) (&& (== net48) (>= netcoreapp2.0)) (== netcoreapp2.1) (== netcoreapp3.1) (== netstandard2.0)
      runtime.native.System.Data.SqlClient.sni (>= 4.5) - restriction: || (&& (== net47) (< net451) (>= netstandard2.0)) (&& (== net47) (>= netcoreapp2.0)) (&& (== net472) (< net451)) (&& (== net472) (>= netcoreapp2.0)) (&& (== net48) (< net451)) (&& (== net48) (>= netcoreapp2.0)) (== netcoreapp2.1) (== netcoreapp3.1) (== netstandard2.0)
      System.Security.Principal.Windows (>= 4.5) - restriction: || (&& (== net47) (< net451) (>= netstandard2.0)) (&& (== net47) (>= netcoreapp2.0)) (&& (== net472) (< net451)) (&& (== net472) (>= netcoreapp2.0)) (&& (== net48) (< net451)) (&& (== net48) (>= netcoreapp2.0)) (== netcoreapp2.1) (== netcoreapp3.1) (== netstandard2.0)
      System.Text.Encoding.CodePages (>= 4.5) - restriction: || (&& (== net47) (< net451) (>= netstandard2.0)) (&& (== net47) (>= netcoreapp2.0)) (&& (== net472) (< net451)) (&& (== net472) (>= netcoreapp2.0)) (&& (== net48) (< net451)) (&& (== net48) (>= netcoreapp2.0)) (== netcoreapp2.1) (== netcoreapp3.1) (== netstandard2.0)
    System.Diagnostics.Debug (4.3) - restriction: || (&& (== net47) (< net45) (>= netstandard1.6)) (&& (== net47) (>= netcoreapp2.1)) (&& (== net472) (< net45)) (&& (== net472) (>= netcoreapp2.1)) (&& (== net48) (< net45)) (&& (== net48) (>= netcoreapp2.1)) (== netcoreapp2.1) (== netcoreapp3.1) (== netstandard2.0)
      Microsoft.NETCore.Platforms (>= 1.1) - restriction: || (&& (== net47) (< net45)) (&& (== net472) (< net45)) (&& (== net48) (< net45)) (== netcoreapp2.1) (== netcoreapp3.1) (== netstandard2.0)
      Microsoft.NETCore.Targets (>= 1.1) - restriction: || (&& (== net47) (< net45)) (&& (== net472) (< net45)) (&& (== net48) (< net45)) (== netcoreapp2.1) (== netcoreapp3.1) (== netstandard2.0)
      System.Runtime (>= 4.3) - restriction: || (&& (== net47) (< net45)) (&& (== net472) (< net45)) (&& (== net48) (< net45)) (== netcoreapp2.1) (== netcoreapp3.1) (== netstandard2.0)
    System.Diagnostics.DiagnosticSource (4.5.1) - restriction: || (&& (== net47) (>= netcoreapp2.1)) (&& (== net47) (>= netstandard2.0)) (== net472) (== net48) (== netcoreapp2.1) (== netcoreapp3.1) (== netstandard2.0)
    System.Diagnostics.PerformanceCounter (4.5) - restriction: || (&& (== net47) (>= netcoreapp2.1)) (&& (== net472) (>= netcoreapp2.1)) (&& (== net48) (>= netcoreapp2.1)) (== netcoreapp2.1) (== netcoreapp3.1) (&& (== netstandard2.0) (>= netcoreapp2.1))
      Microsoft.NETCore.Platforms (>= 2.0) - restriction: || (&& (== net47) (>= netcoreapp2.0)) (&& (== net472) (>= netcoreapp2.0)) (&& (== net48) (>= netcoreapp2.0)) (== netcoreapp2.1) (== netcoreapp3.1) (&& (== netstandard2.0) (>= netcoreapp2.0))
      Microsoft.Win32.Registry (>= 4.5) - restriction: || (&& (== net47) (>= netcoreapp2.0)) (&& (== net472) (>= netcoreapp2.0)) (&& (== net48) (>= netcoreapp2.0)) (== netcoreapp2.1) (== netcoreapp3.1) (&& (== netstandard2.0) (>= netcoreapp2.0))
      System.Configuration.ConfigurationManager (>= 4.5) - restriction: || (&& (== net47) (>= netcoreapp2.0)) (&& (== net472) (>= netcoreapp2.0)) (&& (== net48) (>= netcoreapp2.0)) (== netcoreapp2.1) (== netcoreapp3.1) (&& (== netstandard2.0) (>= netcoreapp2.0))
      System.Security.Principal.Windows (>= 4.5) - restriction: || (&& (== net47) (>= netcoreapp2.0)) (&& (== net472) (>= netcoreapp2.0)) (&& (== net48) (>= netcoreapp2.0)) (== netcoreapp2.1) (== netcoreapp3.1) (&& (== netstandard2.0) (>= netcoreapp2.0))
    System.Diagnostics.Process (4.3) - restriction: || (&& (== net47) (>= netcoreapp2.1)) (&& (== net472) (>= netcoreapp2.1)) (&& (== net48) (>= netcoreapp2.1)) (== netcoreapp2.1) (== netcoreapp3.1) (&& (== netstandard2.0) (>= netcoreapp2.1))
      Microsoft.NETCore.Platforms (>= 1.1) - restriction: || (&& (== net47) (< net46)) (&& (== net472) (< net46)) (&& (== net48) (< net46)) (== netcoreapp2.1) (== netcoreapp3.1) (== netstandard2.0)
      Microsoft.Win32.Primitives (>= 4.3) - restriction: || (&& (== net47) (< net46)) (&& (== net472) (< net46)) (&& (== net48) (< net46)) (== netcoreapp2.1) (== netcoreapp3.1) (== netstandard2.0)
      Microsoft.Win32.Registry (>= 4.3) - restriction: || (&& (== net47) (< net46)) (&& (== net472) (< net46)) (&& (== net48) (< net46)) (== netcoreapp2.1) (== netcoreapp3.1) (== netstandard2.0)
      runtime.native.System (>= 4.3) - restriction: || (&& (== net47) (< net46)) (&& (== net472) (< net46)) (&& (== net48) (< net46)) (== netcoreapp2.1) (== netcoreapp3.1) (== netstandard2.0)
      System.Collections (>= 4.3) - restriction: || (&& (== net47) (< net46)) (&& (== net472) (< net46)) (&& (== net48) (< net46)) (== netcoreapp2.1) (== netcoreapp3.1) (== netstandard2.0)
      System.Diagnostics.Debug (>= 4.3) - restriction: || (&& (== net47) (< net46)) (&& (== net472) (< net46)) (&& (== net48) (< net46)) (== netcoreapp2.1) (== netcoreapp3.1) (== netstandard2.0)
      System.Globalization (>= 4.3) - restriction: || (&& (== net47) (< net46)) (&& (== net472) (< net46)) (&& (== net48) (< net46)) (== netcoreapp2.1) (== netcoreapp3.1) (== netstandard2.0)
      System.IO (>= 4.3) - restriction: || (&& (== net47) (< net46)) (&& (== net472) (< net46)) (&& (== net48) (< net46)) (== netcoreapp2.1) (== netcoreapp3.1) (== netstandard2.0)
      System.IO.FileSystem (>= 4.3) - restriction: || (&& (== net47) (< net46)) (&& (== net472) (< net46)) (&& (== net48) (< net46)) (== netcoreapp2.1) (== netcoreapp3.1) (== netstandard2.0)
      System.IO.FileSystem.Primitives (>= 4.3) - restriction: || (&& (== net47) (< net46)) (&& (== net472) (< net46)) (&& (== net48) (< net46)) (== netcoreapp2.1) (== netcoreapp3.1) (== netstandard2.0)
      System.Resources.ResourceManager (>= 4.3) - restriction: || (&& (== net47) (< net46)) (&& (== net472) (< net46)) (&& (== net48) (< net46)) (== netcoreapp2.1) (== netcoreapp3.1) (== netstandard2.0)
      System.Runtime (>= 4.3) - restriction: || (&& (== net47) (< net46)) (&& (== net472) (< net46)) (&& (== net48) (< net46)) (== netcoreapp2.1) (== netcoreapp3.1) (== netstandard2.0)
      System.Runtime.Extensions (>= 4.3) - restriction: || (&& (== net47) (< net46)) (&& (== net472) (< net46)) (&& (== net48) (< net46)) (== netcoreapp2.1) (== netcoreapp3.1) (== netstandard2.0)
      System.Runtime.Handles (>= 4.3) - restriction: || (&& (== net47) (< net46)) (&& (== net472) (< net46)) (&& (== net48) (< net46)) (== netcoreapp2.1) (== netcoreapp3.1) (== netstandard2.0)
      System.Runtime.InteropServices (>= 4.3) - restriction: || (&& (== net47) (< net46)) (&& (== net472) (< net46)) (&& (== net48) (< net46)) (== netcoreapp2.1) (== netcoreapp3.1) (== netstandard2.0)
      System.Text.Encoding (>= 4.3) - restriction: || (&& (== net47) (< net46)) (&& (== net472) (< net46)) (&& (== net48) (< net46)) (== netcoreapp2.1) (== netcoreapp3.1) (== netstandard2.0)
      System.Text.Encoding.Extensions (>= 4.3) - restriction: || (&& (== net47) (< net46)) (&& (== net472) (< net46)) (&& (== net48) (< net46)) (== netcoreapp2.1) (== netcoreapp3.1) (== netstandard2.0)
      System.Threading (>= 4.3) - restriction: || (&& (== net47) (< net46)) (&& (== net472) (< net46)) (&& (== net48) (< net46)) (== netcoreapp2.1) (== netcoreapp3.1) (== netstandard2.0)
      System.Threading.Tasks (>= 4.3) - restriction: || (&& (== net47) (< net46)) (&& (== net472) (< net46)) (&& (== net48) (< net46)) (== netcoreapp2.1) (== netcoreapp3.1) (== netstandard2.0)
      System.Threading.Thread (>= 4.3) - restriction: || (&& (== net47) (< net46)) (&& (== net472) (< net46)) (&& (== net48) (< net46)) (== netcoreapp2.1) (== netcoreapp3.1) (== netstandard2.0)
      System.Threading.ThreadPool (>= 4.3) - restriction: || (&& (== net47) (< net46)) (&& (== net472) (< net46)) (&& (== net48) (< net46)) (== netcoreapp2.1) (== netcoreapp3.1) (== netstandard2.0)
    System.Diagnostics.StackTrace (4.3) - restriction: || (&& (== net47) (>= netcoreapp2.1)) (&& (== net472) (>= netcoreapp2.1)) (&& (== net48) (>= netcoreapp2.1)) (== netcoreapp2.1) (== netcoreapp3.1) (&& (== netstandard2.0) (>= netcoreapp2.1))
      System.IO.FileSystem (>= 4.3) - restriction: || (&& (== net47) (< net46)) (&& (== net472) (< net46)) (&& (== net48) (< net46)) (== netcoreapp2.1) (== netcoreapp3.1) (== netstandard2.0)
      System.Reflection (>= 4.3) - restriction: || (&& (== net47) (< net46)) (&& (== net472) (< net46)) (&& (== net48) (< net46)) (== netcoreapp2.1) (== netcoreapp3.1) (== netstandard2.0)
      System.Reflection.Metadata (>= 1.4.1) - restriction: || (&& (== net47) (< net46)) (&& (== net472) (< net46)) (&& (== net48) (< net46)) (== netcoreapp2.1) (== netcoreapp3.1) (== netstandard2.0)
      System.Runtime (>= 4.3) - restriction: || (&& (== net47) (< net46)) (&& (== net472) (< net46)) (&& (== net48) (< net46)) (== netcoreapp2.1) (== netcoreapp3.1) (== netstandard2.0)
    System.Diagnostics.Tools (4.3) - restriction: || (&& (== net47) (>= netcoreapp2.1)) (&& (== net472) (>= netcoreapp2.1)) (&& (== net48) (>= netcoreapp2.1)) (== netcoreapp2.1) (== netcoreapp3.1) (&& (== netstandard2.0) (>= netcoreapp2.1))
      Microsoft.NETCore.Platforms (>= 1.1) - restriction: || (&& (== net47) (< net45)) (&& (== net472) (< net45)) (&& (== net48) (< net45)) (== netcoreapp2.1) (== netcoreapp3.1) (== netstandard2.0)
      Microsoft.NETCore.Targets (>= 1.1) - restriction: || (&& (== net47) (< net45)) (&& (== net472) (< net45)) (&& (== net48) (< net45)) (== netcoreapp2.1) (== netcoreapp3.1) (== netstandard2.0)
      System.Runtime (>= 4.3) - restriction: || (&& (== net47) (< net45)) (&& (== net472) (< net45)) (&& (== net48) (< net45)) (== netcoreapp2.1) (== netcoreapp3.1) (== netstandard2.0)
    System.Diagnostics.Tracing (4.3) - restriction: || (&& (== net47) (>= netcoreapp2.1)) (&& (== net472) (>= netcoreapp2.1)) (&& (== net48) (>= netcoreapp2.1)) (== netcoreapp2.1) (== netcoreapp3.1) (&& (== netstandard2.0) (>= netcoreapp2.1))
      Microsoft.NETCore.Platforms (>= 1.1) - restriction: || (&& (== net47) (< net45)) (&& (== net472) (< net45)) (&& (== net48) (< net45)) (== netcoreapp2.1) (== netcoreapp3.1) (== netstandard2.0)
      Microsoft.NETCore.Targets (>= 1.1) - restriction: || (&& (== net47) (< net45)) (&& (== net472) (< net45)) (&& (== net48) (< net45)) (== netcoreapp2.1) (== netcoreapp3.1) (== netstandard2.0)
      System.Runtime (>= 4.3) - restriction: || (&& (== net47) (< net45)) (&& (== net472) (< net45)) (&& (== net48) (< net45)) (== netcoreapp2.1) (== netcoreapp3.1) (== netstandard2.0)
    System.Dynamic.Runtime (4.3) - restriction: || (&& (== net47) (>= netcoreapp2.1)) (&& (== net472) (>= netcoreapp2.1)) (&& (== net48) (>= netcoreapp2.1)) (== netcoreapp2.1) (== netcoreapp3.1) (&& (== netstandard2.0) (>= netcoreapp2.1))
      System.Collections (>= 4.3) - restriction: || (&& (== net47) (< net45)) (&& (== net472) (< net45)) (&& (== net48) (< net45)) (== netcoreapp2.1) (== netcoreapp3.1) (== netstandard2.0)
      System.Diagnostics.Debug (>= 4.3) - restriction: || (&& (== net47) (< net45)) (&& (== net472) (< net45)) (&& (== net48) (< net45)) (== netcoreapp2.1) (== netcoreapp3.1) (== netstandard2.0)
      System.Linq (>= 4.3) - restriction: || (&& (== net47) (< net45)) (&& (== net472) (< net45)) (&& (== net48) (< net45)) (== netcoreapp2.1) (== netcoreapp3.1) (== netstandard2.0)
      System.Linq.Expressions (>= 4.3) - restriction: || (&& (== net47) (< net45)) (&& (== net472) (< net45)) (&& (== net48) (< net45)) (== netcoreapp2.1) (== netcoreapp3.1) (== netstandard2.0)
      System.ObjectModel (>= 4.3) - restriction: || (&& (== net47) (< net45)) (&& (== net472) (< net45)) (&& (== net48) (< net45)) (== netcoreapp2.1) (== netcoreapp3.1) (== netstandard2.0)
      System.Reflection (>= 4.3) - restriction: || (&& (== net47) (< net45)) (&& (== net472) (< net45)) (&& (== net48) (< net45)) (== netcoreapp2.1) (== netcoreapp3.1) (== netstandard2.0)
      System.Reflection.Emit (>= 4.3) - restriction: || (&& (== net47) (< net45)) (&& (== net472) (< net45)) (&& (== net48) (< net45)) (== netcoreapp2.1) (== netcoreapp3.1) (== netstandard2.0)
      System.Reflection.Emit.ILGeneration (>= 4.3) - restriction: || (&& (== net47) (< net45)) (&& (== net472) (< net45)) (&& (== net48) (< net45)) (== netcoreapp2.1) (== netcoreapp3.1) (== netstandard2.0)
      System.Reflection.Primitives (>= 4.3) - restriction: || (&& (== net47) (< net45)) (&& (== net472) (< net45)) (&& (== net48) (< net45)) (== netcoreapp2.1) (== netcoreapp3.1) (== netstandard2.0)
      System.Reflection.TypeExtensions (>= 4.3) - restriction: || (&& (== net47) (< net45)) (&& (== net472) (< net45)) (&& (== net48) (< net45)) (== netcoreapp2.1) (== netcoreapp3.1) (== netstandard2.0)
      System.Resources.ResourceManager (>= 4.3) - restriction: || (&& (== net47) (< net45)) (&& (== net472) (< net45)) (&& (== net48) (< net45)) (== netcoreapp2.1) (== netcoreapp3.1) (== netstandard2.0)
      System.Runtime (>= 4.3) - restriction: || (&& (== net47) (< net45)) (&& (== net472) (< net45)) (&& (== net48) (< net45)) (== netcoreapp2.1) (== netcoreapp3.1) (== netstandard2.0)
      System.Runtime.Extensions (>= 4.3) - restriction: || (&& (== net47) (< net45)) (&& (== net472) (< net45)) (&& (== net48) (< net45)) (== netcoreapp2.1) (== netcoreapp3.1) (== netstandard2.0)
      System.Threading (>= 4.3) - restriction: || (&& (== net47) (< net45)) (&& (== net472) (< net45)) (&& (== net48) (< net45)) (== netcoreapp2.1) (== netcoreapp3.1) (== netstandard2.0)
    System.Globalization (4.3) - restriction: || (&& (== net47) (< net45)) (&& (== net47) (>= netcoreapp2.1)) (&& (== net472) (< net45)) (&& (== net472) (>= netcoreapp2.1)) (&& (== net48) (< net45)) (&& (== net48) (>= netcoreapp2.1)) (== netcoreapp2.1) (== netcoreapp3.1) (== netstandard2.0)
      Microsoft.NETCore.Platforms (>= 1.1) - restriction: || (&& (== net47) (< net45)) (&& (== net472) (< net45)) (&& (== net48) (< net45)) (== netcoreapp2.1) (== netcoreapp3.1) (== netstandard2.0)
      Microsoft.NETCore.Targets (>= 1.1) - restriction: || (&& (== net47) (< net45)) (&& (== net472) (< net45)) (&& (== net48) (< net45)) (== netcoreapp2.1) (== netcoreapp3.1) (== netstandard2.0)
      System.Runtime (>= 4.3) - restriction: || (&& (== net47) (< net45)) (&& (== net472) (< net45)) (&& (== net48) (< net45)) (== netcoreapp2.1) (== netcoreapp3.1) (== netstandard2.0)
    System.Globalization.Calendars (4.3) - restriction: || (&& (== net47) (>= netcoreapp2.1)) (&& (== net472) (>= netcoreapp2.1)) (&& (== net48) (>= netcoreapp2.1)) (== netcoreapp2.1) (== netcoreapp3.1) (&& (== netstandard2.0) (>= netcoreapp2.1))
      Microsoft.NETCore.Platforms (>= 1.1) - restriction: || (&& (== net47) (< net46)) (&& (== net472) (< net46)) (&& (== net48) (< net46)) (== netcoreapp2.1) (== netcoreapp3.1) (== netstandard2.0)
      Microsoft.NETCore.Targets (>= 1.1) - restriction: || (&& (== net47) (< net46)) (&& (== net472) (< net46)) (&& (== net48) (< net46)) (== netcoreapp2.1) (== netcoreapp3.1) (== netstandard2.0)
      System.Globalization (>= 4.3) - restriction: || (&& (== net47) (< net46)) (&& (== net472) (< net46)) (&& (== net48) (< net46)) (== netcoreapp2.1) (== netcoreapp3.1) (== netstandard2.0)
      System.Runtime (>= 4.3) - restriction: || (&& (== net47) (< net46)) (&& (== net472) (< net46)) (&& (== net48) (< net46)) (== netcoreapp2.1) (== netcoreapp3.1) (== netstandard2.0)
    System.Globalization.Extensions (4.3) - restriction: || (&& (== net47) (>= netcoreapp2.1)) (&& (== net472) (>= netcoreapp2.1)) (&& (== net48) (>= netcoreapp2.1)) (== netcoreapp2.1) (== netcoreapp3.1) (&& (== netstandard2.0) (>= netcoreapp2.1))
      Microsoft.NETCore.Platforms (>= 1.1) - restriction: || (&& (== net47) (< net46)) (&& (== net472) (< net46)) (&& (== net48) (< net46)) (== netcoreapp2.1) (== netcoreapp3.1) (== netstandard2.0)
      System.Globalization (>= 4.3) - restriction: || (&& (== net47) (< net46)) (&& (== net472) (< net46)) (&& (== net48) (< net46)) (== netcoreapp2.1) (== netcoreapp3.1) (== netstandard2.0)
      System.Resources.ResourceManager (>= 4.3) - restriction: || (&& (== net47) (< net46)) (&& (== net472) (< net46)) (&& (== net48) (< net46)) (== netcoreapp2.1) (== netcoreapp3.1) (== netstandard2.0)
      System.Runtime (>= 4.3) - restriction: || (&& (== net47) (< net46)) (&& (== net472) (< net46)) (&& (== net48) (< net46)) (== netcoreapp2.1) (== netcoreapp3.1) (== netstandard2.0)
      System.Runtime.Extensions (>= 4.3) - restriction: || (&& (== net47) (< net46)) (&& (== net472) (< net46)) (&& (== net48) (< net46)) (== netcoreapp2.1) (== netcoreapp3.1) (== netstandard2.0)
      System.Runtime.InteropServices (>= 4.3) - restriction: || (&& (== net47) (< net46)) (&& (== net472) (< net46)) (&& (== net48) (< net46)) (== netcoreapp2.1) (== netcoreapp3.1) (== netstandard2.0)
    System.IdentityModel.Tokens.Jwt (5.5) - restriction: || (&& (== net47) (>= netcoreapp2.1)) (&& (== net472) (>= netcoreapp2.1)) (&& (== net48) (>= netcoreapp2.1)) (== netcoreapp2.1) (== netcoreapp3.1) (&& (== netstandard2.0) (>= netcoreapp2.1))
      Microsoft.IdentityModel.JsonWebTokens (>= 5.5)
      Microsoft.IdentityModel.Tokens (>= 5.5)
      Newtonsoft.Json (>= 10.0.1)
    System.Interactive.Async (3.2) - restriction: || (&& (== net47) (>= netcoreapp2.1)) (&& (== net472) (>= netcoreapp2.1)) (&& (== net48) (>= netcoreapp2.1)) (== netcoreapp2.1) (== netcoreapp3.1) (&& (== netstandard2.0) (>= netcoreapp2.1))
    System.IO (4.3) - restriction: || (&& (== net47) (< net45) (>= netstandard2.0)) (&& (== net47) (>= netcoreapp1.0)) (&& (== net472) (< net45)) (&& (== net472) (>= netcoreapp1.0)) (&& (== net48) (< net45)) (&& (== net48) (>= netcoreapp1.0)) (== netcoreapp2.1) (== netcoreapp3.1) (== netstandard2.0)
      Microsoft.NETCore.Platforms (>= 1.1) - restriction: || (&& (== net47) (< net45)) (&& (== net472) (< net45)) (&& (== net48) (< net45)) (== netcoreapp2.1) (== netcoreapp3.1) (== netstandard2.0)
      Microsoft.NETCore.Targets (>= 1.1) - restriction: || (&& (== net47) (< net45)) (&& (== net472) (< net45)) (&& (== net48) (< net45)) (== netcoreapp2.1) (== netcoreapp3.1) (== netstandard2.0)
      System.Runtime (>= 4.3) - restriction: || (&& (== net47) (< net45)) (&& (== net472) (< net45)) (&& (== net48) (< net45)) (== netcoreapp2.1) (== netcoreapp3.1) (== netstandard2.0)
      System.Text.Encoding (>= 4.3) - restriction: || (&& (== net47) (< net45)) (&& (== net472) (< net45)) (&& (== net48) (< net45)) (== netcoreapp2.1) (== netcoreapp3.1) (== netstandard2.0)
      System.Threading.Tasks (>= 4.3) - restriction: || (&& (== net47) (< net45)) (&& (== net472) (< net45)) (&& (== net48) (< net45)) (== netcoreapp2.1) (== netcoreapp3.1) (== netstandard2.0)
    System.IO.Compression (4.3) - restriction: || (&& (== net47) (>= netcoreapp2.1)) (&& (== net472) (>= netcoreapp2.1)) (&& (== net48) (>= netcoreapp2.1)) (== netcoreapp2.1) (== netcoreapp3.1) (&& (== netstandard2.0) (>= netcoreapp2.1))
      Microsoft.NETCore.Platforms (>= 1.1) - restriction: || (&& (== net47) (< net45)) (&& (== net472) (< net45)) (&& (== net48) (< net45)) (== netcoreapp2.1) (== netcoreapp3.1) (== netstandard2.0)
      runtime.native.System (>= 4.3) - restriction: || (&& (== net47) (< net45)) (&& (== net472) (< net45)) (&& (== net48) (< net45)) (== netcoreapp2.1) (== netcoreapp3.1) (== netstandard2.0)
      runtime.native.System.IO.Compression (>= 4.3) - restriction: || (&& (== net47) (< net45)) (&& (== net472) (< net45)) (&& (== net48) (< net45)) (== netcoreapp2.1) (== netcoreapp3.1) (== netstandard2.0)
      System.Buffers (>= 4.3) - restriction: || (&& (== net47) (< net45)) (&& (== net472) (< net45)) (&& (== net48) (< net45)) (== netcoreapp2.1) (== netcoreapp3.1) (== netstandard2.0)
      System.Collections (>= 4.3) - restriction: || (&& (== net47) (< net45)) (&& (== net472) (< net45)) (&& (== net48) (< net45)) (== netcoreapp2.1) (== netcoreapp3.1) (== netstandard2.0)
      System.Diagnostics.Debug (>= 4.3) - restriction: || (&& (== net47) (< net45)) (&& (== net472) (< net45)) (&& (== net48) (< net45)) (== netcoreapp2.1) (== netcoreapp3.1) (== netstandard2.0)
      System.IO (>= 4.3) - restriction: || (&& (== net47) (< net45)) (&& (== net472) (< net45)) (&& (== net48) (< net45)) (== netcoreapp2.1) (== netcoreapp3.1) (== netstandard2.0)
      System.Resources.ResourceManager (>= 4.3) - restriction: || (&& (== net47) (< net45)) (&& (== net472) (< net45)) (&& (== net48) (< net45)) (== netcoreapp2.1) (== netcoreapp3.1) (== netstandard2.0)
      System.Runtime (>= 4.3) - restriction: || (&& (== net47) (< net45)) (&& (== net472) (< net45)) (&& (== net48) (< net45)) (== netcoreapp2.1) (== netcoreapp3.1) (== netstandard2.0)
      System.Runtime.Extensions (>= 4.3) - restriction: || (&& (== net47) (< net45)) (&& (== net472) (< net45)) (&& (== net48) (< net45)) (== netcoreapp2.1) (== netcoreapp3.1) (== netstandard2.0)
      System.Runtime.Handles (>= 4.3) - restriction: || (&& (== net47) (< net45)) (&& (== net472) (< net45)) (&& (== net48) (< net45)) (== netcoreapp2.1) (== netcoreapp3.1) (== netstandard2.0)
      System.Runtime.InteropServices (>= 4.3) - restriction: || (&& (== net47) (< net45)) (&& (== net472) (< net45)) (&& (== net48) (< net45)) (== netcoreapp2.1) (== netcoreapp3.1) (== netstandard2.0)
      System.Text.Encoding (>= 4.3) - restriction: || (&& (== net47) (< net45)) (&& (== net472) (< net45)) (&& (== net48) (< net45)) (== netcoreapp2.1) (== netcoreapp3.1) (== netstandard2.0)
      System.Threading (>= 4.3) - restriction: || (&& (== net47) (< net45)) (&& (== net472) (< net45)) (&& (== net48) (< net45)) (== netcoreapp2.1) (== netcoreapp3.1) (== netstandard2.0)
      System.Threading.Tasks (>= 4.3) - restriction: || (&& (== net47) (< net45)) (&& (== net472) (< net45)) (&& (== net48) (< net45)) (== netcoreapp2.1) (== netcoreapp3.1) (== netstandard2.0)
    System.IO.FileSystem (4.3) - restriction: || (&& (== net47) (< net45)) (&& (== net47) (>= netcoreapp2.1)) (&& (== net472) (< net45)) (&& (== net472) (>= netcoreapp2.1)) (&& (== net48) (< net45)) (&& (== net48) (>= netcoreapp2.1)) (== netcoreapp2.1) (== netcoreapp3.1) (== netstandard2.0)
      Microsoft.NETCore.Platforms (>= 1.1) - restriction: || (&& (== net47) (< net46)) (&& (== net472) (< net46)) (&& (== net48) (< net46)) (== netcoreapp2.1) (== netcoreapp3.1) (== netstandard2.0)
      Microsoft.NETCore.Targets (>= 1.1) - restriction: || (&& (== net47) (< net46)) (&& (== net472) (< net46)) (&& (== net48) (< net46)) (== netcoreapp2.1) (== netcoreapp3.1) (== netstandard2.0)
      System.IO (>= 4.3) - restriction: || (&& (== net47) (< net46)) (&& (== net472) (< net46)) (&& (== net48) (< net46)) (== netcoreapp2.1) (== netcoreapp3.1) (== netstandard2.0)
      System.IO.FileSystem.Primitives (>= 4.3)
      System.Runtime (>= 4.3) - restriction: || (&& (== net47) (< net46)) (&& (== net472) (< net46)) (&& (== net48) (< net46)) (== netcoreapp2.1) (== netcoreapp3.1) (== netstandard2.0)
      System.Runtime.Handles (>= 4.3) - restriction: || (&& (== net47) (< net46)) (&& (== net472) (< net46)) (&& (== net48) (< net46)) (== netcoreapp2.1) (== netcoreapp3.1) (== netstandard2.0)
      System.Text.Encoding (>= 4.3) - restriction: || (&& (== net47) (< net46)) (&& (== net472) (< net46)) (&& (== net48) (< net46)) (== netcoreapp2.1) (== netcoreapp3.1) (== netstandard2.0)
      System.Threading.Tasks (>= 4.3) - restriction: || (&& (== net47) (< net46)) (&& (== net472) (< net46)) (&& (== net48) (< net46)) (== netcoreapp2.1) (== netcoreapp3.1) (== netstandard2.0)
    System.IO.FileSystem.AccessControl (4.5) - restriction: || (&& (== net47) (>= netcoreapp2.1)) (&& (== net472) (>= netcoreapp2.1)) (&& (== net48) (>= netcoreapp2.1)) (== netcoreapp2.1) (== netcoreapp3.1) (&& (== netstandard2.0) (>= netcoreapp2.1))
      System.Security.AccessControl (>= 4.5)
      System.Security.Principal.Windows (>= 4.5)
    System.IO.FileSystem.Primitives (4.3) - restriction: || (&& (== net47) (< net45)) (&& (== net47) (>= netcoreapp2.1)) (&& (== net472) (< net45)) (&& (== net472) (>= netcoreapp2.1)) (&& (== net48) (< net45)) (&& (== net48) (>= netcoreapp2.1)) (== netcoreapp2.1) (== netcoreapp3.1) (== netstandard2.0)
      System.Runtime (>= 4.3) - restriction: || (&& (== net47) (< net46)) (&& (== net472) (< net46)) (&& (== net48) (< net46)) (== netcoreapp2.1) (== netcoreapp3.1) (== netstandard2.0)
    System.IO.Pipelines (4.5.3) - restriction: || (&& (== net47) (>= netcoreapp2.1)) (&& (== net472) (>= netcoreapp2.1)) (&& (== net48) (>= netcoreapp2.1)) (== netcoreapp2.1) (== netcoreapp3.1) (&& (== netstandard2.0) (>= netcoreapp2.1))
    System.Linq (4.3) - restriction: || (&& (== net47) (< net45)) (&& (== net47) (>= netcoreapp2.1)) (&& (== net472) (< net45)) (&& (== net472) (>= netcoreapp2.1)) (&& (== net48) (< net45)) (&& (== net48) (>= netcoreapp2.1)) (== netcoreapp2.1) (== netcoreapp3.1) (== netstandard2.0)
      System.Collections (>= 4.3) - restriction: || (&& (== net47) (< net45)) (&& (== net472) (< net45)) (&& (== net48) (< net45)) (== netcoreapp2.1) (== netcoreapp3.1) (== netstandard2.0)
      System.Diagnostics.Debug (>= 4.3) - restriction: || (&& (== net47) (< net45) (>= netstandard1.6)) (&& (== net472) (< net45)) (&& (== net48) (< net45)) (== netcoreapp2.1) (== netcoreapp3.1) (== netstandard2.0)
      System.Resources.ResourceManager (>= 4.3) - restriction: || (&& (== net47) (< net45) (>= netstandard1.6)) (&& (== net472) (< net45)) (&& (== net48) (< net45)) (== netcoreapp2.1) (== netcoreapp3.1) (== netstandard2.0)
      System.Runtime (>= 4.3) - restriction: || (&& (== net47) (< net45)) (&& (== net472) (< net45)) (&& (== net48) (< net45)) (== netcoreapp2.1) (== netcoreapp3.1) (== netstandard2.0)
      System.Runtime.Extensions (>= 4.3) - restriction: || (&& (== net47) (< net45) (>= netstandard1.6)) (&& (== net472) (< net45)) (&& (== net48) (< net45)) (== netcoreapp2.1) (== netcoreapp3.1) (== netstandard2.0)
    System.Linq.Expressions (4.3) - restriction: || (&& (== net47) (>= netcoreapp2.1)) (&& (== net472) (>= netcoreapp2.1)) (&& (== net48) (>= netcoreapp2.1)) (== netcoreapp2.1) (== netcoreapp3.1) (&& (== netstandard2.0) (>= netcoreapp2.1))
      System.Collections (>= 4.3) - restriction: || (&& (== net47) (< net45) (>= netstandard1.6)) (&& (== net472) (< net45)) (&& (== net48) (< net45)) (== netcoreapp2.1) (== netcoreapp3.1) (== netstandard2.0)
      System.Diagnostics.Debug (>= 4.3) - restriction: || (&& (== net47) (< net45) (>= netstandard1.6)) (&& (== net472) (< net45)) (&& (== net48) (< net45)) (== netcoreapp2.1) (== netcoreapp3.1) (== netstandard2.0)
      System.Globalization (>= 4.3) - restriction: || (&& (== net47) (< net45) (>= netstandard1.6)) (&& (== net472) (< net45)) (&& (== net48) (< net45)) (== netcoreapp2.1) (== netcoreapp3.1) (== netstandard2.0)
      System.IO (>= 4.3) - restriction: || (&& (== net47) (< net45) (>= netstandard1.6)) (&& (== net472) (< net45)) (&& (== net48) (< net45)) (== netcoreapp2.1) (== netcoreapp3.1) (== netstandard2.0)
      System.Linq (>= 4.3) - restriction: || (&& (== net47) (< net45) (>= netstandard1.6)) (&& (== net472) (< net45)) (&& (== net48) (< net45)) (== netcoreapp2.1) (== netcoreapp3.1) (== netstandard2.0)
      System.ObjectModel (>= 4.3) - restriction: || (&& (== net47) (< net45) (>= netstandard1.6)) (&& (== net472) (< net45)) (&& (== net48) (< net45)) (== netcoreapp2.1) (== netcoreapp3.1) (== netstandard2.0)
      System.Reflection (>= 4.3) - restriction: || (&& (== net47) (< net45)) (&& (== net472) (< net45)) (&& (== net48) (< net45)) (== netcoreapp2.1) (== netcoreapp3.1) (== netstandard2.0)
      System.Reflection.Emit (>= 4.3) - restriction: || (&& (== net47) (< net45) (>= netstandard1.6)) (&& (== net472) (< net45)) (&& (== net48) (< net45)) (== netcoreapp2.1) (== netcoreapp3.1) (== netstandard2.0)
      System.Reflection.Emit.ILGeneration (>= 4.3) - restriction: || (&& (== net47) (< net45) (>= netstandard1.6)) (&& (== net472) (< net45)) (&& (== net48) (< net45)) (== netcoreapp2.1) (== netcoreapp3.1) (== netstandard2.0)
      System.Reflection.Emit.Lightweight (>= 4.3) - restriction: || (&& (== net47) (< net45) (>= netstandard1.6)) (&& (== net472) (< net45)) (&& (== net48) (< net45)) (== netcoreapp2.1) (== netcoreapp3.1) (== netstandard2.0)
      System.Reflection.Extensions (>= 4.3) - restriction: || (&& (== net47) (< net45) (>= netstandard1.6)) (&& (== net472) (< net45)) (&& (== net48) (< net45)) (== netcoreapp2.1) (== netcoreapp3.1) (== netstandard2.0)
      System.Reflection.Primitives (>= 4.3) - restriction: || (&& (== net47) (< net45) (>= netstandard1.6)) (&& (== net472) (< net45)) (&& (== net48) (< net45)) (== netcoreapp2.1) (== netcoreapp3.1) (== netstandard2.0)
      System.Reflection.TypeExtensions (>= 4.3) - restriction: || (&& (== net47) (< net45) (>= netstandard1.6)) (&& (== net472) (< net45)) (&& (== net48) (< net45)) (== netcoreapp2.1) (== netcoreapp3.1) (== netstandard2.0)
      System.Resources.ResourceManager (>= 4.3) - restriction: || (&& (== net47) (< net45) (>= netstandard1.6)) (&& (== net472) (< net45)) (&& (== net48) (< net45)) (== netcoreapp2.1) (== netcoreapp3.1) (== netstandard2.0)
      System.Runtime (>= 4.3) - restriction: || (&& (== net47) (< net45)) (&& (== net472) (< net45)) (&& (== net48) (< net45)) (== netcoreapp2.1) (== netcoreapp3.1) (== netstandard2.0)
      System.Runtime.Extensions (>= 4.3) - restriction: || (&& (== net47) (< net45) (>= netstandard1.6)) (&& (== net472) (< net45)) (&& (== net48) (< net45)) (== netcoreapp2.1) (== netcoreapp3.1) (== netstandard2.0)
      System.Threading (>= 4.3) - restriction: || (&& (== net47) (< net45) (>= netstandard1.6)) (&& (== net472) (< net45)) (&& (== net48) (< net45)) (== netcoreapp2.1) (== netcoreapp3.1) (== netstandard2.0)
    System.Linq.Queryable (4.3) - restriction: || (&& (== net47) (>= netcoreapp2.1)) (&& (== net472) (>= netcoreapp2.1)) (&& (== net48) (>= netcoreapp2.1)) (== netcoreapp2.1) (== netcoreapp3.1) (&& (== netstandard2.0) (>= netcoreapp2.1))
      System.Collections (>= 4.3) - restriction: || (&& (== net47) (< net45)) (&& (== net472) (< net45)) (&& (== net48) (< net45)) (== netcoreapp2.1) (== netcoreapp3.1) (== netstandard2.0)
      System.Diagnostics.Debug (>= 4.3) - restriction: || (&& (== net47) (< net45)) (&& (== net472) (< net45)) (&& (== net48) (< net45)) (== netcoreapp2.1) (== netcoreapp3.1) (== netstandard2.0)
      System.Linq (>= 4.3) - restriction: || (&& (== net47) (< net45)) (&& (== net472) (< net45)) (&& (== net48) (< net45)) (== netcoreapp2.1) (== netcoreapp3.1) (== netstandard2.0)
      System.Linq.Expressions (>= 4.3) - restriction: || (&& (== net47) (< net45)) (&& (== net472) (< net45)) (&& (== net48) (< net45)) (== netcoreapp2.1) (== netcoreapp3.1) (== netstandard2.0)
      System.Reflection (>= 4.3) - restriction: || (&& (== net47) (< net45)) (&& (== net472) (< net45)) (&& (== net48) (< net45)) (== netcoreapp2.1) (== netcoreapp3.1) (== netstandard2.0)
      System.Reflection.Extensions (>= 4.3) - restriction: || (&& (== net47) (< net45)) (&& (== net472) (< net45)) (&& (== net48) (< net45)) (== netcoreapp2.1) (== netcoreapp3.1) (== netstandard2.0)
      System.Resources.ResourceManager (>= 4.3) - restriction: || (&& (== net47) (< net45)) (&& (== net472) (< net45)) (&& (== net48) (< net45)) (== netcoreapp2.1) (== netcoreapp3.1) (== netstandard2.0)
      System.Runtime (>= 4.3) - restriction: || (&& (== net47) (< net45)) (&& (== net472) (< net45)) (&& (== net48) (< net45)) (== netcoreapp2.1) (== netcoreapp3.1) (== netstandard2.0)
    System.Management (4.5) - restriction: || (&& (== net47) (>= netstandard2.0)) (== net472) (== net48) (== netcoreapp2.1) (== netcoreapp3.1) (== netstandard2.0)
      Microsoft.NETCore.Platforms (>= 2.0) - restriction: || (&& (== net47) (>= netcoreapp2.0)) (&& (== net472) (>= netcoreapp2.0)) (&& (== net48) (>= netcoreapp2.0)) (== netcoreapp2.1) (== netcoreapp3.1) (&& (== netstandard2.0) (>= netcoreapp2.0))
      Microsoft.Win32.Registry (>= 4.5) - restriction: || (&& (== net47) (>= netcoreapp2.0)) (&& (== net472) (>= netcoreapp2.0)) (&& (== net48) (>= netcoreapp2.0)) (== netcoreapp2.1) (== netcoreapp3.1) (&& (== netstandard2.0) (>= netcoreapp2.0))
      System.CodeDom (>= 4.5) - restriction: || (&& (== net47) (< net45) (>= netstandard2.0)) (&& (== net47) (>= netcoreapp2.0)) (&& (== net472) (< net45)) (&& (== net472) (>= netcoreapp2.0)) (&& (== net48) (< net45)) (&& (== net48) (>= netcoreapp2.0)) (== netcoreapp2.1) (== netcoreapp3.1) (== netstandard2.0)
    System.Memory (4.5.3) - restriction: || (&& (== net47) (>= netcoreapp2.0)) (&& (== net47) (>= netcoreapp2.1)) (&& (== net47) (>= netstandard2.0)) (== net472) (== net48) (== netcoreapp2.1) (== netcoreapp3.1) (== netstandard2.0)
    System.Net.Http (4.3.4) - restriction: || (&& (== net47) (>= netcoreapp2.1)) (&& (== net472) (>= netcoreapp2.1)) (&& (== net48) (>= netcoreapp2.1)) (== netcoreapp2.1) (== netcoreapp3.1) (&& (== netstandard2.0) (>= netcoreapp2.1))
      Microsoft.NETCore.Platforms (>= 1.1.1) - restriction: || (&& (== net47) (< net45)) (&& (== net472) (< net45)) (&& (== net48) (< net45)) (== netcoreapp2.1) (== netcoreapp3.1) (== netstandard2.0)
      runtime.native.System (>= 4.3) - restriction: || (&& (== net47) (< net45) (>= netstandard1.6)) (&& (== net472) (< net45)) (&& (== net48) (< net45)) (== netcoreapp2.1) (== netcoreapp3.1) (== netstandard2.0)
      runtime.native.System.Net.Http (>= 4.3) - restriction: || (&& (== net47) (< net45) (>= netstandard1.6)) (&& (== net472) (< net45)) (&& (== net48) (< net45)) (== netcoreapp2.1) (== netcoreapp3.1) (== netstandard2.0)
      runtime.native.System.Security.Cryptography.OpenSsl (>= 4.3.2) - restriction: || (&& (== net47) (< net45) (>= netstandard1.6)) (&& (== net472) (< net45)) (&& (== net48) (< net45)) (== netcoreapp2.1) (== netcoreapp3.1) (== netstandard2.0)
      System.Collections (>= 4.3) - restriction: || (&& (== net47) (< net45)) (&& (== net472) (< net45)) (&& (== net48) (< net45)) (== netcoreapp2.1) (== netcoreapp3.1) (== netstandard2.0)
      System.Diagnostics.Debug (>= 4.3) - restriction: || (&& (== net47) (< net45)) (&& (== net472) (< net45)) (&& (== net48) (< net45)) (== netcoreapp2.1) (== netcoreapp3.1) (== netstandard2.0)
      System.Diagnostics.DiagnosticSource (>= 4.3) - restriction: || (&& (== net47) (< net45)) (&& (== net472) (< net45)) (&& (== net48) (< net45)) (== netcoreapp2.1) (== netcoreapp3.1) (== netstandard2.0)
      System.Diagnostics.Tracing (>= 4.3) - restriction: || (&& (== net47) (< net45)) (&& (== net472) (< net45)) (&& (== net48) (< net45)) (== netcoreapp2.1) (== netcoreapp3.1) (== netstandard2.0)
      System.Globalization (>= 4.3) - restriction: || (&& (== net47) (< net45)) (&& (== net472) (< net45)) (&& (== net48) (< net45)) (== netcoreapp2.1) (== netcoreapp3.1) (== netstandard2.0)
      System.Globalization.Extensions (>= 4.3) - restriction: || (&& (== net47) (< net45) (>= netstandard1.6)) (&& (== net472) (< net45)) (&& (== net48) (< net45)) (== netcoreapp2.1) (== netcoreapp3.1) (== netstandard2.0)
      System.IO (>= 4.3) - restriction: || (&& (== net47) (< net45)) (&& (== net472) (< net45)) (&& (== net48) (< net45)) (== netcoreapp2.1) (== netcoreapp3.1) (== netstandard2.0)
      System.IO.FileSystem (>= 4.3) - restriction: || (&& (== net47) (< net45) (>= netstandard1.6)) (&& (== net472) (< net45)) (&& (== net48) (< net45)) (== netcoreapp2.1) (== netcoreapp3.1) (== netstandard2.0)
      System.Net.Primitives (>= 4.3) - restriction: || (&& (== net47) (< net45)) (&& (== net472) (< net45)) (&& (== net48) (< net45)) (== netcoreapp2.1) (== netcoreapp3.1) (== netstandard2.0)
      System.Resources.ResourceManager (>= 4.3) - restriction: || (&& (== net47) (< net45)) (&& (== net472) (< net45)) (&& (== net48) (< net45)) (== netcoreapp2.1) (== netcoreapp3.1) (== netstandard2.0)
      System.Runtime (>= 4.3) - restriction: || (&& (== net47) (< net45)) (&& (== net472) (< net45)) (&& (== net48) (< net45)) (== netcoreapp2.1) (== netcoreapp3.1) (== netstandard2.0)
      System.Runtime.Extensions (>= 4.3) - restriction: || (&& (== net47) (< net45)) (&& (== net472) (< net45)) (&& (== net48) (< net45)) (== netcoreapp2.1) (== netcoreapp3.1) (== netstandard2.0)
      System.Runtime.Handles (>= 4.3) - restriction: || (&& (== net47) (< net45)) (&& (== net472) (< net45)) (&& (== net48) (< net45)) (== netcoreapp2.1) (== netcoreapp3.1) (== netstandard2.0)
      System.Runtime.InteropServices (>= 4.3) - restriction: || (&& (== net47) (< net45)) (&& (== net472) (< net45)) (&& (== net48) (< net45)) (== netcoreapp2.1) (== netcoreapp3.1) (== netstandard2.0)
      System.Security.Cryptography.Algorithms (>= 4.3) - restriction: || (&& (== net47) (< net45) (>= netstandard1.6)) (&& (== net472) (< net45)) (&& (== net48) (< net45)) (== netcoreapp2.1) (== netcoreapp3.1) (== netstandard2.0)
      System.Security.Cryptography.Encoding (>= 4.3) - restriction: || (&& (== net47) (< net45)) (&& (== net472) (< net45)) (&& (== net48) (< net45)) (== netcoreapp2.1) (== netcoreapp3.1) (== netstandard2.0)
      System.Security.Cryptography.OpenSsl (>= 4.3) - restriction: || (&& (== net47) (< net45) (>= netstandard1.6)) (&& (== net472) (< net45)) (&& (== net48) (< net45)) (== netcoreapp2.1) (== netcoreapp3.1) (== netstandard2.0)
      System.Security.Cryptography.Primitives (>= 4.3) - restriction: || (&& (== net47) (< net45) (>= netstandard1.6)) (&& (== net472) (< net45)) (&& (== net48) (< net45)) (== netcoreapp2.1) (== netcoreapp3.1) (== netstandard2.0)
      System.Security.Cryptography.X509Certificates (>= 4.3)
      System.Text.Encoding (>= 4.3) - restriction: || (&& (== net47) (< net45)) (&& (== net472) (< net45)) (&& (== net48) (< net45)) (== netcoreapp2.1) (== netcoreapp3.1) (== netstandard2.0)
      System.Threading (>= 4.3) - restriction: || (&& (== net47) (< net45)) (&& (== net472) (< net45)) (&& (== net48) (< net45)) (== netcoreapp2.1) (== netcoreapp3.1) (== netstandard2.0)
      System.Threading.Tasks (>= 4.3) - restriction: || (&& (== net47) (< net45)) (&& (== net472) (< net45)) (&& (== net48) (< net45)) (== netcoreapp2.1) (== netcoreapp3.1) (== netstandard2.0)
    System.Net.NameResolution (4.3) - restriction: || (&& (== net47) (>= netcoreapp2.1)) (&& (== net472) (>= netcoreapp2.1)) (&& (== net48) (>= netcoreapp2.1)) (== netcoreapp2.1) (== netcoreapp3.1) (&& (== netstandard2.0) (>= netcoreapp2.1))
      Microsoft.NETCore.Platforms (>= 1.1) - restriction: || (&& (== net47) (< net46)) (&& (== net472) (< net46)) (&& (== net48) (< net46)) (== netcoreapp2.1) (== netcoreapp3.1) (== netstandard2.0)
      runtime.native.System (>= 4.3) - restriction: || (&& (== net47) (< net46)) (&& (== net472) (< net46)) (&& (== net48) (< net46)) (== netcoreapp2.1) (== netcoreapp3.1) (== netstandard2.0)
      System.Collections (>= 4.3) - restriction: || (&& (== net47) (< net46)) (&& (== net472) (< net46)) (&& (== net48) (< net46)) (== netcoreapp2.1) (== netcoreapp3.1) (== netstandard2.0)
      System.Diagnostics.Tracing (>= 4.3) - restriction: || (&& (== net47) (< net46)) (&& (== net472) (< net46)) (&& (== net48) (< net46)) (== netcoreapp2.1) (== netcoreapp3.1) (== netstandard2.0)
      System.Globalization (>= 4.3) - restriction: || (&& (== net47) (< net46)) (&& (== net472) (< net46)) (&& (== net48) (< net46)) (== netcoreapp2.1) (== netcoreapp3.1) (== netstandard2.0)
      System.Net.Primitives (>= 4.3) - restriction: || (&& (== net47) (< net46)) (&& (== net472) (< net46)) (&& (== net48) (< net46)) (== netcoreapp2.1) (== netcoreapp3.1) (== netstandard2.0)
      System.Resources.ResourceManager (>= 4.3) - restriction: || (&& (== net47) (< net46)) (&& (== net472) (< net46)) (&& (== net48) (< net46)) (== netcoreapp2.1) (== netcoreapp3.1) (== netstandard2.0)
      System.Runtime (>= 4.3) - restriction: || (&& (== net47) (< net46)) (&& (== net472) (< net46)) (&& (== net48) (< net46)) (== netcoreapp2.1) (== netcoreapp3.1) (== netstandard2.0)
      System.Runtime.Extensions (>= 4.3) - restriction: || (&& (== net47) (< net46)) (&& (== net472) (< net46)) (&& (== net48) (< net46)) (== netcoreapp2.1) (== netcoreapp3.1) (== netstandard2.0)
      System.Runtime.Handles (>= 4.3) - restriction: || (&& (== net47) (< net46)) (&& (== net472) (< net46)) (&& (== net48) (< net46)) (== netcoreapp2.1) (== netcoreapp3.1) (== netstandard2.0)
      System.Runtime.InteropServices (>= 4.3) - restriction: || (&& (== net47) (< net46)) (&& (== net472) (< net46)) (&& (== net48) (< net46)) (== netcoreapp2.1) (== netcoreapp3.1) (== netstandard2.0)
      System.Security.Principal.Windows (>= 4.3) - restriction: || (&& (== net47) (< net46)) (&& (== net472) (< net46)) (&& (== net48) (< net46)) (== netcoreapp2.1) (== netcoreapp3.1) (== netstandard2.0)
      System.Threading (>= 4.3) - restriction: || (&& (== net47) (< net46)) (&& (== net472) (< net46)) (&& (== net48) (< net46)) (== netcoreapp2.1) (== netcoreapp3.1) (== netstandard2.0)
      System.Threading.Tasks (>= 4.3) - restriction: || (&& (== net47) (< net46)) (&& (== net472) (< net46)) (&& (== net48) (< net46)) (== netcoreapp2.1) (== netcoreapp3.1) (== netstandard2.0)
    System.Net.NetworkInformation (4.3) - restriction: || (&& (== net47) (>= netcoreapp2.1)) (&& (== net472) (>= netcoreapp2.1)) (&& (== net48) (>= netcoreapp2.1)) (== netcoreapp2.1) (== netcoreapp3.1) (&& (== netstandard2.0) (>= netcoreapp2.1))
      Microsoft.NETCore.Platforms (>= 1.1) - restriction: || (&& (== net47) (< net45)) (&& (== net472) (< net45)) (&& (== net48) (< net45)) (== netcoreapp2.1) (== netcoreapp3.1) (== netstandard2.0)
      Microsoft.Win32.Primitives (>= 4.3) - restriction: || (&& (== net47) (< net45)) (&& (== net472) (< net45)) (&& (== net48) (< net45)) (== netcoreapp2.1) (== netcoreapp3.1) (== netstandard2.0)
      runtime.native.System (>= 4.3) - restriction: || (&& (== net47) (< net45)) (&& (== net472) (< net45)) (&& (== net48) (< net45)) (== netcoreapp2.1) (== netcoreapp3.1) (== netstandard2.0)
      System.Collections (>= 4.3) - restriction: || (&& (== net47) (< net45)) (&& (== net472) (< net45)) (&& (== net48) (< net45)) (== netcoreapp2.1) (== netcoreapp3.1) (== netstandard2.0)
      System.Diagnostics.Tracing (>= 4.3) - restriction: || (&& (== net47) (< net45)) (&& (== net472) (< net45)) (&& (== net48) (< net45)) (== netcoreapp2.1) (== netcoreapp3.1) (== netstandard2.0)
      System.Globalization (>= 4.3) - restriction: || (&& (== net47) (< net45)) (&& (== net472) (< net45)) (&& (== net48) (< net45)) (== netcoreapp2.1) (== netcoreapp3.1) (== netstandard2.0)
      System.IO (>= 4.3) - restriction: || (&& (== net47) (< net45)) (&& (== net472) (< net45)) (&& (== net48) (< net45)) (== netcoreapp2.1) (== netcoreapp3.1) (== netstandard2.0)
      System.IO.FileSystem (>= 4.3) - restriction: || (&& (== net47) (< net45)) (&& (== net472) (< net45)) (&& (== net48) (< net45)) (== netcoreapp2.1) (== netcoreapp3.1) (== netstandard2.0)
      System.IO.FileSystem.Primitives (>= 4.3) - restriction: || (&& (== net47) (< net45)) (&& (== net472) (< net45)) (&& (== net48) (< net45)) (== netcoreapp2.1) (== netcoreapp3.1) (== netstandard2.0)
      System.Linq (>= 4.3) - restriction: || (&& (== net47) (< net45)) (&& (== net472) (< net45)) (&& (== net48) (< net45)) (== netcoreapp2.1) (== netcoreapp3.1) (== netstandard2.0)
      System.Net.Primitives (>= 4.3) - restriction: || (&& (== net47) (< net45)) (&& (== net472) (< net45)) (&& (== net48) (< net45)) (== netcoreapp2.1) (== netcoreapp3.1) (== netstandard2.0)
      System.Net.Sockets (>= 4.3) - restriction: || (&& (== net47) (< net45)) (&& (== net472) (< net45)) (&& (== net48) (< net45)) (== netcoreapp2.1) (== netcoreapp3.1) (== netstandard2.0)
      System.Resources.ResourceManager (>= 4.3) - restriction: || (&& (== net47) (< net45)) (&& (== net472) (< net45)) (&& (== net48) (< net45)) (== netcoreapp2.1) (== netcoreapp3.1) (== netstandard2.0)
      System.Runtime (>= 4.3) - restriction: || (&& (== net47) (< net45)) (&& (== net472) (< net45)) (&& (== net48) (< net45)) (== netcoreapp2.1) (== netcoreapp3.1) (== netstandard2.0)
      System.Runtime.Extensions (>= 4.3) - restriction: || (&& (== net47) (< net45)) (&& (== net472) (< net45)) (&& (== net48) (< net45)) (== netcoreapp2.1) (== netcoreapp3.1) (== netstandard2.0)
      System.Runtime.Handles (>= 4.3) - restriction: || (&& (== net47) (< net45)) (&& (== net472) (< net45)) (&& (== net48) (< net45)) (== netcoreapp2.1) (== netcoreapp3.1) (== netstandard2.0)
      System.Runtime.InteropServices (>= 4.3) - restriction: || (&& (== net47) (< net45)) (&& (== net472) (< net45)) (&& (== net48) (< net45)) (== netcoreapp2.1) (== netcoreapp3.1) (== netstandard2.0)
      System.Security.Principal.Windows (>= 4.3) - restriction: || (&& (== net47) (< net45)) (&& (== net472) (< net45)) (&& (== net48) (< net45)) (== netcoreapp2.1) (== netcoreapp3.1) (== netstandard2.0)
      System.Threading (>= 4.3) - restriction: || (&& (== net47) (< net45)) (&& (== net472) (< net45)) (&& (== net48) (< net45)) (== netcoreapp2.1) (== netcoreapp3.1) (== netstandard2.0)
      System.Threading.Overlapped (>= 4.3) - restriction: || (&& (== net47) (< net45)) (&& (== net472) (< net45)) (&& (== net48) (< net45)) (== netcoreapp2.1) (== netcoreapp3.1) (== netstandard2.0)
      System.Threading.Tasks (>= 4.3) - restriction: || (&& (== net47) (< net45)) (&& (== net472) (< net45)) (&& (== net48) (< net45)) (== netcoreapp2.1) (== netcoreapp3.1) (== netstandard2.0)
      System.Threading.Thread (>= 4.3) - restriction: || (&& (== net47) (< net45)) (&& (== net472) (< net45)) (&& (== net48) (< net45)) (== netcoreapp2.1) (== netcoreapp3.1) (== netstandard2.0)
      System.Threading.ThreadPool (>= 4.3) - restriction: || (&& (== net47) (< net45)) (&& (== net472) (< net45)) (&& (== net48) (< net45)) (== netcoreapp2.1) (== netcoreapp3.1) (== netstandard2.0)
    System.Net.Primitives (4.3.1) - restriction: || (&& (== net47) (>= netcoreapp2.1)) (&& (== net472) (>= netcoreapp2.1)) (&& (== net48) (>= netcoreapp2.1)) (== netcoreapp2.1) (== netcoreapp3.1) (&& (== netstandard2.0) (>= netcoreapp2.1))
      Microsoft.NETCore.Platforms (>= 1.1.1) - restriction: || (&& (== net47) (< net45)) (&& (== net47) (< netstandard1.1)) (&& (== net472) (< net45)) (&& (== net472) (< netstandard1.1)) (&& (== net48) (< net45)) (&& (== net48) (< netstandard1.1)) (== netcoreapp2.1) (== netcoreapp3.1) (== netstandard2.0)
      Microsoft.NETCore.Targets (>= 1.1.3) - restriction: || (&& (== net47) (< net45)) (&& (== net47) (< netstandard1.1)) (&& (== net472) (< net45)) (&& (== net472) (< netstandard1.1)) (&& (== net48) (< net45)) (&& (== net48) (< netstandard1.1)) (== netcoreapp2.1) (== netcoreapp3.1) (== netstandard2.0)
      System.Runtime (>= 4.3.1) - restriction: || (&& (== net47) (< net45)) (&& (== net47) (< netstandard1.1)) (&& (== net472) (< net45)) (&& (== net472) (< netstandard1.1)) (&& (== net48) (< net45)) (&& (== net48) (< netstandard1.1)) (== netcoreapp2.1) (== netcoreapp3.1) (== netstandard2.0)
      System.Runtime.Handles (>= 4.3) - restriction: || (&& (== net47) (< net45)) (&& (== net472) (< net45)) (&& (== net48) (< net45)) (== netcoreapp2.1) (== netcoreapp3.1) (== netstandard2.0)
    System.Net.Requests (4.3) - restriction: || (&& (== net47) (>= netcoreapp2.1)) (&& (== net472) (>= netcoreapp2.1)) (&& (== net48) (>= netcoreapp2.1)) (== netcoreapp2.1) (== netcoreapp3.1) (&& (== netstandard2.0) (>= netcoreapp2.1))
      Microsoft.NETCore.Platforms (>= 1.1) - restriction: || (&& (== net47) (< net45)) (&& (== net472) (< net45)) (&& (== net48) (< net45)) (== netcoreapp2.1) (== netcoreapp3.1) (== netstandard2.0)
      System.Collections (>= 4.3) - restriction: || (&& (== net47) (< net45)) (&& (== net472) (< net45)) (&& (== net48) (< net45)) (== netcoreapp2.1) (== netcoreapp3.1) (== netstandard2.0)
      System.Diagnostics.Debug (>= 4.3) - restriction: || (&& (== net47) (< net45)) (&& (== net472) (< net45)) (&& (== net48) (< net45)) (== netcoreapp2.1) (== netcoreapp3.1) (== netstandard2.0)
      System.Diagnostics.Tracing (>= 4.3) - restriction: || (&& (== net47) (< net45)) (&& (== net472) (< net45)) (&& (== net48) (< net45)) (== netcoreapp2.1) (== netcoreapp3.1) (== netstandard2.0)
      System.Globalization (>= 4.3) - restriction: || (&& (== net47) (< net45)) (&& (== net472) (< net45)) (&& (== net48) (< net45)) (== netcoreapp2.1) (== netcoreapp3.1) (== netstandard2.0)
      System.IO (>= 4.3) - restriction: || (&& (== net47) (< net45)) (&& (== net47) (< netstandard1.1)) (&& (== net472) (< net45)) (&& (== net472) (< netstandard1.1)) (&& (== net48) (< net45)) (&& (== net48) (< netstandard1.1)) (== netcoreapp2.1) (== netcoreapp3.1) (== netstandard2.0)
      System.Net.Http (>= 4.3) - restriction: || (&& (== net47) (< net45)) (&& (== net472) (< net45)) (&& (== net48) (< net45)) (== netcoreapp2.1) (== netcoreapp3.1) (== netstandard2.0)
      System.Net.Primitives (>= 4.3) - restriction: || (&& (== net47) (< net45)) (&& (== net47) (< netstandard1.1)) (&& (== net472) (< net45)) (&& (== net472) (< netstandard1.1)) (&& (== net48) (< net45)) (&& (== net48) (< netstandard1.1)) (== netcoreapp2.1) (== netcoreapp3.1) (== netstandard2.0)
      System.Net.WebHeaderCollection (>= 4.3) - restriction: || (&& (== net47) (< net45)) (&& (== net472) (< net45)) (&& (== net48) (< net45)) (== netcoreapp2.1) (== netcoreapp3.1) (== netstandard2.0)
      System.Resources.ResourceManager (>= 4.3) - restriction: || (&& (== net47) (< net45)) (&& (== net472) (< net45)) (&& (== net48) (< net45)) (== netcoreapp2.1) (== netcoreapp3.1) (== netstandard2.0)
      System.Runtime (>= 4.3) - restriction: || (&& (== net47) (< net45)) (&& (== net47) (< netstandard1.1)) (&& (== net472) (< net45)) (&& (== net472) (< netstandard1.1)) (&& (== net48) (< net45)) (&& (== net48) (< netstandard1.1)) (== netcoreapp2.1) (== netcoreapp3.1) (== netstandard2.0)
      System.Threading (>= 4.3) - restriction: || (&& (== net47) (< net45)) (&& (== net472) (< net45)) (&& (== net48) (< net45)) (== netcoreapp2.1) (== netcoreapp3.1) (== netstandard2.0)
      System.Threading.Tasks (>= 4.3) - restriction: || (&& (== net47) (< net45)) (&& (== net472) (< net45)) (&& (== net48) (< net45)) (== netcoreapp2.1) (== netcoreapp3.1) (== netstandard2.0)
    System.Net.Security (4.3.2) - restriction: || (&& (== net47) (>= netcoreapp2.1)) (&& (== net472) (>= netcoreapp2.1)) (&& (== net48) (>= netcoreapp2.1)) (== netcoreapp2.1) (== netcoreapp3.1) (&& (== netstandard2.0) (>= netcoreapp2.1))
      Microsoft.NETCore.Platforms (>= 1.1) - restriction: || (&& (== net47) (< net46)) (&& (== net472) (< net46)) (&& (== net48) (< net46)) (== netcoreapp2.1) (== netcoreapp3.1) (== netstandard2.0)
      Microsoft.Win32.Primitives (>= 4.3) - restriction: || (&& (== net47) (< net46)) (&& (== net472) (< net46)) (&& (== net48) (< net46)) (== netcoreapp2.1) (== netcoreapp3.1) (== netstandard2.0)
      runtime.native.System (>= 4.3) - restriction: || (&& (== net47) (< net46) (>= netstandard1.6)) (&& (== net472) (< net46)) (&& (== net48) (< net46)) (== netcoreapp2.1) (== netcoreapp3.1) (== netstandard2.0)
      runtime.native.System.Net.Security (>= 4.3) - restriction: || (&& (== net47) (< net46) (>= netstandard1.6)) (&& (== net472) (< net46)) (&& (== net48) (< net46)) (== netcoreapp2.1) (== netcoreapp3.1) (== netstandard2.0)
      runtime.native.System.Security.Cryptography.OpenSsl (>= 4.3.2) - restriction: || (&& (== net47) (< net46) (>= netstandard1.6)) (&& (== net472) (< net46)) (&& (== net48) (< net46)) (== netcoreapp2.1) (== netcoreapp3.1) (== netstandard2.0)
      System.Collections (>= 4.3) - restriction: || (&& (== net47) (< net46)) (&& (== net472) (< net46)) (&& (== net48) (< net46)) (== netcoreapp2.1) (== netcoreapp3.1) (== netstandard2.0)
      System.Collections.Concurrent (>= 4.3) - restriction: || (&& (== net47) (< net46)) (&& (== net472) (< net46)) (&& (== net48) (< net46)) (== netcoreapp2.1) (== netcoreapp3.1) (== netstandard2.0)
      System.Diagnostics.Tracing (>= 4.3) - restriction: || (&& (== net47) (< net46)) (&& (== net472) (< net46)) (&& (== net48) (< net46)) (== netcoreapp2.1) (== netcoreapp3.1) (== netstandard2.0)
      System.Globalization (>= 4.3) - restriction: || (&& (== net47) (< net46)) (&& (== net472) (< net46)) (&& (== net48) (< net46)) (== netcoreapp2.1) (== netcoreapp3.1) (== netstandard2.0)
      System.Globalization.Extensions (>= 4.3) - restriction: || (&& (== net47) (< net46) (>= netstandard1.6)) (&& (== net472) (< net46)) (&& (== net48) (< net46)) (== netcoreapp2.1) (== netcoreapp3.1) (== netstandard2.0)
      System.IO (>= 4.3) - restriction: || (&& (== net47) (< net46)) (&& (== net472) (< net46)) (&& (== net48) (< net46)) (== netcoreapp2.1) (== netcoreapp3.1) (== netstandard2.0)
      System.Net.Primitives (>= 4.3) - restriction: || (&& (== net47) (< net46)) (&& (== net472) (< net46)) (&& (== net48) (< net46)) (== netcoreapp2.1) (== netcoreapp3.1) (== netstandard2.0)
      System.Resources.ResourceManager (>= 4.3) - restriction: || (&& (== net47) (< net46)) (&& (== net472) (< net46)) (&& (== net48) (< net46)) (== netcoreapp2.1) (== netcoreapp3.1) (== netstandard2.0)
      System.Runtime (>= 4.3) - restriction: || (&& (== net47) (< net46)) (&& (== net472) (< net46)) (&& (== net48) (< net46)) (== netcoreapp2.1) (== netcoreapp3.1) (== netstandard2.0)
      System.Runtime.Extensions (>= 4.3) - restriction: || (&& (== net47) (< net46)) (&& (== net472) (< net46)) (&& (== net48) (< net46)) (== netcoreapp2.1) (== netcoreapp3.1) (== netstandard2.0)
      System.Runtime.Handles (>= 4.3) - restriction: || (&& (== net47) (< net46)) (&& (== net472) (< net46)) (&& (== net48) (< net46)) (== netcoreapp2.1) (== netcoreapp3.1) (== netstandard2.0)
      System.Runtime.InteropServices (>= 4.3) - restriction: || (&& (== net47) (< net46)) (&& (== net472) (< net46)) (&& (== net48) (< net46)) (== netcoreapp2.1) (== netcoreapp3.1) (== netstandard2.0)
      System.Security.Claims (>= 4.3) - restriction: || (&& (== net47) (< net46)) (&& (== net472) (< net46)) (&& (== net48) (< net46)) (== netcoreapp2.1) (== netcoreapp3.1) (== netstandard2.0)
      System.Security.Cryptography.Algorithms (>= 4.3) - restriction: || (&& (== net47) (< net46) (>= netstandard1.6)) (&& (== net472) (< net46)) (&& (== net48) (< net46)) (== netcoreapp2.1) (== netcoreapp3.1) (== netstandard2.0)
      System.Security.Cryptography.Encoding (>= 4.3) - restriction: || (&& (== net47) (< net46)) (&& (== net472) (< net46)) (&& (== net48) (< net46)) (== netcoreapp2.1) (== netcoreapp3.1) (== netstandard2.0)
      System.Security.Cryptography.OpenSsl (>= 4.3) - restriction: || (&& (== net47) (< net46) (>= netstandard1.6)) (&& (== net472) (< net46)) (&& (== net48) (< net46)) (== netcoreapp2.1) (== netcoreapp3.1) (== netstandard2.0)
      System.Security.Cryptography.Primitives (>= 4.3) - restriction: || (&& (== net47) (< net46)) (&& (== net472) (< net46)) (&& (== net48) (< net46)) (== netcoreapp2.1) (== netcoreapp3.1) (== netstandard2.0)
      System.Security.Cryptography.X509Certificates (>= 4.3)
      System.Security.Principal (>= 4.3) - restriction: || (&& (== net47) (< net46)) (&& (== net472) (< net46)) (&& (== net48) (< net46)) (== netcoreapp2.1) (== netcoreapp3.1) (== netstandard2.0)
      System.Text.Encoding (>= 4.3) - restriction: || (&& (== net47) (< net46) (>= netstandard1.6)) (&& (== net472) (< net46)) (&& (== net48) (< net46)) (== netcoreapp2.1) (== netcoreapp3.1) (== netstandard2.0)
      System.Threading (>= 4.3) - restriction: || (&& (== net47) (< net46)) (&& (== net472) (< net46)) (&& (== net48) (< net46)) (== netcoreapp2.1) (== netcoreapp3.1) (== netstandard2.0)
      System.Threading.Tasks (>= 4.3) - restriction: || (&& (== net47) (< net46)) (&& (== net472) (< net46)) (&& (== net48) (< net46)) (== netcoreapp2.1) (== netcoreapp3.1) (== netstandard2.0)
      System.Threading.ThreadPool (>= 4.3) - restriction: || (&& (== net47) (< net46)) (&& (== net472) (< net46)) (&& (== net48) (< net46)) (== netcoreapp2.1) (== netcoreapp3.1) (== netstandard2.0)
    System.Net.Sockets (4.3) - restriction: || (&& (== net47) (>= netcoreapp2.1)) (&& (== net472) (>= netcoreapp2.1)) (&& (== net48) (>= netcoreapp2.1)) (== netcoreapp2.1) (== netcoreapp3.1) (&& (== netstandard2.0) (>= netcoreapp2.1))
      Microsoft.NETCore.Platforms (>= 1.1) - restriction: || (&& (== net47) (< net46)) (&& (== net472) (< net46)) (&& (== net48) (< net46)) (== netcoreapp2.1) (== netcoreapp3.1) (== netstandard2.0)
      Microsoft.NETCore.Targets (>= 1.1) - restriction: || (&& (== net47) (< net46)) (&& (== net472) (< net46)) (&& (== net48) (< net46)) (== netcoreapp2.1) (== netcoreapp3.1) (== netstandard2.0)
      System.IO (>= 4.3) - restriction: || (&& (== net47) (< net46)) (&& (== net472) (< net46)) (&& (== net48) (< net46)) (== netcoreapp2.1) (== netcoreapp3.1) (== netstandard2.0)
      System.Net.Primitives (>= 4.3) - restriction: || (&& (== net47) (< net46)) (&& (== net472) (< net46)) (&& (== net48) (< net46)) (== netcoreapp2.1) (== netcoreapp3.1) (== netstandard2.0)
      System.Runtime (>= 4.3) - restriction: || (&& (== net47) (< net46)) (&& (== net472) (< net46)) (&& (== net48) (< net46)) (== netcoreapp2.1) (== netcoreapp3.1) (== netstandard2.0)
      System.Threading.Tasks (>= 4.3) - restriction: || (&& (== net47) (< net46)) (&& (== net472) (< net46)) (&& (== net48) (< net46)) (== netcoreapp2.1) (== netcoreapp3.1) (== netstandard2.0)
    System.Net.WebHeaderCollection (4.3) - restriction: || (&& (== net47) (>= netcoreapp2.1)) (&& (== net472) (>= netcoreapp2.1)) (&& (== net48) (>= netcoreapp2.1)) (== netcoreapp2.1) (== netcoreapp3.1) (&& (== netstandard2.0) (>= netcoreapp2.1))
      System.Collections (>= 4.3) - restriction: || (&& (== net47) (< net46)) (&& (== net472) (< net46)) (&& (== net48) (< net46)) (== netcoreapp2.1) (== netcoreapp3.1) (== netstandard2.0)
      System.Resources.ResourceManager (>= 4.3) - restriction: || (&& (== net47) (< net46)) (&& (== net472) (< net46)) (&& (== net48) (< net46)) (== netcoreapp2.1) (== netcoreapp3.1) (== netstandard2.0)
      System.Runtime (>= 4.3) - restriction: || (&& (== net47) (< net46)) (&& (== net472) (< net46)) (&& (== net48) (< net46)) (== netcoreapp2.1) (== netcoreapp3.1) (== netstandard2.0)
      System.Runtime.Extensions (>= 4.3) - restriction: || (&& (== net47) (< net46)) (&& (== net472) (< net46)) (&& (== net48) (< net46)) (== netcoreapp2.1) (== netcoreapp3.1) (== netstandard2.0)
    System.Net.WebSockets.WebSocketProtocol (4.5.3) - restriction: || (&& (== net47) (>= netcoreapp2.1)) (&& (== net472) (>= netcoreapp2.1)) (&& (== net48) (>= netcoreapp2.1)) (== netcoreapp2.1) (== netcoreapp3.1) (&& (== netstandard2.0) (>= netcoreapp2.1))
    System.Numerics.Vectors (4.5) - restriction: || (&& (== net47) (>= netcoreapp2.1)) (&& (== net472) (>= netcoreapp2.1)) (&& (== net48) (>= netcoreapp2.1)) (== netcoreapp2.1) (== netcoreapp3.1) (&& (== netstandard2.0) (>= netcoreapp2.1))
    System.ObjectModel (4.3) - restriction: || (&& (== net47) (>= netcoreapp2.1)) (&& (== net472) (>= netcoreapp2.1)) (&& (== net48) (>= netcoreapp2.1)) (== netcoreapp2.1) (== netcoreapp3.1) (&& (== netstandard2.0) (>= netcoreapp2.1))
      System.Collections (>= 4.3) - restriction: || (&& (== net47) (< net45)) (&& (== net472) (< net45)) (&& (== net48) (< net45)) (== netcoreapp2.1) (== netcoreapp3.1) (== netstandard2.0)
      System.Diagnostics.Debug (>= 4.3) - restriction: || (&& (== net47) (< net45)) (&& (== net472) (< net45)) (&& (== net48) (< net45)) (== netcoreapp2.1) (== netcoreapp3.1) (== netstandard2.0)
      System.Resources.ResourceManager (>= 4.3) - restriction: || (&& (== net47) (< net45)) (&& (== net472) (< net45)) (&& (== net48) (< net45)) (== netcoreapp2.1) (== netcoreapp3.1) (== netstandard2.0)
      System.Runtime (>= 4.3) - restriction: || (&& (== net47) (< net45)) (&& (== net472) (< net45)) (&& (== net48) (< net45)) (== netcoreapp2.1) (== netcoreapp3.1) (== netstandard2.0)
      System.Threading (>= 4.3) - restriction: || (&& (== net47) (< net45)) (&& (== net472) (< net45)) (&& (== net48) (< net45)) (== netcoreapp2.1) (== netcoreapp3.1) (== netstandard2.0)
    System.Private.DataContractSerialization (4.3) - restriction: || (&& (== net47) (>= netcoreapp2.1)) (&& (== net472) (>= netcoreapp2.1)) (&& (== net48) (>= netcoreapp2.1)) (== netcoreapp2.1) (== netcoreapp3.1) (&& (== netstandard2.0) (>= netcoreapp2.1))
      System.Collections (>= 4.3) - restriction: || (&& (== net47) (< net46)) (&& (== net472) (< net46)) (&& (== net48) (< net46)) (== netcoreapp2.1) (== netcoreapp3.1) (== netstandard2.0)
      System.Collections.Concurrent (>= 4.3) - restriction: || (&& (== net47) (< net46)) (&& (== net472) (< net46)) (&& (== net48) (< net46)) (== netcoreapp2.1) (== netcoreapp3.1) (== netstandard2.0)
      System.Diagnostics.Debug (>= 4.3) - restriction: || (&& (== net47) (< net46)) (&& (== net472) (< net46)) (&& (== net48) (< net46)) (== netcoreapp2.1) (== netcoreapp3.1) (== netstandard2.0)
      System.Globalization (>= 4.3) - restriction: || (&& (== net47) (< net46)) (&& (== net472) (< net46)) (&& (== net48) (< net46)) (== netcoreapp2.1) (== netcoreapp3.1) (== netstandard2.0)
      System.IO (>= 4.3) - restriction: || (&& (== net47) (< net46)) (&& (== net472) (< net46)) (&& (== net48) (< net46)) (== netcoreapp2.1) (== netcoreapp3.1) (== netstandard2.0)
      System.Linq (>= 4.3) - restriction: || (&& (== net47) (< net46)) (&& (== net472) (< net46)) (&& (== net48) (< net46)) (== netcoreapp2.1) (== netcoreapp3.1) (== netstandard2.0)
      System.Reflection (>= 4.3) - restriction: || (&& (== net47) (< net46)) (&& (== net472) (< net46)) (&& (== net48) (< net46)) (== netcoreapp2.1) (== netcoreapp3.1) (== netstandard2.0)
      System.Reflection.Emit.ILGeneration (>= 4.3) - restriction: || (&& (== net47) (< net46)) (&& (== net472) (< net46)) (&& (== net48) (< net46)) (== netcoreapp2.1) (== netcoreapp3.1) (== netstandard2.0)
      System.Reflection.Emit.Lightweight (>= 4.3) - restriction: || (&& (== net47) (< net46)) (&& (== net472) (< net46)) (&& (== net48) (< net46)) (== netcoreapp2.1) (== netcoreapp3.1) (== netstandard2.0)
      System.Reflection.Extensions (>= 4.3) - restriction: || (&& (== net47) (< net46)) (&& (== net472) (< net46)) (&& (== net48) (< net46)) (== netcoreapp2.1) (== netcoreapp3.1) (== netstandard2.0)
      System.Reflection.Primitives (>= 4.3) - restriction: || (&& (== net47) (< net46)) (&& (== net472) (< net46)) (&& (== net48) (< net46)) (== netcoreapp2.1) (== netcoreapp3.1) (== netstandard2.0)
      System.Reflection.TypeExtensions (>= 4.3)
      System.Resources.ResourceManager (>= 4.3) - restriction: || (&& (== net47) (< net46)) (&& (== net472) (< net46)) (&& (== net48) (< net46)) (== netcoreapp2.1) (== netcoreapp3.1) (== netstandard2.0)
      System.Runtime (>= 4.3) - restriction: || (&& (== net47) (< net46)) (&& (== net472) (< net46)) (&& (== net48) (< net46)) (== netcoreapp2.1) (== netcoreapp3.1) (== netstandard2.0)
      System.Runtime.Extensions (>= 4.3) - restriction: || (&& (== net47) (< net46)) (&& (== net472) (< net46)) (&& (== net48) (< net46)) (== netcoreapp2.1) (== netcoreapp3.1) (== netstandard2.0)
      System.Runtime.Serialization.Primitives (>= 4.3)
      System.Text.Encoding (>= 4.3) - restriction: || (&& (== net47) (< net46)) (&& (== net472) (< net46)) (&& (== net48) (< net46)) (== netcoreapp2.1) (== netcoreapp3.1) (== netstandard2.0)
      System.Text.Encoding.Extensions (>= 4.3) - restriction: || (&& (== net47) (< net46)) (&& (== net472) (< net46)) (&& (== net48) (< net46)) (== netcoreapp2.1) (== netcoreapp3.1) (== netstandard2.0)
      System.Text.RegularExpressions (>= 4.3) - restriction: || (&& (== net47) (< net46)) (&& (== net472) (< net46)) (&& (== net48) (< net46)) (== netcoreapp2.1) (== netcoreapp3.1) (== netstandard2.0)
      System.Threading (>= 4.3) - restriction: || (&& (== net47) (< net46)) (&& (== net472) (< net46)) (&& (== net48) (< net46)) (== netcoreapp2.1) (== netcoreapp3.1) (== netstandard2.0)
      System.Threading.Tasks (>= 4.3) - restriction: || (&& (== net47) (< net46)) (&& (== net472) (< net46)) (&& (== net48) (< net46)) (== netcoreapp2.1) (== netcoreapp3.1) (== netstandard2.0)
      System.Xml.ReaderWriter (>= 4.3) - restriction: || (&& (== net47) (< net46)) (&& (== net472) (< net46)) (&& (== net48) (< net46)) (== netcoreapp2.1) (== netcoreapp3.1) (== netstandard2.0)
      System.Xml.XDocument (>= 4.3) - restriction: || (&& (== net47) (< net46)) (&& (== net472) (< net46)) (&& (== net48) (< net46)) (== netcoreapp2.1) (== netcoreapp3.1) (== netstandard2.0)
      System.Xml.XmlDocument (>= 4.3)
      System.Xml.XmlSerializer (>= 4.3) - restriction: || (&& (== net47) (< net46)) (&& (== net472) (< net46)) (&& (== net48) (< net46)) (== netcoreapp2.1) (== netcoreapp3.1) (== netstandard2.0)
    System.Reflection (4.3) - restriction: || (&& (== net47) (< net45) (>= netstandard1.6)) (&& (== net47) (< net45) (>= netstandard2.0)) (&& (== net47) (>= netcoreapp1.0)) (&& (== net472) (< net45)) (&& (== net472) (>= netcoreapp1.0)) (&& (== net48) (< net45)) (&& (== net48) (>= netcoreapp1.0)) (== netcoreapp2.1) (== netcoreapp3.1) (== netstandard2.0)
      Microsoft.NETCore.Platforms (>= 1.1) - restriction: || (&& (== net47) (< net45)) (&& (== net472) (< net45)) (&& (== net48) (< net45)) (== netcoreapp2.1) (== netcoreapp3.1) (== netstandard2.0)
      Microsoft.NETCore.Targets (>= 1.1) - restriction: || (&& (== net47) (< net45)) (&& (== net472) (< net45)) (&& (== net48) (< net45)) (== netcoreapp2.1) (== netcoreapp3.1) (== netstandard2.0)
      System.IO (>= 4.3) - restriction: || (&& (== net47) (< net45)) (&& (== net472) (< net45)) (&& (== net48) (< net45)) (== netcoreapp2.1) (== netcoreapp3.1) (== netstandard2.0)
      System.Reflection.Primitives (>= 4.3) - restriction: || (&& (== net47) (< net45)) (&& (== net472) (< net45)) (&& (== net48) (< net45)) (== netcoreapp2.1) (== netcoreapp3.1) (== netstandard2.0)
      System.Runtime (>= 4.3) - restriction: || (&& (== net47) (< net45)) (&& (== net472) (< net45)) (&& (== net48) (< net45)) (== netcoreapp2.1) (== netcoreapp3.1) (== netstandard2.0)
    System.Reflection.Emit (4.3)
      System.IO (>= 4.3) - restriction: || (&& (== net47) (< net45)) (&& (== net472) (< net45)) (&& (== net48) (< net45)) (== netcoreapp2.1) (== netcoreapp3.1) (== netstandard2.0)
      System.Reflection (>= 4.3) - restriction: || (&& (== net47) (< net45)) (&& (== net472) (< net45)) (&& (== net48) (< net45)) (== netcoreapp2.1) (== netcoreapp3.1) (== netstandard2.0)
      System.Reflection.Emit.ILGeneration (>= 4.3) - restriction: || (&& (== net47) (< net45)) (&& (== net472) (< net45)) (&& (== net48) (< net45)) (== netcoreapp2.1) (== netcoreapp3.1) (== netstandard2.0)
      System.Reflection.Primitives (>= 4.3) - restriction: || (&& (== net47) (< net45)) (&& (== net472) (< net45)) (&& (== net48) (< net45)) (== netcoreapp2.1) (== netcoreapp3.1) (== netstandard2.0)
      System.Runtime (>= 4.3) - restriction: || (&& (== net47) (< net45)) (&& (== net472) (< net45)) (&& (== net48) (< net45)) (== netcoreapp2.1) (== netcoreapp3.1) (== netstandard2.0)
    System.Reflection.Emit.ILGeneration (4.3) - restriction: || (&& (== net47) (< net45) (>= netstandard2.0)) (&& (== net47) (>= netcoreapp2.1)) (&& (== net472) (< net45)) (&& (== net472) (>= netcoreapp2.1)) (&& (== net48) (< net45)) (&& (== net48) (>= netcoreapp2.1)) (== netcoreapp2.1) (== netcoreapp3.1) (== netstandard2.0)
      System.Reflection (>= 4.3) - restriction: || (&& (== net47) (< net45)) (&& (== net472) (< net45)) (&& (== net48) (< net45)) (== netcoreapp2.1) (== netcoreapp3.1) (== netstandard2.0)
      System.Reflection.Primitives (>= 4.3) - restriction: || (&& (== net47) (< net45)) (&& (== net472) (< net45)) (&& (== net48) (< net45)) (== netcoreapp2.1) (== netcoreapp3.1) (== netstandard2.0)
      System.Runtime (>= 4.3) - restriction: || (&& (== net47) (< net45)) (&& (== net472) (< net45)) (&& (== net48) (< net45)) (== netcoreapp2.1) (== netcoreapp3.1) (== netstandard2.0)
    System.Reflection.Emit.Lightweight (4.3)
      System.Reflection (>= 4.3) - restriction: || (&& (== net47) (< net45)) (&& (== net472) (< net45)) (&& (== net48) (< net45)) (== netcoreapp2.1) (== netcoreapp3.1) (== netstandard2.0)
      System.Reflection.Emit.ILGeneration (>= 4.3) - restriction: || (&& (== net47) (< net45)) (&& (== net472) (< net45)) (&& (== net48) (< net45)) (== netcoreapp2.1) (== netcoreapp3.1) (== netstandard2.0)
      System.Reflection.Primitives (>= 4.3) - restriction: || (&& (== net47) (< net45)) (&& (== net472) (< net45)) (&& (== net48) (< net45)) (== netcoreapp2.1) (== netcoreapp3.1) (== netstandard2.0)
      System.Runtime (>= 4.3) - restriction: || (&& (== net47) (< net45)) (&& (== net472) (< net45)) (&& (== net48) (< net45)) (== netcoreapp2.1) (== netcoreapp3.1) (== netstandard2.0)
    System.Reflection.Extensions (4.3) - restriction: || (&& (== net47) (< net45)) (&& (== net47) (>= netcoreapp2.1)) (&& (== net472) (< net45)) (&& (== net472) (>= netcoreapp2.1)) (&& (== net48) (< net45)) (&& (== net48) (>= netcoreapp2.1)) (== netcoreapp2.1) (== netcoreapp3.1) (== netstandard2.0)
      Microsoft.NETCore.Platforms (>= 1.1) - restriction: || (&& (== net47) (< net45)) (&& (== net472) (< net45)) (&& (== net48) (< net45)) (== netcoreapp2.1) (== netcoreapp3.1) (== netstandard2.0)
      Microsoft.NETCore.Targets (>= 1.1) - restriction: || (&& (== net47) (< net45)) (&& (== net472) (< net45)) (&& (== net48) (< net45)) (== netcoreapp2.1) (== netcoreapp3.1) (== netstandard2.0)
      System.Reflection (>= 4.3) - restriction: || (&& (== net47) (< net45)) (&& (== net472) (< net45)) (&& (== net48) (< net45)) (== netcoreapp2.1) (== netcoreapp3.1) (== netstandard2.0)
      System.Runtime (>= 4.3) - restriction: || (&& (== net47) (< net45)) (&& (== net472) (< net45)) (&& (== net48) (< net45)) (== netcoreapp2.1) (== netcoreapp3.1) (== netstandard2.0)
    System.Reflection.Metadata (1.6) - restriction: || (&& (== net47) (>= netcoreapp2.1)) (&& (== net47) (>= netstandard2.0)) (== net472) (== net48) (== netcoreapp2.1) (== netcoreapp3.1) (== netstandard2.0)
      System.Collections.Immutable (>= 1.5) - restriction: || (== net47) (== net472) (== net48) (&& (== netcoreapp2.1) (>= net45)) (&& (== netcoreapp2.1) (< netstandard1.1)) (&& (== netcoreapp2.1) (< netstandard2.0)) (&& (== netcoreapp3.1) (>= net45)) (&& (== netcoreapp3.1) (< netcoreapp2.1)) (&& (== netcoreapp3.1) (< netstandard1.1)) (&& (== netcoreapp3.1) (< netstandard2.0)) (== netstandard2.0)
    System.Reflection.Primitives (4.3) - restriction: || (&& (== net47) (< net45) (>= netstandard2.0)) (&& (== net47) (>= netcoreapp2.1)) (&& (== net472) (< net45)) (&& (== net472) (>= netcoreapp2.1)) (&& (== net48) (< net45)) (&& (== net48) (>= netcoreapp2.1)) (== netcoreapp2.1) (== netcoreapp3.1) (== netstandard2.0)
      Microsoft.NETCore.Platforms (>= 1.1) - restriction: || (&& (== net47) (< net45)) (&& (== net472) (< net45)) (&& (== net48) (< net45)) (== netcoreapp2.1) (== netcoreapp3.1) (== netstandard2.0)
      Microsoft.NETCore.Targets (>= 1.1) - restriction: || (&& (== net47) (< net45)) (&& (== net472) (< net45)) (&& (== net48) (< net45)) (== netcoreapp2.1) (== netcoreapp3.1) (== netstandard2.0)
      System.Runtime (>= 4.3) - restriction: || (&& (== net47) (< net45)) (&& (== net472) (< net45)) (&& (== net48) (< net45)) (== netcoreapp2.1) (== netcoreapp3.1) (== netstandard2.0)
    System.Reflection.TypeExtensions (4.5.1) - restriction: || (&& (== net47) (< net35)) (&& (== net47) (< net45)) (&& (== net47) (>= netcoreapp2.1)) (&& (== net472) (< net35)) (&& (== net472) (< net45)) (&& (== net472) (>= netcoreapp2.1)) (&& (== net48) (< net35)) (&& (== net48) (< net45)) (&& (== net48) (>= netcoreapp2.1)) (== netcoreapp2.1) (== netcoreapp3.1) (== netstandard2.0)
    System.Resources.ResourceManager (4.3) - restriction: || (&& (== net47) (< net45)) (&& (== net47) (>= netcoreapp2.1)) (&& (== net472) (< net45)) (&& (== net472) (>= netcoreapp2.1)) (&& (== net48) (< net45)) (&& (== net48) (>= netcoreapp2.1)) (== netcoreapp2.1) (== netcoreapp3.1) (== netstandard2.0)
      Microsoft.NETCore.Platforms (>= 1.1) - restriction: || (&& (== net47) (< net45)) (&& (== net472) (< net45)) (&& (== net48) (< net45)) (== netcoreapp2.1) (== netcoreapp3.1) (== netstandard2.0)
      Microsoft.NETCore.Targets (>= 1.1) - restriction: || (&& (== net47) (< net45)) (&& (== net472) (< net45)) (&& (== net48) (< net45)) (== netcoreapp2.1) (== netcoreapp3.1) (== netstandard2.0)
      System.Globalization (>= 4.3) - restriction: || (&& (== net47) (< net45)) (&& (== net472) (< net45)) (&& (== net48) (< net45)) (== netcoreapp2.1) (== netcoreapp3.1) (== netstandard2.0)
      System.Reflection (>= 4.3) - restriction: || (&& (== net47) (< net45)) (&& (== net472) (< net45)) (&& (== net48) (< net45)) (== netcoreapp2.1) (== netcoreapp3.1) (== netstandard2.0)
      System.Runtime (>= 4.3) - restriction: || (&& (== net47) (< net45)) (&& (== net472) (< net45)) (&& (== net48) (< net45)) (== netcoreapp2.1) (== netcoreapp3.1) (== netstandard2.0)
    System.Runtime (4.3.1) - restriction: || (&& (== net47) (< net45)) (&& (== net47) (>= netcoreapp1.0)) (&& (== net47) (>= netcoreapp1.1)) (&& (== net47) (>= netcoreapp2.1)) (&& (== net472) (< net45)) (&& (== net472) (>= netcoreapp1.0)) (&& (== net472) (>= netcoreapp1.1)) (&& (== net472) (>= netcoreapp2.1)) (&& (== net48) (< net45)) (&& (== net48) (>= netcoreapp1.0)) (&& (== net48) (>= netcoreapp1.1)) (&& (== net48) (>= netcoreapp2.1)) (== netcoreapp2.1) (== netcoreapp3.1) (== netstandard2.0)
      Microsoft.NETCore.Platforms (>= 1.1.1) - restriction: || (&& (== net47) (< net45)) (&& (== net472) (< net45)) (&& (== net48) (< net45)) (== netcoreapp2.1) (== netcoreapp3.1) (== netstandard2.0)
      Microsoft.NETCore.Targets (>= 1.1.3) - restriction: || (&& (== net47) (< net45)) (&& (== net472) (< net45)) (&& (== net48) (< net45)) (== netcoreapp2.1) (== netcoreapp3.1) (== netstandard2.0)
    System.Runtime.CompilerServices.Unsafe (4.5.2) - restriction: || (&& (== net47) (>= netcoreapp2.1)) (&& (== net47) (>= netstandard2.0)) (== net472) (== net48) (== netcoreapp2.1) (== netcoreapp3.1) (== netstandard2.0)
    System.Runtime.Extensions (4.3.1) - restriction: || (&& (== net47) (< net45)) (&& (== net47) (>= netcoreapp2.1)) (&& (== net472) (< net45)) (&& (== net472) (>= netcoreapp2.1)) (&& (== net48) (< net45)) (&& (== net48) (>= netcoreapp2.1)) (== netcoreapp2.1) (== netcoreapp3.1) (== netstandard2.0)
      Microsoft.NETCore.Platforms (>= 1.1.1) - restriction: || (&& (== net47) (< net45)) (&& (== net472) (< net45)) (&& (== net48) (< net45)) (== netcoreapp2.1) (== netcoreapp3.1) (== netstandard2.0)
      Microsoft.NETCore.Targets (>= 1.1.3) - restriction: || (&& (== net47) (< net45)) (&& (== net472) (< net45)) (&& (== net48) (< net45)) (== netcoreapp2.1) (== netcoreapp3.1) (== netstandard2.0)
      System.Runtime (>= 4.3.1) - restriction: || (&& (== net47) (< net45)) (&& (== net472) (< net45)) (&& (== net48) (< net45)) (== netcoreapp2.1) (== netcoreapp3.1) (== netstandard2.0)
    System.Runtime.Handles (4.3) - restriction: || (&& (== net47) (< net45)) (&& (== net47) (>= netcoreapp1.1)) (&& (== net47) (>= netcoreapp2.1)) (&& (== net472) (< net45)) (&& (== net472) (>= netcoreapp1.1)) (&& (== net472) (>= netcoreapp2.1)) (&& (== net48) (< net45)) (&& (== net48) (>= netcoreapp1.1)) (&& (== net48) (>= netcoreapp2.1)) (== netcoreapp2.1) (== netcoreapp3.1) (== netstandard2.0)
      Microsoft.NETCore.Platforms (>= 1.1) - restriction: || (&& (== net47) (< net46)) (&& (== net472) (< net46)) (&& (== net48) (< net46)) (== netcoreapp2.1) (== netcoreapp3.1) (== netstandard2.0)
      Microsoft.NETCore.Targets (>= 1.1) - restriction: || (&& (== net47) (< net46)) (&& (== net472) (< net46)) (&& (== net48) (< net46)) (== netcoreapp2.1) (== netcoreapp3.1) (== netstandard2.0)
      System.Runtime (>= 4.3) - restriction: || (&& (== net47) (< net46)) (&& (== net472) (< net46)) (&& (== net48) (< net46)) (== netcoreapp2.1) (== netcoreapp3.1) (== netstandard2.0)
    System.Runtime.InteropServices (4.3) - restriction: || (&& (== net47) (< net45)) (&& (== net47) (>= netcoreapp2.1)) (&& (== net472) (< net45)) (&& (== net472) (>= netcoreapp2.1)) (&& (== net48) (< net45)) (&& (== net48) (>= netcoreapp2.1)) (== netcoreapp2.1) (== netcoreapp3.1) (== netstandard2.0)
      Microsoft.NETCore.Platforms (>= 1.1) - restriction: || (&& (== net47) (< net45)) (&& (== net47) (>= netcoreapp1.1)) (&& (== net472) (< net45)) (&& (== net472) (>= netcoreapp1.1)) (&& (== net48) (< net45)) (&& (== net48) (>= netcoreapp1.1)) (== netcoreapp2.1) (== netcoreapp3.1) (== netstandard2.0)
      Microsoft.NETCore.Targets (>= 1.1) - restriction: || (&& (== net47) (< net45)) (&& (== net47) (>= netcoreapp1.1)) (&& (== net472) (< net45)) (&& (== net472) (>= netcoreapp1.1)) (&& (== net48) (< net45)) (&& (== net48) (>= netcoreapp1.1)) (== netcoreapp2.1) (== netcoreapp3.1) (== netstandard2.0)
      System.Reflection (>= 4.3) - restriction: || (&& (== net47) (< net45)) (&& (== net47) (>= netcoreapp1.1)) (&& (== net472) (< net45)) (&& (== net472) (>= netcoreapp1.1)) (&& (== net48) (< net45)) (&& (== net48) (>= netcoreapp1.1)) (== netcoreapp2.1) (== netcoreapp3.1) (== netstandard2.0)
      System.Reflection.Primitives (>= 4.3) - restriction: || (&& (== net47) (< net45)) (&& (== net47) (>= netcoreapp1.1)) (&& (== net472) (< net45)) (&& (== net472) (>= netcoreapp1.1)) (&& (== net48) (< net45)) (&& (== net48) (>= netcoreapp1.1)) (== netcoreapp2.1) (== netcoreapp3.1) (== netstandard2.0)
      System.Runtime (>= 4.3)
      System.Runtime.Handles (>= 4.3) - restriction: || (&& (== net47) (< net45)) (&& (== net47) (>= netcoreapp1.1)) (&& (== net472) (< net45)) (&& (== net472) (>= netcoreapp1.1)) (&& (== net48) (< net45)) (&& (== net48) (>= netcoreapp1.1)) (== netcoreapp2.1) (== netcoreapp3.1) (== netstandard2.0)
    System.Runtime.InteropServices.RuntimeInformation (4.3) - restriction: || (&& (== net47) (>= netcoreapp2.1)) (&& (== net47) (>= netstandard2.0)) (== net472) (== net48) (== netcoreapp2.1) (== netcoreapp3.1) (== netstandard2.0)
      runtime.native.System (>= 4.3) - restriction: || (&& (== net47) (< net45)) (&& (== net472) (< net45)) (&& (== net48) (< net45)) (== netcoreapp2.1) (== netcoreapp3.1) (== netstandard2.0)
      System.Reflection (>= 4.3) - restriction: || (&& (== net47) (< net45)) (&& (== net472) (< net45)) (&& (== net48) (< net45)) (== netcoreapp2.1) (== netcoreapp3.1) (== netstandard2.0)
      System.Reflection.Extensions (>= 4.3) - restriction: || (&& (== net47) (< net45)) (&& (== net472) (< net45)) (&& (== net48) (< net45)) (== netcoreapp2.1) (== netcoreapp3.1) (== netstandard2.0)
      System.Resources.ResourceManager (>= 4.3) - restriction: || (&& (== net47) (< net45)) (&& (== net472) (< net45)) (&& (== net48) (< net45)) (== netcoreapp2.1) (== netcoreapp3.1) (== netstandard2.0)
      System.Runtime (>= 4.3) - restriction: || (&& (== net47) (< net45)) (&& (== net472) (< net45)) (&& (== net48) (< net45)) (== netcoreapp2.1) (== netcoreapp3.1) (== netstandard2.0)
      System.Runtime.InteropServices (>= 4.3) - restriction: || (&& (== net47) (< net45)) (&& (== net472) (< net45)) (&& (== net48) (< net45)) (== netcoreapp2.1) (== netcoreapp3.1) (== netstandard2.0)
      System.Threading (>= 4.3) - restriction: || (&& (== net47) (< net45)) (&& (== net472) (< net45)) (&& (== net48) (< net45)) (== netcoreapp2.1) (== netcoreapp3.1) (== netstandard2.0)
    System.Runtime.Loader (4.3) - restriction: || (&& (== net47) (>= netcoreapp1.0)) (&& (== net472) (>= netcoreapp1.0)) (&& (== net48) (>= netcoreapp1.0)) (== netcoreapp2.1) (== netcoreapp3.1) (&& (== netstandard2.0) (>= netcoreapp1.0))
      System.IO (>= 4.3) - restriction: || (&& (== net47) (< net462)) (&& (== net472) (< net462)) (&& (== net48) (< net462)) (== netcoreapp2.1) (== netcoreapp3.1) (== netstandard2.0)
      System.Reflection (>= 4.3) - restriction: || (&& (== net47) (< net462)) (&& (== net472) (< net462)) (&& (== net48) (< net462)) (== netcoreapp2.1) (== netcoreapp3.1) (== netstandard2.0)
      System.Runtime (>= 4.3) - restriction: || (&& (== net47) (< net462)) (&& (== net472) (< net462)) (&& (== net48) (< net462)) (== netcoreapp2.1) (== netcoreapp3.1) (== netstandard2.0)
    System.Runtime.Numerics (4.3) - restriction: || (&& (== net47) (>= netcoreapp2.1)) (&& (== net472) (>= netcoreapp2.1)) (&& (== net48) (>= netcoreapp2.1)) (== netcoreapp2.1) (== netcoreapp3.1) (&& (== netstandard2.0) (>= netcoreapp2.1))
      System.Globalization (>= 4.3) - restriction: || (&& (== net47) (< net45)) (&& (== net472) (< net45)) (&& (== net48) (< net45)) (== netcoreapp2.1) (== netcoreapp3.1) (== netstandard2.0)
      System.Resources.ResourceManager (>= 4.3) - restriction: || (&& (== net47) (< net45)) (&& (== net472) (< net45)) (&& (== net48) (< net45)) (== netcoreapp2.1) (== netcoreapp3.1) (== netstandard2.0)
      System.Runtime (>= 4.3) - restriction: || (&& (== net47) (< net45)) (&& (== net472) (< net45)) (&& (== net48) (< net45)) (== netcoreapp2.1) (== netcoreapp3.1) (== netstandard2.0)
      System.Runtime.Extensions (>= 4.3) - restriction: || (&& (== net47) (< net45)) (&& (== net472) (< net45)) (&& (== net48) (< net45)) (== netcoreapp2.1) (== netcoreapp3.1) (== netstandard2.0)
    System.Runtime.Serialization.Formatters (4.3) - restriction: || (&& (== net47) (>= netcoreapp2.1)) (&& (== net472) (>= netcoreapp2.1)) (&& (== net48) (>= netcoreapp2.1)) (== netcoreapp2.1) (== netcoreapp3.1) (&& (== netstandard2.0) (>= netcoreapp2.1))
      System.Collections (>= 4.3) - restriction: || (&& (== net47) (< net46)) (&& (== net472) (< net46)) (&& (== net48) (< net46)) (== netcoreapp2.1) (== netcoreapp3.1) (== netstandard2.0)
      System.Reflection (>= 4.3) - restriction: || (&& (== net47) (< net46)) (&& (== net472) (< net46)) (&& (== net48) (< net46)) (== netcoreapp2.1) (== netcoreapp3.1) (== netstandard2.0)
      System.Resources.ResourceManager (>= 4.3) - restriction: || (&& (== net47) (< net46)) (&& (== net472) (< net46)) (&& (== net48) (< net46)) (== netcoreapp2.1) (== netcoreapp3.1) (== netstandard2.0)
      System.Runtime (>= 4.3) - restriction: || (&& (== net47) (< net46)) (&& (== net472) (< net46)) (&& (== net48) (< net46)) (== netcoreapp2.1) (== netcoreapp3.1) (== netstandard2.0)
      System.Runtime.Serialization.Primitives (>= 4.3)
    System.Runtime.Serialization.Json (4.3) - restriction: || (&& (== net47) (>= netcoreapp2.1)) (&& (== net472) (>= netcoreapp2.1)) (&& (== net48) (>= netcoreapp2.1)) (== netcoreapp2.1) (== netcoreapp3.1) (&& (== netstandard2.0) (>= netcoreapp2.1))
      System.IO (>= 4.3) - restriction: || (&& (== net47) (< net45)) (&& (== net472) (< net45)) (&& (== net48) (< net45)) (== netcoreapp2.1) (== netcoreapp3.1) (== netstandard2.0)
      System.Private.DataContractSerialization (>= 4.3) - restriction: || (&& (== net47) (< net45)) (&& (== net472) (< net45)) (&& (== net48) (< net45)) (== netcoreapp2.1) (== netcoreapp3.1) (== netstandard2.0)
      System.Runtime (>= 4.3) - restriction: || (&& (== net47) (< net45)) (&& (== net472) (< net45)) (&& (== net48) (< net45)) (== netcoreapp2.1) (== netcoreapp3.1) (== netstandard2.0)
    System.Runtime.Serialization.Primitives (4.3) - restriction: || (&& (== net47) (>= netcoreapp2.1)) (&& (== net472) (>= netcoreapp2.1)) (&& (== net48) (>= netcoreapp2.1)) (== netcoreapp2.1) (== netcoreapp3.1) (&& (== netstandard2.0) (>= netcoreapp2.1))
      System.Resources.ResourceManager (>= 4.3) - restriction: || (&& (== net47) (< net45)) (&& (== net472) (< net45)) (&& (== net48) (< net45)) (== netcoreapp2.1) (== netcoreapp3.1) (== netstandard2.0)
      System.Runtime (>= 4.3) - restriction: || (&& (== net47) (< net45)) (&& (== net472) (< net45)) (&& (== net48) (< net45)) (== netcoreapp2.1) (== netcoreapp3.1) (== netstandard2.0)
    System.Security.AccessControl (4.5) - restriction: || (&& (== net47) (>= netcoreapp2.0)) (&& (== net47) (>= netcoreapp2.1)) (&& (== net47) (>= netstandard2.0)) (&& (== net47) (>= xamarinios)) (&& (== net47) (>= xamarinmac)) (== net472) (== net48) (== netcoreapp2.1) (== netcoreapp3.1) (== netstandard2.0)
      Microsoft.NETCore.Platforms (>= 2.0) - restriction: || (&& (== net47) (>= netcoreapp2.0)) (&& (== net472) (>= netcoreapp2.0)) (&& (== net48) (>= netcoreapp2.0)) (== netcoreapp2.1) (== netcoreapp3.1) (&& (== netstandard2.0) (>= netcoreapp2.0))
      System.Security.Principal.Windows (>= 4.5)
    System.Security.Claims (4.3) - restriction: || (&& (== net47) (>= netcoreapp2.1)) (&& (== net472) (>= netcoreapp2.1)) (&& (== net48) (>= netcoreapp2.1)) (== netcoreapp2.1) (== netcoreapp3.1) (&& (== netstandard2.0) (>= netcoreapp2.1))
      System.Collections (>= 4.3) - restriction: || (&& (== net47) (< net46)) (&& (== net472) (< net46)) (&& (== net48) (< net46)) (== netcoreapp2.1) (== netcoreapp3.1) (== netstandard2.0)
      System.Globalization (>= 4.3) - restriction: || (&& (== net47) (< net46)) (&& (== net472) (< net46)) (&& (== net48) (< net46)) (== netcoreapp2.1) (== netcoreapp3.1) (== netstandard2.0)
      System.IO (>= 4.3) - restriction: || (&& (== net47) (< net46)) (&& (== net472) (< net46)) (&& (== net48) (< net46)) (== netcoreapp2.1) (== netcoreapp3.1) (== netstandard2.0)
      System.Resources.ResourceManager (>= 4.3) - restriction: || (&& (== net47) (< net46)) (&& (== net472) (< net46)) (&& (== net48) (< net46)) (== netcoreapp2.1) (== netcoreapp3.1) (== netstandard2.0)
      System.Runtime (>= 4.3) - restriction: || (&& (== net47) (< net46)) (&& (== net472) (< net46)) (&& (== net48) (< net46)) (== netcoreapp2.1) (== netcoreapp3.1) (== netstandard2.0)
      System.Runtime.Extensions (>= 4.3) - restriction: || (&& (== net47) (< net46)) (&& (== net472) (< net46)) (&& (== net48) (< net46)) (== netcoreapp2.1) (== netcoreapp3.1) (== netstandard2.0)
      System.Security.Principal (>= 4.3) - restriction: || (&& (== net47) (< net46)) (&& (== net472) (< net46)) (&& (== net48) (< net46)) (== netcoreapp2.1) (== netcoreapp3.1) (== netstandard2.0)
    System.Security.Cryptography.Algorithms (4.3.1) - restriction: || (&& (== net47) (>= netcoreapp2.1)) (&& (== net472) (>= netcoreapp2.1)) (&& (== net48) (>= netcoreapp2.1)) (== netcoreapp2.1) (== netcoreapp3.1) (&& (== netstandard2.0) (>= netcoreapp2.1))
      Microsoft.NETCore.Platforms (>= 1.1) - restriction: || (&& (== net47) (< net46) (>= netstandard1.6)) (&& (== net472) (< net46)) (&& (== net48) (< net46)) (== netcoreapp2.1) (== netcoreapp3.1) (== netstandard2.0)
      runtime.native.System.Security.Cryptography.Apple (>= 4.3.1) - restriction: || (&& (== net47) (< net46) (>= netstandard1.6)) (&& (== net472) (< net46)) (&& (== net48) (< net46)) (== netcoreapp2.1) (== netcoreapp3.1) (== netstandard2.0)
      runtime.native.System.Security.Cryptography.OpenSsl (>= 4.3.2) - restriction: || (&& (== net47) (< net46) (>= netstandard1.6)) (&& (== net472) (< net46)) (&& (== net48) (< net46)) (== netcoreapp2.1) (== netcoreapp3.1) (== netstandard2.0)
      System.Collections (>= 4.3) - restriction: || (&& (== net47) (< net46) (>= netstandard1.6)) (&& (== net472) (< net46)) (&& (== net48) (< net46)) (== netcoreapp2.1) (== netcoreapp3.1) (== netstandard2.0)
      System.IO (>= 4.3)
      System.Resources.ResourceManager (>= 4.3) - restriction: || (&& (== net47) (< net46) (>= netstandard1.6)) (&& (== net472) (< net46)) (&& (== net48) (< net46)) (== netcoreapp2.1) (== netcoreapp3.1) (== netstandard2.0)
      System.Runtime (>= 4.3)
      System.Runtime.Extensions (>= 4.3) - restriction: || (&& (== net47) (< net46) (>= netstandard1.6)) (&& (== net472) (< net46)) (&& (== net48) (< net46)) (== netcoreapp2.1) (== netcoreapp3.1) (== netstandard2.0)
      System.Runtime.Handles (>= 4.3) - restriction: || (&& (== net47) (< net46) (>= netstandard1.6)) (&& (== net472) (< net46)) (&& (== net48) (< net46)) (== netcoreapp2.1) (== netcoreapp3.1) (== netstandard2.0)
      System.Runtime.InteropServices (>= 4.3) - restriction: || (&& (== net47) (< net46) (>= netstandard1.6)) (&& (== net472) (< net46)) (&& (== net48) (< net46)) (== netcoreapp2.1) (== netcoreapp3.1) (== netstandard2.0)
      System.Runtime.Numerics (>= 4.3) - restriction: || (&& (== net47) (< net46) (>= netstandard1.6)) (&& (== net472) (< net46)) (&& (== net48) (< net46)) (== netcoreapp2.1) (== netcoreapp3.1) (== netstandard2.0)
      System.Security.Cryptography.Encoding (>= 4.3)
      System.Security.Cryptography.Primitives (>= 4.3)
      System.Text.Encoding (>= 4.3) - restriction: || (&& (== net47) (< net46) (>= netstandard1.6)) (&& (== net472) (< net46)) (&& (== net48) (< net46)) (== netcoreapp2.1) (== netcoreapp3.1) (== netstandard2.0)
    System.Security.Cryptography.Cng (4.5) - restriction: || (&& (== net47) (>= netcoreapp2.1)) (&& (== net472) (>= netcoreapp2.1)) (&& (== net48) (>= netcoreapp2.1)) (== netcoreapp2.1) (== netcoreapp3.1) (&& (== netstandard2.0) (>= netcoreapp2.1))
    System.Security.Cryptography.Csp (4.3) - restriction: || (&& (== net47) (>= netcoreapp2.1)) (&& (== net472) (>= netcoreapp2.1)) (&& (== net48) (>= netcoreapp2.1)) (== netcoreapp2.1) (== netcoreapp3.1) (&& (== netstandard2.0) (>= netcoreapp2.1))
      Microsoft.NETCore.Platforms (>= 1.1) - restriction: || (&& (== net47) (< net46)) (&& (== net472) (< net46)) (&& (== net48) (< net46)) (== netcoreapp2.1) (== netcoreapp3.1) (== netstandard2.0)
      System.IO (>= 4.3) - restriction: || (&& (== net47) (< net46)) (&& (== net472) (< net46)) (&& (== net48) (< net46)) (== netcoreapp2.1) (== netcoreapp3.1) (== netstandard2.0)
      System.Reflection (>= 4.3) - restriction: || (&& (== net47) (< net46)) (&& (== net472) (< net46)) (&& (== net48) (< net46)) (== netcoreapp2.1) (== netcoreapp3.1) (== netstandard2.0)
      System.Resources.ResourceManager (>= 4.3) - restriction: || (&& (== net47) (< net46)) (&& (== net472) (< net46)) (&& (== net48) (< net46)) (== netcoreapp2.1) (== netcoreapp3.1) (== netstandard2.0)
      System.Runtime (>= 4.3) - restriction: || (&& (== net47) (< net46)) (&& (== net472) (< net46)) (&& (== net48) (< net46)) (== netcoreapp2.1) (== netcoreapp3.1) (== netstandard2.0)
      System.Runtime.Extensions (>= 4.3) - restriction: || (&& (== net47) (< net46)) (&& (== net472) (< net46)) (&& (== net48) (< net46)) (== netcoreapp2.1) (== netcoreapp3.1) (== netstandard2.0)
      System.Runtime.Handles (>= 4.3) - restriction: || (&& (== net47) (< net46)) (&& (== net472) (< net46)) (&& (== net48) (< net46)) (== netcoreapp2.1) (== netcoreapp3.1) (== netstandard2.0)
      System.Runtime.InteropServices (>= 4.3) - restriction: || (&& (== net47) (< net46)) (&& (== net472) (< net46)) (&& (== net48) (< net46)) (== netcoreapp2.1) (== netcoreapp3.1) (== netstandard2.0)
      System.Security.Cryptography.Algorithms (>= 4.3)
      System.Security.Cryptography.Encoding (>= 4.3) - restriction: || (&& (== net47) (< net46)) (&& (== net472) (< net46)) (&& (== net48) (< net46)) (== netcoreapp2.1) (== netcoreapp3.1) (== netstandard2.0)
      System.Security.Cryptography.Primitives (>= 4.3)
      System.Text.Encoding (>= 4.3) - restriction: || (&& (== net47) (< net46)) (&& (== net472) (< net46)) (&& (== net48) (< net46)) (== netcoreapp2.1) (== netcoreapp3.1) (== netstandard2.0)
      System.Threading (>= 4.3) - restriction: || (&& (== net47) (< net46)) (&& (== net472) (< net46)) (&& (== net48) (< net46)) (== netcoreapp2.1) (== netcoreapp3.1) (== netstandard2.0)
    System.Security.Cryptography.Encoding (4.3) - restriction: || (&& (== net47) (>= netcoreapp2.1)) (&& (== net472) (>= netcoreapp2.1)) (&& (== net48) (>= netcoreapp2.1)) (== netcoreapp2.1) (== netcoreapp3.1) (&& (== netstandard2.0) (>= netcoreapp2.1))
      Microsoft.NETCore.Platforms (>= 1.1) - restriction: || (&& (== net47) (< net46)) (&& (== net472) (< net46)) (&& (== net48) (< net46)) (== netcoreapp2.1) (== netcoreapp3.1) (== netstandard2.0)
      runtime.native.System.Security.Cryptography.OpenSsl (>= 4.3) - restriction: || (&& (== net47) (< net46)) (&& (== net472) (< net46)) (&& (== net48) (< net46)) (== netcoreapp2.1) (== netcoreapp3.1) (== netstandard2.0)
      System.Collections (>= 4.3) - restriction: || (&& (== net47) (< net46)) (&& (== net472) (< net46)) (&& (== net48) (< net46)) (== netcoreapp2.1) (== netcoreapp3.1) (== netstandard2.0)
      System.Collections.Concurrent (>= 4.3) - restriction: || (&& (== net47) (< net46)) (&& (== net472) (< net46)) (&& (== net48) (< net46)) (== netcoreapp2.1) (== netcoreapp3.1) (== netstandard2.0)
      System.Linq (>= 4.3) - restriction: || (&& (== net47) (< net46)) (&& (== net472) (< net46)) (&& (== net48) (< net46)) (== netcoreapp2.1) (== netcoreapp3.1) (== netstandard2.0)
      System.Resources.ResourceManager (>= 4.3) - restriction: || (&& (== net47) (< net46)) (&& (== net472) (< net46)) (&& (== net48) (< net46)) (== netcoreapp2.1) (== netcoreapp3.1) (== netstandard2.0)
      System.Runtime (>= 4.3) - restriction: || (&& (== net47) (< net46)) (&& (== net472) (< net46)) (&& (== net48) (< net46)) (== netcoreapp2.1) (== netcoreapp3.1) (== netstandard2.0)
      System.Runtime.Extensions (>= 4.3) - restriction: || (&& (== net47) (< net46)) (&& (== net472) (< net46)) (&& (== net48) (< net46)) (== netcoreapp2.1) (== netcoreapp3.1) (== netstandard2.0)
      System.Runtime.Handles (>= 4.3) - restriction: || (&& (== net47) (< net46)) (&& (== net472) (< net46)) (&& (== net48) (< net46)) (== netcoreapp2.1) (== netcoreapp3.1) (== netstandard2.0)
      System.Runtime.InteropServices (>= 4.3) - restriction: || (&& (== net47) (< net46)) (&& (== net472) (< net46)) (&& (== net48) (< net46)) (== netcoreapp2.1) (== netcoreapp3.1) (== netstandard2.0)
      System.Security.Cryptography.Primitives (>= 4.3) - restriction: || (&& (== net47) (< net46)) (&& (== net472) (< net46)) (&& (== net48) (< net46)) (== netcoreapp2.1) (== netcoreapp3.1) (== netstandard2.0)
      System.Text.Encoding (>= 4.3) - restriction: || (&& (== net47) (< net46)) (&& (== net472) (< net46)) (&& (== net48) (< net46)) (== netcoreapp2.1) (== netcoreapp3.1) (== netstandard2.0)
    System.Security.Cryptography.OpenSsl (4.5.1) - restriction: || (&& (== net47) (>= netcoreapp2.1)) (&& (== net472) (>= netcoreapp2.1)) (&& (== net48) (>= netcoreapp2.1)) (== netcoreapp2.1) (== netcoreapp3.1) (&& (== netstandard2.0) (>= netcoreapp2.1))
    System.Security.Cryptography.Pkcs (4.5.2) - restriction: || (&& (== net47) (>= netcoreapp2.1)) (&& (== net472) (>= netcoreapp2.1)) (&& (== net48) (>= netcoreapp2.1)) (== netcoreapp2.1) (== netcoreapp3.1) (&& (== netstandard2.0) (>= netcoreapp2.1))
      System.Security.Cryptography.Cng (>= 4.5) - restriction: || (&& (== net47) (>= netcoreapp2.1)) (&& (== net472) (>= netcoreapp2.1)) (&& (== net48) (>= netcoreapp2.1)) (== netcoreapp2.1) (== netcoreapp3.1) (&& (== netstandard2.0) (>= netcoreapp2.1))
    System.Security.Cryptography.Primitives (4.3) - restriction: || (&& (== net47) (>= netcoreapp2.1)) (&& (== net472) (>= netcoreapp2.1)) (&& (== net48) (>= netcoreapp2.1)) (== netcoreapp2.1) (== netcoreapp3.1) (&& (== netstandard2.0) (>= netcoreapp2.1))
      System.Diagnostics.Debug (>= 4.3) - restriction: || (&& (== net47) (< net46)) (&& (== net472) (< net46)) (&& (== net48) (< net46)) (== netcoreapp2.1) (== netcoreapp3.1) (== netstandard2.0)
      System.Globalization (>= 4.3) - restriction: || (&& (== net47) (< net46)) (&& (== net472) (< net46)) (&& (== net48) (< net46)) (== netcoreapp2.1) (== netcoreapp3.1) (== netstandard2.0)
      System.IO (>= 4.3) - restriction: || (&& (== net47) (< net46)) (&& (== net472) (< net46)) (&& (== net48) (< net46)) (== netcoreapp2.1) (== netcoreapp3.1) (== netstandard2.0)
      System.Resources.ResourceManager (>= 4.3) - restriction: || (&& (== net47) (< net46)) (&& (== net472) (< net46)) (&& (== net48) (< net46)) (== netcoreapp2.1) (== netcoreapp3.1) (== netstandard2.0)
      System.Runtime (>= 4.3) - restriction: || (&& (== net47) (< net46)) (&& (== net472) (< net46)) (&& (== net48) (< net46)) (== netcoreapp2.1) (== netcoreapp3.1) (== netstandard2.0)
      System.Threading (>= 4.3) - restriction: || (&& (== net47) (< net46)) (&& (== net472) (< net46)) (&& (== net48) (< net46)) (== netcoreapp2.1) (== netcoreapp3.1) (== netstandard2.0)
      System.Threading.Tasks (>= 4.3) - restriction: || (&& (== net47) (< net46)) (&& (== net472) (< net46)) (&& (== net48) (< net46)) (== netcoreapp2.1) (== netcoreapp3.1) (== netstandard2.0)
    System.Security.Cryptography.ProtectedData (4.5) - restriction: || (&& (== net47) (>= netcoreapp2.1)) (&& (== net472) (>= netcoreapp2.1)) (&& (== net48) (>= netcoreapp2.1)) (== netcoreapp2.1) (== netcoreapp3.1) (&& (== netstandard2.0) (>= netcoreapp2.1))
    System.Security.Cryptography.X509Certificates (4.3.2) - restriction: || (&& (== net47) (>= netcoreapp2.1)) (&& (== net472) (>= netcoreapp2.1)) (&& (== net48) (>= netcoreapp2.1)) (== netcoreapp2.1) (== netcoreapp3.1) (&& (== netstandard2.0) (>= netcoreapp2.1))
      Microsoft.NETCore.Platforms (>= 1.1) - restriction: || (&& (== net47) (< net46) (>= netstandard1.6)) (&& (== net472) (< net46)) (&& (== net48) (< net46)) (== netcoreapp2.1) (== netcoreapp3.1) (== netstandard2.0)
      runtime.native.System (>= 4.3) - restriction: || (&& (== net47) (< net46) (>= netstandard1.6)) (&& (== net472) (< net46)) (&& (== net48) (< net46)) (== netcoreapp2.1) (== netcoreapp3.1) (== netstandard2.0)
      runtime.native.System.Net.Http (>= 4.3) - restriction: || (&& (== net47) (< net46) (>= netstandard1.6)) (&& (== net472) (< net46)) (&& (== net48) (< net46)) (== netcoreapp2.1) (== netcoreapp3.1) (== netstandard2.0)
      runtime.native.System.Security.Cryptography.OpenSsl (>= 4.3.2) - restriction: || (&& (== net47) (< net46) (>= netstandard1.6)) (&& (== net472) (< net46)) (&& (== net48) (< net46)) (== netcoreapp2.1) (== netcoreapp3.1) (== netstandard2.0)
      System.Collections (>= 4.3) - restriction: || (&& (== net47) (< net46) (>= netstandard1.6)) (&& (== net472) (< net46)) (&& (== net48) (< net46)) (== netcoreapp2.1) (== netcoreapp3.1) (== netstandard2.0)
      System.Diagnostics.Debug (>= 4.3) - restriction: || (&& (== net47) (< net46) (>= netstandard1.6)) (&& (== net472) (< net46)) (&& (== net48) (< net46)) (== netcoreapp2.1) (== netcoreapp3.1) (== netstandard2.0)
      System.Globalization (>= 4.3) - restriction: || (&& (== net47) (< net46) (>= netstandard1.6)) (&& (== net472) (< net46)) (&& (== net48) (< net46)) (== netcoreapp2.1) (== netcoreapp3.1) (== netstandard2.0)
      System.Globalization.Calendars (>= 4.3) - restriction: || (&& (== net47) (< net46) (>= netstandard1.6)) (&& (== net472) (< net46)) (&& (== net48) (< net46)) (== netcoreapp2.1) (== netcoreapp3.1) (== netstandard2.0)
      System.IO (>= 4.3) - restriction: || (&& (== net47) (< net46) (>= netstandard1.6)) (&& (== net472) (< net46)) (&& (== net48) (< net46)) (== netcoreapp2.1) (== netcoreapp3.1) (== netstandard2.0)
      System.IO.FileSystem (>= 4.3) - restriction: || (&& (== net47) (< net46) (>= netstandard1.6)) (&& (== net472) (< net46)) (&& (== net48) (< net46)) (== netcoreapp2.1) (== netcoreapp3.1) (== netstandard2.0)
      System.IO.FileSystem.Primitives (>= 4.3) - restriction: || (&& (== net47) (< net46) (>= netstandard1.6)) (&& (== net472) (< net46)) (&& (== net48) (< net46)) (== netcoreapp2.1) (== netcoreapp3.1) (== netstandard2.0)
      System.Resources.ResourceManager (>= 4.3) - restriction: || (&& (== net47) (< net46) (>= netstandard1.6)) (&& (== net472) (< net46)) (&& (== net48) (< net46)) (== netcoreapp2.1) (== netcoreapp3.1) (== netstandard2.0)
      System.Runtime (>= 4.3) - restriction: || (&& (== net47) (< net46)) (&& (== net472) (< net46)) (&& (== net48) (< net46)) (== netcoreapp2.1) (== netcoreapp3.1) (== netstandard2.0)
      System.Runtime.Extensions (>= 4.3) - restriction: || (&& (== net47) (< net46) (>= netstandard1.6)) (&& (== net472) (< net46)) (&& (== net48) (< net46)) (== netcoreapp2.1) (== netcoreapp3.1) (== netstandard2.0)
      System.Runtime.Handles (>= 4.3) - restriction: || (&& (== net47) (< net46)) (&& (== net472) (< net46)) (&& (== net48) (< net46)) (== netcoreapp2.1) (== netcoreapp3.1) (== netstandard2.0)
      System.Runtime.InteropServices (>= 4.3) - restriction: || (&& (== net47) (< net46) (>= netstandard1.6)) (&& (== net472) (< net46)) (&& (== net48) (< net46)) (== netcoreapp2.1) (== netcoreapp3.1) (== netstandard2.0)
      System.Runtime.Numerics (>= 4.3) - restriction: || (&& (== net47) (< net46) (>= netstandard1.6)) (&& (== net472) (< net46)) (&& (== net48) (< net46)) (== netcoreapp2.1) (== netcoreapp3.1) (== netstandard2.0)
      System.Security.Cryptography.Algorithms (>= 4.3)
      System.Security.Cryptography.Cng (>= 4.3) - restriction: || (&& (== net47) (< net46) (>= netstandard1.6)) (&& (== net472) (< net46)) (&& (== net48) (< net46)) (== netcoreapp2.1) (== netcoreapp3.1) (== netstandard2.0)
      System.Security.Cryptography.Csp (>= 4.3) - restriction: || (&& (== net47) (< net46) (>= netstandard1.6)) (&& (== net472) (< net46)) (&& (== net48) (< net46)) (== netcoreapp2.1) (== netcoreapp3.1) (== netstandard2.0)
      System.Security.Cryptography.Encoding (>= 4.3)
      System.Security.Cryptography.OpenSsl (>= 4.3) - restriction: || (&& (== net47) (< net46) (>= netstandard1.6)) (&& (== net472) (< net46)) (&& (== net48) (< net46)) (== netcoreapp2.1) (== netcoreapp3.1) (== netstandard2.0)
      System.Security.Cryptography.Primitives (>= 4.3) - restriction: || (&& (== net47) (< net46) (>= netstandard1.6)) (&& (== net472) (< net46)) (&& (== net48) (< net46)) (== netcoreapp2.1) (== netcoreapp3.1) (== netstandard2.0)
      System.Text.Encoding (>= 4.3) - restriction: || (&& (== net47) (< net46) (>= netstandard1.6)) (&& (== net472) (< net46)) (&& (== net48) (< net46)) (== netcoreapp2.1) (== netcoreapp3.1) (== netstandard2.0)
      System.Threading (>= 4.3) - restriction: || (&& (== net47) (< net46) (>= netstandard1.6)) (&& (== net472) (< net46)) (&& (== net48) (< net46)) (== netcoreapp2.1) (== netcoreapp3.1) (== netstandard2.0)
    System.Security.Cryptography.Xml (4.5) - restriction: || (&& (== net47) (>= netcoreapp2.1)) (&& (== net472) (>= netcoreapp2.1)) (&& (== net48) (>= netcoreapp2.1)) (== netcoreapp2.1) (== netcoreapp3.1) (&& (== netstandard2.0) (>= netcoreapp2.1))
      System.Security.Cryptography.Pkcs (>= 4.5) - restriction: || (&& (== net47) (< net461) (>= netstandard2.0)) (&& (== net472) (< net461)) (&& (== net48) (< net461)) (== netcoreapp2.1) (== netcoreapp3.1) (== netstandard2.0)
      System.Security.Permissions (>= 4.5)
    System.Security.Permissions (4.5) - restriction: || (&& (== net47) (>= netcoreapp2.1)) (&& (== net472) (>= netcoreapp2.1)) (&& (== net48) (>= netcoreapp2.1)) (== netcoreapp2.1) (== netcoreapp3.1) (&& (== netstandard2.0) (>= netcoreapp2.1))
      System.Security.AccessControl (>= 4.5)
    System.Security.Principal (4.3) - restriction: || (&& (== net47) (>= netcoreapp2.1)) (&& (== net472) (>= netcoreapp2.1)) (&& (== net48) (>= netcoreapp2.1)) (== netcoreapp2.1) (== netcoreapp3.1) (&& (== netstandard2.0) (>= netcoreapp2.1))
      System.Runtime (>= 4.3) - restriction: || (&& (== net47) (< net45)) (&& (== net472) (< net45)) (&& (== net48) (< net45)) (== netcoreapp2.1) (== netcoreapp3.1) (== netstandard2.0)
    System.Security.Principal.Windows (4.5.1) - restriction: || (&& (== net47) (>= netcoreapp2.0)) (&& (== net47) (>= netcoreapp2.1)) (&& (== net47) (>= netstandard2.0)) (&& (== net47) (>= xamarinios)) (&& (== net47) (>= xamarinmac)) (== net472) (== net48) (== netcoreapp2.1) (== netcoreapp3.1) (== netstandard2.0)
      Microsoft.NETCore.Platforms (>= 2.0) - restriction: || (&& (== net47) (>= netcoreapp2.0)) (&& (== net472) (>= netcoreapp2.0)) (&& (== net48) (>= netcoreapp2.0)) (== netcoreapp2.1) (== netcoreapp3.1) (&& (== netstandard2.0) (>= netcoreapp2.0))
    System.Security.SecureString (4.3) - restriction: || (&& (== net47) (>= netcoreapp2.1)) (&& (== net472) (>= netcoreapp2.1)) (&& (== net48) (>= netcoreapp2.1)) (== netcoreapp2.1) (== netcoreapp3.1) (&& (== netstandard2.0) (>= netcoreapp2.1))
      Microsoft.NETCore.Platforms (>= 1.1) - restriction: || (&& (== net47) (< net46)) (&& (== net472) (< net46)) (&& (== net48) (< net46)) (== netcoreapp2.1) (== netcoreapp3.1) (== netstandard2.0)
      System.Resources.ResourceManager (>= 4.3) - restriction: || (&& (== net47) (< net46)) (&& (== net472) (< net46)) (&& (== net48) (< net46)) (== netcoreapp2.1) (== netcoreapp3.1) (== netstandard2.0)
      System.Runtime (>= 4.3) - restriction: || (&& (== net47) (< net46)) (&& (== net472) (< net46)) (&& (== net48) (< net46)) (== netcoreapp2.1) (== netcoreapp3.1) (== netstandard2.0)
      System.Runtime.Handles (>= 4.3) - restriction: || (&& (== net47) (< net46)) (&& (== net472) (< net46)) (&& (== net48) (< net46)) (== netcoreapp2.1) (== netcoreapp3.1) (== netstandard2.0)
      System.Runtime.InteropServices (>= 4.3) - restriction: || (&& (== net47) (< net46)) (&& (== net472) (< net46)) (&& (== net48) (< net46)) (== netcoreapp2.1) (== netcoreapp3.1) (== netstandard2.0)
      System.Security.Cryptography.Primitives (>= 4.3) - restriction: || (&& (== net47) (< net46)) (&& (== net472) (< net46)) (&& (== net48) (< net46)) (== netcoreapp2.1) (== netcoreapp3.1) (== netstandard2.0)
      System.Text.Encoding (>= 4.3) - restriction: || (&& (== net47) (< net46)) (&& (== net472) (< net46)) (&& (== net48) (< net46)) (== netcoreapp2.1) (== netcoreapp3.1) (== netstandard2.0)
      System.Threading (>= 4.3) - restriction: || (&& (== net47) (< net46)) (&& (== net472) (< net46)) (&& (== net48) (< net46)) (== netcoreapp2.1) (== netcoreapp3.1) (== netstandard2.0)
    System.Text.Encoding (4.3) - restriction: || (&& (== net47) (< net45) (>= netstandard2.0)) (&& (== net47) (>= netcoreapp2.1)) (&& (== net472) (< net45)) (&& (== net472) (>= netcoreapp2.1)) (&& (== net48) (< net45)) (&& (== net48) (>= netcoreapp2.1)) (== netcoreapp2.1) (== netcoreapp3.1) (== netstandard2.0)
      Microsoft.NETCore.Platforms (>= 1.1) - restriction: || (&& (== net47) (< net45)) (&& (== net472) (< net45)) (&& (== net48) (< net45)) (== netcoreapp2.1) (== netcoreapp3.1) (== netstandard2.0)
      Microsoft.NETCore.Targets (>= 1.1) - restriction: || (&& (== net47) (< net45)) (&& (== net472) (< net45)) (&& (== net48) (< net45)) (== netcoreapp2.1) (== netcoreapp3.1) (== netstandard2.0)
      System.Runtime (>= 4.3) - restriction: || (&& (== net47) (< net45)) (&& (== net472) (< net45)) (&& (== net48) (< net45)) (== netcoreapp2.1) (== netcoreapp3.1) (== netstandard2.0)
    System.Text.Encoding.CodePages (4.5.1) - restriction: || (&& (== net47) (>= netcoreapp2.1)) (&& (== net47) (>= netstandard2.0)) (== net472) (== net48) (== netcoreapp2.1) (== netcoreapp3.1) (== netstandard2.0)
      Microsoft.NETCore.Platforms (>= 2.1.2) - restriction: || (&& (== net47) (>= netcoreapp2.0)) (&& (== net472) (>= netcoreapp2.0)) (&& (== net48) (>= netcoreapp2.0)) (== netcoreapp2.1) (== netcoreapp3.1) (&& (== netstandard2.0) (>= netcoreapp2.0))
      System.Runtime.CompilerServices.Unsafe (>= 4.5.2)
    System.Text.Encoding.Extensions (4.3) - restriction: || (&& (== net47) (< net45)) (&& (== net47) (>= netcoreapp2.1)) (&& (== net472) (< net45)) (&& (== net472) (>= netcoreapp2.1)) (&& (== net48) (< net45)) (&& (== net48) (>= netcoreapp2.1)) (== netcoreapp2.1) (== netcoreapp3.1) (== netstandard2.0)
      Microsoft.NETCore.Platforms (>= 1.1) - restriction: || (&& (== net47) (< net45)) (&& (== net472) (< net45)) (&& (== net48) (< net45)) (== netcoreapp2.1) (== netcoreapp3.1) (== netstandard2.0)
      Microsoft.NETCore.Targets (>= 1.1) - restriction: || (&& (== net47) (< net45)) (&& (== net472) (< net45)) (&& (== net48) (< net45)) (== netcoreapp2.1) (== netcoreapp3.1) (== netstandard2.0)
      System.Runtime (>= 4.3) - restriction: || (&& (== net47) (< net45)) (&& (== net472) (< net45)) (&& (== net48) (< net45)) (== netcoreapp2.1) (== netcoreapp3.1) (== netstandard2.0)
      System.Text.Encoding (>= 4.3) - restriction: || (&& (== net47) (< net45)) (&& (== net472) (< net45)) (&& (== net48) (< net45)) (== netcoreapp2.1) (== netcoreapp3.1) (== netstandard2.0)
    System.Text.Encodings.Web (4.5) - restriction: || (&& (== net47) (>= netcoreapp2.1)) (&& (== net47) (>= netstandard2.0)) (== net472) (== net48) (== netcoreapp2.1) (== netcoreapp3.1) (== netstandard2.0)
    System.Text.RegularExpressions (4.3.1)
      System.Collections (>= 4.3) - restriction: || (&& (== net47) (< net45) (>= netstandard1.6)) (&& (== net472) (< net45)) (&& (== net48) (< net45)) (&& (== netcoreapp2.1) (< netcoreapp1.1)) (&& (== netcoreapp3.1) (< netcoreapp1.1)) (== netstandard2.0)
      System.Globalization (>= 4.3) - restriction: || (&& (== net47) (< net45) (>= netstandard1.6)) (&& (== net472) (< net45)) (&& (== net48) (< net45)) (&& (== netcoreapp2.1) (< netcoreapp1.1)) (&& (== netcoreapp3.1) (< netcoreapp1.1)) (== netstandard2.0)
      System.Resources.ResourceManager (>= 4.3) - restriction: || (&& (== net47) (< net45) (>= netstandard1.6)) (&& (== net472) (< net45)) (&& (== net48) (< net45)) (&& (== netcoreapp2.1) (< netcoreapp1.1)) (&& (== netcoreapp3.1) (< netcoreapp1.1)) (== netstandard2.0)
      System.Runtime (>= 4.3.1) - restriction: || (&& (== net47) (< net45)) (&& (== net47) (>= netcoreapp1.1)) (&& (== net472) (< net45)) (&& (== net472) (>= netcoreapp1.1)) (&& (== net48) (< net45)) (&& (== net48) (>= netcoreapp1.1)) (== netcoreapp2.1) (== netcoreapp3.1) (== netstandard2.0)
      System.Runtime.Extensions (>= 4.3.1) - restriction: || (&& (== net47) (< net45) (>= netstandard1.6)) (&& (== net472) (< net45)) (&& (== net48) (< net45)) (&& (== netcoreapp2.1) (< netcoreapp1.1)) (&& (== netcoreapp3.1) (< netcoreapp1.1)) (== netstandard2.0)
      System.Threading (>= 4.3) - restriction: || (&& (== net47) (< net45) (>= netstandard1.6)) (&& (== net472) (< net45)) (&& (== net48) (< net45)) (&& (== netcoreapp2.1) (< netcoreapp1.1)) (&& (== netcoreapp3.1) (< netcoreapp1.1)) (== netstandard2.0)
    System.Threading (4.3) - restriction: || (&& (== net47) (< net45)) (&& (== net47) (>= netcoreapp2.1)) (&& (== net472) (< net45)) (&& (== net472) (>= netcoreapp2.1)) (&& (== net48) (< net45)) (&& (== net48) (>= netcoreapp2.1)) (== netcoreapp2.1) (== netcoreapp3.1) (== netstandard2.0)
      System.Runtime (>= 4.3) - restriction: || (&& (== net47) (< net45)) (&& (== net472) (< net45)) (&& (== net48) (< net45)) (== netcoreapp2.1) (== netcoreapp3.1) (== netstandard2.0)
      System.Threading.Tasks (>= 4.3) - restriction: || (&& (== net47) (< net45)) (&& (== net472) (< net45)) (&& (== net48) (< net45)) (== netcoreapp2.1) (== netcoreapp3.1) (== netstandard2.0)
    System.Threading.Channels (4.5) - restriction: || (&& (== net47) (>= netcoreapp2.1)) (&& (== net472) (>= netcoreapp2.1)) (&& (== net48) (>= netcoreapp2.1)) (== netcoreapp2.1) (== netcoreapp3.1) (&& (== netstandard2.0) (>= netcoreapp2.1))
    System.Threading.Overlapped (4.3) - restriction: || (&& (== net47) (>= netcoreapp2.1)) (&& (== net472) (>= netcoreapp2.1)) (&& (== net48) (>= netcoreapp2.1)) (== netcoreapp2.1) (== netcoreapp3.1) (&& (== netstandard2.0) (>= netcoreapp2.1))
      Microsoft.NETCore.Platforms (>= 1.1) - restriction: || (&& (== net47) (< net46)) (&& (== net472) (< net46)) (&& (== net48) (< net46)) (== netcoreapp2.1) (== netcoreapp3.1) (== netstandard2.0)
      System.Resources.ResourceManager (>= 4.3) - restriction: || (&& (== net47) (< net46)) (&& (== net472) (< net46)) (&& (== net48) (< net46)) (== netcoreapp2.1) (== netcoreapp3.1) (== netstandard2.0)
      System.Runtime (>= 4.3) - restriction: || (&& (== net47) (< net46)) (&& (== net472) (< net46)) (&& (== net48) (< net46)) (== netcoreapp2.1) (== netcoreapp3.1) (== netstandard2.0)
      System.Runtime.Handles (>= 4.3) - restriction: || (&& (== net47) (< net46)) (&& (== net472) (< net46)) (&& (== net48) (< net46)) (== netcoreapp2.1) (== netcoreapp3.1) (== netstandard2.0)
    System.Threading.Tasks (4.3) - restriction: || (&& (== net47) (< net45) (>= netstandard1.6)) (&& (== net47) (< net45) (>= netstandard2.0)) (&& (== net47) (>= netcoreapp2.1)) (&& (== net472) (< net45)) (&& (== net472) (>= netcoreapp2.1)) (&& (== net48) (< net45)) (&& (== net48) (>= netcoreapp2.1)) (== netcoreapp2.1) (== netcoreapp3.1) (== netstandard2.0)
      Microsoft.NETCore.Platforms (>= 1.1) - restriction: || (&& (== net47) (< net45)) (&& (== net472) (< net45)) (&& (== net48) (< net45)) (== netcoreapp2.1) (== netcoreapp3.1) (== netstandard2.0)
      Microsoft.NETCore.Targets (>= 1.1) - restriction: || (&& (== net47) (< net45)) (&& (== net472) (< net45)) (&& (== net48) (< net45)) (== netcoreapp2.1) (== netcoreapp3.1) (== netstandard2.0)
      System.Runtime (>= 4.3) - restriction: || (&& (== net47) (< net45)) (&& (== net472) (< net45)) (&& (== net48) (< net45)) (== netcoreapp2.1) (== netcoreapp3.1) (== netstandard2.0)
    System.Threading.Tasks.Extensions (4.5.2)
      System.Runtime.CompilerServices.Unsafe (>= 4.5.2) - restriction: || (== net47) (== net472) (== net48) (&& (== netcoreapp2.1) (>= net45)) (&& (== netcoreapp2.1) (< netstandard1.0)) (&& (== netcoreapp2.1) (< netstandard2.0)) (&& (== netcoreapp2.1) (>= wp8)) (&& (== netcoreapp3.1) (>= net45)) (&& (== netcoreapp3.1) (< netcoreapp2.1)) (&& (== netcoreapp3.1) (< netstandard1.0)) (&& (== netcoreapp3.1) (< netstandard2.0)) (&& (== netcoreapp3.1) (>= wp8)) (== netstandard2.0)
    System.Threading.Thread (4.3) - restriction: || (&& (== net47) (>= netcoreapp2.1)) (&& (== net472) (>= netcoreapp2.1)) (&& (== net48) (>= netcoreapp2.1)) (== netcoreapp2.1) (== netcoreapp3.1) (&& (== netstandard2.0) (>= netcoreapp2.1))
      System.Runtime (>= 4.3) - restriction: || (&& (== net47) (< net46)) (&& (== net472) (< net46)) (&& (== net48) (< net46)) (== netcoreapp2.1) (== netcoreapp3.1) (== netstandard2.0)
    System.Threading.ThreadPool (4.3) - restriction: || (&& (== net47) (>= netcoreapp2.1)) (&& (== net472) (>= netcoreapp2.1)) (&& (== net48) (>= netcoreapp2.1)) (== netcoreapp2.1) (== netcoreapp3.1) (&& (== netstandard2.0) (>= netcoreapp2.1))
      System.Runtime (>= 4.3) - restriction: || (&& (== net47) (< net46)) (&& (== net472) (< net46)) (&& (== net48) (< net46)) (== netcoreapp2.1) (== netcoreapp3.1) (== netstandard2.0)
      System.Runtime.Handles (>= 4.3) - restriction: || (&& (== net47) (< net46)) (&& (== net472) (< net46)) (&& (== net48) (< net46)) (== netcoreapp2.1) (== netcoreapp3.1) (== netstandard2.0)
    System.Threading.Timer (4.3) - restriction: || (&& (== net47) (>= netcoreapp2.1)) (&& (== net472) (>= netcoreapp2.1)) (&& (== net48) (>= netcoreapp2.1)) (== netcoreapp2.1) (== netcoreapp3.1) (&& (== netstandard2.0) (>= netcoreapp2.1))
      Microsoft.NETCore.Platforms (>= 1.1) - restriction: || (&& (== net47) (< net451)) (&& (== net472) (< net451)) (&& (== net48) (< net451)) (== netcoreapp2.1) (== netcoreapp3.1) (== netstandard2.0)
      Microsoft.NETCore.Targets (>= 1.1) - restriction: || (&& (== net47) (< net451)) (&& (== net472) (< net451)) (&& (== net48) (< net451)) (== netcoreapp2.1) (== netcoreapp3.1) (== netstandard2.0)
      System.Runtime (>= 4.3) - restriction: || (&& (== net47) (< net451)) (&& (== net472) (< net451)) (&& (== net48) (< net451)) (== netcoreapp2.1) (== netcoreapp3.1) (== netstandard2.0)
    System.ValueTuple (4.5)
    System.Xml.ReaderWriter (4.3.1) - restriction: || (&& (== net47) (< net45)) (&& (== net47) (>= netcoreapp2.1)) (&& (== net472) (< net45)) (&& (== net472) (>= netcoreapp2.1)) (&& (== net48) (< net45)) (&& (== net48) (>= netcoreapp2.1)) (== netcoreapp2.1) (== netcoreapp3.1) (== netstandard2.0)
      System.Collections (>= 4.3) - restriction: || (&& (== net47) (< net45)) (&& (== net472) (< net45)) (&& (== net48) (< net45)) (== netcoreapp2.1) (== netcoreapp3.1) (== netstandard2.0)
      System.Diagnostics.Debug (>= 4.3) - restriction: || (&& (== net47) (< net45)) (&& (== net472) (< net45)) (&& (== net48) (< net45)) (== netcoreapp2.1) (== netcoreapp3.1) (== netstandard2.0)
      System.Globalization (>= 4.3) - restriction: || (&& (== net47) (< net45)) (&& (== net472) (< net45)) (&& (== net48) (< net45)) (== netcoreapp2.1) (== netcoreapp3.1) (== netstandard2.0)
      System.IO (>= 4.3) - restriction: || (&& (== net47) (< net45)) (&& (== net472) (< net45)) (&& (== net48) (< net45)) (== netcoreapp2.1) (== netcoreapp3.1) (== netstandard2.0)
      System.IO.FileSystem (>= 4.3) - restriction: || (&& (== net47) (< net45)) (&& (== net472) (< net45)) (&& (== net48) (< net45)) (== netcoreapp2.1) (== netcoreapp3.1) (== netstandard2.0)
      System.IO.FileSystem.Primitives (>= 4.3) - restriction: || (&& (== net47) (< net45)) (&& (== net472) (< net45)) (&& (== net48) (< net45)) (== netcoreapp2.1) (== netcoreapp3.1) (== netstandard2.0)
      System.Resources.ResourceManager (>= 4.3) - restriction: || (&& (== net47) (< net45)) (&& (== net472) (< net45)) (&& (== net48) (< net45)) (== netcoreapp2.1) (== netcoreapp3.1) (== netstandard2.0)
      System.Runtime (>= 4.3) - restriction: || (&& (== net47) (< net45)) (&& (== net472) (< net45)) (&& (== net48) (< net45)) (== netcoreapp2.1) (== netcoreapp3.1) (== netstandard2.0)
      System.Runtime.Extensions (>= 4.3) - restriction: || (&& (== net47) (< net45)) (&& (== net472) (< net45)) (&& (== net48) (< net45)) (== netcoreapp2.1) (== netcoreapp3.1) (== netstandard2.0)
      System.Runtime.InteropServices (>= 4.3) - restriction: || (&& (== net47) (< net45)) (&& (== net472) (< net45)) (&& (== net48) (< net45)) (== netcoreapp2.1) (== netcoreapp3.1) (== netstandard2.0)
      System.Text.Encoding (>= 4.3) - restriction: || (&& (== net47) (< net45)) (&& (== net472) (< net45)) (&& (== net48) (< net45)) (== netcoreapp2.1) (== netcoreapp3.1) (== netstandard2.0)
      System.Text.Encoding.Extensions (>= 4.3) - restriction: || (&& (== net47) (< net45)) (&& (== net472) (< net45)) (&& (== net48) (< net45)) (== netcoreapp2.1) (== netcoreapp3.1) (== netstandard2.0)
      System.Text.RegularExpressions (>= 4.3) - restriction: || (&& (== net47) (< net45)) (&& (== net472) (< net45)) (&& (== net48) (< net45)) (== netcoreapp2.1) (== netcoreapp3.1) (== netstandard2.0)
      System.Threading.Tasks (>= 4.3) - restriction: || (&& (== net47) (< net45)) (&& (== net472) (< net45)) (&& (== net48) (< net45)) (== netcoreapp2.1) (== netcoreapp3.1) (== netstandard2.0)
      System.Threading.Tasks.Extensions (>= 4.3) - restriction: || (&& (== net47) (< net45)) (&& (== net472) (< net45)) (&& (== net48) (< net45)) (== netcoreapp2.1) (== netcoreapp3.1) (== netstandard2.0)
    System.Xml.XDocument (4.3) - restriction: || (&& (== net47) (>= netcoreapp2.1)) (&& (== net472) (>= netcoreapp2.1)) (&& (== net48) (>= netcoreapp2.1)) (== netcoreapp2.1) (== netcoreapp3.1) (&& (== netstandard2.0) (>= netcoreapp2.1))
      System.Collections (>= 4.3) - restriction: || (&& (== net47) (< net45)) (&& (== net472) (< net45)) (&& (== net48) (< net45)) (== netcoreapp2.1) (== netcoreapp3.1) (== netstandard2.0)
      System.Diagnostics.Debug (>= 4.3) - restriction: || (&& (== net47) (< net45)) (&& (== net472) (< net45)) (&& (== net48) (< net45)) (== netcoreapp2.1) (== netcoreapp3.1) (== netstandard2.0)
      System.Diagnostics.Tools (>= 4.3) - restriction: || (&& (== net47) (< net45)) (&& (== net472) (< net45)) (&& (== net48) (< net45)) (== netcoreapp2.1) (== netcoreapp3.1) (== netstandard2.0)
      System.Globalization (>= 4.3) - restriction: || (&& (== net47) (< net45)) (&& (== net472) (< net45)) (&& (== net48) (< net45)) (== netcoreapp2.1) (== netcoreapp3.1) (== netstandard2.0)
      System.IO (>= 4.3) - restriction: || (&& (== net47) (< net45)) (&& (== net472) (< net45)) (&& (== net48) (< net45)) (== netcoreapp2.1) (== netcoreapp3.1) (== netstandard2.0)
      System.Reflection (>= 4.3) - restriction: || (&& (== net47) (< net45)) (&& (== net472) (< net45)) (&& (== net48) (< net45)) (== netcoreapp2.1) (== netcoreapp3.1) (== netstandard2.0)
      System.Resources.ResourceManager (>= 4.3) - restriction: || (&& (== net47) (< net45)) (&& (== net472) (< net45)) (&& (== net48) (< net45)) (== netcoreapp2.1) (== netcoreapp3.1) (== netstandard2.0)
      System.Runtime (>= 4.3) - restriction: || (&& (== net47) (< net45)) (&& (== net472) (< net45)) (&& (== net48) (< net45)) (== netcoreapp2.1) (== netcoreapp3.1) (== netstandard2.0)
      System.Runtime.Extensions (>= 4.3) - restriction: || (&& (== net47) (< net45)) (&& (== net472) (< net45)) (&& (== net48) (< net45)) (== netcoreapp2.1) (== netcoreapp3.1) (== netstandard2.0)
      System.Text.Encoding (>= 4.3) - restriction: || (&& (== net47) (< net45)) (&& (== net472) (< net45)) (&& (== net48) (< net45)) (== netcoreapp2.1) (== netcoreapp3.1) (== netstandard2.0)
      System.Threading (>= 4.3) - restriction: || (&& (== net47) (< net45)) (&& (== net472) (< net45)) (&& (== net48) (< net45)) (== netcoreapp2.1) (== netcoreapp3.1) (== netstandard2.0)
      System.Xml.ReaderWriter (>= 4.3) - restriction: || (&& (== net47) (< net45)) (&& (== net472) (< net45)) (&& (== net48) (< net45)) (== netcoreapp2.1) (== netcoreapp3.1) (== netstandard2.0)
    System.Xml.XmlDocument (4.3) - restriction: || (&& (== net47) (< net45)) (&& (== net47) (>= netcoreapp2.1)) (&& (== net472) (< net45)) (&& (== net472) (>= netcoreapp2.1)) (&& (== net48) (< net45)) (&& (== net48) (>= netcoreapp2.1)) (== netcoreapp2.1) (== netcoreapp3.1) (== netstandard2.0)
      System.Collections (>= 4.3) - restriction: || (&& (== net47) (< net46)) (&& (== net472) (< net46)) (&& (== net48) (< net46)) (== netcoreapp2.1) (== netcoreapp3.1) (== netstandard2.0)
      System.Diagnostics.Debug (>= 4.3) - restriction: || (&& (== net47) (< net46)) (&& (== net472) (< net46)) (&& (== net48) (< net46)) (== netcoreapp2.1) (== netcoreapp3.1) (== netstandard2.0)
      System.Globalization (>= 4.3) - restriction: || (&& (== net47) (< net46)) (&& (== net472) (< net46)) (&& (== net48) (< net46)) (== netcoreapp2.1) (== netcoreapp3.1) (== netstandard2.0)
      System.IO (>= 4.3) - restriction: || (&& (== net47) (< net46)) (&& (== net472) (< net46)) (&& (== net48) (< net46)) (== netcoreapp2.1) (== netcoreapp3.1) (== netstandard2.0)
      System.Resources.ResourceManager (>= 4.3) - restriction: || (&& (== net47) (< net46)) (&& (== net472) (< net46)) (&& (== net48) (< net46)) (== netcoreapp2.1) (== netcoreapp3.1) (== netstandard2.0)
      System.Runtime (>= 4.3) - restriction: || (&& (== net47) (< net46)) (&& (== net472) (< net46)) (&& (== net48) (< net46)) (== netcoreapp2.1) (== netcoreapp3.1) (== netstandard2.0)
      System.Runtime.Extensions (>= 4.3) - restriction: || (&& (== net47) (< net46)) (&& (== net472) (< net46)) (&& (== net48) (< net46)) (== netcoreapp2.1) (== netcoreapp3.1) (== netstandard2.0)
      System.Text.Encoding (>= 4.3) - restriction: || (&& (== net47) (< net46)) (&& (== net472) (< net46)) (&& (== net48) (< net46)) (== netcoreapp2.1) (== netcoreapp3.1) (== netstandard2.0)
      System.Threading (>= 4.3) - restriction: || (&& (== net47) (< net46)) (&& (== net472) (< net46)) (&& (== net48) (< net46)) (== netcoreapp2.1) (== netcoreapp3.1) (== netstandard2.0)
      System.Xml.ReaderWriter (>= 4.3) - restriction: || (&& (== net47) (< net46)) (&& (== net472) (< net46)) (&& (== net48) (< net46)) (== netcoreapp2.1) (== netcoreapp3.1) (== netstandard2.0)
    System.Xml.XmlSerializer (4.3)
      System.Collections (>= 4.3) - restriction: || (&& (== net47) (< net45)) (&& (== net472) (< net45)) (&& (== net48) (< net45)) (== netcoreapp2.1) (== netcoreapp3.1) (== netstandard2.0)
      System.Globalization (>= 4.3) - restriction: || (&& (== net47) (< net45)) (&& (== net472) (< net45)) (&& (== net48) (< net45)) (== netcoreapp2.1) (== netcoreapp3.1) (== netstandard2.0)
      System.IO (>= 4.3) - restriction: || (&& (== net47) (< net45)) (&& (== net472) (< net45)) (&& (== net48) (< net45)) (== netcoreapp2.1) (== netcoreapp3.1) (== netstandard2.0)
      System.Linq (>= 4.3) - restriction: || (&& (== net47) (< net45)) (&& (== net472) (< net45)) (&& (== net48) (< net45)) (== netcoreapp2.1) (== netcoreapp3.1) (== netstandard2.0)
      System.Reflection (>= 4.3) - restriction: || (&& (== net47) (< net45)) (&& (== net472) (< net45)) (&& (== net48) (< net45)) (== netcoreapp2.1) (== netcoreapp3.1) (== netstandard2.0)
      System.Reflection.Emit (>= 4.3) - restriction: || (&& (== net47) (< net45)) (&& (== net472) (< net45)) (&& (== net48) (< net45)) (== netcoreapp2.1) (== netcoreapp3.1) (== netstandard2.0)
      System.Reflection.Emit.ILGeneration (>= 4.3) - restriction: || (&& (== net47) (< net45)) (&& (== net472) (< net45)) (&& (== net48) (< net45)) (== netcoreapp2.1) (== netcoreapp3.1) (== netstandard2.0)
      System.Reflection.Extensions (>= 4.3) - restriction: || (&& (== net47) (< net45)) (&& (== net472) (< net45)) (&& (== net48) (< net45)) (== netcoreapp2.1) (== netcoreapp3.1) (== netstandard2.0)
      System.Reflection.Primitives (>= 4.3) - restriction: || (&& (== net47) (< net45)) (&& (== net472) (< net45)) (&& (== net48) (< net45)) (== netcoreapp2.1) (== netcoreapp3.1) (== netstandard2.0)
      System.Reflection.TypeExtensions (>= 4.3) - restriction: || (&& (== net47) (< net45)) (&& (== net472) (< net45)) (&& (== net48) (< net45)) (== netcoreapp2.1) (== netcoreapp3.1) (== netstandard2.0)
      System.Resources.ResourceManager (>= 4.3) - restriction: || (&& (== net47) (< net45)) (&& (== net472) (< net45)) (&& (== net48) (< net45)) (== netcoreapp2.1) (== netcoreapp3.1) (== netstandard2.0)
      System.Runtime (>= 4.3) - restriction: || (&& (== net47) (< net45)) (&& (== net472) (< net45)) (&& (== net48) (< net45)) (== netcoreapp2.1) (== netcoreapp3.1) (== netstandard2.0)
      System.Runtime.Extensions (>= 4.3) - restriction: || (&& (== net47) (< net45)) (&& (== net472) (< net45)) (&& (== net48) (< net45)) (== netcoreapp2.1) (== netcoreapp3.1) (== netstandard2.0)
      System.Text.RegularExpressions (>= 4.3) - restriction: || (&& (== net47) (< net45)) (&& (== net472) (< net45)) (&& (== net48) (< net45)) (== netcoreapp2.1) (== netcoreapp3.1) (== netstandard2.0)
      System.Threading (>= 4.3) - restriction: || (&& (== net47) (< net45)) (&& (== net472) (< net45)) (&& (== net48) (< net45)) (== netcoreapp2.1) (== netcoreapp3.1) (== netstandard2.0)
      System.Xml.ReaderWriter (>= 4.3) - restriction: || (&& (== net47) (< net45)) (&& (== net472) (< net45)) (&& (== net48) (< net45)) (== netcoreapp2.1) (== netcoreapp3.1) (== netstandard2.0)
      System.Xml.XmlDocument (>= 4.3) - restriction: || (&& (== net47) (< net45)) (&& (== net472) (< net45)) (&& (== net48) (< net45)) (== netcoreapp2.1) (== netcoreapp3.1) (== netstandard2.0)
    TaskBuilder.fs (2.1)
      FSharp.Core (>= 4.1.17)
      NETStandard.Library (>= 1.6.1) - restriction: || (&& (== net47) (< net45) (>= netstandard1.6)) (&& (== net472) (< net45)) (&& (== net48) (< net45)) (== netcoreapp2.1) (== netcoreapp3.1) (== netstandard2.0)
      System.ValueTuple (>= 4.4)
    Utf8Json (1.3.7)
      System.Reflection.Emit (>= 4.3)
      System.Reflection.Emit.Lightweight (>= 4.3)
      System.Threading.Tasks.Extensions (>= 4.4)
      System.ValueTuple (>= 4.4)
    WindowsAzure.Storage (9.3.3) - restriction: || (&& (== net47) (>= netcoreapp2.1)) (&& (== net472) (>= netcoreapp2.1)) (&& (== net48) (>= netcoreapp2.1)) (== netcoreapp2.1) (== netcoreapp3.1) (&& (== netstandard2.0) (>= netcoreapp2.1))
      NETStandard.Library (>= 1.6.1) - restriction: || (&& (== net47) (< net45)) (&& (== net472) (< net45)) (&& (== net48) (< net45)) (== netcoreapp2.1) (== netcoreapp3.1) (== netstandard2.0)
      Newtonsoft.Json (>= 10.0.2)
    xunit (2.4.1)
      xunit.analyzers (>= 0.10)
      xunit.assert (2.4.1)
      xunit.core (2.4.1)
    xunit.abstractions (2.0.3)
    xunit.analyzers (0.10)
    xunit.assert (2.4.1)
      NETStandard.Library (>= 1.6.1) - restriction: || (&& (== net47) (< net452)) (&& (== net472) (< net452)) (&& (== net48) (< net452)) (== netcoreapp2.1) (== netcoreapp3.1) (== netstandard2.0)
    xunit.core (2.4.1)
      xunit.extensibility.core (2.4.1)
      xunit.extensibility.execution (2.4.1)
    xunit.extensibility.core (2.4.1)
      NETStandard.Library (>= 1.6.1) - restriction: || (&& (== net47) (< net452)) (&& (== net472) (< net452)) (&& (== net48) (< net452)) (== netcoreapp2.1) (== netcoreapp3.1) (== netstandard2.0)
      xunit.abstractions (>= 2.0.3)
    xunit.extensibility.execution (2.4.1)
      NETStandard.Library (>= 1.6.1) - restriction: || (&& (== net47) (< net452)) (&& (== net472) (< net452)) (&& (== net48) (< net452)) (== netcoreapp2.1) (== netcoreapp3.1) (== netstandard2.0)
      xunit.extensibility.core (2.4.1)
    xunit.runner.console (2.4.1)
    xunit.runner.utility (2.4.1)
      NETStandard.Library (>= 1.6) - restriction: || (&& (== net47) (>= netcoreapp1.0)) (&& (== net472) (>= netcoreapp1.0)) (&& (== net48) (>= netcoreapp1.0)) (== netcoreapp2.1) (== netcoreapp3.1) (&& (== netstandard2.0) (>= netcoreapp1.0))
      NETStandard.Library (>= 1.6.1) - restriction: || (&& (== net47) (< net35)) (&& (== net472) (< net35)) (&& (== net48) (< net35)) (&& (== netcoreapp2.1) (< netcoreapp1.0)) (&& (== netcoreapp2.1) (< netstandard1.5)) (&& (== netcoreapp3.1) (< netcoreapp1.0)) (&& (== netcoreapp3.1) (< netstandard1.5)) (== netstandard2.0)
      System.Reflection.TypeExtensions (>= 4.3) - restriction: || (&& (== net47) (< net35)) (&& (== net472) (< net35)) (&& (== net48) (< net35)) (&& (== netcoreapp2.1) (< netcoreapp1.0)) (&& (== netcoreapp3.1) (< netcoreapp1.0)) (== netstandard2.0)
      System.Runtime.Loader (>= 4.0) - restriction: || (&& (== net47) (>= netcoreapp1.0)) (&& (== net472) (>= netcoreapp1.0)) (&& (== net48) (>= netcoreapp1.0)) (== netcoreapp2.1) (== netcoreapp3.1) (&& (== netstandard2.0) (>= netcoreapp1.0))
      xunit.abstractions (>= 2.0.3)
    xunit.runner.visualstudio (2.4.1)
      Microsoft.NET.Test.Sdk (>= 15.0) - restriction: || (&& (== net47) (>= netcoreapp1.0)) (&& (== net472) (>= netcoreapp1.0)) (&& (== net48) (>= netcoreapp1.0)) (== netcoreapp2.1) (== netcoreapp3.1) (&& (== netstandard2.0) (>= netcoreapp1.0))

GROUP TypeProviders
RESTRICTION: == netstandard2.0
GITHUB
  remote: fsprojects/FSharp.TypeProviders.SDK
    src/ProvidedTypes.fs (6e3933d4e5c83049cbd2e51237ebf1faae9e657d)
    src/ProvidedTypes.fsi (6e3933d4e5c83049cbd2e51237ebf1faae9e657d)